{
  "aor": 0.003954512396694215,
  "aqi": 0.01248546758677686,
  "bids_meta": {
    "AcquisitionMatrixPE": 84,
    "AcquisitionNumber": 1,
    "AcquisitionTime": "14:50:25.000006",
    "BandwidthPerPixelPhaseEncode": 20.886,
    "BaseResolution": 84,
    "CoilCombinationMethod": "Sum of Squares",
    "CoilString": "C:HEA;HEP",
    "ConversionSoftware": "dicom2nifti",
    "ConversionSoftwareVersion": "v2.2.10",
    "DerivedVendorReportedEchoSpacing": 0.000569988,
    "DeviceSerialNumber": "35383",
    "DwellTime": 2.6e-06,
    "EchoTime": 0.03,
    "EffectiveEchoSpacing": 0.000569988,
    "FlipAngle": 64,
    "ImageComments": "Unaliased MB3/PE3/LB (remote)",
    "ImageType": [
      "ORIGINAL",
      "PRIMARY",
      "M",
      "MB",
      "ND",
      "NORM",
      "MOSAIC"
    ],
    "ImagingFrequency": 123.189,
    "InPlanePhaseEncodingDirectionDICOM": "COL",
    "InstitutionAddress": "Rue Michel-Servet 1,Geneve,District,CH,1211",
    "InstitutionName": "BBL - University of Geneva",
    "InstitutionalDepartmentName": "Department",
    "MRAcquisitionType": "2D",
    "MagneticFieldStrength": 3,
    "Manufacturer": "Siemens",
    "ManufacturersModelName": "TrioTim",
    "MatrixCoilMode": "SENSE",
    "Modality": "MR",
    "MultibandAccelerationFactor": 3,
    "NonlinearGradientCorrection": false,
    "PartialFourier": 1,
    "PatientPosition": "HFS",
    "PercentPhaseFOV": 100,
    "PercentSampling": 100,
    "PhaseEncodingDirection": "j-",
    "PhaseEncodingSteps": 84,
    "PhaseResolution": 1,
    "PixelBandwidth": 2289,
    "ProcedureStepDescription": "fMRI^PSYKOKWAK",
    "ProtocolName": "FILM_RUN",
    "PulseSequenceDetails": "%CustomerSeq%\\cmrr_mbep2d_bold",
    "ReceiveCoilName": "32Ch_Head",
    "ReconMatrixPE": 84,
    "RepetitionTime": 1.3,
    "ScanOptions": "FS",
    "ScanningSequence": "EP",
    "SequenceName": "epfid2d1_84",
    "SequenceVariant": "SK\\SS",
    "SeriesDescription": "FILM_RUN",
    "ShimSetting": [
      -13908,
      8933,
      19593,
      311,
      -16,
      -301,
      98,
      -47
    ],
    "SliceThickness": 2.5,
    "SliceTiming": [
      0,
      0.9425,
      0.58,
      0.2175,
      1.16,
      0.7975,
      0.435,
      0.0725,
      1.015,
      0.6525,
      0.29,
      1.2325,
      0.87,
      0.5075,
      0.145,
      1.0875,
      0.725,
      0.3625,
      0,
      0.9425,
      0.58,
      0.2175,
      1.16,
      0.7975,
      0.435,
      0.0725,
      1.015,
      0.6525,
      0.29,
      1.2325,
      0.87,
      0.5075,
      0.145,
      1.0875,
      0.725,
      0.3625,
      0,
      0.9425,
      0.58,
      0.2175,
      1.16,
      0.7975,
      0.435,
      0.0725,
      1.015,
      0.6525,
      0.29,
      1.2325,
      0.87,
      0.5075,
      0.145,
      1.0875,
      0.725,
      0.3625
    ],
    "SoftwareVersions": "syngo MR B17",
    "SpacingBetweenSlices": 2.5,
    "StationName": "MRC35383",
    "TaskName": "TearsOfSteel",
    "TotalReadoutTime": 0.047309,
    "dataset": "<unset>",
    "modality": "bold",
    "session_id": "2",
    "subject_id": "S19",
    "task_id": "TearsOfSteel"
  },
  "dummy_trs": 2,
  "dvars_nstd": 32.090240276539724,
  "dvars_std": 1.2441547408609257,
  "dvars_vstd": 1.0094665957119195,
  "efc": 0.5288228494148313,
  "fber": 3069.425537109375,
  "fd_mean": 0.20221749643259068,
  "fd_num": 168,
  "fd_perc": 27.768595041322314,
  "fwhm_avg": 1.9139840000000001,
  "fwhm_x": 1.807864,
  "fwhm_y": 2.0277760000000002,
  "fwhm_z": 1.9063120000000002,
  "gcor": 0.0164324,
  "gsr_x": -0.0028188801370561123,
  "gsr_y": 0.03289714455604553,
  "provenance": {
    "md5sum": "adc426a2783940a2c3a4792968a826f8",
    "settings": {
      "fd_thres": 0.2,
      "testing": false
    },
    "software": "mriqc",
    "version": "0.16.1",
    "webapi_port": null,
    "webapi_url": "https://mriqc.nimh.nih.gov/api/v1"
  },
  "size_t": 605,
  "size_x": 84,
  "size_y": 84,
  "size_z": 54,
  "snr": 6.065224344402434,
  "spacing_tr": 1.2999999523162842,
  "spacing_x": 2.5,
  "spacing_y": 2.5,
  "spacing_z": 2.5,
  "summary_bg_k": 23.864773310081002,
  "summary_bg_mad": 7.042487260450889,
  "summary_bg_mean": 21.965059280395508,
  "summary_bg_median": 8.360132217407227,
  "summary_bg_n": 238198.0,
  "summary_bg_p05": 2.7586923241615295,
  "summary_bg_p95": 83.36543197631833,
  "summary_bg_stdv": 36.399139404296875,
  "summary_fg_k": 1.8148760979938041,
  "summary_fg_mad": 71.77386471760443,
  "summary_fg_mean": 484.7021484375,
  "summary_fg_median": 476.0573425292969,
  "summary_fg_n": 80947.0,
  "summary_fg_p05": 378.2870300292969,
  "summary_fg_p95": 625.5255859375,
  "summary_fg_stdv": 78.48916625976562,
  "tsnr": 51.33845520019531
}