{
  "aor": 0.0031917912371134016,
  "aqi": 0.02597914922680412,
  "bids_meta": {
    "AcquisitionMatrixPE": 84,
    "AcquisitionNumber": 1,
    "AcquisitionTime": "09:20:29.000006",
    "BandwidthPerPixelPhaseEncode": 20.886,
    "BaseResolution": 84,
    "CoilCombinationMethod": "Sum of Squares",
    "CoilString": "C:HEA;HEP",
    "ConversionSoftware": "dicom2nifti",
    "ConversionSoftwareVersion": "v2.2.10",
    "DerivedVendorReportedEchoSpacing": 0.000569988,
    "DeviceSerialNumber": "35383",
    "DwellTime": 2.6e-06,
    "EchoTime": 0.03,
    "EffectiveEchoSpacing": 0.000569988,
    "FlipAngle": 64,
    "ImageComments": "Unaliased MB3/PE3/LB (remote)",
    "ImageType": [
      "ORIGINAL",
      "PRIMARY",
      "M",
      "MB",
      "ND",
      "NORM",
      "MOSAIC"
    ],
    "ImagingFrequency": 123.189,
    "InPlanePhaseEncodingDirectionDICOM": "COL",
    "InstitutionAddress": "Rue Michel-Servet 1,Geneve,District,CH,1211",
    "InstitutionName": "BBL - University of Geneva",
    "InstitutionalDepartmentName": "Department",
    "MRAcquisitionType": "2D",
    "MagneticFieldStrength": 3,
    "Manufacturer": "Siemens",
    "ManufacturersModelName": "TrioTim",
    "MatrixCoilMode": "SENSE",
    "Modality": "MR",
    "MultibandAccelerationFactor": 3,
    "NonlinearGradientCorrection": false,
    "PartialFourier": 1,
    "PatientPosition": "HFS",
    "PercentPhaseFOV": 100,
    "PercentSampling": 100,
    "PhaseEncodingDirection": "j-",
    "PhaseEncodingSteps": 84,
    "PhaseResolution": 1,
    "PixelBandwidth": 2289,
    "ProcedureStepDescription": "fMRI^PSYKOKWAK",
    "ProtocolName": "FILM_RUN",
    "PulseSequenceDetails": "%CustomerSeq%\\cmrr_mbep2d_bold",
    "ReceiveCoilName": "32Ch_Head",
    "ReconMatrixPE": 84,
    "RepetitionTime": 1.3,
    "ScanOptions": "FS",
    "ScanningSequence": "EP",
    "SequenceName": "epfid2d1_84",
    "SequenceVariant": "SK\\SS",
    "SeriesDescription": "FILM_RUN",
    "ShimSetting": [
      -13908,
      8933,
      19593,
      311,
      -16,
      -301,
      98,
      -47
    ],
    "SliceThickness": 2.5,
    "SliceTiming": [
      0,
      0.9425,
      0.58,
      0.2175,
      1.16,
      0.7975,
      0.435,
      0.0725,
      1.015,
      0.6525,
      0.29,
      1.2325,
      0.87,
      0.5075,
      0.145,
      1.0875,
      0.725,
      0.3625,
      0,
      0.9425,
      0.58,
      0.2175,
      1.16,
      0.7975,
      0.435,
      0.0725,
      1.015,
      0.6525,
      0.29,
      1.2325,
      0.87,
      0.5075,
      0.145,
      1.0875,
      0.725,
      0.3625,
      0,
      0.9425,
      0.58,
      0.2175,
      1.16,
      0.7975,
      0.435,
      0.0725,
      1.015,
      0.6525,
      0.29,
      1.2325,
      0.87,
      0.5075,
      0.145,
      1.0875,
      0.725,
      0.3625
    ],
    "SoftwareVersions": "syngo MR B17",
    "SpacingBetweenSlices": 2.5,
    "StationName": "MRC35383",
    "TaskName": "Spaceman",
    "TotalReadoutTime": 0.047309,
    "dataset": "<unset>",
    "modality": "bold",
    "session_id": "3",
    "subject_id": "S21",
    "task_id": "Spaceman"
  },
  "dummy_trs": 1,
  "dvars_nstd": 36.33676639424519,
  "dvars_std": 1.2799035583354827,
  "dvars_vstd": 0.9675800889032266,
  "efc": 0.4902355928853684,
  "fber": 3646.36572265625,
  "fd_mean": 0.30611412671572164,
  "fd_num": 447,
  "fd_perc": 57.603092783505154,
  "fwhm_avg": 1.7747119999999998,
  "fwhm_x": 1.67028,
  "fwhm_y": 1.9160920000000001,
  "fwhm_z": 1.7377639999999999,
  "gcor": 0.0384866,
  "gsr_x": -0.021734416484832764,
  "gsr_y": 0.01944086328148842,
  "provenance": {
    "md5sum": "d126bb0eedf933839676a26e0943df27",
    "settings": {
      "fd_thres": 0.2,
      "testing": false
    },
    "software": "mriqc",
    "version": "0.16.1",
    "webapi_port": null,
    "webapi_url": "https://mriqc.nimh.nih.gov/api/v1"
  },
  "size_t": 776,
  "size_x": 84,
  "size_y": 84,
  "size_z": 54,
  "snr": 7.035057652748029,
  "spacing_tr": 1.2999999523162842,
  "spacing_x": 2.5,
  "spacing_y": 2.5,
  "spacing_z": 2.5,
  "summary_bg_k": 23.491205552307605,
  "summary_bg_mad": 4.779776963560123,
  "summary_bg_mean": 18.305042266845703,
  "summary_bg_median": 5.830821514129639,
  "summary_bg_n": 261181.0,
  "summary_bg_p05": 1.9804939031600952,
  "summary_bg_p95": 85.92233276367188,
  "summary_bg_stdv": 34.724979400634766,
  "summary_fg_k": 2.658901521821722,
  "summary_fg_mad": 45.89320783898763,
  "summary_fg_mean": 354.592041015625,
  "summary_fg_median": 351.24359130859375,
  "summary_fg_n": 62018.0,
  "summary_fg_p05": 286.9227691650391,
  "summary_fg_p95": 439.0196716308593,
  "summary_fg_stdv": 49.92720413208008,
  "tsnr": 38.297061920166016
}