{
    "Modality": "MR",
    "MagneticFieldStrength": 3,
    "ImagingFrequency": 123.189,
    "Manufacturer": "Siemens",
    "ManufacturersModelName": "TrioTim",
    "InstitutionName": "BBL - University of Geneva",
    "InstitutionalDepartmentName": "Department",
    "InstitutionAddress": "Rue Michel-Servet 1,Geneve,District,CH,1211",
    "DeviceSerialNumber": "35383",
    "StationName": "MRC35383",
    "PatientPosition": "HFS",
    "ProcedureStepDescription": "fMRI^PSYKOKWAK",
    "SoftwareVersions": "syngo MR B17",
    "MRAcquisitionType": "2D",
    "SeriesDescription": "FIELD_MAP_32ch_2.5mm",
    "ProtocolName": "FIELD_MAP_32ch_2.5mm",
    "ScanningSequence": "GR",
    "SequenceVariant": "SP",
    "SequenceName": "*fm2d2r",
    "ImageType": [
        "ORIGINAL",
        "PRIMARY",
        "M",
        "ND"
    ],
    "NonlinearGradientCorrection": false,
    "SeriesNumber": 2,
    "AcquisitionTime": "09:15:12.877500",
    "AcquisitionNumber": 1,
    "SliceThickness": 2.5,
    "SpacingBetweenSlices": 2.5,
    "SAR": 0.289879,
    "EchoNumber": 2,
    "EchoTime": 0.00765,
    "RepetitionTime": 0.571,
    "FlipAngle": 60,
    "PartialFourier": 1,
    "BaseResolution": 84,
    "ShimSetting": [
        -13870,
        8867,
        19607,
        376,
        142,
        -394,
        21,
        45
    ],
    "TxRefAmp": 369.409,
    "PhaseResolution": 1,
    "ReceiveCoilName": "32Ch_Head",
    "CoilString": "C:HEA;HEP",
    "PulseSequenceDetails": "%SiemensSeq%\\gre_field_mapping",
    "CoilCombinationMethod": "Adaptive Combine",
    "MatrixCoilMode": "SENSE",
    "PercentPhaseFOV": 100,
    "PercentSampling": 100,
    "PhaseEncodingSteps": 84,
    "AcquisitionMatrixPE": 84,
    "ReconMatrixPE": 84,
    "PixelBandwidth": 322,
    "DwellTime": 1.85e-05,
    "PhaseEncodingDirection": "j-",
    "SliceTiming": [
        0.28125,
        0,
        0.29688,
        0.00781,
        0.30469,
        0.01562,
        0.3125,
        0.03125,
        0.32812,
        0.03906,
        0.33594,
        0.05469,
        0.34375,
        0.0625,
        0.35938,
        0.07031,
        0.36719,
        0.07812,
        0.375,
        0.09375,
        0.39062,
        0.10156,
        0.39844,
        0.11719,
        0.41406,
        0.125,
        0.42188,
        0.13281,
        0.42969,
        0.14844,
        0.44531,
        0.15625,
        0.45312,
        0.16406,
        0.46094,
        0.17969,
        0.47656,
        0.1875,
        0.48438,
        0.19531,
        0.5,
        0.21094,
        0.50781,
        0.21875,
        0.51562,
        0.23438,
        0.53125,
        0.24219,
        0.53906,
        0.25,
        0.54688,
        0.25781,
        0.5625,
        0.27344
    ],
    "ImageOrientationPatientDICOM": [
        0.999927,
        0.00190805,
        0.0119114,
        -1.84081e-08,
        0.987412,
        -0.15817
    ],
    "ImageOrientationText": "Tra>Cor(-9.1)>Sag(0.7)",
    "InPlanePhaseEncodingDirectionDICOM": "COL",
    "ConversionSoftware": "dcm2niix",
    "ConversionSoftwareVersion": "v1.0.20220720"
}