{
  "bids_meta": {
    "AcquisitionMatrixPE": 256,
    "AcquisitionNumber": 1,
    "AcquisitionTime": "09:13:8.620000",
    "BaseResolution": 256,
    "CoilCombinationMethod": "Adaptive Combine",
    "CoilString": "C:HEA;HEP",
    "ConversionSoftware": "dcm2niix",
    "ConversionSoftwareVersion": "v1.0.20220720",
    "DeviceSerialNumber": "35383",
    "DwellTime": 1.03e-05,
    "EchoTime": 0.00227,
    "FlipAngle": 9,
    "ImageOrientationPatientDICOM": [
      0,
      1,
      -1e-16,
      0.0244322,
      0,
      -0.999701
    ],
    "ImageOrientationText": "Sag>Tra(-1.4)",
    "ImageType": [
      "ORIGINAL",
      "PRIMARY",
      "M",
      "ND",
      "NORM"
    ],
    "ImagingFrequency": 123.189,
    "InPlanePhaseEncodingDirectionDICOM": "ROW",
    "InstitutionAddress": "Rue Michel-Servet 1,Geneve,District,CH,1211",
    "InstitutionName": "BBL - University of Geneva",
    "InstitutionalDepartmentName": "Department",
    "InversionTime": 0.9,
    "MRAcquisitionType": "3D",
    "MagneticFieldStrength": 3,
    "Manufacturer": "Siemens",
    "ManufacturersModelName": "TrioTim",
    "MatrixCoilMode": "GRAPPA",
    "Modality": "MR",
    "NonlinearGradientCorrection": false,
    "ParallelReductionFactorInPlane": 2,
    "PartialFourier": 1,
    "PatientPosition": "HFS",
    "PercentPhaseFOV": 100,
    "PercentSampling": 100,
    "PhaseEncodingSteps": 294,
    "PhaseOversampling": 0.15,
    "PhaseResolution": 1,
    "PixelBandwidth": 190,
    "ProcedureStepDescription": "fMRI^PSYKOKWAK",
    "ProtocolName": "T1_1MM",
    "PulseSequenceDetails": "%SiemensSeq%\\tfl",
    "ReceiveCoilName": "32Ch_Head",
    "ReconMatrixPE": 256,
    "RefLinesPE": 24,
    "RepetitionTime": 1.9,
    "SAR": 0.135381,
    "ScanOptions": "IR",
    "ScanningSequence": "GR\\IR",
    "SequenceName": "*tfl3d1_ns",
    "SequenceVariant": "SP\\MP\\OSP",
    "SeriesDescription": "T1_1MM",
    "SeriesNumber": 4,
    "ShimSetting": [
      -13894,
      8934,
      19117,
      -207,
      151,
      18,
      206,
      4
    ],
    "SliceThickness": 1,
    "SoftwareVersions": "syngo MR B17",
    "StationName": "MRC35383",
    "TxRefAmp": 328.878,
    "dataset": "<unset>",
    "modality": "T1w",
    "session_id": "1",
    "subject_id": "S23"
  },
  "cjv": 0.4782948570134995,
  "cnr": 2.762522647428489,
  "efc": 0.5713463015897804,
  "fber": 11287.230677764564,
  "fwhm_avg": 3.8715433333333333,
  "fwhm_x": 3.76964,
  "fwhm_y": 3.96554,
  "fwhm_z": 3.87945,
  "icvs_csf": 0.19853202627282882,
  "icvs_gm": 0.3982187864201647,
  "icvs_wm": 0.40324918730700643,
  "inu_med": 0.8862085342407227,
  "inu_range": 0.25831830501556396,
  "provenance": {
    "md5sum": "138590984c6b678e432ab3184216f0ff",
    "settings": {
      "testing": false
    },
    "software": "mriqc",
    "version": "0.16.1",
    "warnings": {
      "large_rot_frame": true,
      "small_air_mask": false
    },
    "webapi_port": null,
    "webapi_url": "https://mriqc.nimh.nih.gov/api/v1"
  },
  "qi_1": 0.0,
  "qi_2": 0.010719103460650956,
  "rpve_csf": 31.3106888527637,
  "rpve_gm": 16.02509272219463,
  "rpve_wm": 19.740404196674106,
  "size_x": 192,
  "size_y": 256,
  "size_z": 256,
  "snr_csf": 3.372150947900272,
  "snr_gm": 13.653970621875787,
  "snr_total": 13.493986289270678,
  "snr_wm": 23.45583729803597,
  "snrd_csf": 51.843597613947985,
  "snrd_gm": 94.40765702332617,
  "snrd_total": 88.13570831405985,
  "snrd_wm": 118.15587030490542,
  "spacing_x": 1.0,
  "spacing_y": 1.0,
  "spacing_z": 1.0,
  "summary_bg_k": 30.21999324712941,
  "summary_bg_mad": 5.5446788772978355,
  "summary_bg_mean": 7.1015335940423965,
  "summary_bg_median": 3.739829070866108,
  "summary_bg_n": 2102402.0,
  "summary_bg_p05": 0.0,
  "summary_bg_p95": 18.5475306622684,
  "summary_bg_stdv": 7.196987099894294,
  "summary_csf_k": 2.71262380079345,
  "summary_csf_mad": 164.69194827433301,
  "summary_csf_mean": 451.2791557544485,
  "summary_csf_median": 438.77291882783175,
  "summary_csf_n": 12013.0,
  "summary_csf_p05": 264.31494649499655,
  "summary_csf_p95": 649.5375560864807,
  "summary_csf_stdv": 130.1112147130592,
  "summary_gm_k": 0.08440203676115843,
  "summary_gm_mad": 56.9453506317075,
  "summary_gm_mean": 798.8455516916349,
  "summary_gm_median": 799.0094271674752,
  "summary_gm_n": 10107.0,
  "summary_gm_p05": 701.6525795713067,
  "summary_gm_p95": 896.2348753638564,
  "summary_gm_stdv": 58.515571828080894,
  "summary_wm_k": 0.502272982602237,
  "summary_wm_mad": 39.18739260576714,
  "summary_wm_mean": 1000.0848873458194,
  "summary_wm_median": 999.9999706111848,
  "summary_wm_n": 205756.0,
  "summary_wm_p05": 929.0948329567909,
  "summary_wm_p95": 1070.804031804204,
  "summary_wm_stdv": 42.63320587703956,
  "tpm_overlap_csf": 0.17386648058891296,
  "tpm_overlap_gm": 0.4311882555484772,
  "tpm_overlap_wm": 0.5075715184211731,
  "wm2max": 0.40587052838857895
}