{
  "aor": 0.0025675772357723575,
  "aqi": 0.011359214097560976,
  "bids_meta": {
    "AcquisitionMatrixPE": 84,
    "AcquisitionNumber": 1,
    "AcquisitionTime": "11:07:14.000006",
    "BandwidthPerPixelPhaseEncode": 20.886,
    "BaseResolution": 84,
    "CoilCombinationMethod": "Sum of Squares",
    "CoilString": "C:HEA;HEP",
    "ConversionSoftware": "dicom2nifti",
    "ConversionSoftwareVersion": "v2.2.10",
    "DerivedVendorReportedEchoSpacing": 0.000569988,
    "DeviceSerialNumber": "35383",
    "DwellTime": 2.6e-06,
    "EchoTime": 0.03,
    "EffectiveEchoSpacing": 0.000569988,
    "FlipAngle": 64,
    "ImageComments": "Unaliased MB3/PE3/LB (remote)",
    "ImageType": [
      "ORIGINAL",
      "PRIMARY",
      "M",
      "MB",
      "ND",
      "NORM",
      "MOSAIC"
    ],
    "ImagingFrequency": 123.189,
    "InPlanePhaseEncodingDirectionDICOM": "COL",
    "InstitutionAddress": "Rue Michel-Servet 1,Geneve,District,CH,1211",
    "InstitutionName": "BBL - University of Geneva",
    "InstitutionalDepartmentName": "Department",
    "MRAcquisitionType": "2D",
    "MagneticFieldStrength": 3,
    "Manufacturer": "Siemens",
    "ManufacturersModelName": "TrioTim",
    "MatrixCoilMode": "SENSE",
    "Modality": "MR",
    "MultibandAccelerationFactor": 3,
    "NonlinearGradientCorrection": false,
    "PartialFourier": 1,
    "PatientPosition": "HFS",
    "PercentPhaseFOV": 100,
    "PercentSampling": 100,
    "PhaseEncodingDirection": "j-",
    "PhaseEncodingSteps": 84,
    "PhaseResolution": 1,
    "PixelBandwidth": 2289,
    "ProcedureStepDescription": "fMRI^PSYKOKWAK",
    "ProtocolName": "FILM_RUN",
    "PulseSequenceDetails": "%CustomerSeq%\\cmrr_mbep2d_bold",
    "ReceiveCoilName": "32Ch_Head",
    "ReconMatrixPE": 84,
    "RepetitionTime": 1.3,
    "ScanOptions": "FS",
    "ScanningSequence": "EP",
    "SequenceName": "epfid2d1_84",
    "SequenceVariant": "SK\\SS",
    "SeriesDescription": "FILM_RUN",
    "ShimSetting": [
      -13908,
      8933,
      19593,
      311,
      -16,
      -301,
      98,
      -47
    ],
    "SliceThickness": 2.5,
    "SliceTiming": [
      0,
      0.9425,
      0.58,
      0.2175,
      1.16,
      0.7975,
      0.435,
      0.0725,
      1.015,
      0.6525,
      0.29,
      1.2325,
      0.87,
      0.5075,
      0.145,
      1.0875,
      0.725,
      0.3625,
      0,
      0.9425,
      0.58,
      0.2175,
      1.16,
      0.7975,
      0.435,
      0.0725,
      1.015,
      0.6525,
      0.29,
      1.2325,
      0.87,
      0.5075,
      0.145,
      1.0875,
      0.725,
      0.3625,
      0,
      0.9425,
      0.58,
      0.2175,
      1.16,
      0.7975,
      0.435,
      0.0725,
      1.015,
      0.6525,
      0.29,
      1.2325,
      0.87,
      0.5075,
      0.145,
      1.0875,
      0.725,
      0.3625
    ],
    "SoftwareVersions": "syngo MR B17",
    "SpacingBetweenSlices": 2.5,
    "StationName": "MRC35383",
    "TaskName": "FirstBite",
    "TotalReadoutTime": 0.047309,
    "dataset": "<unset>",
    "modality": "bold",
    "session_id": "3",
    "subject_id": "S10",
    "task_id": "FirstBite"
  },
  "dummy_trs": 0,
  "dvars_nstd": 29.32324321565147,
  "dvars_std": 1.305244574055374,
  "dvars_vstd": 1.0298876145276872,
  "efc": 0.5341148125071046,
  "fber": 3788.3232421875,
  "fd_mean": 0.1187124308273864,
  "fd_num": 49,
  "fd_perc": 7.967479674796748,
  "fwhm_avg": 1.7561706666666668,
  "fwhm_x": 1.65884,
  "fwhm_y": 1.9025960000000002,
  "fwhm_z": 1.707076,
  "gcor": 0.0393336,
  "gsr_x": 0.0019656955264508724,
  "gsr_y": 0.031589966267347336,
  "provenance": {
    "md5sum": "7ed6d573f1207e7e20c2e1d089ec219c",
    "settings": {
      "fd_thres": 0.2,
      "testing": false
    },
    "software": "mriqc",
    "version": "0.16.1",
    "webapi_port": null,
    "webapi_url": "https://mriqc.nimh.nih.gov/api/v1"
  },
  "size_t": 615,
  "size_x": 84,
  "size_y": 84,
  "size_z": 54,
  "snr": 6.835000701493501,
  "spacing_tr": 1.2999999523162842,
  "spacing_x": 2.5,
  "spacing_y": 2.5,
  "spacing_z": 2.5,
  "summary_bg_k": 16.441914017453744,
  "summary_bg_mad": 7.476217896445332,
  "summary_bg_mean": 31.06791877746582,
  "summary_bg_median": 9.227171897888184,
  "summary_bg_n": 239396.0,
  "summary_bg_p05": 3.268952786922455,
  "summary_bg_p95": 141.04655075073242,
  "summary_bg_stdv": 54.51748275756836,
  "summary_fg_k": 2.592800202794627,
  "summary_fg_mad": 76.89695940141702,
  "summary_fg_mean": 584.2838745117188,
  "summary_fg_median": 581.9706420898438,
  "summary_fg_n": 78731.0,
  "summary_fg_p05": 459.0541076660156,
  "summary_fg_p95": 717.71142578125,
  "summary_fg_stdv": 85.1451187133789,
  "tsnr": 54.89973831176758
}