{
  "bids_meta": {
    "AcquisitionMatrixPE": 256,
    "AcquisitionNumber": 1,
    "AcquisitionTime": "10:35:17.592500",
    "BaseResolution": 256,
    "CoilCombinationMethod": "Adaptive Combine",
    "CoilString": "C:HEA;HEP",
    "ConversionSoftware": "dcm2niix",
    "ConversionSoftwareVersion": "v1.0.20220720",
    "DeviceSerialNumber": "35383",
    "DwellTime": 1.03e-05,
    "EchoTime": 0.00227,
    "FlipAngle": 9,
    "ImageOrientationPatientDICOM": [
      0,
      1,
      0,
      0,
      0,
      -1
    ],
    "ImageOrientationText": "Sag",
    "ImageType": [
      "ORIGINAL",
      "PRIMARY",
      "M",
      "ND",
      "NORM"
    ],
    "ImagingFrequency": 123.189,
    "InPlanePhaseEncodingDirectionDICOM": "ROW",
    "InstitutionAddress": "Rue Michel-Servet 1,Geneve,District,CH,1211",
    "InstitutionName": "BBL - University of Geneva",
    "InstitutionalDepartmentName": "Department",
    "InversionTime": 0.9,
    "MRAcquisitionType": "3D",
    "MagneticFieldStrength": 3,
    "Manufacturer": "Siemens",
    "ManufacturersModelName": "TrioTim",
    "MatrixCoilMode": "GRAPPA",
    "Modality": "MR",
    "NonlinearGradientCorrection": false,
    "ParallelReductionFactorInPlane": 2,
    "PartialFourier": 1,
    "PatientPosition": "HFS",
    "PercentPhaseFOV": 100,
    "PercentSampling": 100,
    "PhaseEncodingSteps": 294,
    "PhaseOversampling": 0.15,
    "PhaseResolution": 1,
    "PixelBandwidth": 190,
    "ProcedureStepDescription": "fMRI^PSYKOKWAK",
    "ProtocolName": "T1_1MM",
    "PulseSequenceDetails": "%SiemensSeq%\\tfl",
    "ReceiveCoilName": "32Ch_Head",
    "ReconMatrixPE": 256,
    "RefLinesPE": 24,
    "RepetitionTime": 1.9,
    "SAR": 0.152655,
    "ScanOptions": "IR",
    "ScanningSequence": "GR\\IR",
    "SequenceName": "*tfl3d1_ns",
    "SequenceVariant": "SP\\MP\\OSP",
    "SeriesDescription": "T1_1MM",
    "SeriesNumber": 4,
    "ShimSetting": [
      -13894,
      8934,
      19117,
      -207,
      151,
      18,
      206,
      4
    ],
    "SliceThickness": 1,
    "SoftwareVersions": "syngo MR B17",
    "StationName": "MRC35383",
    "TxRefAmp": 360.91,
    "dataset": "<unset>",
    "modality": "T1w",
    "session_id": "1",
    "subject_id": "S17"
  },
  "cjv": 0.5041088551136631,
  "cnr": 2.721165933407535,
  "efc": 0.5240297459382312,
  "fber": 10554.626989795917,
  "fwhm_avg": 3.8104799999999996,
  "fwhm_x": 3.71289,
  "fwhm_y": 3.90452,
  "fwhm_z": 3.81403,
  "icvs_csf": 0.17123528426931,
  "icvs_gm": 0.42138429842011554,
  "icvs_wm": 0.40738041731057445,
  "inu_med": 1.1922435760498047,
  "inu_range": 0.37271302938461304,
  "provenance": {
    "md5sum": "22848ae745be0abf71b75581d7f350e0",
    "settings": {
      "testing": false
    },
    "software": "mriqc",
    "version": "0.16.1",
    "warnings": {
      "large_rot_frame": true,
      "small_air_mask": false
    },
    "webapi_port": null,
    "webapi_url": "https://mriqc.nimh.nih.gov/api/v1"
  },
  "qi_1": 0.0,
  "qi_2": 0.0056573833816266645,
  "rpve_csf": 34.00927628143765,
  "rpve_gm": 15.170309607202348,
  "rpve_wm": 18.819454880283566,
  "size_x": 192,
  "size_y": 256,
  "size_z": 256,
  "snr_csf": 3.4159560087659155,
  "snr_gm": 13.006732117751081,
  "snr_total": 12.791223162083506,
  "snr_wm": 21.950981359733525,
  "snrd_csf": 42.82475318353854,
  "snrd_gm": 88.78687404576499,
  "snrd_total": 81.23278285428977,
  "snrd_wm": 112.08672133356579,
  "spacing_x": 1.0,
  "spacing_y": 1.0,
  "spacing_z": 1.0,
  "summary_bg_k": 12.714654223586964,
  "summary_bg_mad": 5.844906258232565,
  "summary_bg_mean": 6.9249829406589,
  "summary_bg_median": 3.9423293620347977,
  "summary_bg_n": 3529595.0,
  "summary_bg_p05": 0.0,
  "summary_bg_p95": 19.599008828401566,
  "summary_bg_stdv": 7.181246054372896,
  "summary_csf_k": 1.4355676198200484,
  "summary_csf_mad": 110.2182322980998,
  "summary_csf_mean": 403.25302214251457,
  "summary_csf_median": 382.0680341720581,
  "summary_csf_n": 10657.0,
  "summary_csf_p05": 255.00112693458794,
  "summary_csf_p95": 607.918451423943,
  "summary_csf_stdv": 111.84280684144242,
  "summary_gm_k": -0.11887831528049686,
  "summary_gm_mad": 61.78900901560141,
  "summary_gm_mean": 792.8961053081396,
  "summary_gm_median": 792.1266068145633,
  "summary_gm_n": 14873.0,
  "summary_gm_p05": 695.0664579212666,
  "summary_gm_p95": 894.1991458967328,
  "summary_gm_stdv": 60.89923045320589,
  "summary_wm_k": 0.5200701318714454,
  "summary_wm_mad": 43.0018103284253,
  "summary_wm_mean": 1000.598689636255,
  "summary_wm_median": 1000.0000021755695,
  "summary_wm_n": 208163.0,
  "summary_wm_p05": 926.453031977266,
  "summary_wm_p95": 1075.7490449175239,
  "summary_wm_stdv": 45.5559404757735,
  "tpm_overlap_csf": 0.186025470495224,
  "tpm_overlap_gm": 0.43173494935035706,
  "tpm_overlap_wm": 0.510532796382904,
  "wm2max": 0.36878308508546503
}