{
  "aor": 0.0012534355179704018,
  "aqi": 0.016830529746300213,
  "bids_meta": {
    "AcquisitionMatrixPE": 84,
    "AcquisitionNumber": 1,
    "AcquisitionTime": "09:46:09.000006",
    "BandwidthPerPixelPhaseEncode": 20.886,
    "BaseResolution": 84,
    "CoilCombinationMethod": "Sum of Squares",
    "CoilString": "C:HEA;HEP",
    "ConversionSoftware": "dicom2nifti",
    "ConversionSoftwareVersion": "v2.2.10",
    "DerivedVendorReportedEchoSpacing": 0.000569988,
    "DeviceSerialNumber": "35383",
    "DwellTime": 2.6e-06,
    "EchoTime": 0.03,
    "EffectiveEchoSpacing": 0.000569988,
    "FlipAngle": 64,
    "ImageComments": "Unaliased MB3/PE3/LB (remote)",
    "ImageType": [
      "ORIGINAL",
      "PRIMARY",
      "M",
      "MB",
      "ND",
      "NORM",
      "MOSAIC"
    ],
    "ImagingFrequency": 123.189,
    "InPlanePhaseEncodingDirectionDICOM": "COL",
    "InstitutionAddress": "Rue Michel-Servet 1,Geneve,District,CH,1211",
    "InstitutionName": "BBL - University of Geneva",
    "InstitutionalDepartmentName": "Department",
    "MRAcquisitionType": "2D",
    "MagneticFieldStrength": 3,
    "Manufacturer": "Siemens",
    "ManufacturersModelName": "TrioTim",
    "MatrixCoilMode": "SENSE",
    "Modality": "MR",
    "MultibandAccelerationFactor": 3,
    "NonlinearGradientCorrection": false,
    "PartialFourier": 1,
    "PatientPosition": "HFS",
    "PercentPhaseFOV": 100,
    "PercentSampling": 100,
    "PhaseEncodingDirection": "j-",
    "PhaseEncodingSteps": 84,
    "PhaseResolution": 1,
    "PixelBandwidth": 2289,
    "ProcedureStepDescription": "fMRI^PSYKOKWAK",
    "ProtocolName": "FILM_RUN",
    "PulseSequenceDetails": "%CustomerSeq%\\cmrr_mbep2d_bold",
    "ReceiveCoilName": "32Ch_Head",
    "ReconMatrixPE": 84,
    "RepetitionTime": 1.3,
    "ScanOptions": "FS",
    "ScanningSequence": "EP",
    "SequenceName": "epfid2d1_84",
    "SequenceVariant": "SK\\SS",
    "SeriesDescription": "FILM_RUN",
    "ShimSetting": [
      -13908,
      8933,
      19593,
      311,
      -16,
      -301,
      98,
      -47
    ],
    "SliceThickness": 2.5,
    "SliceTiming": [
      0,
      0.9425,
      0.58,
      0.2175,
      1.16,
      0.7975,
      0.435,
      0.0725,
      1.015,
      0.6525,
      0.29,
      1.2325,
      0.87,
      0.5075,
      0.145,
      1.0875,
      0.725,
      0.3625,
      0,
      0.9425,
      0.58,
      0.2175,
      1.16,
      0.7975,
      0.435,
      0.0725,
      1.015,
      0.6525,
      0.29,
      1.2325,
      0.87,
      0.5075,
      0.145,
      1.0875,
      0.725,
      0.3625,
      0,
      0.9425,
      0.58,
      0.2175,
      1.16,
      0.7975,
      0.435,
      0.0725,
      1.015,
      0.6525,
      0.29,
      1.2325,
      0.87,
      0.5075,
      0.145,
      1.0875,
      0.725,
      0.3625
    ],
    "SoftwareVersions": "syngo MR B17",
    "SpacingBetweenSlices": 2.5,
    "StationName": "MRC35383",
    "TaskName": "Superhero",
    "TotalReadoutTime": 0.047309,
    "dataset": "<unset>",
    "modality": "bold",
    "session_id": "2",
    "subject_id": "S02",
    "task_id": "Superhero"
  },
  "dummy_trs": 0,
  "dvars_nstd": 29.536814690825402,
  "dvars_std": 1.1559764067619054,
  "dvars_vstd": 0.9922242022010582,
  "efc": 0.5320669699090617,
  "fber": 3719.400390625,
  "fd_mean": 0.17772512678008925,
  "fd_num": 303,
  "fd_perc": 32.02959830866808,
  "fwhm_avg": 1.8414413333333333,
  "fwhm_x": 1.7201239999999998,
  "fwhm_y": 2.04022,
  "fwhm_z": 1.76398,
  "gcor": 0.0579032,
  "gsr_x": -0.006975782103836536,
  "gsr_y": 0.05107343569397926,
  "provenance": {
    "md5sum": "44cc520fa7001fd8f8a7531d21ae90b7",
    "settings": {
      "fd_thres": 0.2,
      "testing": false
    },
    "software": "mriqc",
    "version": "0.16.1",
    "webapi_port": null,
    "webapi_url": "https://mriqc.nimh.nih.gov/api/v1"
  },
  "size_t": 946,
  "size_x": 84,
  "size_y": 84,
  "size_z": 54,
  "snr": 6.426269491953897,
  "spacing_tr": 1.2999999523162842,
  "spacing_x": 2.5,
  "spacing_y": 2.5,
  "spacing_z": 2.5,
  "summary_bg_k": 20.518616393606248,
  "summary_bg_mad": 5.794393691275388,
  "summary_bg_mean": 26.793392181396484,
  "summary_bg_median": 7.789910316467285,
  "summary_bg_n": 242118.0,
  "summary_bg_p05": 2.8110122442245484,
  "summary_bg_p95": 115.19303665161131,
  "summary_bg_stdv": 48.802101135253906,
  "summary_fg_k": 2.7125581596168686,
  "summary_fg_mad": 67.42763405026344,
  "summary_fg_mean": 488.3850402832031,
  "summary_fg_median": 486.31097412109375,
  "summary_fg_n": 77002.0,
  "summary_fg_p05": 377.1903503417969,
  "summary_fg_p95": 606.189892578125,
  "summary_fg_stdv": 75.67498016357422,
  "tsnr": 43.894527435302734
}