{
  "aor": 0.001666595059076262,
  "aqi": 0.017521887432867887,
  "bids_meta": {
    "AcquisitionMatrixPE": 84,
    "AcquisitionNumber": 1,
    "AcquisitionTime": "09:21:58.000006",
    "BandwidthPerPixelPhaseEncode": 20.886,
    "BaseResolution": 84,
    "CoilCombinationMethod": "Sum of Squares",
    "CoilString": "C:HEA;HEP",
    "ConversionSoftware": "dicom2nifti",
    "ConversionSoftwareVersion": "v2.2.10",
    "DerivedVendorReportedEchoSpacing": 0.000569988,
    "DeviceSerialNumber": "35383",
    "DwellTime": 2.6e-06,
    "EchoTime": 0.03,
    "EffectiveEchoSpacing": 0.000569988,
    "FlipAngle": 64,
    "ImageComments": "Unaliased MB3/PE3/LB (remote)",
    "ImageType": [
      "ORIGINAL",
      "PRIMARY",
      "M",
      "MB",
      "ND",
      "NORM",
      "MOSAIC"
    ],
    "ImagingFrequency": 123.189,
    "InPlanePhaseEncodingDirectionDICOM": "COL",
    "InstitutionAddress": "Rue Michel-Servet 1,Geneve,District,CH,1211",
    "InstitutionName": "BBL - University of Geneva",
    "InstitutionalDepartmentName": "Department",
    "MRAcquisitionType": "2D",
    "MagneticFieldStrength": 3,
    "Manufacturer": "Siemens",
    "ManufacturersModelName": "TrioTim",
    "MatrixCoilMode": "SENSE",
    "Modality": "MR",
    "MultibandAccelerationFactor": 3,
    "NonlinearGradientCorrection": false,
    "PartialFourier": 1,
    "PatientPosition": "HFS",
    "PercentPhaseFOV": 100,
    "PercentSampling": 100,
    "PhaseEncodingDirection": "j-",
    "PhaseEncodingSteps": 84,
    "PhaseResolution": 1,
    "PixelBandwidth": 2289,
    "ProcedureStepDescription": "fMRI^PSYKOKWAK",
    "ProtocolName": "FILM_RUN",
    "PulseSequenceDetails": "%CustomerSeq%\\cmrr_mbep2d_bold",
    "ReceiveCoilName": "32Ch_Head",
    "ReconMatrixPE": 84,
    "RepetitionTime": 1.3,
    "ScanOptions": "FS",
    "ScanningSequence": "EP",
    "SequenceName": "epfid2d1_84",
    "SequenceVariant": "SK\\SS",
    "SeriesDescription": "FILM_RUN",
    "ShimSetting": [
      -13908,
      8933,
      19593,
      311,
      -16,
      -301,
      98,
      -47
    ],
    "SliceThickness": 2.5,
    "SliceTiming": [
      0,
      0.9425,
      0.58,
      0.2175,
      1.16,
      0.7975,
      0.435,
      0.0725,
      1.015,
      0.6525,
      0.29,
      1.2325,
      0.87,
      0.5075,
      0.145,
      1.0875,
      0.725,
      0.3625,
      0,
      0.9425,
      0.58,
      0.2175,
      1.16,
      0.7975,
      0.435,
      0.0725,
      1.015,
      0.6525,
      0.29,
      1.2325,
      0.87,
      0.5075,
      0.145,
      1.0875,
      0.725,
      0.3625,
      0,
      0.9425,
      0.58,
      0.2175,
      1.16,
      0.7975,
      0.435,
      0.0725,
      1.015,
      0.6525,
      0.29,
      1.2325,
      0.87,
      0.5075,
      0.145,
      1.0875,
      0.725,
      0.3625
    ],
    "SoftwareVersions": "syngo MR B17",
    "SpacingBetweenSlices": 2.5,
    "StationName": "MRC35383",
    "TaskName": "Payload",
    "TotalReadoutTime": 0.047309,
    "dataset": "<unset>",
    "modality": "bold",
    "session_id": "1",
    "subject_id": "S06",
    "task_id": "Payload"
  },
  "dummy_trs": 0,
  "dvars_nstd": 31.58594850733335,
  "dvars_std": 1.2937839000860207,
  "dvars_vstd": 0.9963560826881722,
  "efc": 0.5163278886812422,
  "fber": 4988.98388671875,
  "fd_mean": 0.1291080160686563,
  "fd_num": 76,
  "fd_perc": 8.16326530612245,
  "fwhm_avg": 1.79254,
  "fwhm_x": 1.6599240000000002,
  "fwhm_y": 1.96886,
  "fwhm_z": 1.748836,
  "gcor": 0.0385011,
  "gsr_x": -0.01596665382385254,
  "gsr_y": 0.03863397613167763,
  "provenance": {
    "md5sum": "e6c408cc7cd59e05dac769fc46c3712c",
    "settings": {
      "fd_thres": 0.2,
      "testing": false
    },
    "software": "mriqc",
    "version": "0.16.1",
    "webapi_port": null,
    "webapi_url": "https://mriqc.nimh.nih.gov/api/v1"
  },
  "size_t": 931,
  "size_x": 84,
  "size_y": 84,
  "size_z": 54,
  "snr": 7.517846257696639,
  "spacing_tr": 1.2999999523162842,
  "spacing_x": 2.5,
  "spacing_y": 2.5,
  "spacing_z": 2.5,
  "summary_bg_k": 23.90149320794963,
  "summary_bg_mad": 6.162742031219896,
  "summary_bg_mean": 23.121301651000977,
  "summary_bg_median": 7.699544429779053,
  "summary_bg_n": 241657.0,
  "summary_bg_p05": 2.4876804351806645,
  "summary_bg_p95": 89.89912261962884,
  "summary_bg_stdv": 41.72520065307617,
  "summary_fg_k": 2.476956551949611,
  "summary_fg_mad": 70.6173915515582,
  "summary_fg_mean": 566.9444580078125,
  "summary_fg_median": 564.2750244140625,
  "summary_fg_n": 76570.0,
  "summary_fg_p05": 459.11544647216795,
  "summary_fg_p95": 686.5756958007812,
  "summary_fg_stdv": 75.05757904052734,
  "tsnr": 50.646881103515625
}