{
  "aor": 0.0005572961373390559,
  "aqi": 0.013936790901287553,
  "bids_meta": {
    "AcquisitionMatrixPE": 84,
    "AcquisitionNumber": 1,
    "AcquisitionTime": "13:40:37.000006",
    "BandwidthPerPixelPhaseEncode": 20.886,
    "BaseResolution": 84,
    "CoilCombinationMethod": "Sum of Squares",
    "CoilString": "C:HEA;HEP",
    "ConversionSoftware": "dicom2nifti",
    "ConversionSoftwareVersion": "v2.2.10",
    "DerivedVendorReportedEchoSpacing": 0.000569988,
    "DeviceSerialNumber": "35383",
    "DwellTime": 2.6e-06,
    "EchoTime": 0.03,
    "EffectiveEchoSpacing": 0.000569988,
    "FlipAngle": 64,
    "ImageComments": "Unaliased MB3/PE3/LB (remote)",
    "ImageType": [
      "ORIGINAL",
      "PRIMARY",
      "M",
      "MB",
      "ND",
      "NORM",
      "MOSAIC"
    ],
    "ImagingFrequency": 123.189,
    "InPlanePhaseEncodingDirectionDICOM": "COL",
    "InstitutionAddress": "Rue Michel-Servet 1,Geneve,District,CH,1211",
    "InstitutionName": "BBL - University of Geneva",
    "InstitutionalDepartmentName": "Department",
    "MRAcquisitionType": "2D",
    "MagneticFieldStrength": 3,
    "Manufacturer": "Siemens",
    "ManufacturersModelName": "TrioTim",
    "MatrixCoilMode": "SENSE",
    "Modality": "MR",
    "MultibandAccelerationFactor": 3,
    "NonlinearGradientCorrection": false,
    "PartialFourier": 1,
    "PatientPosition": "HFS",
    "PercentPhaseFOV": 100,
    "PercentSampling": 100,
    "PhaseEncodingDirection": "j-",
    "PhaseEncodingSteps": 84,
    "PhaseResolution": 1,
    "PixelBandwidth": 2289,
    "ProcedureStepDescription": "fMRI^PSYKOKWAK",
    "ProtocolName": "FILM_RUN",
    "PulseSequenceDetails": "%CustomerSeq%\\cmrr_mbep2d_bold",
    "ReceiveCoilName": "32Ch_Head",
    "ReconMatrixPE": 84,
    "RepetitionTime": 1.3,
    "ScanOptions": "FS",
    "ScanningSequence": "EP",
    "SequenceName": "epfid2d1_84",
    "SequenceVariant": "SK\\SS",
    "SeriesDescription": "FILM_RUN",
    "ShimSetting": [
      -13908,
      8933,
      19593,
      311,
      -16,
      -301,
      98,
      -47
    ],
    "SliceThickness": 2.5,
    "SliceTiming": [
      0,
      0.9425,
      0.58,
      0.2175,
      1.16,
      0.7975,
      0.435,
      0.0725,
      1.015,
      0.6525,
      0.29,
      1.2325,
      0.87,
      0.5075,
      0.145,
      1.0875,
      0.725,
      0.3625,
      0,
      0.9425,
      0.58,
      0.2175,
      1.16,
      0.7975,
      0.435,
      0.0725,
      1.015,
      0.6525,
      0.29,
      1.2325,
      0.87,
      0.5075,
      0.145,
      1.0875,
      0.725,
      0.3625,
      0,
      0.9425,
      0.58,
      0.2175,
      1.16,
      0.7975,
      0.435,
      0.0725,
      1.015,
      0.6525,
      0.29,
      1.2325,
      0.87,
      0.5075,
      0.145,
      1.0875,
      0.725,
      0.3625
    ],
    "SoftwareVersions": "syngo MR B17",
    "SpacingBetweenSlices": 2.5,
    "StationName": "MRC35383",
    "TaskName": "Chatter",
    "TotalReadoutTime": 0.047309,
    "dataset": "<unset>",
    "modality": "bold",
    "session_id": "3",
    "subject_id": "S32",
    "task_id": "Chatter"
  },
  "dummy_trs": 0,
  "dvars_nstd": 29.38659749610752,
  "dvars_std": 1.1947719299139778,
  "dvars_vstd": 0.9878944654623658,
  "efc": 0.5204498890363597,
  "fber": 3763.395263671875,
  "fd_mean": 0.16952587978845346,
  "fd_num": 144,
  "fd_perc": 30.901287553648068,
  "fwhm_avg": 1.8553266666666666,
  "fwhm_x": 1.719364,
  "fwhm_y": 2.034376,
  "fwhm_z": 1.8122399999999999,
  "gcor": 0.0271595,
  "gsr_x": -0.015392252244055271,
  "gsr_y": 0.032323990017175674,
  "provenance": {
    "md5sum": "e74e37b9b8d1bc242e5d5ef6627e26c3",
    "settings": {
      "fd_thres": 0.2,
      "testing": false
    },
    "software": "mriqc",
    "version": "0.16.1",
    "webapi_port": null,
    "webapi_url": "https://mriqc.nimh.nih.gov/api/v1"
  },
  "size_t": 466,
  "size_x": 84,
  "size_y": 84,
  "size_z": 54,
  "snr": 6.8464164849515665,
  "spacing_tr": 1.2999999523162842,
  "spacing_x": 2.5,
  "spacing_y": 2.5,
  "spacing_z": 2.5,
  "summary_bg_k": 19.34362323863592,
  "summary_bg_mad": 6.147116451607869,
  "summary_bg_mean": 24.675952911376953,
  "summary_bg_median": 8.333566665649414,
  "summary_bg_n": 243444.0,
  "summary_bg_p05": 3.236618077754974,
  "summary_bg_p95": 103.97711448669426,
  "summary_bg_stdv": 43.291805267333984,
  "summary_fg_k": 2.6996109604709275,
  "summary_fg_mad": 67.329451469265,
  "summary_fg_mean": 530.2077026367188,
  "summary_fg_median": 525.52294921875,
  "summary_fg_n": 75146.0,
  "summary_fg_p05": 420.5893096923828,
  "summary_fg_p95": 653.4842834472656,
  "summary_fg_stdv": 76.7583236694336,
  "tsnr": 52.037384033203125
}