{
  "aor": 0.00029911827956989243,
  "aqi": 0.01885874935483871,
  "bids_meta": {
    "AcquisitionMatrixPE": 84,
    "AcquisitionNumber": 1,
    "AcquisitionTime": "13:02:00.000006",
    "BandwidthPerPixelPhaseEncode": 20.886,
    "BaseResolution": 84,
    "CoilCombinationMethod": "Sum of Squares",
    "CoilString": "C:HEA;HEP",
    "ConversionSoftware": "dicom2nifti",
    "ConversionSoftwareVersion": "v2.2.10",
    "DerivedVendorReportedEchoSpacing": 0.000569988,
    "DeviceSerialNumber": "35383",
    "DwellTime": 2.6e-06,
    "EchoTime": 0.03,
    "EffectiveEchoSpacing": 0.000569988,
    "FlipAngle": 64,
    "ImageComments": "Unaliased MB3/PE3/LB (remote)",
    "ImageType": [
      "ORIGINAL",
      "PRIMARY",
      "M",
      "MB",
      "ND",
      "NORM",
      "MOSAIC"
    ],
    "ImagingFrequency": 123.189,
    "InPlanePhaseEncodingDirectionDICOM": "COL",
    "InstitutionAddress": "Rue Michel-Servet 1,Geneve,District,CH,1211",
    "InstitutionName": "BBL - University of Geneva",
    "InstitutionalDepartmentName": "Department",
    "MRAcquisitionType": "2D",
    "MagneticFieldStrength": 3,
    "Manufacturer": "Siemens",
    "ManufacturersModelName": "TrioTim",
    "MatrixCoilMode": "SENSE",
    "Modality": "MR",
    "MultibandAccelerationFactor": 3,
    "NonlinearGradientCorrection": false,
    "PartialFourier": 1,
    "PatientPosition": "HFS",
    "PercentPhaseFOV": 100,
    "PercentSampling": 100,
    "PhaseEncodingDirection": "j-",
    "PhaseEncodingSteps": 84,
    "PhaseResolution": 1,
    "PixelBandwidth": 2289,
    "ProcedureStepDescription": "fMRI^PSYKOKWAK",
    "ProtocolName": "FILM_RUN",
    "PulseSequenceDetails": "%CustomerSeq%\\cmrr_mbep2d_bold",
    "ReceiveCoilName": "32Ch_Head",
    "ReconMatrixPE": 84,
    "RepetitionTime": 1.3,
    "ScanOptions": "FS",
    "ScanningSequence": "EP",
    "SequenceName": "epfid2d1_84",
    "SequenceVariant": "SK\\SS",
    "SeriesDescription": "FILM_RUN",
    "ShimSetting": [
      -13908,
      8933,
      19593,
      311,
      -16,
      -301,
      98,
      -47
    ],
    "SliceThickness": 2.5,
    "SliceTiming": [
      0,
      0.9425,
      0.58,
      0.2175,
      1.16,
      0.7975,
      0.435,
      0.0725,
      1.015,
      0.6525,
      0.29,
      1.2325,
      0.87,
      0.5075,
      0.145,
      1.0875,
      0.725,
      0.3625,
      0,
      0.9425,
      0.58,
      0.2175,
      1.16,
      0.7975,
      0.435,
      0.0725,
      1.015,
      0.6525,
      0.29,
      1.2325,
      0.87,
      0.5075,
      0.145,
      1.0875,
      0.725,
      0.3625,
      0,
      0.9425,
      0.58,
      0.2175,
      1.16,
      0.7975,
      0.435,
      0.0725,
      1.015,
      0.6525,
      0.29,
      1.2325,
      0.87,
      0.5075,
      0.145,
      1.0875,
      0.725,
      0.3625
    ],
    "SoftwareVersions": "syngo MR B17",
    "SpacingBetweenSlices": 2.5,
    "StationName": "MRC35383",
    "TaskName": "Payload",
    "TotalReadoutTime": 0.047309,
    "dataset": "<unset>",
    "modality": "bold",
    "session_id": "3",
    "subject_id": "S32",
    "task_id": "Payload"
  },
  "dummy_trs": 0,
  "dvars_nstd": 30.059825529806243,
  "dvars_std": 1.1707171507965541,
  "dvars_vstd": 0.9618061596340141,
  "efc": 0.5180046413699939,
  "fber": 3929.715576171875,
  "fd_mean": 0.17222035005129058,
  "fd_num": 319,
  "fd_perc": 34.30107526881721,
  "fwhm_avg": 1.8562079999999999,
  "fwhm_x": 1.7146439999999998,
  "fwhm_y": 2.050264,
  "fwhm_z": 1.803716,
  "gcor": 0.0135393,
  "gsr_x": -0.0141280647367239,
  "gsr_y": 0.03342531993985176,
  "provenance": {
    "md5sum": "af8c7e3cfe0689b3d7c88dcccb8aebdc",
    "settings": {
      "fd_thres": 0.2,
      "testing": false
    },
    "software": "mriqc",
    "version": "0.16.1",
    "webapi_port": null,
    "webapi_url": "https://mriqc.nimh.nih.gov/api/v1"
  },
  "size_t": 930,
  "size_x": 84,
  "size_y": 84,
  "size_z": 54,
  "snr": 6.896360906256539,
  "spacing_tr": 1.2999999523162842,
  "spacing_x": 2.5,
  "spacing_y": 2.5,
  "spacing_z": 2.5,
  "summary_bg_k": 20.510217057421148,
  "summary_bg_mad": 6.360529949871886,
  "summary_bg_mean": 23.855302810668945,
  "summary_bg_median": 8.270437240600586,
  "summary_bg_n": 243395.0,
  "summary_bg_p05": 2.950881838798523,
  "summary_bg_p95": 98.78458633422844,
  "summary_bg_stdv": 42.03840255737305,
  "summary_fg_k": 2.940725221117521,
  "summary_fg_mad": 67.10216105652503,
  "summary_fg_mean": 534.7847900390625,
  "summary_fg_median": 530.1712646484375,
  "summary_fg_n": 75242.0,
  "summary_fg_p05": 426.1628814697265,
  "summary_fg_p95": 658.3335968017577,
  "summary_fg_stdv": 76.87644958496094,
  "tsnr": 45.61176300048828
}