{
  "aor": 0.001563389651531151,
  "aqi": 0.02960114730728617,
  "bids_meta": {
    "AcquisitionMatrixPE": 84,
    "AcquisitionNumber": 1,
    "AcquisitionTime": "11:24:32.000006",
    "BandwidthPerPixelPhaseEncode": 20.886,
    "BaseResolution": 84,
    "CoilCombinationMethod": "Sum of Squares",
    "CoilString": "C:HEA;HEP",
    "ConversionSoftware": "dicom2nifti",
    "ConversionSoftwareVersion": "v2.2.10",
    "DerivedVendorReportedEchoSpacing": 0.000569988,
    "DeviceSerialNumber": "35383",
    "DwellTime": 2.6e-06,
    "EchoTime": 0.03,
    "EffectiveEchoSpacing": 0.000569988,
    "FlipAngle": 64,
    "ImageComments": "Unaliased MB3/PE3/LB (remote)",
    "ImageType": [
      "ORIGINAL",
      "PRIMARY",
      "M",
      "MB",
      "ND",
      "NORM",
      "MOSAIC"
    ],
    "ImagingFrequency": 123.189,
    "InPlanePhaseEncodingDirectionDICOM": "COL",
    "InstitutionAddress": "Rue Michel-Servet 1,Geneve,District,CH,1211",
    "InstitutionName": "BBL - University of Geneva",
    "InstitutionalDepartmentName": "Department",
    "MRAcquisitionType": "2D",
    "MagneticFieldStrength": 3,
    "Manufacturer": "Siemens",
    "ManufacturersModelName": "TrioTim",
    "MatrixCoilMode": "SENSE",
    "Modality": "MR",
    "MultibandAccelerationFactor": 3,
    "NonlinearGradientCorrection": false,
    "PartialFourier": 1,
    "PatientPosition": "HFS",
    "PercentPhaseFOV": 100,
    "PercentSampling": 100,
    "PhaseEncodingDirection": "j-",
    "PhaseEncodingSteps": 84,
    "PhaseResolution": 1,
    "PixelBandwidth": 2289,
    "ProcedureStepDescription": "fMRI^PSYKOKWAK",
    "ProtocolName": "FILM_RUN",
    "PulseSequenceDetails": "%CustomerSeq%\\cmrr_mbep2d_bold",
    "ReceiveCoilName": "32Ch_Head",
    "ReconMatrixPE": 84,
    "RepetitionTime": 1.3,
    "ScanOptions": "FS",
    "ScanningSequence": "EP",
    "SequenceName": "epfid2d1_84",
    "SequenceVariant": "SK\\SS",
    "SeriesDescription": "FILM_RUN",
    "ShimSetting": [
      -13908,
      8933,
      19593,
      311,
      -16,
      -301,
      98,
      -47
    ],
    "SliceThickness": 2.5,
    "SliceTiming": [
      0,
      0.9425,
      0.58,
      0.2175,
      1.16,
      0.7975,
      0.435,
      0.0725,
      1.015,
      0.6525,
      0.29,
      1.2325,
      0.87,
      0.5075,
      0.145,
      1.0875,
      0.725,
      0.3625,
      0,
      0.9425,
      0.58,
      0.2175,
      1.16,
      0.7975,
      0.435,
      0.0725,
      1.015,
      0.6525,
      0.29,
      1.2325,
      0.87,
      0.5075,
      0.145,
      1.0875,
      0.725,
      0.3625,
      0,
      0.9425,
      0.58,
      0.2175,
      1.16,
      0.7975,
      0.435,
      0.0725,
      1.015,
      0.6525,
      0.29,
      1.2325,
      0.87,
      0.5075,
      0.145,
      1.0875,
      0.725,
      0.3625
    ],
    "SoftwareVersions": "syngo MR B17",
    "SpacingBetweenSlices": 2.5,
    "StationName": "MRC35383",
    "TaskName": "Superhero",
    "TotalReadoutTime": 0.047309,
    "dataset": "<unset>",
    "modality": "bold",
    "session_id": "1",
    "subject_id": "S07",
    "task_id": "Superhero"
  },
  "dummy_trs": 0,
  "dvars_nstd": 39.439911029693434,
  "dvars_std": 1.1232155192917532,
  "dvars_vstd": 0.9471392536046522,
  "efc": 0.5523381986373262,
  "fber": 2447.37109375,
  "fd_mean": 0.40451534820544643,
  "fd_num": 566,
  "fd_perc": 59.76768743400211,
  "fwhm_avg": 1.952041333333333,
  "fwhm_x": 1.839912,
  "fwhm_y": 2.135408,
  "fwhm_z": 1.880804,
  "gcor": 0.0419781,
  "gsr_x": -0.017160970717668533,
  "gsr_y": 0.05136436969041824,
  "provenance": {
    "md5sum": "ab8188729d0a8657e2171dd27307666e",
    "settings": {
      "fd_thres": 0.2,
      "testing": false
    },
    "software": "mriqc",
    "version": "0.16.1",
    "webapi_port": null,
    "webapi_url": "https://mriqc.nimh.nih.gov/api/v1"
  },
  "size_t": 947,
  "size_x": 84,
  "size_y": 84,
  "size_z": 54,
  "snr": 5.865759308591125,
  "spacing_tr": 1.2999999523162842,
  "spacing_x": 2.5,
  "spacing_y": 2.5,
  "spacing_z": 2.5,
  "summary_bg_k": 11.532505360254842,
  "summary_bg_mad": 9.02910800525165,
  "summary_bg_mean": 31.14930534362793,
  "summary_bg_median": 9.827692985534668,
  "summary_bg_n": 235706.0,
  "summary_bg_p05": 2.688442289829254,
  "summary_bg_p95": 130.1093864440918,
  "summary_bg_stdv": 48.233890533447266,
  "summary_fg_k": 2.322084163754494,
  "summary_fg_mad": 71.55193588820471,
  "summary_fg_mean": 508.8426513671875,
  "summary_fg_median": 503.1209716796875,
  "summary_fg_n": 82597.0,
  "summary_fg_p05": 387.6877563476562,
  "summary_fg_p95": 665.3333862304687,
  "summary_fg_stdv": 85.77200317382812,
  "tsnr": 31.760467529296875
}