{
  "bids_meta": {
    "AcquisitionMatrixPE": 256,
    "AcquisitionNumber": 1,
    "AcquisitionTime": "10:41:30.542500",
    "BaseResolution": 256,
    "CoilCombinationMethod": "Adaptive Combine",
    "CoilString": "C:HEA;HEP",
    "ConversionSoftware": "dcm2niix",
    "ConversionSoftwareVersion": "v1.0.20220720",
    "DeviceSerialNumber": "35383",
    "DwellTime": 1.03e-05,
    "EchoTime": 0.00227,
    "FlipAngle": 9,
    "ImageOrientationPatientDICOM": [
      0,
      1,
      1e-16,
      0.0418757,
      0,
      -0.999123
    ],
    "ImageOrientationText": "Sag>Tra(-2.4)",
    "ImageType": [
      "ORIGINAL",
      "PRIMARY",
      "M",
      "ND",
      "NORM"
    ],
    "ImagingFrequency": 123.189,
    "InPlanePhaseEncodingDirectionDICOM": "ROW",
    "InstitutionAddress": "Rue Michel-Servet 1,Geneve,District,CH,1211",
    "InstitutionName": "BBL - University of Geneva",
    "InstitutionalDepartmentName": "Department",
    "InversionTime": 0.9,
    "MRAcquisitionType": "3D",
    "MagneticFieldStrength": 3,
    "Manufacturer": "Siemens",
    "ManufacturersModelName": "TrioTim",
    "MatrixCoilMode": "GRAPPA",
    "Modality": "MR",
    "NonlinearGradientCorrection": false,
    "ParallelReductionFactorInPlane": 2,
    "PartialFourier": 1,
    "PatientPosition": "HFS",
    "PercentPhaseFOV": 100,
    "PercentSampling": 100,
    "PhaseEncodingSteps": 294,
    "PhaseOversampling": 0.15,
    "PhaseResolution": 1,
    "PixelBandwidth": 190,
    "ProcedureStepDescription": "fMRI^PSYKOKWAK",
    "ProtocolName": "T1_1MM",
    "PulseSequenceDetails": "%SiemensSeq%\\tfl",
    "ReceiveCoilName": "32Ch_Head",
    "ReconMatrixPE": 256,
    "RefLinesPE": 24,
    "RepetitionTime": 1.9,
    "SAR": 0.140483,
    "ScanOptions": "IR",
    "ScanningSequence": "GR\\IR",
    "SequenceName": "*tfl3d1_ns",
    "SequenceVariant": "SP\\MP\\OSP",
    "SeriesDescription": "T1_1MM",
    "SeriesNumber": 4,
    "ShimSetting": [
      -13894,
      8934,
      19117,
      -207,
      151,
      18,
      206,
      4
    ],
    "SliceThickness": 1,
    "SoftwareVersions": "syngo MR B17",
    "StationName": "MRC35383",
    "TxRefAmp": 359.116,
    "dataset": "<unset>",
    "modality": "T1w",
    "session_id": "1",
    "subject_id": "S22"
  },
  "cjv": 0.5229257494597037,
  "cnr": 2.6075508712813593,
  "efc": 0.5875254659522665,
  "fber": 14530.387282732117,
  "fwhm_avg": 3.86812,
  "fwhm_x": 3.82151,
  "fwhm_y": 3.93301,
  "fwhm_z": 3.84984,
  "icvs_csf": 0.17382585379707527,
  "icvs_gm": 0.394861963083301,
  "icvs_wm": 0.4313121831196237,
  "inu_med": 1.1342846155166626,
  "inu_range": 0.3589532852172852,
  "provenance": {
    "md5sum": "0ee91e5e9cdf29f91497b88538ad8848",
    "settings": {
      "testing": false
    },
    "software": "mriqc",
    "version": "0.16.1",
    "warnings": {
      "large_rot_frame": true,
      "small_air_mask": false
    },
    "webapi_port": null,
    "webapi_url": "https://mriqc.nimh.nih.gov/api/v1"
  },
  "qi_1": 0.0,
  "qi_2": 0.027130061349356516,
  "rpve_csf": 26.738717253220354,
  "rpve_gm": 12.366730507303396,
  "rpve_wm": 13.791687533511324,
  "size_x": 192,
  "size_y": 256,
  "size_z": 256,
  "snr_csf": 3.1200421215830807,
  "snr_gm": 13.355761111515992,
  "snr_total": 13.17441051435761,
  "snr_wm": 23.04742830997376,
  "snrd_csf": 47.99013648293251,
  "snrd_gm": 104.7262168801451,
  "snrd_total": 94.22941670085186,
  "snrd_wm": 129.97189673947793,
  "spacing_x": 1.0,
  "spacing_y": 1.0,
  "spacing_z": 1.0,
  "summary_bg_k": 4.9436720503487415,
  "summary_bg_mad": 5.040923726677578,
  "summary_bg_mean": 5.32547510784164,
  "summary_bg_median": 3.400051385164261,
  "summary_bg_n": 2318647.0,
  "summary_bg_p05": 0.0,
  "summary_bg_p95": 13.792661279439926,
  "summary_bg_stdv": 5.174410404318457,
  "summary_csf_k": 5.488826114231573,
  "summary_csf_mad": 110.71009845005096,
  "summary_csf_mean": 398.03616694462215,
  "summary_csf_median": 369.25841081142426,
  "summary_csf_n": 21967.0,
  "summary_csf_p05": 256.370289632678,
  "summary_csf_p95": 610.0846919417381,
  "summary_csf_stdv": 118.347763101525,
  "summary_gm_k": 0.03576501023016121,
  "summary_gm_mad": 60.58619648855881,
  "summary_gm_mean": 806.3263027525464,
  "summary_gm_median": 805.8121782839298,
  "summary_gm_n": 18981.0,
  "summary_gm_p05": 708.2371187210083,
  "summary_gm_p95": 905.8891624510288,
  "summary_gm_stdv": 60.332836479015846,
  "summary_wm_k": 0.5896410323901216,
  "summary_wm_mad": 40.99317219241578,
  "summary_wm_mean": 1001.620335527462,
  "summary_wm_median": 1000.0641706287861,
  "summary_wm_n": 269439.0,
  "summary_wm_p05": 933.2820292711258,
  "summary_wm_p95": 1075.2502125799656,
  "summary_wm_stdv": 43.39149259301984,
  "tpm_overlap_csf": 0.17203521728515625,
  "tpm_overlap_gm": 0.4169587194919586,
  "tpm_overlap_wm": 0.4824811518192291,
  "wm2max": 0.3815689634071717
}