{
  "aor": 0.0014677608695652172,
  "aqi": 0.019823694347826087,
  "bids_meta": {
    "AcquisitionMatrixPE": 84,
    "AcquisitionNumber": 1,
    "AcquisitionTime": "09:10:00.000006",
    "BandwidthPerPixelPhaseEncode": 20.886,
    "BaseResolution": 84,
    "CoilCombinationMethod": "Sum of Squares",
    "CoilString": "C:HEA;HEP",
    "ConversionSoftware": "dicom2nifti",
    "ConversionSoftwareVersion": "v2.2.10",
    "DerivedVendorReportedEchoSpacing": 0.000569988,
    "DeviceSerialNumber": "35383",
    "DwellTime": 2.6e-06,
    "EchoTime": 0.03,
    "EffectiveEchoSpacing": 0.000569988,
    "FlipAngle": 64,
    "ImageComments": "Unaliased MB3/PE3/LB (remote)",
    "ImageType": [
      "ORIGINAL",
      "PRIMARY",
      "M",
      "MB",
      "ND",
      "NORM",
      "MOSAIC"
    ],
    "ImagingFrequency": 123.189,
    "InPlanePhaseEncodingDirectionDICOM": "COL",
    "InstitutionAddress": "Rue Michel-Servet 1,Geneve,District,CH,1211",
    "InstitutionName": "BBL - University of Geneva",
    "InstitutionalDepartmentName": "Department",
    "MRAcquisitionType": "2D",
    "MagneticFieldStrength": 3,
    "Manufacturer": "Siemens",
    "ManufacturersModelName": "TrioTim",
    "MatrixCoilMode": "SENSE",
    "Modality": "MR",
    "MultibandAccelerationFactor": 3,
    "NonlinearGradientCorrection": false,
    "PartialFourier": 1,
    "PatientPosition": "HFS",
    "PercentPhaseFOV": 100,
    "PercentSampling": 100,
    "PhaseEncodingDirection": "j-",
    "PhaseEncodingSteps": 84,
    "PhaseResolution": 1,
    "PixelBandwidth": 2289,
    "ProcedureStepDescription": "fMRI^PSYKOKWAK",
    "ProtocolName": "FILM_RUN",
    "PulseSequenceDetails": "%CustomerSeq%\\cmrr_mbep2d_bold",
    "ReceiveCoilName": "32Ch_Head",
    "ReconMatrixPE": 84,
    "RepetitionTime": 1.3,
    "ScanOptions": "FS",
    "ScanningSequence": "EP",
    "SequenceName": "epfid2d1_84",
    "SequenceVariant": "SK\\SS",
    "SeriesDescription": "FILM_RUN",
    "ShimSetting": [
      -13908,
      8933,
      19593,
      311,
      -16,
      -301,
      98,
      -47
    ],
    "SliceThickness": 2.5,
    "SliceTiming": [
      0,
      0.9425,
      0.58,
      0.2175,
      1.16,
      0.7975,
      0.435,
      0.0725,
      1.015,
      0.6525,
      0.29,
      1.2325,
      0.87,
      0.5075,
      0.145,
      1.0875,
      0.725,
      0.3625,
      0,
      0.9425,
      0.58,
      0.2175,
      1.16,
      0.7975,
      0.435,
      0.0725,
      1.015,
      0.6525,
      0.29,
      1.2325,
      0.87,
      0.5075,
      0.145,
      1.0875,
      0.725,
      0.3625,
      0,
      0.9425,
      0.58,
      0.2175,
      1.16,
      0.7975,
      0.435,
      0.0725,
      1.015,
      0.6525,
      0.29,
      1.2325,
      0.87,
      0.5075,
      0.145,
      1.0875,
      0.725,
      0.3625
    ],
    "SoftwareVersions": "syngo MR B17",
    "SpacingBetweenSlices": 2.5,
    "StationName": "MRC35383",
    "TaskName": "Rest",
    "TotalReadoutTime": 0.047309,
    "dataset": "<unset>",
    "modality": "bold",
    "session_id": "1",
    "subject_id": "S06",
    "task_id": "Rest"
  },
  "dummy_trs": 0,
  "dvars_nstd": 32.309677086840956,
  "dvars_std": 1.2457762598474948,
  "dvars_vstd": 0.9791586244662309,
  "efc": 0.5165383791755312,
  "fber": 4801.50341796875,
  "fd_mean": 0.15903994376679592,
  "fd_num": 88,
  "fd_perc": 19.130434782608695,
  "fwhm_avg": 1.812072,
  "fwhm_x": 1.67902,
  "fwhm_y": 1.994752,
  "fwhm_z": 1.762444,
  "gcor": 0.0315584,
  "gsr_x": -0.015470395796000957,
  "gsr_y": 0.039996229112148285,
  "provenance": {
    "md5sum": "e67ab55691ae919e1e7e1a81f395c77e",
    "settings": {
      "fd_thres": 0.2,
      "testing": false
    },
    "software": "mriqc",
    "version": "0.16.1",
    "webapi_port": null,
    "webapi_url": "https://mriqc.nimh.nih.gov/api/v1"
  },
  "size_t": 460,
  "size_x": 84,
  "size_y": 84,
  "size_z": 54,
  "snr": 7.499187409484039,
  "spacing_tr": 1.2999999523162842,
  "spacing_x": 2.5,
  "spacing_y": 2.5,
  "spacing_z": 2.5,
  "summary_bg_k": 24.571617795385233,
  "summary_bg_mad": 6.505517159803894,
  "summary_bg_mean": 23.054950714111328,
  "summary_bg_median": 7.850809574127197,
  "summary_bg_n": 241655.0,
  "summary_bg_p05": 2.4332818746566773,
  "summary_bg_p95": 88.84373474121091,
  "summary_bg_stdv": 41.30864715576172,
  "summary_fg_k": 2.579297440945525,
  "summary_fg_mad": 69.66800671418932,
  "summary_fg_mean": 564.1023559570312,
  "summary_fg_median": 561.468017578125,
  "summary_fg_n": 76620.0,
  "summary_fg_p05": 456.618977355957,
  "summary_fg_p95": 683.6074157714844,
  "summary_fg_stdv": 74.87002563476562,
  "tsnr": 47.8558464050293
}