{
    "Modality": "MR",
    "MagneticFieldStrength": 3,
    "ImagingFrequency": 123.189,
    "Manufacturer": "Siemens",
    "ManufacturersModelName": "TrioTim",
    "InstitutionName": "BBL - University of Geneva",
    "InstitutionalDepartmentName": "Department",
    "InstitutionAddress": "Rue Michel-Servet 1,Geneve,District,CH,1211",
    "DeviceSerialNumber": "35383",
    "StationName": "MRC35383",
    "PatientPosition": "HFS",
    "ProcedureStepDescription": "fMRI^PSYKOKWAK",
    "SoftwareVersions": "syngo MR B17",
    "MRAcquisitionType": "2D",
    "SeriesDescription": "FIELD_MAP_32ch_2.5mm",
    "ProtocolName": "FIELD_MAP_32ch_2.5mm",
    "ScanningSequence": "GR",
    "SequenceVariant": "SP",
    "SequenceName": "*fm2d2r",
    "ImageType": [
        "ORIGINAL",
        "PRIMARY",
        "M",
        "ND"
    ],
    "NonlinearGradientCorrection": false,
    "SeriesNumber": 2,
    "AcquisitionTime": "09:09:24.580000",
    "AcquisitionNumber": 1,
    "SliceThickness": 2.5,
    "SpacingBetweenSlices": 2.5,
    "SAR": 0.29589,
    "EchoNumber": 1,
    "EchoTime": 0.00519,
    "RepetitionTime": 0.571,
    "FlipAngle": 60,
    "PartialFourier": 1,
    "BaseResolution": 84,
    "ShimSetting": [
        -13931,
        8892,
        19651,
        426,
        3,
        23,
        436,
        -76
    ],
    "TxRefAmp": 367.825,
    "PhaseResolution": 1,
    "ReceiveCoilName": "32Ch_Head",
    "CoilString": "C:HEA;HEP",
    "PulseSequenceDetails": "%SiemensSeq%\\gre_field_mapping",
    "CoilCombinationMethod": "Adaptive Combine",
    "MatrixCoilMode": "SENSE",
    "PercentPhaseFOV": 100,
    "PercentSampling": 100,
    "PhaseEncodingSteps": 84,
    "AcquisitionMatrixPE": 84,
    "ReconMatrixPE": 84,
    "PixelBandwidth": 322,
    "DwellTime": 1.85e-05,
    "PhaseEncodingDirection": "j-",
    "SliceTiming": [
        0.28906,
        0,
        0.30469,
        0.01562,
        0.3125,
        0.02344,
        0.32031,
        0.03906,
        0.33594,
        0.04688,
        0.34375,
        0.05469,
        0.35156,
        0.0625,
        0.36719,
        0.07812,
        0.375,
        0.08594,
        0.38281,
        0.10156,
        0.39844,
        0.10938,
        0.40625,
        0.11719,
        0.41406,
        0.13281,
        0.42969,
        0.14062,
        0.4375,
        0.14844,
        0.44531,
        0.16406,
        0.46094,
        0.17188,
        0.46875,
        0.17969,
        0.48438,
        0.19531,
        0.49219,
        0.20312,
        0.5,
        0.21875,
        0.51562,
        0.22656,
        0.52344,
        0.23438,
        0.53125,
        0.25,
        0.54688,
        0.25781,
        0.55469,
        0.26562,
        0.5625,
        0.28125
    ],
    "ImageOrientationPatientDICOM": [
        1,
        -1e-16,
        0,
        1e-16,
        0.997801,
        -0.0662739
    ],
    "ImageOrientationText": "Tra>Cor(-3.8)",
    "InPlanePhaseEncodingDirectionDICOM": "COL",
    "ConversionSoftware": "dcm2niix",
    "ConversionSoftwareVersion": "v1.0.20220720"
}