{
  "aor": 0.0009228258064516128,
  "aqi": 0.009159877754838711,
  "bids_meta": {
    "AcquisitionMatrixPE": 84,
    "AcquisitionNumber": 1,
    "AcquisitionTime": "13:21:58.000006",
    "BandwidthPerPixelPhaseEncode": 20.886,
    "BaseResolution": 84,
    "CoilCombinationMethod": "Sum of Squares",
    "CoilString": "C:HEA;HEP",
    "ConversionSoftware": "dicom2nifti",
    "ConversionSoftwareVersion": "v2.2.10",
    "DerivedVendorReportedEchoSpacing": 0.000569988,
    "DeviceSerialNumber": "35383",
    "DwellTime": 2.6e-06,
    "EchoTime": 0.03,
    "EffectiveEchoSpacing": 0.000569988,
    "FlipAngle": 64,
    "ImageComments": "Unaliased MB3/PE3/LB (remote)",
    "ImageType": [
      "ORIGINAL",
      "PRIMARY",
      "M",
      "MB",
      "ND",
      "NORM",
      "MOSAIC"
    ],
    "ImagingFrequency": 123.189,
    "InPlanePhaseEncodingDirectionDICOM": "COL",
    "InstitutionAddress": "Rue Michel-Servet 1,Geneve,District,CH,1211",
    "InstitutionName": "BBL - University of Geneva",
    "InstitutionalDepartmentName": "Department",
    "MRAcquisitionType": "2D",
    "MagneticFieldStrength": 3,
    "Manufacturer": "Siemens",
    "ManufacturersModelName": "TrioTim",
    "MatrixCoilMode": "SENSE",
    "Modality": "MR",
    "MultibandAccelerationFactor": 3,
    "NonlinearGradientCorrection": false,
    "PartialFourier": 1,
    "PatientPosition": "HFS",
    "PercentPhaseFOV": 100,
    "PercentSampling": 100,
    "PhaseEncodingDirection": "j-",
    "PhaseEncodingSteps": 84,
    "PhaseResolution": 1,
    "PixelBandwidth": 2289,
    "ProcedureStepDescription": "fMRI^PSYKOKWAK",
    "ProtocolName": "FILM_RUN",
    "PulseSequenceDetails": "%CustomerSeq%\\cmrr_mbep2d_bold",
    "ReceiveCoilName": "32Ch_Head",
    "ReconMatrixPE": 84,
    "RepetitionTime": 1.3,
    "ScanOptions": "FS",
    "ScanningSequence": "EP",
    "SequenceName": "epfid2d1_84",
    "SequenceVariant": "SK\\SS",
    "SeriesDescription": "FILM_RUN",
    "ShimSetting": [
      -13908,
      8933,
      19593,
      311,
      -16,
      -301,
      98,
      -47
    ],
    "SliceThickness": 2.5,
    "SliceTiming": [
      0,
      0.9425,
      0.58,
      0.2175,
      1.16,
      0.7975,
      0.435,
      0.0725,
      1.015,
      0.6525,
      0.29,
      1.2325,
      0.87,
      0.5075,
      0.145,
      1.0875,
      0.725,
      0.3625,
      0,
      0.9425,
      0.58,
      0.2175,
      1.16,
      0.7975,
      0.435,
      0.0725,
      1.015,
      0.6525,
      0.29,
      1.2325,
      0.87,
      0.5075,
      0.145,
      1.0875,
      0.725,
      0.3625,
      0,
      0.9425,
      0.58,
      0.2175,
      1.16,
      0.7975,
      0.435,
      0.0725,
      1.015,
      0.6525,
      0.29,
      1.2325,
      0.87,
      0.5075,
      0.145,
      1.0875,
      0.725,
      0.3625
    ],
    "SoftwareVersions": "syngo MR B17",
    "SpacingBetweenSlices": 2.5,
    "StationName": "MRC35383",
    "TaskName": "BetweenViewings",
    "TotalReadoutTime": 0.047309,
    "dataset": "<unset>",
    "modality": "bold",
    "session_id": "1",
    "subject_id": "S11",
    "task_id": "BetweenViewings"
  },
  "dummy_trs": 1,
  "dvars_nstd": 29.79351611480619,
  "dvars_std": 1.3574520781395358,
  "dvars_vstd": 0.9958847382170534,
  "efc": 0.48608838537791543,
  "fber": 5773.54150390625,
  "fd_mean": 0.09729869448332537,
  "fd_num": 7,
  "fd_perc": 0.9032258064516129,
  "fwhm_avg": 1.7879413333333334,
  "fwhm_x": 1.66202,
  "fwhm_y": 1.9572720000000001,
  "fwhm_z": 1.744532,
  "gcor": 0.0127394,
  "gsr_x": -0.017073871567845345,
  "gsr_y": 0.028785619884729385,
  "provenance": {
    "md5sum": "ff9eb5a844f41e7db05cdd76f077aa25",
    "settings": {
      "fd_thres": 0.2,
      "testing": false
    },
    "software": "mriqc",
    "version": "0.16.1",
    "webapi_port": null,
    "webapi_url": "https://mriqc.nimh.nih.gov/api/v1"
  },
  "size_t": 775,
  "size_x": 84,
  "size_y": 84,
  "size_z": 54,
  "snr": 7.115582742853542,
  "spacing_tr": 1.2999999523162842,
  "spacing_x": 2.5,
  "spacing_y": 2.5,
  "spacing_z": 2.5,
  "summary_bg_k": 24.036540316438867,
  "summary_bg_mad": 4.920342139764126,
  "summary_bg_mean": 23.052936553955078,
  "summary_bg_median": 7.212217807769775,
  "summary_bg_n": 255903.0,
  "summary_bg_p05": 3.0124639749526976,
  "summary_bg_p95": 99.49830474853513,
  "summary_bg_stdv": 44.235008239746094,
  "summary_fg_k": 2.2779245711067677,
  "summary_fg_mad": 75.15035010451237,
  "summary_fg_mean": 559.6386108398438,
  "summary_fg_median": 555.687255859375,
  "summary_fg_n": 65724.0,
  "summary_fg_p05": 450.59415130615236,
  "summary_fg_p95": 683.9677612304688,
  "summary_fg_stdv": 78.09381866455078,
  "tsnr": 65.11969757080078
}