{
  "bids_meta": {
    "AcquisitionMatrixPE": 256,
    "AcquisitionNumber": 1,
    "AcquisitionTime": "13:09:29.382500",
    "BaseResolution": 256,
    "CoilCombinationMethod": "Adaptive Combine",
    "CoilString": "C:HEA;HEP",
    "ConversionSoftware": "dcm2niix",
    "ConversionSoftwareVersion": "v1.0.20220720",
    "DeviceSerialNumber": "35383",
    "DwellTime": 1.03e-05,
    "EchoTime": 0.00227,
    "FlipAngle": 9,
    "ImageOrientationPatientDICOM": [
      0,
      1,
      0,
      0,
      0,
      -1
    ],
    "ImageOrientationText": "Sag",
    "ImageType": [
      "ORIGINAL",
      "PRIMARY",
      "M",
      "ND",
      "NORM"
    ],
    "ImagingFrequency": 123.189,
    "InPlanePhaseEncodingDirectionDICOM": "ROW",
    "InstitutionAddress": "Rue Michel-Servet 1,Geneve,District,CH,1211",
    "InstitutionName": "BBL - University of Geneva",
    "InstitutionalDepartmentName": "Department",
    "InversionTime": 0.9,
    "MRAcquisitionType": "3D",
    "MagneticFieldStrength": 3,
    "Manufacturer": "Siemens",
    "ManufacturersModelName": "TrioTim",
    "MatrixCoilMode": "GRAPPA",
    "Modality": "MR",
    "NonlinearGradientCorrection": false,
    "ParallelReductionFactorInPlane": 2,
    "PartialFourier": 1,
    "PatientPosition": "HFS",
    "PercentPhaseFOV": 100,
    "PercentSampling": 100,
    "PhaseEncodingSteps": 294,
    "PhaseOversampling": 0.15,
    "PhaseResolution": 1,
    "PixelBandwidth": 190,
    "ProcedureStepDescription": "fMRI^PSYKOKWAK",
    "ProtocolName": "T1_1MM",
    "PulseSequenceDetails": "%SiemensSeq%\\tfl",
    "ReceiveCoilName": "32Ch_Head",
    "ReconMatrixPE": 256,
    "RefLinesPE": 24,
    "RepetitionTime": 1.9,
    "SAR": 0.121973,
    "ScanOptions": "IR",
    "ScanningSequence": "GR\\IR",
    "SequenceName": "*tfl3d1_ns",
    "SequenceVariant": "SP\\MP\\OSP",
    "SeriesDescription": "T1_1MM",
    "SeriesNumber": 4,
    "ShimSetting": [
      -13894,
      8934,
      19117,
      -207,
      151,
      18,
      206,
      4
    ],
    "SliceThickness": 1,
    "SoftwareVersions": "syngo MR B17",
    "StationName": "MRC35383",
    "TxRefAmp": 334.102,
    "dataset": "<unset>",
    "modality": "T1w",
    "session_id": "1",
    "subject_id": "S32"
  },
  "cjv": 0.4350478869208195,
  "cnr": 2.7270320268480943,
  "efc": 0.5162393225961578,
  "fber": 10475.212350780532,
  "fwhm_avg": 3.8320833333333333,
  "fwhm_x": 3.7778,
  "fwhm_y": 3.8844,
  "fwhm_z": 3.83405,
  "icvs_csf": 0.17216495413164581,
  "icvs_gm": 0.43267271383050565,
  "icvs_wm": 0.39516233203784856,
  "inu_med": 1.3716602325439453,
  "inu_range": 0.35669488906860325,
  "provenance": {
    "md5sum": "5dc30564f6eb9e4984c4bd2652c15218",
    "settings": {
      "testing": false
    },
    "software": "mriqc",
    "version": "0.16.1",
    "warnings": {
      "large_rot_frame": true,
      "small_air_mask": false
    },
    "webapi_port": null,
    "webapi_url": "https://mriqc.nimh.nih.gov/api/v1"
  },
  "qi_1": 0.0,
  "qi_2": 0.019746987091115376,
  "rpve_csf": 31.255591845308953,
  "rpve_gm": 13.953551120400961,
  "rpve_wm": 18.223253854407204,
  "size_x": 192,
  "size_y": 256,
  "size_z": 256,
  "snr_csf": 2.6921934566715344,
  "snr_gm": 10.779324734766371,
  "snr_total": 12.915053151057256,
  "snr_wm": 25.27364126173386,
  "snrd_csf": 45.614353382203596,
  "snrd_gm": 93.70592836302973,
  "snrd_total": 86.71837806997821,
  "snrd_wm": 120.83485246470137,
  "spacing_x": 1.0,
  "spacing_y": 1.0,
  "spacing_z": 1.0,
  "summary_bg_k": 5.175008358015054,
  "summary_bg_mad": 5.4217499738746735,
  "summary_bg_mean": 6.442480345631204,
  "summary_bg_median": 3.71232258528471,
  "summary_bg_n": 3603825.0,
  "summary_bg_p05": 0.0,
  "summary_bg_p95": 18.339981727302074,
  "summary_bg_stdv": 6.08188216084303,
  "summary_csf_k": 4.825518933201078,
  "summary_csf_mad": 151.64470381473708,
  "summary_csf_mean": 411.20488745522897,
  "summary_csf_median": 377.49333990365267,
  "summary_csf_n": 15391.0,
  "summary_csf_p05": 246.8971558213234,
  "summary_csf_p95": 630.8178004994988,
  "summary_csf_stdv": 140.21320619615696,
  "summary_gm_k": 0.7233671686084788,
  "summary_gm_mad": 62.18582924580497,
  "summary_gm_mean": 784.0168706618865,
  "summary_gm_median": 775.4875657260418,
  "summary_gm_n": 24168.0,
  "summary_gm_p05": 680.9618593007326,
  "summary_gm_p95": 925.5124948013572,
  "summary_gm_stdv": 71.94064015659598,
  "summary_wm_k": 0.9595551142210774,
  "summary_wm_mad": 35.48781801081604,
  "summary_wm_mean": 999.8161199359098,
  "summary_wm_median": 999.9999704360962,
  "summary_wm_n": 229680.0,
  "summary_wm_p05": 934.6741744950414,
  "summary_wm_p95": 1063.8851635828614,
  "summary_wm_stdv": 39.56682708027627,
  "tpm_overlap_csf": 0.17024092376232147,
  "tpm_overlap_gm": 0.43927350640296936,
  "tpm_overlap_wm": 0.5054004192352295,
  "wm2max": 0.4516742579708694
}