{
  "bids_meta": {
    "AcquisitionMatrixPE": 256,
    "AcquisitionNumber": 1,
    "AcquisitionTime": "14:41:46.602500",
    "BaseResolution": 256,
    "CoilCombinationMethod": "Adaptive Combine",
    "CoilString": "C:HEA;HEP",
    "ConversionSoftware": "dcm2niix",
    "ConversionSoftwareVersion": "v1.0.20220720",
    "DeviceSerialNumber": "35383",
    "DwellTime": 1.03e-05,
    "EchoTime": 0.00227,
    "FlipAngle": 9,
    "ImageOrientationPatientDICOM": [
      0,
      1,
      0,
      0,
      0,
      -1
    ],
    "ImageOrientationText": "Sag",
    "ImageType": [
      "ORIGINAL",
      "PRIMARY",
      "M",
      "ND",
      "NORM"
    ],
    "ImagingFrequency": 123.189,
    "InPlanePhaseEncodingDirectionDICOM": "ROW",
    "InstitutionAddress": "Rue Michel-Servet 1,Geneve,District,CH,1211",
    "InstitutionName": "BBL - University of Geneva",
    "InstitutionalDepartmentName": "Department",
    "InversionTime": 0.9,
    "MRAcquisitionType": "3D",
    "MagneticFieldStrength": 3,
    "Manufacturer": "Siemens",
    "ManufacturersModelName": "TrioTim",
    "MatrixCoilMode": "GRAPPA",
    "Modality": "MR",
    "NonlinearGradientCorrection": false,
    "ParallelReductionFactorInPlane": 2,
    "PartialFourier": 1,
    "PatientPosition": "HFS",
    "PercentPhaseFOV": 100,
    "PercentSampling": 100,
    "PhaseEncodingSteps": 294,
    "PhaseOversampling": 0.15,
    "PhaseResolution": 1,
    "PixelBandwidth": 190,
    "ProcedureStepDescription": "fMRI^PSYKOKWAK",
    "ProtocolName": "T1_1MM",
    "PulseSequenceDetails": "%SiemensSeq%\\tfl",
    "ReceiveCoilName": "32Ch_Head",
    "ReconMatrixPE": 256,
    "RefLinesPE": 24,
    "RepetitionTime": 1.9,
    "SAR": 0.171597,
    "ScanOptions": "IR",
    "ScanningSequence": "GR\\IR",
    "SequenceName": "*tfl3d1_ns",
    "SequenceVariant": "SP\\MP\\OSP",
    "SeriesDescription": "T1_1MM",
    "SeriesNumber": 4,
    "ShimSetting": [
      -13894,
      8934,
      19117,
      -207,
      151,
      18,
      206,
      4
    ],
    "SliceThickness": 1,
    "SoftwareVersions": "syngo MR B17",
    "StationName": "MRC35383",
    "TxRefAmp": 376.424,
    "dataset": "<unset>",
    "modality": "T1w",
    "session_id": "1",
    "subject_id": "S19"
  },
  "cjv": 0.3831466046496425,
  "cnr": 3.4637251331370886,
  "efc": 0.5271543790460692,
  "fber": 9813.575459813555,
  "fwhm_avg": 3.8133033333333337,
  "fwhm_x": 3.86616,
  "fwhm_y": 3.71858,
  "fwhm_z": 3.85517,
  "icvs_csf": 0.19602716949575807,
  "icvs_gm": 0.42191942777874686,
  "icvs_wm": 0.3820534027254951,
  "inu_med": 0.9082080721855164,
  "inu_range": 0.3044354885816575,
  "provenance": {
    "md5sum": "05c465848d8b2385238396d43fb70d82",
    "settings": {
      "testing": false
    },
    "software": "mriqc",
    "version": "0.16.1",
    "warnings": {
      "large_rot_frame": true,
      "small_air_mask": false
    },
    "webapi_port": null,
    "webapi_url": "https://mriqc.nimh.nih.gov/api/v1"
  },
  "qi_1": 0.0,
  "qi_2": 0.00819352232333244,
  "rpve_csf": 32.63820705489459,
  "rpve_gm": 15.794450112377538,
  "rpve_wm": 20.502064509781416,
  "size_x": 192,
  "size_y": 256,
  "size_z": 256,
  "snr_csf": 4.1376186700280035,
  "snr_gm": 15.511730706178604,
  "snr_total": 13.961424730055596,
  "snr_wm": 22.234924813960177,
  "snrd_csf": 40.47860002523371,
  "snrd_gm": 88.54760572471233,
  "snrd_total": 81.47391780763432,
  "snrd_wm": 115.39554767295695,
  "spacing_x": 1.0,
  "spacing_y": 1.0,
  "spacing_z": 1.0,
  "summary_bg_k": 12.383688257992754,
  "summary_bg_mad": 5.67731083750752,
  "summary_bg_mean": 6.255305650070126,
  "summary_bg_median": 3.8292879685759544,
  "summary_bg_n": 3223346.0,
  "summary_bg_p05": 0.0,
  "summary_bg_p95": 19.022914424538612,
  "summary_bg_stdv": 6.500035625869841,
  "summary_csf_k": 5.040432444462189,
  "summary_csf_mad": 66.98311092962501,
  "summary_csf_mean": 368.34086224550117,
  "summary_csf_median": 350.7813067343086,
  "summary_csf_n": 23178.0,
  "summary_csf_p05": 266.69137819856405,
  "summary_csf_p95": 535.3684274969621,
  "summary_csf_stdv": 84.77672001916085,
  "summary_gm_k": 0.4823179512842417,
  "summary_gm_mad": 47.02095346871147,
  "summary_gm_mean": 764.8946862034702,
  "summary_gm_median": 767.3398987352848,
  "summary_gm_n": 14386.0,
  "summary_gm_p05": 678.478800916113,
  "summary_gm_p95": 841.6404378674924,
  "summary_gm_stdv": 49.46664193253647,
  "summary_wm_k": 0.701341762483136,
  "summary_wm_mad": 42.12198363312031,
  "summary_wm_mean": 998.5494212398204,
  "summary_wm_median": 1000.0000241808593,
  "summary_wm_n": 183770.0,
  "summary_wm_p05": 922.2407733350992,
  "summary_wm_p95": 1068.4331059418619,
  "summary_wm_stdv": 44.97417066852189,
  "tpm_overlap_csf": 0.16593338549137115,
  "tpm_overlap_gm": 0.4099844694137573,
  "tpm_overlap_wm": 0.4825500547885895,
  "wm2max": 0.3636220720012577
}