{
  "aor": 0.0011374358974358975,
  "aqi": 0.020095906358974357,
  "bids_meta": {
    "AcquisitionMatrixPE": 84,
    "AcquisitionNumber": 1,
    "AcquisitionTime": "09:39:15.000006",
    "BandwidthPerPixelPhaseEncode": 20.886,
    "BaseResolution": 84,
    "CoilCombinationMethod": "Sum of Squares",
    "CoilString": "C:HEA;HEP",
    "ConversionSoftware": "dicom2nifti",
    "ConversionSoftwareVersion": "v2.2.10",
    "DerivedVendorReportedEchoSpacing": 0.000569988,
    "DeviceSerialNumber": "35383",
    "DwellTime": 2.6e-06,
    "EchoTime": 0.03,
    "EffectiveEchoSpacing": 0.000569988,
    "FlipAngle": 64,
    "ImageComments": "Unaliased MB3/PE3/LB (remote)",
    "ImageType": [
      "ORIGINAL",
      "PRIMARY",
      "M",
      "MB",
      "ND",
      "NORM",
      "MOSAIC"
    ],
    "ImagingFrequency": 123.189,
    "InPlanePhaseEncodingDirectionDICOM": "COL",
    "InstitutionAddress": "Rue Michel-Servet 1,Geneve,District,CH,1211",
    "InstitutionName": "BBL - University of Geneva",
    "InstitutionalDepartmentName": "Department",
    "MRAcquisitionType": "2D",
    "MagneticFieldStrength": 3,
    "Manufacturer": "Siemens",
    "ManufacturersModelName": "TrioTim",
    "MatrixCoilMode": "SENSE",
    "Modality": "MR",
    "MultibandAccelerationFactor": 3,
    "NonlinearGradientCorrection": false,
    "PartialFourier": 1,
    "PatientPosition": "HFS",
    "PercentPhaseFOV": 100,
    "PercentSampling": 100,
    "PhaseEncodingDirection": "j-",
    "PhaseEncodingSteps": 84,
    "PhaseResolution": 1,
    "PixelBandwidth": 2289,
    "ProcedureStepDescription": "fMRI^PSYKOKWAK",
    "ProtocolName": "FILM_RUN",
    "PulseSequenceDetails": "%CustomerSeq%\\cmrr_mbep2d_bold",
    "ReceiveCoilName": "32Ch_Head",
    "ReconMatrixPE": 84,
    "RepetitionTime": 1.3,
    "ScanOptions": "FS",
    "ScanningSequence": "EP",
    "SequenceName": "epfid2d1_84",
    "SequenceVariant": "SK\\SS",
    "SeriesDescription": "FILM_RUN",
    "ShimSetting": [
      -13908,
      8933,
      19593,
      311,
      -16,
      -301,
      98,
      -47
    ],
    "SliceThickness": 2.5,
    "SliceTiming": [
      0,
      0.9425,
      0.58,
      0.2175,
      1.16,
      0.7975,
      0.435,
      0.0725,
      1.015,
      0.6525,
      0.29,
      1.2325,
      0.87,
      0.5075,
      0.145,
      1.0875,
      0.725,
      0.3625,
      0,
      0.9425,
      0.58,
      0.2175,
      1.16,
      0.7975,
      0.435,
      0.0725,
      1.015,
      0.6525,
      0.29,
      1.2325,
      0.87,
      0.5075,
      0.145,
      1.0875,
      0.725,
      0.3625,
      0,
      0.9425,
      0.58,
      0.2175,
      1.16,
      0.7975,
      0.435,
      0.0725,
      1.015,
      0.6525,
      0.29,
      1.2325,
      0.87,
      0.5075,
      0.145,
      1.0875,
      0.725,
      0.3625
    ],
    "SoftwareVersions": "syngo MR B17",
    "SpacingBetweenSlices": 2.5,
    "StationName": "MRC35383",
    "TaskName": "BetweenViewings",
    "TotalReadoutTime": 0.047309,
    "dataset": "<unset>",
    "modality": "bold",
    "session_id": "2",
    "subject_id": "S14",
    "task_id": "BetweenViewings"
  },
  "dummy_trs": 0,
  "dvars_nstd": 29.6927086092298,
  "dvars_std": 1.2694764096534017,
  "dvars_vstd": 0.9702179491784346,
  "efc": 0.5349420626175742,
  "fber": 3675.40283203125,
  "fd_mean": 0.13276704897206215,
  "fd_num": 79,
  "fd_perc": 10.128205128205128,
  "fwhm_avg": 1.8554986666666666,
  "fwhm_x": 1.7686879999999998,
  "fwhm_y": 2.023332,
  "fwhm_z": 1.774476,
  "gcor": 0.0301379,
  "gsr_x": -0.007013215217739344,
  "gsr_y": 0.036692406982183456,
  "provenance": {
    "md5sum": "b9bb55a80cd4628ba2a09aedcc476c13",
    "settings": {
      "fd_thres": 0.2,
      "testing": false
    },
    "software": "mriqc",
    "version": "0.16.1",
    "webapi_port": null,
    "webapi_url": "https://mriqc.nimh.nih.gov/api/v1"
  },
  "size_t": 780,
  "size_x": 84,
  "size_y": 84,
  "size_z": 54,
  "snr": 6.890828210399125,
  "spacing_tr": 1.2999999523162842,
  "spacing_x": 2.5,
  "spacing_y": 2.5,
  "spacing_z": 2.5,
  "summary_bg_k": 18.10887960895618,
  "summary_bg_mad": 7.85493380227652,
  "summary_bg_mean": 31.86406707763672,
  "summary_bg_median": 9.108532905578613,
  "summary_bg_n": 241598.0,
  "summary_bg_p05": 2.935857594013214,
  "summary_bg_p95": 143.31687545776362,
  "summary_bg_stdv": 55.33627700805664,
  "summary_fg_k": 2.661460137972858,
  "summary_fg_mad": 72.21025688061367,
  "summary_fg_mean": 571.2178344726562,
  "summary_fg_median": 568.2052001953125,
  "summary_fg_n": 77791.0,
  "summary_fg_p05": 450.5594482421875,
  "summary_fg_p95": 702.2231140136719,
  "summary_fg_stdv": 82.45765686035156,
  "tsnr": 45.37697219848633
}