{
  "bids_meta": {
    "AcquisitionMatrixPE": 256,
    "AcquisitionNumber": 1,
    "AcquisitionTime": "10:49:2.777500",
    "BaseResolution": 256,
    "CoilCombinationMethod": "Adaptive Combine",
    "CoilString": "C:HEA;HEP",
    "ConversionSoftware": "dcm2niix",
    "ConversionSoftwareVersion": "v1.0.20220720",
    "DeviceSerialNumber": "35383",
    "DwellTime": 1.03e-05,
    "EchoTime": 0.00227,
    "FlipAngle": 9,
    "ImageOrientationPatientDICOM": [
      0,
      1,
      0,
      0.0331552,
      0,
      -0.99945
    ],
    "ImageOrientationText": "Sag>Tra(-1.9)",
    "ImageType": [
      "ORIGINAL",
      "PRIMARY",
      "M",
      "ND",
      "NORM"
    ],
    "ImagingFrequency": 123.189,
    "InPlanePhaseEncodingDirectionDICOM": "ROW",
    "InstitutionAddress": "Rue Michel-Servet 1,Geneve,District,CH,1211",
    "InstitutionName": "BBL - University of Geneva",
    "InstitutionalDepartmentName": "Department",
    "InversionTime": 0.9,
    "MRAcquisitionType": "3D",
    "MagneticFieldStrength": 3,
    "Manufacturer": "Siemens",
    "ManufacturersModelName": "TrioTim",
    "MatrixCoilMode": "GRAPPA",
    "Modality": "MR",
    "NonlinearGradientCorrection": false,
    "ParallelReductionFactorInPlane": 2,
    "PartialFourier": 1,
    "PatientPosition": "HFS",
    "PercentPhaseFOV": 100,
    "PercentSampling": 100,
    "PhaseEncodingSteps": 294,
    "PhaseOversampling": 0.15,
    "PhaseResolution": 1,
    "PixelBandwidth": 190,
    "ProcedureStepDescription": "fMRI^PSYKOKWAK",
    "ProtocolName": "T1_1MM",
    "PulseSequenceDetails": "%SiemensSeq%\\tfl",
    "ReceiveCoilName": "32Ch_Head",
    "ReconMatrixPE": 256,
    "RefLinesPE": 24,
    "RepetitionTime": 1.9,
    "SAR": 0.140992,
    "ScanOptions": "IR",
    "ScanningSequence": "GR\\IR",
    "SequenceName": "*tfl3d1_ns",
    "SequenceVariant": "SP\\MP\\OSP",
    "SeriesDescription": "T1_1MM",
    "SeriesNumber": 4,
    "ShimSetting": [
      -13894,
      8934,
      19117,
      -207,
      151,
      18,
      206,
      4
    ],
    "SliceThickness": 1,
    "SoftwareVersions": "syngo MR B17",
    "StationName": "MRC35383",
    "TxRefAmp": 316.693,
    "dataset": "<unset>",
    "modality": "T1w",
    "session_id": "1",
    "subject_id": "S15"
  },
  "cjv": 0.38099536026513614,
  "cnr": 3.4479026403404736,
  "efc": 0.5637525745744365,
  "fber": 16576.021538026973,
  "fwhm_avg": 3.8551033333333335,
  "fwhm_x": 3.87837,
  "fwhm_y": 3.79105,
  "fwhm_z": 3.89589,
  "icvs_csf": 0.1851979862995638,
  "icvs_gm": 0.41196337546521,
  "icvs_wm": 0.4028386382352262,
  "inu_med": 1.5351005792617798,
  "inu_range": 0.37006175518035866,
  "provenance": {
    "md5sum": "c19b650ec05ab7dc81980e67d2c1c9bc",
    "settings": {
      "testing": false
    },
    "software": "mriqc",
    "version": "0.16.1",
    "warnings": {
      "large_rot_frame": true,
      "small_air_mask": false
    },
    "webapi_port": null,
    "webapi_url": "https://mriqc.nimh.nih.gov/api/v1"
  },
  "qi_1": 0.0,
  "qi_2": 0.017522597329250718,
  "rpve_csf": 32.116931401820175,
  "rpve_gm": 15.477334708761752,
  "rpve_wm": 19.470009356750637,
  "size_x": 192,
  "size_y": 256,
  "size_z": 256,
  "snr_csf": 3.408050200643323,
  "snr_gm": 13.843846231224399,
  "snr_total": 14.103165050976386,
  "snr_wm": 25.05759872106144,
  "snrd_csf": 53.960405999875555,
  "snrd_gm": 113.60733619224706,
  "snrd_total": 105.40473632731766,
  "snrd_wm": 148.64646678983036,
  "spacing_x": 1.0,
  "spacing_y": 1.0,
  "spacing_z": 1.0,
  "summary_bg_k": 11.601786777407936,
  "summary_bg_mad": 4.407345809096628,
  "summary_bg_mean": 5.686798443127645,
  "summary_bg_median": 2.972709573805332,
  "summary_bg_n": 2201349.0,
  "summary_bg_p05": 0.0,
  "summary_bg_p95": 17.202729173004627,
  "summary_bg_stdv": 5.805699204801872,
  "summary_csf_k": 0.9969039880231105,
  "summary_csf_mad": 97.32286565333045,
  "summary_csf_mean": 385.3338121138233,
  "summary_csf_median": 363.01169861108065,
  "summary_csf_n": 16216.0,
  "summary_csf_p05": 252.18080109916627,
  "summary_csf_p95": 592.2027334570885,
  "summary_csf_stdv": 106.51266385690116,
  "summary_gm_k": 0.20122715555155235,
  "summary_gm_mad": 53.82742012749161,
  "summary_gm_mean": 761.3948568773397,
  "summary_gm_median": 764.2787581309676,
  "summary_gm_n": 16065.0,
  "summary_gm_p05": 667.3879192024469,
  "summary_gm_p95": 847.7485443279146,
  "summary_gm_stdv": 55.205392917528734,
  "summary_wm_k": 0.7958271787062241,
  "summary_wm_mad": 35.98128217918231,
  "summary_wm_mean": 1000.2344556149121,
  "summary_wm_median": 1000.0000074505806,
  "summary_wm_n": 210899.0,
  "summary_wm_p05": 934.9902603775263,
  "summary_wm_p95": 1066.2768110632896,
  "summary_wm_stdv": 39.907959568533904,
  "tpm_overlap_csf": 0.17029982805252075,
  "tpm_overlap_gm": 0.4204394519329071,
  "tpm_overlap_wm": 0.5033144354820251,
  "wm2max": 0.4400600471799271
}