{
  "aor": 0.002001917211328976,
  "aqi": 0.012750834575163397,
  "bids_meta": {
    "AcquisitionMatrixPE": 84,
    "AcquisitionNumber": 1,
    "AcquisitionTime": "13:20:55.000006",
    "BandwidthPerPixelPhaseEncode": 20.886,
    "BaseResolution": 84,
    "CoilCombinationMethod": "Sum of Squares",
    "CoilString": "C:HEA;HEP",
    "ConversionSoftware": "dicom2nifti",
    "ConversionSoftwareVersion": "v2.2.10",
    "DerivedVendorReportedEchoSpacing": 0.000569988,
    "DeviceSerialNumber": "35383",
    "DwellTime": 2.6e-06,
    "EchoTime": 0.03,
    "EffectiveEchoSpacing": 0.000569988,
    "FlipAngle": 64,
    "ImageComments": "Unaliased MB3/PE3/LB (remote)",
    "ImageType": [
      "ORIGINAL",
      "PRIMARY",
      "M",
      "MB",
      "ND",
      "NORM",
      "MOSAIC"
    ],
    "ImagingFrequency": 123.189,
    "InPlanePhaseEncodingDirectionDICOM": "COL",
    "InstitutionAddress": "Rue Michel-Servet 1,Geneve,District,CH,1211",
    "InstitutionName": "BBL - University of Geneva",
    "InstitutionalDepartmentName": "Department",
    "MRAcquisitionType": "2D",
    "MagneticFieldStrength": 3,
    "Manufacturer": "Siemens",
    "ManufacturersModelName": "TrioTim",
    "MatrixCoilMode": "SENSE",
    "Modality": "MR",
    "MultibandAccelerationFactor": 3,
    "NonlinearGradientCorrection": false,
    "PartialFourier": 1,
    "PatientPosition": "HFS",
    "PercentPhaseFOV": 100,
    "PercentSampling": 100,
    "PhaseEncodingDirection": "j-",
    "PhaseEncodingSteps": 84,
    "PhaseResolution": 1,
    "PixelBandwidth": 2289,
    "ProcedureStepDescription": "fMRI^PSYKOKWAK",
    "ProtocolName": "FILM_RUN",
    "PulseSequenceDetails": "%CustomerSeq%\\cmrr_mbep2d_bold",
    "ReceiveCoilName": "32Ch_Head",
    "ReconMatrixPE": 84,
    "RepetitionTime": 1.3,
    "ScanOptions": "FS",
    "ScanningSequence": "EP",
    "SequenceName": "epfid2d1_84",
    "SequenceVariant": "SK\\SS",
    "SeriesDescription": "FILM_RUN",
    "ShimSetting": [
      -13908,
      8933,
      19593,
      311,
      -16,
      -301,
      98,
      -47
    ],
    "SliceThickness": 2.5,
    "SliceTiming": [
      0,
      0.9425,
      0.58,
      0.2175,
      1.16,
      0.7975,
      0.435,
      0.0725,
      1.015,
      0.6525,
      0.29,
      1.2325,
      0.87,
      0.5075,
      0.145,
      1.0875,
      0.725,
      0.3625,
      0,
      0.9425,
      0.58,
      0.2175,
      1.16,
      0.7975,
      0.435,
      0.0725,
      1.015,
      0.6525,
      0.29,
      1.2325,
      0.87,
      0.5075,
      0.145,
      1.0875,
      0.725,
      0.3625,
      0,
      0.9425,
      0.58,
      0.2175,
      1.16,
      0.7975,
      0.435,
      0.0725,
      1.015,
      0.6525,
      0.29,
      1.2325,
      0.87,
      0.5075,
      0.145,
      1.0875,
      0.725,
      0.3625
    ],
    "SoftwareVersions": "syngo MR B17",
    "SpacingBetweenSlices": 2.5,
    "StationName": "MRC35383",
    "TaskName": "ToClaireFromSonny",
    "TotalReadoutTime": 0.047309,
    "dataset": "<unset>",
    "modality": "bold",
    "session_id": "3",
    "subject_id": "S01",
    "task_id": "ToClaireFromSonny"
  },
  "dummy_trs": 1,
  "dvars_nstd": 33.959112121397375,
  "dvars_std": 1.239943157336245,
  "dvars_vstd": 1.007567211528384,
  "efc": 0.505891819834693,
  "fber": 2442.665283203125,
  "fd_mean": 0.14779403441760675,
  "fd_num": 67,
  "fd_perc": 14.596949891067538,
  "fwhm_avg": 1.8906693333333333,
  "fwhm_x": 1.7388439999999998,
  "fwhm_y": 2.089388,
  "fwhm_z": 1.843776,
  "gcor": 0.0187317,
  "gsr_x": -0.021092994138598442,
  "gsr_y": 0.04823394492268562,
  "provenance": {
    "md5sum": "03279bf57ddbc429399eb765039378bc",
    "settings": {
      "fd_thres": 0.2,
      "testing": false
    },
    "software": "mriqc",
    "version": "0.16.1",
    "webapi_port": null,
    "webapi_url": "https://mriqc.nimh.nih.gov/api/v1"
  },
  "size_t": 459,
  "size_x": 84,
  "size_y": 84,
  "size_z": 54,
  "snr": 5.976356428152306,
  "spacing_tr": 1.2999999523162842,
  "spacing_x": 2.5,
  "spacing_y": 2.5,
  "spacing_z": 2.5,
  "summary_bg_k": 22.642522692409106,
  "summary_bg_mad": 6.934960968137555,
  "summary_bg_mean": 20.426490783691406,
  "summary_bg_median": 8.599128723144531,
  "summary_bg_n": 250364.0,
  "summary_bg_p05": 3.00217866897583,
  "summary_bg_p95": 72.94858322143534,
  "summary_bg_stdv": 33.084259033203125,
  "summary_fg_k": 1.2259714213076425,
  "summary_fg_mad": 71.39425556802979,
  "summary_fg_mean": 445.8280944824219,
  "summary_fg_median": 438.83441162109375,
  "summary_fg_n": 69839.0,
  "summary_fg_p05": 343.1017333984375,
  "summary_fg_p95": 570.7984558105468,
  "summary_fg_stdv": 73.42789459228516,
  "tsnr": 45.62021108530462
}