{
  "bids_meta": {
    "AcquisitionMatrixPE": 256,
    "AcquisitionNumber": 1,
    "AcquisitionTime": "11:34:38.660000",
    "BaseResolution": 256,
    "CoilCombinationMethod": "Adaptive Combine",
    "CoilString": "C:HEA;HEP",
    "ConversionSoftware": "dcm2niix",
    "ConversionSoftwareVersion": "v1.0.20220720",
    "DeviceSerialNumber": "35383",
    "DwellTime": 1.03e-05,
    "EchoTime": 0.00227,
    "FlipAngle": 9,
    "ImageOrientationPatientDICOM": [
      0,
      1,
      0,
      0.0104717,
      0,
      -0.999945
    ],
    "ImageOrientationText": "Sag>Tra(-0.6)",
    "ImageType": [
      "ORIGINAL",
      "PRIMARY",
      "M",
      "ND",
      "NORM"
    ],
    "ImagingFrequency": 123.189,
    "InPlanePhaseEncodingDirectionDICOM": "ROW",
    "InstitutionAddress": "Rue Michel-Servet 1,Geneve,District,CH,1211",
    "InstitutionName": "BBL - University of Geneva",
    "InstitutionalDepartmentName": "Department",
    "InversionTime": 0.9,
    "MRAcquisitionType": "3D",
    "MagneticFieldStrength": 3,
    "Manufacturer": "Siemens",
    "ManufacturersModelName": "TrioTim",
    "MatrixCoilMode": "GRAPPA",
    "Modality": "MR",
    "NonlinearGradientCorrection": false,
    "ParallelReductionFactorInPlane": 2,
    "PartialFourier": 1,
    "PatientPosition": "HFS",
    "PercentPhaseFOV": 100,
    "PercentSampling": 100,
    "PhaseEncodingSteps": 294,
    "PhaseOversampling": 0.15,
    "PhaseResolution": 1,
    "PixelBandwidth": 190,
    "ProcedureStepDescription": "fMRI^PSYKOKWAK",
    "ProtocolName": "T1_1MM",
    "PulseSequenceDetails": "%SiemensSeq%\\tfl",
    "ReceiveCoilName": "32Ch_Head",
    "ReconMatrixPE": 256,
    "RefLinesPE": 24,
    "RepetitionTime": 1.9,
    "SAR": 0.145302,
    "ScanOptions": "IR",
    "ScanningSequence": "GR\\IR",
    "SequenceName": "*tfl3d1_ns",
    "SequenceVariant": "SP\\MP\\OSP",
    "SeriesDescription": "T1_1MM",
    "SeriesNumber": 4,
    "ShimSetting": [
      -13894,
      8934,
      19117,
      -207,
      151,
      18,
      206,
      4
    ],
    "SliceThickness": 1,
    "SoftwareVersions": "syngo MR B17",
    "StationName": "MRC35383",
    "TxRefAmp": 361.726,
    "dataset": "<unset>",
    "modality": "T1w",
    "session_id": "1",
    "subject_id": "S16"
  },
  "cjv": 0.40943677874912177,
  "cnr": 3.288671880062538,
  "efc": 0.5108129060933164,
  "fber": 22450.027777777777,
  "fwhm_avg": 3.71756,
  "fwhm_x": 3.72504,
  "fwhm_y": 3.65773,
  "fwhm_z": 3.76991,
  "icvs_csf": 0.18244693433802808,
  "icvs_gm": 0.43740998057243247,
  "icvs_wm": 0.3801430850895395,
  "inu_med": 1.0599145889282227,
  "inu_range": 0.2899979889392854,
  "provenance": {
    "md5sum": "b108e4c394e4d4feaa3f8611c24ab266",
    "settings": {
      "testing": false
    },
    "software": "mriqc",
    "version": "0.16.1",
    "warnings": {
      "large_rot_frame": true,
      "small_air_mask": false
    },
    "webapi_port": null,
    "webapi_url": "https://mriqc.nimh.nih.gov/api/v1"
  },
  "qi_1": 0.020675041559076165,
  "qi_2": 0.015320768315565668,
  "rpve_csf": 39.88080797140691,
  "rpve_gm": 18.333850454001528,
  "rpve_wm": 24.67731430373758,
  "size_x": 192,
  "size_y": 256,
  "size_z": 256,
  "snr_csf": 3.216243724634859,
  "snr_gm": 14.208984810263612,
  "snr_total": 13.655224194104784,
  "snr_wm": 23.54044404741588,
  "snrd_csf": 30.321102094867783,
  "snrd_gm": 65.03372454390464,
  "snrd_total": 59.86022063317069,
  "snrd_wm": 84.22583526073966,
  "spacing_x": 1.0,
  "spacing_y": 1.0,
  "spacing_z": 1.0,
  "summary_bg_k": 9.615181951597918,
  "summary_bg_mad": 7.778330319485588,
  "summary_bg_mean": 5.951632258353821,
  "summary_bg_median": 5.2464040741324425,
  "summary_bg_n": 2786717.0,
  "summary_bg_p05": 0.0,
  "summary_bg_p95": 15.97500566393137,
  "summary_bg_stdv": 6.592640883830153,
  "summary_csf_k": 0.5082761870641792,
  "summary_csf_mad": 92.90297898441776,
  "summary_csf_mean": 392.06288622808415,
  "summary_csf_median": 359.99763686209917,
  "summary_csf_n": 9667.0,
  "summary_csf_p05": 263.8882300928235,
  "summary_csf_p95": 624.1865035928785,
  "summary_csf_stdv": 111.9252915125554,
  "summary_gm_k": 0.001061579555445391,
  "summary_gm_mad": 53.61804102252144,
  "summary_gm_mean": 771.1948668947767,
  "summary_gm_median": 772.1350984834135,
  "summary_gm_n": 15748.0,
  "summary_gm_p05": 680.3819755464792,
  "summary_gm_p95": 859.879732914269,
  "summary_gm_stdv": 54.33960223520622,
  "summary_wm_k": 0.47217563978884236,
  "summary_wm_mad": 39.678224326364685,
  "summary_wm_mean": 998.723555997341,
  "summary_wm_median": 999.9999855458736,
  "summary_wm_n": 158437.0,
  "summary_wm_p05": 926.5503285080194,
  "summary_wm_p95": 1066.6116327792406,
  "summary_wm_stdv": 42.479947604141024,
  "tpm_overlap_csf": 0.180438831448555,
  "tpm_overlap_gm": 0.44138529896736145,
  "tpm_overlap_wm": 0.5099689364433289,
  "wm2max": 0.37565879799813984
}