{
  "aor": 0.0004039130434782609,
  "aqi": 0.011239120152173914,
  "bids_meta": {
    "AcquisitionMatrixPE": 84,
    "AcquisitionNumber": 1,
    "AcquisitionTime": "14:40:00.000006",
    "BandwidthPerPixelPhaseEncode": 20.886,
    "BaseResolution": 84,
    "CoilCombinationMethod": "Sum of Squares",
    "CoilString": "C:HEA;HEP",
    "ConversionSoftware": "dicom2nifti",
    "ConversionSoftwareVersion": "v2.2.10",
    "DerivedVendorReportedEchoSpacing": 0.000569988,
    "DeviceSerialNumber": "35383",
    "DwellTime": 2.6e-06,
    "EchoTime": 0.03,
    "EffectiveEchoSpacing": 0.000569988,
    "FlipAngle": 64,
    "ImageComments": "Unaliased MB3/PE3/LB (remote)",
    "ImageType": [
      "ORIGINAL",
      "PRIMARY",
      "M",
      "MB",
      "ND",
      "NORM",
      "MOSAIC"
    ],
    "ImagingFrequency": 123.189,
    "InPlanePhaseEncodingDirectionDICOM": "COL",
    "InstitutionAddress": "Rue Michel-Servet 1,Geneve,District,CH,1211",
    "InstitutionName": "BBL - University of Geneva",
    "InstitutionalDepartmentName": "Department",
    "MRAcquisitionType": "2D",
    "MagneticFieldStrength": 3,
    "Manufacturer": "Siemens",
    "ManufacturersModelName": "TrioTim",
    "MatrixCoilMode": "SENSE",
    "Modality": "MR",
    "MultibandAccelerationFactor": 3,
    "NonlinearGradientCorrection": false,
    "PartialFourier": 1,
    "PatientPosition": "HFS",
    "PercentPhaseFOV": 100,
    "PercentSampling": 100,
    "PhaseEncodingDirection": "j-",
    "PhaseEncodingSteps": 84,
    "PhaseResolution": 1,
    "PixelBandwidth": 2289,
    "ProcedureStepDescription": "fMRI^PSYKOKWAK",
    "ProtocolName": "FILM_RUN",
    "PulseSequenceDetails": "%CustomerSeq%\\cmrr_mbep2d_bold",
    "ReceiveCoilName": "32Ch_Head",
    "ReconMatrixPE": 84,
    "RepetitionTime": 1.3,
    "ScanOptions": "FS",
    "ScanningSequence": "EP",
    "SequenceName": "epfid2d1_84",
    "SequenceVariant": "SK\\SS",
    "SeriesDescription": "FILM_RUN",
    "ShimSetting": [
      -13908,
      8933,
      19593,
      311,
      -16,
      -301,
      98,
      -47
    ],
    "SliceThickness": 2.5,
    "SliceTiming": [
      0,
      0.9425,
      0.58,
      0.2175,
      1.16,
      0.7975,
      0.435,
      0.0725,
      1.015,
      0.6525,
      0.29,
      1.2325,
      0.87,
      0.5075,
      0.145,
      1.0875,
      0.725,
      0.3625,
      0,
      0.9425,
      0.58,
      0.2175,
      1.16,
      0.7975,
      0.435,
      0.0725,
      1.015,
      0.6525,
      0.29,
      1.2325,
      0.87,
      0.5075,
      0.145,
      1.0875,
      0.725,
      0.3625,
      0,
      0.9425,
      0.58,
      0.2175,
      1.16,
      0.7975,
      0.435,
      0.0725,
      1.015,
      0.6525,
      0.29,
      1.2325,
      0.87,
      0.5075,
      0.145,
      1.0875,
      0.725,
      0.3625
    ],
    "SoftwareVersions": "syngo MR B17",
    "SpacingBetweenSlices": 2.5,
    "StationName": "MRC35383",
    "TaskName": "Rest",
    "TotalReadoutTime": 0.047309,
    "dataset": "<unset>",
    "modality": "bold",
    "session_id": "1",
    "subject_id": "S30",
    "task_id": "Rest"
  },
  "dummy_trs": 0,
  "dvars_nstd": 29.317075692026123,
  "dvars_std": 1.2427079369934657,
  "dvars_vstd": 0.9867611165141607,
  "efc": 0.5041428620429144,
  "fber": 3810.996337890625,
  "fd_mean": 0.15567605355583616,
  "fd_num": 124,
  "fd_perc": 26.956521739130434,
  "fwhm_avg": 1.8534106666666663,
  "fwhm_x": 1.7322959999999998,
  "fwhm_y": 2.0147839999999997,
  "fwhm_z": 1.8131519999999999,
  "gcor": 0.0135916,
  "gsr_x": -0.01672171801328659,
  "gsr_y": 0.024650048464536667,
  "provenance": {
    "md5sum": "75d3605bcbe94de077be341e5ca3a49f",
    "settings": {
      "fd_thres": 0.2,
      "testing": false
    },
    "software": "mriqc",
    "version": "0.16.1",
    "webapi_port": null,
    "webapi_url": "https://mriqc.nimh.nih.gov/api/v1"
  },
  "size_t": 460,
  "size_x": 84,
  "size_y": 84,
  "size_z": 54,
  "snr": 6.848138021265255,
  "spacing_tr": 1.2999999523162842,
  "spacing_x": 2.5,
  "spacing_y": 2.5,
  "spacing_z": 2.5,
  "summary_bg_k": 23.192153990323018,
  "summary_bg_mad": 5.773569482563621,
  "summary_bg_mean": 22.410911560058594,
  "summary_bg_median": 7.231070041656494,
  "summary_bg_n": 252525.0,
  "summary_bg_p05": 2.5915651798248294,
  "summary_bg_p95": 93.97302551269529,
  "summary_bg_stdv": 41.1308708190918,
  "summary_fg_k": 2.3493422282868703,
  "summary_fg_mad": 61.33221509656299,
  "summary_fg_mean": 459.7055358886719,
  "summary_fg_median": 456.3305358886719,
  "summary_fg_n": 68538.0,
  "summary_fg_p05": 366.796224975586,
  "summary_fg_p95": 570.2890563964844,
  "summary_fg_stdv": 66.63522338867188,
  "tsnr": 57.56609344482422
}