{
  "aor": 0.0019181100917431196,
  "aqi": 0.02014129447706422,
  "bids_meta": {
    "AcquisitionMatrixPE": 84,
    "AcquisitionNumber": 1,
    "AcquisitionTime": "10:50:28.000006",
    "BandwidthPerPixelPhaseEncode": 20.886,
    "BaseResolution": 84,
    "CoilCombinationMethod": "Sum of Squares",
    "CoilString": "C:HEA;HEP",
    "ConversionSoftware": "dicom2nifti",
    "ConversionSoftwareVersion": "v2.2.10",
    "DerivedVendorReportedEchoSpacing": 0.000569988,
    "DeviceSerialNumber": "35383",
    "DwellTime": 2.6e-06,
    "EchoTime": 0.03,
    "EffectiveEchoSpacing": 0.000569988,
    "FlipAngle": 64,
    "ImageComments": "Unaliased MB3/PE3/LB (remote)",
    "ImageType": [
      "ORIGINAL",
      "PRIMARY",
      "M",
      "MB",
      "ND",
      "NORM",
      "MOSAIC"
    ],
    "ImagingFrequency": 123.189,
    "InPlanePhaseEncodingDirectionDICOM": "COL",
    "InstitutionAddress": "Rue Michel-Servet 1,Geneve,District,CH,1211",
    "InstitutionName": "BBL - University of Geneva",
    "InstitutionalDepartmentName": "Department",
    "MRAcquisitionType": "2D",
    "MagneticFieldStrength": 3,
    "Manufacturer": "Siemens",
    "ManufacturersModelName": "TrioTim",
    "MatrixCoilMode": "SENSE",
    "Modality": "MR",
    "MultibandAccelerationFactor": 3,
    "NonlinearGradientCorrection": false,
    "PartialFourier": 1,
    "PatientPosition": "HFS",
    "PercentPhaseFOV": 100,
    "PercentSampling": 100,
    "PhaseEncodingDirection": "j-",
    "PhaseEncodingSteps": 84,
    "PhaseResolution": 1,
    "PixelBandwidth": 2289,
    "ProcedureStepDescription": "fMRI^PSYKOKWAK",
    "ProtocolName": "FILM_RUN",
    "PulseSequenceDetails": "%CustomerSeq%\\cmrr_mbep2d_bold",
    "ReceiveCoilName": "32Ch_Head",
    "ReconMatrixPE": 84,
    "RepetitionTime": 1.3,
    "ScanOptions": "FS",
    "ScanningSequence": "EP",
    "SequenceName": "epfid2d1_84",
    "SequenceVariant": "SK\\SS",
    "SeriesDescription": "FILM_RUN",
    "ShimSetting": [
      -13908,
      8933,
      19593,
      311,
      -16,
      -301,
      98,
      -47
    ],
    "SliceThickness": 2.5,
    "SliceTiming": [
      0,
      0.9425,
      0.58,
      0.2175,
      1.16,
      0.7975,
      0.435,
      0.0725,
      1.015,
      0.6525,
      0.29,
      1.2325,
      0.87,
      0.5075,
      0.145,
      1.0875,
      0.725,
      0.3625,
      0,
      0.9425,
      0.58,
      0.2175,
      1.16,
      0.7975,
      0.435,
      0.0725,
      1.015,
      0.6525,
      0.29,
      1.2325,
      0.87,
      0.5075,
      0.145,
      1.0875,
      0.725,
      0.3625,
      0,
      0.9425,
      0.58,
      0.2175,
      1.16,
      0.7975,
      0.435,
      0.0725,
      1.015,
      0.6525,
      0.29,
      1.2325,
      0.87,
      0.5075,
      0.145,
      1.0875,
      0.725,
      0.3625
    ],
    "SoftwareVersions": "syngo MR B17",
    "SpacingBetweenSlices": 2.5,
    "StationName": "MRC35383",
    "TaskName": "BigBuckBunny",
    "TotalReadoutTime": 0.047309,
    "dataset": "<unset>",
    "modality": "bold",
    "session_id": "3",
    "subject_id": "S07",
    "task_id": "BigBuckBunny"
  },
  "dummy_trs": 0,
  "dvars_nstd": 33.67786837334559,
  "dvars_std": 1.1787923730698529,
  "dvars_vstd": 0.9848347955514705,
  "efc": 0.5552874662385476,
  "fber": 2333.953857421875,
  "fd_mean": 0.23658212909128576,
  "fd_num": 222,
  "fd_perc": 40.73394495412844,
  "fwhm_avg": 1.9026720000000001,
  "fwhm_x": 1.793432,
  "fwhm_y": 2.095656,
  "fwhm_z": 1.818928,
  "gcor": 0.0284469,
  "gsr_x": -0.017353594303131104,
  "gsr_y": 0.05704726651310921,
  "provenance": {
    "md5sum": "37614a8e6e9671b60db1e9fb4e8d39ef",
    "settings": {
      "fd_thres": 0.2,
      "testing": false
    },
    "software": "mriqc",
    "version": "0.16.1",
    "webapi_port": null,
    "webapi_url": "https://mriqc.nimh.nih.gov/api/v1"
  },
  "size_t": 545,
  "size_x": 84,
  "size_y": 84,
  "size_z": 54,
  "snr": 5.887630632486581,
  "spacing_tr": 1.2999999523162842,
  "spacing_x": 2.5,
  "spacing_y": 2.5,
  "spacing_z": 2.5,
  "summary_bg_k": 10.325628719240722,
  "summary_bg_mad": 10.237520626206658,
  "summary_bg_mean": 34.887699127197266,
  "summary_bg_median": 10.836922645568848,
  "summary_bg_n": 235529.0,
  "summary_bg_p05": 2.7846026897430427,
  "summary_bg_p95": 145.65835266113282,
  "summary_bg_stdv": 53.6249885559082,
  "summary_fg_k": 2.6990787538654875,
  "summary_fg_mad": 74.18019761521802,
  "summary_fg_mean": 547.89013671875,
  "summary_fg_median": 541.69287109375,
  "summary_fg_n": 82762.0,
  "summary_fg_p05": 418.8440368652344,
  "summary_fg_p95": 713.2558441162108,
  "summary_fg_stdv": 92.00468444824219,
  "tsnr": 39.82875061035156
}