{
  "aor": 0.001970718309859155,
  "aqi": 0.017053831450704226,
  "bids_meta": {
    "AcquisitionMatrixPE": 84,
    "AcquisitionNumber": 1,
    "AcquisitionTime": "10:47:10.000006",
    "BandwidthPerPixelPhaseEncode": 20.886,
    "BaseResolution": 84,
    "CoilCombinationMethod": "Sum of Squares",
    "CoilString": "C:HEA;HEP",
    "ConversionSoftware": "dicom2nifti",
    "ConversionSoftwareVersion": "v2.2.10",
    "DerivedVendorReportedEchoSpacing": 0.000569988,
    "DeviceSerialNumber": "35383",
    "DwellTime": 2.6e-06,
    "EchoTime": 0.03,
    "EffectiveEchoSpacing": 0.000569988,
    "FlipAngle": 64,
    "ImageComments": "Unaliased MB3/PE3/LB (remote)",
    "ImageType": [
      "ORIGINAL",
      "PRIMARY",
      "M",
      "MB",
      "ND",
      "NORM",
      "MOSAIC"
    ],
    "ImagingFrequency": 123.189,
    "InPlanePhaseEncodingDirectionDICOM": "COL",
    "InstitutionAddress": "Rue Michel-Servet 1,Geneve,District,CH,1211",
    "InstitutionName": "BBL - University of Geneva",
    "InstitutionalDepartmentName": "Department",
    "MRAcquisitionType": "2D",
    "MagneticFieldStrength": 3,
    "Manufacturer": "Siemens",
    "ManufacturersModelName": "TrioTim",
    "MatrixCoilMode": "SENSE",
    "Modality": "MR",
    "MultibandAccelerationFactor": 3,
    "NonlinearGradientCorrection": false,
    "PartialFourier": 1,
    "PatientPosition": "HFS",
    "PercentPhaseFOV": 100,
    "PercentSampling": 100,
    "PhaseEncodingDirection": "j-",
    "PhaseEncodingSteps": 84,
    "PhaseResolution": 1,
    "PixelBandwidth": 2289,
    "ProcedureStepDescription": "fMRI^PSYKOKWAK",
    "ProtocolName": "FILM_RUN",
    "PulseSequenceDetails": "%CustomerSeq%\\cmrr_mbep2d_bold",
    "ReceiveCoilName": "32Ch_Head",
    "ReconMatrixPE": 84,
    "RepetitionTime": 1.3,
    "ScanOptions": "FS",
    "ScanningSequence": "EP",
    "SequenceName": "epfid2d1_84",
    "SequenceVariant": "SK\\SS",
    "SeriesDescription": "FILM_RUN",
    "ShimSetting": [
      -13908,
      8933,
      19593,
      311,
      -16,
      -301,
      98,
      -47
    ],
    "SliceThickness": 2.5,
    "SliceTiming": [
      0,
      0.9425,
      0.58,
      0.2175,
      1.16,
      0.7975,
      0.435,
      0.0725,
      1.015,
      0.6525,
      0.29,
      1.2325,
      0.87,
      0.5075,
      0.145,
      1.0875,
      0.725,
      0.3625,
      0,
      0.9425,
      0.58,
      0.2175,
      1.16,
      0.7975,
      0.435,
      0.0725,
      1.015,
      0.6525,
      0.29,
      1.2325,
      0.87,
      0.5075,
      0.145,
      1.0875,
      0.725,
      0.3625,
      0,
      0.9425,
      0.58,
      0.2175,
      1.16,
      0.7975,
      0.435,
      0.0725,
      1.015,
      0.6525,
      0.29,
      1.2325,
      0.87,
      0.5075,
      0.145,
      1.0875,
      0.725,
      0.3625
    ],
    "SoftwareVersions": "syngo MR B17",
    "SpacingBetweenSlices": 2.5,
    "StationName": "MRC35383",
    "TaskName": "Sintel",
    "TotalReadoutTime": 0.047309,
    "dataset": "<unset>",
    "modality": "bold",
    "session_id": "3",
    "subject_id": "S26",
    "task_id": "Sintel"
  },
  "dummy_trs": 0,
  "dvars_nstd": 35.637500709308895,
  "dvars_std": 1.300307261692525,
  "dvars_vstd": 0.9862923030888577,
  "efc": 0.5221772714755288,
  "fber": 3406.408203125,
  "fd_mean": 0.2182159591195997,
  "fd_num": 350,
  "fd_perc": 49.29577464788732,
  "fwhm_avg": 1.8320253333333334,
  "fwhm_x": 1.751204,
  "fwhm_y": 1.98278,
  "fwhm_z": 1.7620920000000002,
  "gcor": 0.0203854,
  "gsr_x": -0.016472117975354195,
  "gsr_y": 0.03621917590498924,
  "provenance": {
    "md5sum": "86c3dca4b824e0f26c9bbcb565982191",
    "settings": {
      "fd_thres": 0.2,
      "testing": false
    },
    "software": "mriqc",
    "version": "0.16.1",
    "webapi_port": null,
    "webapi_url": "https://mriqc.nimh.nih.gov/api/v1"
  },
  "size_t": 710,
  "size_x": 84,
  "size_y": 84,
  "size_z": 54,
  "snr": 6.429730792771172,
  "spacing_tr": 1.2999999523162842,
  "spacing_x": 2.5,
  "spacing_y": 2.5,
  "spacing_z": 2.5,
  "summary_bg_k": 16.386585034194272,
  "summary_bg_mad": 5.6517493462154205,
  "summary_bg_mean": 23.047773361206055,
  "summary_bg_median": 7.063529968261719,
  "summary_bg_n": 247560.0,
  "summary_bg_p05": 2.5818839788436887,
  "summary_bg_p95": 100.55014152526846,
  "summary_bg_stdv": 39.91829299926758,
  "summary_fg_k": 1.8332796558923947,
  "summary_fg_mad": 61.60343882089258,
  "summary_fg_mean": 426.0094909667969,
  "summary_fg_median": 423.01239013671875,
  "summary_fg_n": 73004.0,
  "summary_fg_p05": 331.62489776611324,
  "summary_fg_p95": 535.1869384765623,
  "summary_fg_stdv": 65.78961181640625,
  "tsnr": 43.12732696533203
}