{
  "aor": 0.0044724406332453835,
  "aqi": 0.019270449736147756,
  "bids_meta": {
    "AcquisitionMatrixPE": 84,
    "AcquisitionNumber": 1,
    "AcquisitionTime": "11:04:33.000006",
    "BandwidthPerPixelPhaseEncode": 20.886,
    "BaseResolution": 84,
    "CoilCombinationMethod": "Sum of Squares",
    "CoilString": "C:HEA;HEP",
    "ConversionSoftware": "dicom2nifti",
    "ConversionSoftwareVersion": "v2.2.10",
    "DerivedVendorReportedEchoSpacing": 0.000569988,
    "DeviceSerialNumber": "35383",
    "DwellTime": 2.6e-06,
    "EchoTime": 0.03,
    "EffectiveEchoSpacing": 0.000569988,
    "FlipAngle": 64,
    "ImageComments": "Unaliased MB3/PE3/LB (remote)",
    "ImageType": [
      "ORIGINAL",
      "PRIMARY",
      "M",
      "MB",
      "ND",
      "NORM",
      "MOSAIC"
    ],
    "ImagingFrequency": 123.189,
    "InPlanePhaseEncodingDirectionDICOM": "COL",
    "InstitutionAddress": "Rue Michel-Servet 1,Geneve,District,CH,1211",
    "InstitutionName": "BBL - University of Geneva",
    "InstitutionalDepartmentName": "Department",
    "MRAcquisitionType": "2D",
    "MagneticFieldStrength": 3,
    "Manufacturer": "Siemens",
    "ManufacturersModelName": "TrioTim",
    "MatrixCoilMode": "SENSE",
    "Modality": "MR",
    "MultibandAccelerationFactor": 3,
    "NonlinearGradientCorrection": false,
    "PartialFourier": 1,
    "PatientPosition": "HFS",
    "PercentPhaseFOV": 100,
    "PercentSampling": 100,
    "PhaseEncodingDirection": "j-",
    "PhaseEncodingSteps": 84,
    "PhaseResolution": 1,
    "PixelBandwidth": 2289,
    "ProcedureStepDescription": "fMRI^PSYKOKWAK",
    "ProtocolName": "FILM_RUN",
    "PulseSequenceDetails": "%CustomerSeq%\\cmrr_mbep2d_bold",
    "ReceiveCoilName": "32Ch_Head",
    "ReconMatrixPE": 84,
    "RepetitionTime": 1.3,
    "ScanOptions": "FS",
    "ScanningSequence": "EP",
    "SequenceName": "epfid2d1_84",
    "SequenceVariant": "SK\\SS",
    "SeriesDescription": "FILM_RUN",
    "ShimSetting": [
      -13908,
      8933,
      19593,
      311,
      -16,
      -301,
      98,
      -47
    ],
    "SliceThickness": 2.5,
    "SliceTiming": [
      0,
      0.9425,
      0.58,
      0.2175,
      1.16,
      0.7975,
      0.435,
      0.0725,
      1.015,
      0.6525,
      0.29,
      1.2325,
      0.87,
      0.5075,
      0.145,
      1.0875,
      0.725,
      0.3625,
      0,
      0.9425,
      0.58,
      0.2175,
      1.16,
      0.7975,
      0.435,
      0.0725,
      1.015,
      0.6525,
      0.29,
      1.2325,
      0.87,
      0.5075,
      0.145,
      1.0875,
      0.725,
      0.3625,
      0,
      0.9425,
      0.58,
      0.2175,
      1.16,
      0.7975,
      0.435,
      0.0725,
      1.015,
      0.6525,
      0.29,
      1.2325,
      0.87,
      0.5075,
      0.145,
      1.0875,
      0.725,
      0.3625
    ],
    "SoftwareVersions": "syngo MR B17",
    "SpacingBetweenSlices": 2.5,
    "StationName": "MRC35383",
    "TaskName": "TheSecretNumber",
    "TotalReadoutTime": 0.047309,
    "dataset": "<unset>",
    "modality": "bold",
    "session_id": "3",
    "subject_id": "S26",
    "task_id": "TheSecretNumber"
  },
  "dummy_trs": 0,
  "dvars_nstd": 36.25680535190222,
  "dvars_std": 1.2489070156803168,
  "dvars_vstd": 0.977803025759578,
  "efc": 0.524715222368799,
  "fber": 3239.658203125,
  "fd_mean": 0.2468801560418885,
  "fd_num": 415,
  "fd_perc": 54.74934036939314,
  "fwhm_avg": 1.8147373333333334,
  "fwhm_x": 1.7380680000000002,
  "fwhm_y": 1.970156,
  "fwhm_z": 1.735988,
  "gcor": 0.0597478,
  "gsr_x": -0.01801910810172558,
  "gsr_y": 0.03447452187538147,
  "provenance": {
    "md5sum": "77334a0433a59fb5eba1a365ba2c0d69",
    "settings": {
      "fd_thres": 0.2,
      "testing": false
    },
    "software": "mriqc",
    "version": "0.16.1",
    "webapi_port": null,
    "webapi_url": "https://mriqc.nimh.nih.gov/api/v1"
  },
  "size_t": 758,
  "size_x": 84,
  "size_y": 84,
  "size_z": 54,
  "snr": 6.551149627440566,
  "spacing_tr": 1.2999999523162842,
  "spacing_x": 2.5,
  "spacing_y": 2.5,
  "spacing_z": 2.5,
  "summary_bg_k": 15.956480023506643,
  "summary_bg_mad": 5.930006613879924,
  "summary_bg_mean": 23.88749122619629,
  "summary_bg_median": 7.2760419845581055,
  "summary_bg_n": 247661.0,
  "summary_bg_p05": 2.608207941055298,
  "summary_bg_p95": 105.2966079711914,
  "summary_bg_stdv": 41.161109924316406,
  "summary_fg_k": 1.9978731817016735,
  "summary_fg_mad": 60.253247350447786,
  "summary_fg_mean": 426.1961975097656,
  "summary_fg_median": 423.8420715332031,
  "summary_fg_n": 72999.0,
  "summary_fg_p05": 333.4453918457031,
  "summary_fg_p95": 533.0598937988279,
  "summary_fg_stdv": 64.69691467285156,
  "tsnr": 40.14240264892578
}