{
  "aor": 0.0010219821162444115,
  "aqi": 0.01913522791356185,
  "bids_meta": {
    "AcquisitionMatrixPE": 84,
    "AcquisitionNumber": 1,
    "AcquisitionTime": "10:32:00.000006",
    "BandwidthPerPixelPhaseEncode": 20.886,
    "BaseResolution": 84,
    "CoilCombinationMethod": "Sum of Squares",
    "CoilString": "C:HEA;HEP",
    "ConversionSoftware": "dicom2nifti",
    "ConversionSoftwareVersion": "v2.2.10",
    "DerivedVendorReportedEchoSpacing": 0.000569988,
    "DeviceSerialNumber": "35383",
    "DwellTime": 2.6e-06,
    "EchoTime": 0.03,
    "EffectiveEchoSpacing": 0.000569988,
    "FlipAngle": 64,
    "ImageComments": "Unaliased MB3/PE3/LB (remote)",
    "ImageType": [
      "ORIGINAL",
      "PRIMARY",
      "M",
      "MB",
      "ND",
      "NORM",
      "MOSAIC"
    ],
    "ImagingFrequency": 123.189,
    "InPlanePhaseEncodingDirectionDICOM": "COL",
    "InstitutionAddress": "Rue Michel-Servet 1,Geneve,District,CH,1211",
    "InstitutionName": "BBL - University of Geneva",
    "InstitutionalDepartmentName": "Department",
    "MRAcquisitionType": "2D",
    "MagneticFieldStrength": 3,
    "Manufacturer": "Siemens",
    "ManufacturersModelName": "TrioTim",
    "MatrixCoilMode": "SENSE",
    "Modality": "MR",
    "MultibandAccelerationFactor": 3,
    "NonlinearGradientCorrection": false,
    "PartialFourier": 1,
    "PatientPosition": "HFS",
    "PercentPhaseFOV": 100,
    "PercentSampling": 100,
    "PhaseEncodingDirection": "j-",
    "PhaseEncodingSteps": 84,
    "PhaseResolution": 1,
    "PixelBandwidth": 2289,
    "ProcedureStepDescription": "fMRI^PSYKOKWAK",
    "ProtocolName": "FILM_RUN",
    "PulseSequenceDetails": "%CustomerSeq%\\cmrr_mbep2d_bold",
    "ReceiveCoilName": "32Ch_Head",
    "ReconMatrixPE": 84,
    "RepetitionTime": 1.3,
    "ScanOptions": "FS",
    "ScanningSequence": "EP",
    "SequenceName": "epfid2d1_84",
    "SequenceVariant": "SK\\SS",
    "SeriesDescription": "FILM_RUN",
    "ShimSetting": [
      -13908,
      8933,
      19593,
      311,
      -16,
      -301,
      98,
      -47
    ],
    "SliceThickness": 2.5,
    "SliceTiming": [
      0,
      0.9425,
      0.58,
      0.2175,
      1.16,
      0.7975,
      0.435,
      0.0725,
      1.015,
      0.6525,
      0.29,
      1.2325,
      0.87,
      0.5075,
      0.145,
      1.0875,
      0.725,
      0.3625,
      0,
      0.9425,
      0.58,
      0.2175,
      1.16,
      0.7975,
      0.435,
      0.0725,
      1.015,
      0.6525,
      0.29,
      1.2325,
      0.87,
      0.5075,
      0.145,
      1.0875,
      0.725,
      0.3625,
      0,
      0.9425,
      0.58,
      0.2175,
      1.16,
      0.7975,
      0.435,
      0.0725,
      1.015,
      0.6525,
      0.29,
      1.2325,
      0.87,
      0.5075,
      0.145,
      1.0875,
      0.725,
      0.3625
    ],
    "SoftwareVersions": "syngo MR B17",
    "SpacingBetweenSlices": 2.5,
    "StationName": "MRC35383",
    "TaskName": "LessonLearned",
    "TotalReadoutTime": 0.047309,
    "dataset": "<unset>",
    "modality": "bold",
    "session_id": "2",
    "subject_id": "S24",
    "task_id": "LessonLearned"
  },
  "dummy_trs": 1,
  "dvars_nstd": 37.6486964355373,
  "dvars_std": 1.3434555577611946,
  "dvars_vstd": 0.9706548898507454,
  "efc": 0.4961096596066063,
  "fber": 3634.6005859375,
  "fd_mean": 0.20068065518156292,
  "fd_num": 312,
  "fd_perc": 46.497764530551414,
  "fwhm_avg": 1.8468600000000002,
  "fwhm_x": 1.7038879999999998,
  "fwhm_y": 2.027064,
  "fwhm_z": 1.809628,
  "gcor": 0.00737753,
  "gsr_x": -0.01340588927268982,
  "gsr_y": 0.027387777343392372,
  "provenance": {
    "md5sum": "9ba48b58d32d7fae13b4d549a442c457",
    "settings": {
      "fd_thres": 0.2,
      "testing": false
    },
    "software": "mriqc",
    "version": "0.16.1",
    "webapi_port": null,
    "webapi_url": "https://mriqc.nimh.nih.gov/api/v1"
  },
  "size_t": 671,
  "size_x": 84,
  "size_y": 84,
  "size_z": 54,
  "snr": 6.585940545313827,
  "spacing_tr": 1.2999999523162842,
  "spacing_x": 2.5,
  "spacing_y": 2.5,
  "spacing_z": 2.5,
  "summary_bg_k": 16.491098413660428,
  "summary_bg_mad": 6.260039498512914,
  "summary_bg_mean": 23.480281829833984,
  "summary_bg_median": 7.387049674987793,
  "summary_bg_n": 258371.0,
  "summary_bg_p05": 2.3289965391159058,
  "summary_bg_p95": 105.54783630371094,
  "summary_bg_stdv": 41.35649871826172,
  "summary_fg_k": 2.4412002299523907,
  "summary_fg_mad": 62.671185700607964,
  "summary_fg_mean": 457.5312805175781,
  "summary_fg_median": 453.78619384765625,
  "summary_fg_n": 63472.0,
  "summary_fg_p05": 358.83807983398435,
  "summary_fg_p95": 569.7368591308593,
  "summary_fg_stdv": 68.90171813964844,
  "tsnr": 44.01926803588867
}