{
  "aor": 0.0017247413793103445,
  "aqi": 0.025741126077586208,
  "bids_meta": {
    "AcquisitionMatrixPE": 84,
    "AcquisitionNumber": 1,
    "AcquisitionTime": "09:37:30.000006",
    "BandwidthPerPixelPhaseEncode": 20.886,
    "BaseResolution": 84,
    "CoilCombinationMethod": "Sum of Squares",
    "CoilString": "C:HEA;HEP",
    "ConversionSoftware": "dicom2nifti",
    "ConversionSoftwareVersion": "v2.2.10",
    "DerivedVendorReportedEchoSpacing": 0.000569988,
    "DeviceSerialNumber": "35383",
    "DwellTime": 2.6e-06,
    "EchoTime": 0.03,
    "EffectiveEchoSpacing": 0.000569988,
    "FlipAngle": 64,
    "ImageComments": "Unaliased MB3/PE3/LB (remote)",
    "ImageType": [
      "ORIGINAL",
      "PRIMARY",
      "M",
      "MB",
      "ND",
      "NORM",
      "MOSAIC"
    ],
    "ImagingFrequency": 123.189,
    "InPlanePhaseEncodingDirectionDICOM": "COL",
    "InstitutionAddress": "Rue Michel-Servet 1,Geneve,District,CH,1211",
    "InstitutionName": "BBL - University of Geneva",
    "InstitutionalDepartmentName": "Department",
    "MRAcquisitionType": "2D",
    "MagneticFieldStrength": 3,
    "Manufacturer": "Siemens",
    "ManufacturersModelName": "TrioTim",
    "MatrixCoilMode": "SENSE",
    "Modality": "MR",
    "MultibandAccelerationFactor": 3,
    "NonlinearGradientCorrection": false,
    "PartialFourier": 1,
    "PatientPosition": "HFS",
    "PercentPhaseFOV": 100,
    "PercentSampling": 100,
    "PhaseEncodingDirection": "j-",
    "PhaseEncodingSteps": 84,
    "PhaseResolution": 1,
    "PixelBandwidth": 2289,
    "ProcedureStepDescription": "fMRI^PSYKOKWAK",
    "ProtocolName": "FILM_RUN",
    "PulseSequenceDetails": "%CustomerSeq%\\cmrr_mbep2d_bold",
    "ReceiveCoilName": "32Ch_Head",
    "ReconMatrixPE": 84,
    "RepetitionTime": 1.3,
    "ScanOptions": "FS",
    "ScanningSequence": "EP",
    "SequenceName": "epfid2d1_84",
    "SequenceVariant": "SK\\SS",
    "SeriesDescription": "FILM_RUN",
    "ShimSetting": [
      -13908,
      8933,
      19593,
      311,
      -16,
      -301,
      98,
      -47
    ],
    "SliceThickness": 2.5,
    "SliceTiming": [
      0,
      0.9425,
      0.58,
      0.2175,
      1.16,
      0.7975,
      0.435,
      0.0725,
      1.015,
      0.6525,
      0.29,
      1.2325,
      0.87,
      0.5075,
      0.145,
      1.0875,
      0.725,
      0.3625,
      0,
      0.9425,
      0.58,
      0.2175,
      1.16,
      0.7975,
      0.435,
      0.0725,
      1.015,
      0.6525,
      0.29,
      1.2325,
      0.87,
      0.5075,
      0.145,
      1.0875,
      0.725,
      0.3625,
      0,
      0.9425,
      0.58,
      0.2175,
      1.16,
      0.7975,
      0.435,
      0.0725,
      1.015,
      0.6525,
      0.29,
      1.2325,
      0.87,
      0.5075,
      0.145,
      1.0875,
      0.725,
      0.3625
    ],
    "SoftwareVersions": "syngo MR B17",
    "SpacingBetweenSlices": 2.5,
    "StationName": "MRC35383",
    "TaskName": "ToClaireFromSonny",
    "TotalReadoutTime": 0.047309,
    "dataset": "<unset>",
    "modality": "bold",
    "session_id": "4",
    "subject_id": "S02",
    "task_id": "ToClaireFromSonny"
  },
  "dummy_trs": 0,
  "dvars_nstd": 33.07269419762415,
  "dvars_std": 1.134254751987041,
  "dvars_vstd": 0.9471401892656591,
  "efc": 0.543925657797434,
  "fber": 2689.909423828125,
  "fd_mean": 0.20080394273467206,
  "fd_num": 144,
  "fd_perc": 31.03448275862069,
  "fwhm_avg": 1.8558386666666664,
  "fwhm_x": 1.7235679999999998,
  "fwhm_y": 2.0575520000000003,
  "fwhm_z": 1.7863959999999999,
  "gcor": 0.0395922,
  "gsr_x": -0.017730945721268654,
  "gsr_y": 0.05056007578969002,
  "provenance": {
    "md5sum": "928410d573c4fd7d3b1593da55d0a748",
    "settings": {
      "fd_thres": 0.2,
      "testing": false
    },
    "software": "mriqc",
    "version": "0.16.1",
    "webapi_port": null,
    "webapi_url": "https://mriqc.nimh.nih.gov/api/v1"
  },
  "size_t": 464,
  "size_x": 84,
  "size_y": 84,
  "size_z": 54,
  "snr": 6.467626237906395,
  "spacing_tr": 1.2999999523162842,
  "spacing_x": 2.5,
  "spacing_y": 2.5,
  "spacing_z": 2.5,
  "summary_bg_k": 20.844137538198623,
  "summary_bg_mad": 7.078855925134349,
  "summary_bg_mean": 28.265207290649414,
  "summary_bg_median": 8.74862289428711,
  "summary_bg_n": 239200.0,
  "summary_bg_p05": 3.0811216592788697,
  "summary_bg_p95": 119.6220829010008,
  "summary_bg_stdv": 49.501258850097656,
  "summary_fg_k": 2.6114563213638906,
  "summary_fg_mad": 66.07846060197187,
  "summary_fg_mean": 475.7711486816406,
  "summary_fg_median": 472.08819580078125,
  "summary_fg_n": 78796.0,
  "summary_fg_p05": 372.7456512451172,
  "summary_fg_p95": 592.2232208251953,
  "summary_fg_stdv": 72.99203491210938,
  "tsnr": 38.52274703979492
}