{
  "aor": 0.0005126363636363637,
  "aqi": 0.010825020467532465,
  "bids_meta": {
    "AcquisitionMatrixPE": 84,
    "AcquisitionNumber": 1,
    "AcquisitionTime": "09:44:08.000006",
    "BandwidthPerPixelPhaseEncode": 20.886,
    "BaseResolution": 84,
    "CoilCombinationMethod": "Sum of Squares",
    "CoilString": "C:HEA;HEP",
    "ConversionSoftware": "dicom2nifti",
    "ConversionSoftwareVersion": "v2.2.10",
    "DerivedVendorReportedEchoSpacing": 0.000569988,
    "DeviceSerialNumber": "35383",
    "DwellTime": 2.6e-06,
    "EchoTime": 0.03,
    "EffectiveEchoSpacing": 0.000569988,
    "FlipAngle": 64,
    "ImageComments": "Unaliased MB3/PE3/LB (remote)",
    "ImageType": [
      "ORIGINAL",
      "PRIMARY",
      "M",
      "MB",
      "ND",
      "NORM",
      "MOSAIC"
    ],
    "ImagingFrequency": 123.189,
    "InPlanePhaseEncodingDirectionDICOM": "COL",
    "InstitutionAddress": "Rue Michel-Servet 1,Geneve,District,CH,1211",
    "InstitutionName": "BBL - University of Geneva",
    "InstitutionalDepartmentName": "Department",
    "MRAcquisitionType": "2D",
    "MagneticFieldStrength": 3,
    "Manufacturer": "Siemens",
    "ManufacturersModelName": "TrioTim",
    "MatrixCoilMode": "SENSE",
    "Modality": "MR",
    "MultibandAccelerationFactor": 3,
    "NonlinearGradientCorrection": false,
    "PartialFourier": 1,
    "PatientPosition": "HFS",
    "PercentPhaseFOV": 100,
    "PercentSampling": 100,
    "PhaseEncodingDirection": "j-",
    "PhaseEncodingSteps": 84,
    "PhaseResolution": 1,
    "PixelBandwidth": 2289,
    "ProcedureStepDescription": "fMRI^PSYKOKWAK",
    "ProtocolName": "FILM_RUN",
    "PulseSequenceDetails": "%CustomerSeq%\\cmrr_mbep2d_bold",
    "ReceiveCoilName": "32Ch_Head",
    "ReconMatrixPE": 84,
    "RepetitionTime": 1.3,
    "ScanOptions": "FS",
    "ScanningSequence": "EP",
    "SequenceName": "epfid2d1_84",
    "SequenceVariant": "SK\\SS",
    "SeriesDescription": "FILM_RUN",
    "ShimSetting": [
      -13908,
      8933,
      19593,
      311,
      -16,
      -301,
      98,
      -47
    ],
    "SliceThickness": 2.5,
    "SliceTiming": [
      0,
      0.9425,
      0.58,
      0.2175,
      1.16,
      0.7975,
      0.435,
      0.0725,
      1.015,
      0.6525,
      0.29,
      1.2325,
      0.87,
      0.5075,
      0.145,
      1.0875,
      0.725,
      0.3625,
      0,
      0.9425,
      0.58,
      0.2175,
      1.16,
      0.7975,
      0.435,
      0.0725,
      1.015,
      0.6525,
      0.29,
      1.2325,
      0.87,
      0.5075,
      0.145,
      1.0875,
      0.725,
      0.3625,
      0,
      0.9425,
      0.58,
      0.2175,
      1.16,
      0.7975,
      0.435,
      0.0725,
      1.015,
      0.6525,
      0.29,
      1.2325,
      0.87,
      0.5075,
      0.145,
      1.0875,
      0.725,
      0.3625
    ],
    "SoftwareVersions": "syngo MR B17",
    "SpacingBetweenSlices": 2.5,
    "StationName": "MRC35383",
    "TaskName": "YouAgain",
    "TotalReadoutTime": 0.047309,
    "dataset": "<unset>",
    "modality": "bold",
    "session_id": "1",
    "subject_id": "S25",
    "task_id": "YouAgain"
  },
  "dummy_trs": 1,
  "dvars_nstd": 33.47012067944082,
  "dvars_std": 1.3167454829518872,
  "dvars_vstd": 0.9944734078283484,
  "efc": 0.5029260860228496,
  "fber": 3990.587158203125,
  "fd_mean": 0.15485003138789766,
  "fd_num": 151,
  "fd_perc": 19.61038961038961,
  "fwhm_avg": 1.8653333333333333,
  "fwhm_x": 1.7636399999999999,
  "fwhm_y": 2.048624,
  "fwhm_z": 1.783736,
  "gcor": 0.0414311,
  "gsr_x": -0.006161042023450136,
  "gsr_y": 0.03117477335035801,
  "provenance": {
    "md5sum": "8e21e25080c2be9d599fcb597ff34f2f",
    "settings": {
      "fd_thres": 0.2,
      "testing": false
    },
    "software": "mriqc",
    "version": "0.16.1",
    "webapi_port": null,
    "webapi_url": "https://mriqc.nimh.nih.gov/api/v1"
  },
  "size_t": 770,
  "size_x": 84,
  "size_y": 84,
  "size_z": 54,
  "snr": 6.363341250967639,
  "spacing_tr": 1.2999999523162842,
  "spacing_x": 2.5,
  "spacing_y": 2.5,
  "spacing_z": 2.5,
  "summary_bg_k": 18.675388290276647,
  "summary_bg_mad": 5.680059906032337,
  "summary_bg_mean": 21.14327049255371,
  "summary_bg_median": 6.53233528137207,
  "summary_bg_n": 253753.0,
  "summary_bg_p05": 1.9773968935012818,
  "summary_bg_p95": 88.65413970947259,
  "summary_bg_stdv": 38.0412483215332,
  "summary_fg_k": 2.67333855824518,
  "summary_fg_mad": 58.58726540807734,
  "summary_fg_mean": 426.4330139160156,
  "summary_fg_median": 421.6944274902344,
  "summary_fg_n": 67875.0,
  "summary_fg_p05": 335.35594787597654,
  "summary_fg_p95": 536.8943603515625,
  "summary_fg_stdv": 66.26885223388672,
  "tsnr": 53.681610107421875
}