{
  "aor": 0.00026333333333333336,
  "aqi": 0.01766226765676568,
  "bids_meta": {
    "AcquisitionMatrixPE": 84,
    "AcquisitionNumber": 1,
    "AcquisitionTime": "09:02:00.000006",
    "BandwidthPerPixelPhaseEncode": 20.886,
    "BaseResolution": 84,
    "CoilCombinationMethod": "Sum of Squares",
    "CoilString": "C:HEA;HEP",
    "ConversionSoftware": "dicom2nifti",
    "ConversionSoftwareVersion": "v2.2.10",
    "DerivedVendorReportedEchoSpacing": 0.000569988,
    "DeviceSerialNumber": "35383",
    "DwellTime": 2.6e-06,
    "EchoTime": 0.03,
    "EffectiveEchoSpacing": 0.000569988,
    "FlipAngle": 64,
    "ImageComments": "Unaliased MB3/PE3/LB (remote)",
    "ImageType": [
      "ORIGINAL",
      "PRIMARY",
      "M",
      "MB",
      "ND",
      "NORM",
      "MOSAIC"
    ],
    "ImagingFrequency": 123.189,
    "InPlanePhaseEncodingDirectionDICOM": "COL",
    "InstitutionAddress": "Rue Michel-Servet 1,Geneve,District,CH,1211",
    "InstitutionName": "BBL - University of Geneva",
    "InstitutionalDepartmentName": "Department",
    "MRAcquisitionType": "2D",
    "MagneticFieldStrength": 3,
    "Manufacturer": "Siemens",
    "ManufacturersModelName": "TrioTim",
    "MatrixCoilMode": "SENSE",
    "Modality": "MR",
    "MultibandAccelerationFactor": 3,
    "NonlinearGradientCorrection": false,
    "PartialFourier": 1,
    "PatientPosition": "HFS",
    "PercentPhaseFOV": 100,
    "PercentSampling": 100,
    "PhaseEncodingDirection": "j-",
    "PhaseEncodingSteps": 84,
    "PhaseResolution": 1,
    "PixelBandwidth": 2289,
    "ProcedureStepDescription": "fMRI^PSYKOKWAK",
    "ProtocolName": "FILM_RUN",
    "PulseSequenceDetails": "%CustomerSeq%\\cmrr_mbep2d_bold",
    "ReceiveCoilName": "32Ch_Head",
    "ReconMatrixPE": 84,
    "RepetitionTime": 1.3,
    "ScanOptions": "FS",
    "ScanningSequence": "EP",
    "SequenceName": "epfid2d1_84",
    "SequenceVariant": "SK\\SS",
    "SeriesDescription": "FILM_RUN",
    "ShimSetting": [
      -13908,
      8933,
      19593,
      311,
      -16,
      -301,
      98,
      -47
    ],
    "SliceThickness": 2.5,
    "SliceTiming": [
      0,
      0.9425,
      0.58,
      0.2175,
      1.16,
      0.7975,
      0.435,
      0.0725,
      1.015,
      0.6525,
      0.29,
      1.2325,
      0.87,
      0.5075,
      0.145,
      1.0875,
      0.725,
      0.3625,
      0,
      0.9425,
      0.58,
      0.2175,
      1.16,
      0.7975,
      0.435,
      0.0725,
      1.015,
      0.6525,
      0.29,
      1.2325,
      0.87,
      0.5075,
      0.145,
      1.0875,
      0.725,
      0.3625,
      0,
      0.9425,
      0.58,
      0.2175,
      1.16,
      0.7975,
      0.435,
      0.0725,
      1.015,
      0.6525,
      0.29,
      1.2325,
      0.87,
      0.5075,
      0.145,
      1.0875,
      0.725,
      0.3625
    ],
    "SoftwareVersions": "syngo MR B17",
    "SpacingBetweenSlices": 2.5,
    "StationName": "MRC35383",
    "TaskName": "TearsOfSteel",
    "TotalReadoutTime": 0.047309,
    "dataset": "<unset>",
    "modality": "bold",
    "session_id": "3",
    "subject_id": "S09",
    "task_id": "TearsOfSteel"
  },
  "dummy_trs": 1,
  "dvars_nstd": 39.80152087872724,
  "dvars_std": 1.3324712898181812,
  "dvars_vstd": 0.9756886146942151,
  "efc": 0.5351178047907559,
  "fber": 3005.558349609375,
  "fd_mean": 0.170440760310119,
  "fd_num": 230,
  "fd_perc": 37.95379537953795,
  "fwhm_avg": 1.7904599454404246,
  "fwhm_x": 1.6661359999999998,
  "fwhm_y": 1.988948,
  "fwhm_z": 1.7162958363212744,
  "gcor": 0.0108122,
  "gsr_x": -0.019043097272515297,
  "gsr_y": 0.05678613483905792,
  "provenance": {
    "md5sum": "06d4fcdd3b64313d885be9f6db38d70b",
    "settings": {
      "fd_thres": 0.2,
      "testing": false
    },
    "software": "mriqc",
    "version": "0.16.1",
    "webapi_port": null,
    "webapi_url": "https://mriqc.nimh.nih.gov/api/v1"
  },
  "size_t": 606,
  "size_x": 84,
  "size_y": 84,
  "size_z": 54,
  "snr": 6.850558324295567,
  "spacing_tr": 1.2999999523162842,
  "spacing_x": 2.5,
  "spacing_y": 2.5,
  "spacing_z": 2.500000238418579,
  "summary_bg_k": 18.18492741761775,
  "summary_bg_mad": 5.303118115891066,
  "summary_bg_mean": 19.83782196044922,
  "summary_bg_median": 6.210233688354492,
  "summary_bg_n": 241997.0,
  "summary_bg_p05": 2.200551557540894,
  "summary_bg_p95": 80.32174682617183,
  "summary_bg_stdv": 31.69391441345215,
  "summary_fg_k": 2.3802071960655518,
  "summary_fg_mad": 47.194421132505774,
  "summary_fg_mean": 356.9859619140625,
  "summary_fg_median": 354.42584228515625,
  "summary_fg_n": 76221.0,
  "summary_fg_p05": 284.6147155761719,
  "summary_fg_p95": 441.2336730957031,
  "summary_fg_stdv": 51.73644256591797,
  "tsnr": 46.516876220703125
}