{
  "bids_meta": {
    "AcquisitionMatrixPE": 256,
    "AcquisitionNumber": 1,
    "AcquisitionTime": "09:20:8.770000",
    "BaseResolution": 256,
    "CoilCombinationMethod": "Adaptive Combine",
    "CoilString": "C:HEA;HEP",
    "ConversionSoftware": "dcm2niix",
    "ConversionSoftwareVersion": "v1.0.20220720",
    "DeviceSerialNumber": "35383",
    "DwellTime": 1.03e-05,
    "EchoTime": 0.00227,
    "FlipAngle": 9,
    "ImageOrientationPatientDICOM": [
      0,
      1,
      -1e-16,
      -0.0296663,
      0,
      -0.99956
    ],
    "ImageOrientationText": "Sag>Tra(1.7)",
    "ImageType": [
      "ORIGINAL",
      "PRIMARY",
      "M",
      "ND",
      "NORM"
    ],
    "ImagingFrequency": 123.189,
    "InPlanePhaseEncodingDirectionDICOM": "ROW",
    "InstitutionAddress": "Rue Michel-Servet 1,Geneve,District,CH,1211",
    "InstitutionName": "BBL - University of Geneva",
    "InstitutionalDepartmentName": "Department",
    "InversionTime": 0.9,
    "MRAcquisitionType": "3D",
    "MagneticFieldStrength": 3,
    "Manufacturer": "Siemens",
    "ManufacturersModelName": "TrioTim",
    "MatrixCoilMode": "GRAPPA",
    "Modality": "MR",
    "NonlinearGradientCorrection": false,
    "ParallelReductionFactorInPlane": 2,
    "PartialFourier": 1,
    "PatientPosition": "HFS",
    "PercentPhaseFOV": 100,
    "PercentSampling": 100,
    "PhaseEncodingSteps": 294,
    "PhaseOversampling": 0.15,
    "PhaseResolution": 1,
    "PixelBandwidth": 190,
    "ProcedureStepDescription": "fMRI^PSYKOKWAK",
    "ProtocolName": "T1_1MM",
    "PulseSequenceDetails": "%SiemensSeq%\\tfl",
    "ReceiveCoilName": "32Ch_Head",
    "ReconMatrixPE": 256,
    "RefLinesPE": 24,
    "RepetitionTime": 1.9,
    "SAR": 0.127512,
    "ScanOptions": "IR",
    "ScanningSequence": "GR\\IR",
    "SequenceName": "*tfl3d1_ns",
    "SequenceVariant": "SP\\MP\\OSP",
    "SeriesDescription": "T1_1MM",
    "SeriesNumber": 4,
    "ShimSetting": [
      -13894,
      8934,
      19117,
      -207,
      151,
      18,
      206,
      4
    ],
    "SliceThickness": 1,
    "SoftwareVersions": "syngo MR B17",
    "StationName": "MRC35383",
    "TxRefAmp": 336.219,
    "dataset": "<unset>",
    "modality": "T1w",
    "session_id": "1",
    "subject_id": "S27"
  },
  "cjv": 0.43773256182504383,
  "cnr": 2.892402226921194,
  "efc": 0.5642876293329949,
  "fber": 17358.625538753746,
  "fwhm_avg": 3.77451,
  "fwhm_x": 3.82156,
  "fwhm_y": 3.76091,
  "fwhm_z": 3.74106,
  "icvs_csf": 0.18617913064281333,
  "icvs_gm": 0.4193128689286861,
  "icvs_wm": 0.3945080004285006,
  "inu_med": 1.631035327911377,
  "inu_range": 0.39829256534576407,
  "provenance": {
    "md5sum": "fdb2dc0b83ee7d6de6c57570ff26e334",
    "settings": {
      "testing": false
    },
    "software": "mriqc",
    "version": "0.16.1",
    "warnings": {
      "large_rot_frame": true,
      "small_air_mask": false
    },
    "webapi_port": null,
    "webapi_url": "https://mriqc.nimh.nih.gov/api/v1"
  },
  "qi_1": 0.00017538281905057833,
  "qi_2": 0.018713888499428528,
  "rpve_csf": 33.3951179004088,
  "rpve_gm": 15.75539157096087,
  "rpve_wm": 20.252643017704333,
  "size_x": 192,
  "size_y": 256,
  "size_z": 256,
  "snr_csf": 3.6372729956037935,
  "snr_gm": 12.027875494552601,
  "snr_total": 12.718383234098575,
  "snr_wm": 22.490001212139326,
  "snrd_csf": 57.28694503841572,
  "snrd_gm": 127.70412100574657,
  "snrd_total": 116.7083416791581,
  "snrd_wm": 165.133958993312,
  "spacing_x": 1.0,
  "spacing_y": 1.0,
  "spacing_z": 1.0,
  "summary_bg_k": 11.036671002045079,
  "summary_bg_mad": 3.967397450363243,
  "summary_bg_mean": 5.492405838404744,
  "summary_bg_median": 5.351937830448151,
  "summary_bg_n": 2289922.0,
  "summary_bg_p05": 0.0,
  "summary_bg_p95": 16.055813491344452,
  "summary_bg_stdv": 5.521111071969163,
  "summary_csf_k": 1.155414484875676,
  "summary_csf_mad": 76.12443857884472,
  "summary_csf_mean": 372.4907328231421,
  "summary_csf_median": 346.9202557951212,
  "summary_csf_n": 15870.0,
  "summary_csf_p05": 260.8329022375867,
  "summary_csf_p95": 569.0997427554801,
  "summary_csf_stdv": 95.3762134372257,
  "summary_gm_k": 0.33204380495580166,
  "summary_gm_mad": 59.369268989364244,
  "summary_gm_mean": 775.726974139368,
  "summary_gm_median": 773.3550164997578,
  "summary_gm_n": 12330.0,
  "summary_gm_p05": 673.670395891741,
  "summary_gm_p95": 888.7824578063562,
  "summary_gm_stdv": 64.2942850138282,
  "summary_wm_k": 0.7918280851234698,
  "summary_wm_mad": 39.85109046123793,
  "summary_wm_mean": 999.9361588150035,
  "summary_wm_median": 1000.0239191669971,
  "summary_wm_n": 195094.0,
  "summary_wm_p05": 924.8339711651206,
  "summary_wm_p95": 1072.2034021392465,
  "summary_wm_stdv": 44.465153505438835,
  "tpm_overlap_csf": 0.17613790929317474,
  "tpm_overlap_gm": 0.42946797609329224,
  "tpm_overlap_wm": 0.5018562078475952,
  "wm2max": 0.4562847487190668
}