{
  "aor": 0.0013696798493408662,
  "aqi": 0.009565575103578155,
  "bids_meta": {
    "AcquisitionMatrixPE": 84,
    "AcquisitionNumber": 1,
    "AcquisitionTime": "10:50:25.000006",
    "BandwidthPerPixelPhaseEncode": 20.886,
    "BaseResolution": 84,
    "CoilCombinationMethod": "Sum of Squares",
    "CoilString": "C:HEA;HEP",
    "ConversionSoftware": "dicom2nifti",
    "ConversionSoftwareVersion": "v2.2.10",
    "DerivedVendorReportedEchoSpacing": 0.000569988,
    "DeviceSerialNumber": "35383",
    "DwellTime": 2.6e-06,
    "EchoTime": 0.03,
    "EffectiveEchoSpacing": 0.000569988,
    "FlipAngle": 64,
    "ImageComments": "Unaliased MB3/PE3/LB (remote)",
    "ImageType": [
      "ORIGINAL",
      "PRIMARY",
      "M",
      "MB",
      "ND",
      "NORM",
      "MOSAIC"
    ],
    "ImagingFrequency": 123.189,
    "InPlanePhaseEncodingDirectionDICOM": "COL",
    "InstitutionAddress": "Rue Michel-Servet 1,Geneve,District,CH,1211",
    "InstitutionName": "BBL - University of Geneva",
    "InstitutionalDepartmentName": "Department",
    "MRAcquisitionType": "2D",
    "MagneticFieldStrength": 3,
    "Manufacturer": "Siemens",
    "ManufacturersModelName": "TrioTim",
    "MatrixCoilMode": "SENSE",
    "Modality": "MR",
    "MultibandAccelerationFactor": 3,
    "NonlinearGradientCorrection": false,
    "PartialFourier": 1,
    "PatientPosition": "HFS",
    "PercentPhaseFOV": 100,
    "PercentSampling": 100,
    "PhaseEncodingDirection": "j-",
    "PhaseEncodingSteps": 84,
    "PhaseResolution": 1,
    "PixelBandwidth": 2289,
    "ProcedureStepDescription": "fMRI^PSYKOKWAK",
    "ProtocolName": "FILM_RUN",
    "PulseSequenceDetails": "%CustomerSeq%\\cmrr_mbep2d_bold",
    "ReceiveCoilName": "32Ch_Head",
    "ReconMatrixPE": 84,
    "RepetitionTime": 1.3,
    "ScanOptions": "FS",
    "ScanningSequence": "EP",
    "SequenceName": "epfid2d1_84",
    "SequenceVariant": "SK\\SS",
    "SeriesDescription": "FILM_RUN",
    "ShimSetting": [
      -13908,
      8933,
      19593,
      311,
      -16,
      -301,
      98,
      -47
    ],
    "SliceThickness": 2.5,
    "SliceTiming": [
      0,
      0.9425,
      0.58,
      0.2175,
      1.16,
      0.7975,
      0.435,
      0.0725,
      1.015,
      0.6525,
      0.29,
      1.2325,
      0.87,
      0.5075,
      0.145,
      1.0875,
      0.725,
      0.3625,
      0,
      0.9425,
      0.58,
      0.2175,
      1.16,
      0.7975,
      0.435,
      0.0725,
      1.015,
      0.6525,
      0.29,
      1.2325,
      0.87,
      0.5075,
      0.145,
      1.0875,
      0.725,
      0.3625,
      0,
      0.9425,
      0.58,
      0.2175,
      1.16,
      0.7975,
      0.435,
      0.0725,
      1.015,
      0.6525,
      0.29,
      1.2325,
      0.87,
      0.5075,
      0.145,
      1.0875,
      0.725,
      0.3625
    ],
    "SoftwareVersions": "syngo MR B17",
    "SpacingBetweenSlices": 2.5,
    "StationName": "MRC35383",
    "TaskName": "BigBuckBunny",
    "TotalReadoutTime": 0.047309,
    "dataset": "<unset>",
    "modality": "bold",
    "session_id": "3",
    "subject_id": "S15",
    "task_id": "BigBuckBunny"
  },
  "dummy_trs": 0,
  "dvars_nstd": 33.02808574439621,
  "dvars_std": 1.3944543072264175,
  "dvars_vstd": 1.0185442683773585,
  "efc": 0.5020637798116351,
  "fber": 3975.32177734375,
  "fd_mean": 0.1689984386061831,
  "fd_num": 180,
  "fd_perc": 33.898305084745765,
  "fwhm_avg": 1.8700506666666665,
  "fwhm_x": 1.792812,
  "fwhm_y": 1.9999759999999998,
  "fwhm_z": 1.817364,
  "gcor": 0.0212496,
  "gsr_x": -0.017990414053201675,
  "gsr_y": 0.025232579559087753,
  "provenance": {
    "md5sum": "5f101df6f30b384718b6f529eed0d298",
    "settings": {
      "fd_thres": 0.2,
      "testing": false
    },
    "software": "mriqc",
    "version": "0.16.1",
    "webapi_port": null,
    "webapi_url": "https://mriqc.nimh.nih.gov/api/v1"
  },
  "size_t": 531,
  "size_x": 84,
  "size_y": 84,
  "size_z": 54,
  "snr": 6.663925592523624,
  "spacing_tr": 1.2999999523162842,
  "spacing_x": 2.5,
  "spacing_y": 2.5,
  "spacing_z": 2.5,
  "summary_bg_k": 28.88132290015059,
  "summary_bg_mad": 6.183231140972898,
  "summary_bg_mean": 23.223472595214844,
  "summary_bg_median": 8.224947929382324,
  "summary_bg_n": 250211.0,
  "summary_bg_p05": 2.8557783365249634,
  "summary_bg_p95": 94.51791000366211,
  "summary_bg_stdv": 41.48497009277344,
  "summary_fg_k": 2.3175504584563695,
  "summary_fg_mad": 72.08750603165109,
  "summary_fg_mean": 537.4462890625,
  "summary_fg_median": 530.8594970703125,
  "summary_fg_n": 70073.0,
  "summary_fg_p05": 427.45512695312505,
  "summary_fg_p95": 669.5013671874999,
  "summary_fg_stdv": 79.6611099243164,
  "tsnr": 61.21681213378906
}