{
  "aor": 0.003179492481203008,
  "aqi": 0.022732034210526313,
  "bids_meta": {
    "AcquisitionMatrixPE": 84,
    "AcquisitionNumber": 1,
    "AcquisitionTime": "15:04:24.000006",
    "BandwidthPerPixelPhaseEncode": 20.886,
    "BaseResolution": 84,
    "CoilCombinationMethod": "Sum of Squares",
    "CoilString": "C:HEA;HEP",
    "ConversionSoftware": "dicom2nifti",
    "ConversionSoftwareVersion": "v2.2.10",
    "DerivedVendorReportedEchoSpacing": 0.000569988,
    "DeviceSerialNumber": "35383",
    "DwellTime": 2.6e-06,
    "EchoTime": 0.03,
    "EffectiveEchoSpacing": 0.000569988,
    "FlipAngle": 64,
    "ImageComments": "Unaliased MB3/PE3/LB (remote)",
    "ImageType": [
      "ORIGINAL",
      "PRIMARY",
      "M",
      "MB",
      "ND",
      "NORM",
      "MOSAIC"
    ],
    "ImagingFrequency": 123.189,
    "InPlanePhaseEncodingDirectionDICOM": "COL",
    "InstitutionAddress": "Rue Michel-Servet 1,Geneve,District,CH,1211",
    "InstitutionName": "BBL - University of Geneva",
    "InstitutionalDepartmentName": "Department",
    "MRAcquisitionType": "2D",
    "MagneticFieldStrength": 3,
    "Manufacturer": "Siemens",
    "ManufacturersModelName": "TrioTim",
    "MatrixCoilMode": "SENSE",
    "Modality": "MR",
    "MultibandAccelerationFactor": 3,
    "NonlinearGradientCorrection": false,
    "PartialFourier": 1,
    "PatientPosition": "HFS",
    "PercentPhaseFOV": 100,
    "PercentSampling": 100,
    "PhaseEncodingDirection": "j-",
    "PhaseEncodingSteps": 84,
    "PhaseResolution": 1,
    "PixelBandwidth": 2289,
    "ProcedureStepDescription": "fMRI^PSYKOKWAK",
    "ProtocolName": "FILM_RUN",
    "PulseSequenceDetails": "%CustomerSeq%\\cmrr_mbep2d_bold",
    "ReceiveCoilName": "32Ch_Head",
    "ReconMatrixPE": 84,
    "RepetitionTime": 1.3,
    "ScanOptions": "FS",
    "ScanningSequence": "EP",
    "SequenceName": "epfid2d1_84",
    "SequenceVariant": "SK\\SS",
    "SeriesDescription": "FILM_RUN",
    "ShimSetting": [
      -13908,
      8933,
      19593,
      311,
      -16,
      -301,
      98,
      -47
    ],
    "SliceThickness": 2.5,
    "SliceTiming": [
      0,
      0.9425,
      0.58,
      0.2175,
      1.16,
      0.7975,
      0.435,
      0.0725,
      1.015,
      0.6525,
      0.29,
      1.2325,
      0.87,
      0.5075,
      0.145,
      1.0875,
      0.725,
      0.3625,
      0,
      0.9425,
      0.58,
      0.2175,
      1.16,
      0.7975,
      0.435,
      0.0725,
      1.015,
      0.6525,
      0.29,
      1.2325,
      0.87,
      0.5075,
      0.145,
      1.0875,
      0.725,
      0.3625,
      0,
      0.9425,
      0.58,
      0.2175,
      1.16,
      0.7975,
      0.435,
      0.0725,
      1.015,
      0.6525,
      0.29,
      1.2325,
      0.87,
      0.5075,
      0.145,
      1.0875,
      0.725,
      0.3625
    ],
    "SoftwareVersions": "syngo MR B17",
    "SpacingBetweenSlices": 2.5,
    "StationName": "MRC35383",
    "TaskName": "BigBuckBunny",
    "TotalReadoutTime": 0.047309,
    "dataset": "<unset>",
    "modality": "bold",
    "session_id": "2",
    "subject_id": "S30",
    "task_id": "BigBuckBunny"
  },
  "dummy_trs": 0,
  "dvars_nstd": 32.25496412092281,
  "dvars_std": 1.1517405812241046,
  "dvars_vstd": 0.9667680196610167,
  "efc": 0.4967724322786373,
  "fber": 4317.35107421875,
  "fd_mean": 0.2790840422259519,
  "fd_num": 274,
  "fd_perc": 51.50375939849624,
  "fwhm_avg": 1.8511733333333333,
  "fwhm_x": 1.73308,
  "fwhm_y": 2.007636,
  "fwhm_z": 1.8128039999999999,
  "gcor": 0.0248916,
  "gsr_x": -0.01190901454538107,
  "gsr_y": 0.02400536835193634,
  "provenance": {
    "md5sum": "62fa0dbb4d81e5e3474e860991bc571c",
    "settings": {
      "fd_thres": 0.2,
      "testing": false
    },
    "software": "mriqc",
    "version": "0.16.1",
    "webapi_port": null,
    "webapi_url": "https://mriqc.nimh.nih.gov/api/v1"
  },
  "size_t": 532,
  "size_x": 84,
  "size_y": 84,
  "size_z": 54,
  "snr": 7.020775268889567,
  "spacing_tr": 1.2999999523162842,
  "spacing_x": 2.5,
  "spacing_y": 2.5,
  "spacing_z": 2.5,
  "summary_bg_k": 25.93887947461082,
  "summary_bg_mad": 6.66357022454846,
  "summary_bg_mean": 25.194026947021484,
  "summary_bg_median": 8.27164363861084,
  "summary_bg_n": 253866.0,
  "summary_bg_p05": 2.9133337140083313,
  "summary_bg_p95": 100.66110038757324,
  "summary_bg_stdv": 46.177955627441406,
  "summary_fg_k": 2.425634174546416,
  "summary_fg_mad": 71.27523746696231,
  "summary_fg_mean": 552.374755859375,
  "summary_fg_median": 549.1834716796875,
  "summary_fg_n": 67528.0,
  "summary_fg_p05": 441.99303588867184,
  "summary_fg_p95": 677.904052734375,
  "summary_fg_stdv": 78.2220458984375,
  "tsnr": 42.16751480102539
}