{
  "bids_meta": {
    "AcquisitionMatrixPE": 256,
    "AcquisitionNumber": 1,
    "AcquisitionTime": "10:44:10.237500",
    "BaseResolution": 256,
    "CoilCombinationMethod": "Adaptive Combine",
    "CoilString": "C:HEA;HEP",
    "ConversionSoftware": "dcm2niix",
    "ConversionSoftwareVersion": "v1.0.20220720",
    "DeviceSerialNumber": "35383",
    "DwellTime": 1.03e-05,
    "EchoTime": 0.00227,
    "FlipAngle": 9,
    "ImageOrientationPatientDICOM": [
      -0.0854169,
      0.996345,
      2.28997e-08,
      0.0729705,
      0.0062558,
      -0.997314
    ],
    "ImageOrientationText": "Sag>Cor(-4.9)>Tra(-4.2)",
    "ImageType": [
      "ORIGINAL",
      "PRIMARY",
      "M",
      "ND",
      "NORM"
    ],
    "ImagingFrequency": 123.189,
    "InPlanePhaseEncodingDirectionDICOM": "ROW",
    "InstitutionAddress": "Rue Michel-Servet 1,Geneve,District,CH,1211",
    "InstitutionName": "BBL - University of Geneva",
    "InstitutionalDepartmentName": "Department",
    "InversionTime": 0.9,
    "MRAcquisitionType": "3D",
    "MagneticFieldStrength": 3,
    "Manufacturer": "Siemens",
    "ManufacturersModelName": "TrioTim",
    "MatrixCoilMode": "GRAPPA",
    "Modality": "MR",
    "NonlinearGradientCorrection": false,
    "ParallelReductionFactorInPlane": 2,
    "PartialFourier": 1,
    "PatientPosition": "HFS",
    "PercentPhaseFOV": 100,
    "PercentSampling": 100,
    "PhaseEncodingSteps": 294,
    "PhaseOversampling": 0.15,
    "PhaseResolution": 1,
    "PixelBandwidth": 190,
    "ProcedureStepDescription": "fMRI^PSYKOKWAK",
    "ProtocolName": "T1_1MM",
    "PulseSequenceDetails": "%SiemensSeq%\\tfl",
    "ReceiveCoilName": "32Ch_Head",
    "ReconMatrixPE": 256,
    "RefLinesPE": 24,
    "RepetitionTime": 1.9,
    "SAR": 0.185151,
    "ScanOptions": "IR",
    "ScanningSequence": "GR\\IR",
    "SequenceName": "*tfl3d1_ns",
    "SequenceVariant": "SP\\MP\\OSP",
    "SeriesDescription": "T1_1MM",
    "SeriesNumber": 4,
    "ShimSetting": [
      -13894,
      8934,
      19117,
      -207,
      151,
      18,
      206,
      4
    ],
    "SliceThickness": 1,
    "SoftwareVersions": "syngo MR B17",
    "StationName": "MRC35383",
    "TxRefAmp": 433.184,
    "dataset": "<unset>",
    "modality": "T1w",
    "session_id": "1",
    "subject_id": "S26"
  },
  "cjv": 0.34751218078046503,
  "cnr": 3.767925446870269,
  "efc": 0.5454714575267179,
  "fber": 10389.433673469388,
  "fwhm_avg": 3.825976666666667,
  "fwhm_x": 3.75461,
  "fwhm_y": 3.82208,
  "fwhm_z": 3.90124,
  "icvs_csf": 0.19757110812751125,
  "icvs_gm": 0.4301694662876148,
  "icvs_wm": 0.3722594255848739,
  "inu_med": 0.9492538571357727,
  "inu_range": 0.2858765602111817,
  "provenance": {
    "md5sum": "335ec10da82967e05933ce802200ef33",
    "settings": {
      "testing": false
    },
    "software": "mriqc",
    "version": "0.16.1",
    "warnings": {
      "large_rot_frame": true,
      "small_air_mask": false
    },
    "webapi_port": null,
    "webapi_url": "https://mriqc.nimh.nih.gov/api/v1"
  },
  "qi_1": 0.0,
  "qi_2": 0.016529501640466543,
  "rpve_csf": 29.8229899704339,
  "rpve_gm": 14.636432633993074,
  "rpve_wm": 19.971198819199508,
  "size_x": 192,
  "size_y": 256,
  "size_z": 256,
  "snr_csf": 3.5225863423167354,
  "snr_gm": 14.046823261705297,
  "snr_total": 13.672242846328045,
  "snr_wm": 23.4473189349621,
  "snrd_csf": 39.180272419294795,
  "snrd_gm": 85.6826198880601,
  "snrd_total": 80.05442879656663,
  "snrd_wm": 115.30039408234498,
  "spacing_x": 1.0,
  "spacing_y": 1.0,
  "spacing_z": 1.0,
  "summary_bg_k": 13.471632051315947,
  "summary_bg_mad": 5.681996070170469,
  "summary_bg_mean": 5.151832699584476,
  "summary_bg_median": 3.832448109984398,
  "summary_bg_n": 3104692.0,
  "summary_bg_p05": 0.0,
  "summary_bg_p95": 15.329792439937592,
  "summary_bg_stdv": 5.494538628130505,
  "summary_csf_k": 2.7278418929334203,
  "summary_csf_mad": 77.75363043391168,
  "summary_csf_mean": 363.4613185420432,
  "summary_csf_median": 339.8103990852833,
  "summary_csf_n": 18255.0,
  "summary_csf_p05": 249.42513602823018,
  "summary_csf_p95": 553.815646265447,
  "summary_csf_stdv": 96.46352384661235,
  "summary_gm_k": 0.2696182089822683,
  "summary_gm_mad": 49.99159700334194,
  "summary_gm_mean": 740.4432105454882,
  "summary_gm_median": 743.1251357123256,
  "summary_gm_n": 16764.0,
  "summary_gm_p05": 649.307478339225,
  "summary_gm_p95": 823.640163987875,
  "summary_gm_stdv": 52.901852413361475,
  "summary_wm_k": 0.6351856215514777,
  "summary_wm_mad": 39.275551783283596,
  "summary_wm_mean": 999.7593185231492,
  "summary_wm_median": 1000.0000129789114,
  "summary_wm_n": 183084.0,
  "summary_wm_p05": 928.6626893877983,
  "summary_wm_p95": 1069.1185508221388,
  "summary_wm_stdv": 42.64868340649343,
  "tpm_overlap_csf": 0.17305172979831696,
  "tpm_overlap_gm": 0.4319729804992676,
  "tpm_overlap_wm": 0.48967045545578003,
  "wm2max": 0.37734801172190907
}