{
  "bids_meta": {
    "AcquisitionMatrixPE": 256,
    "AcquisitionNumber": 1,
    "AcquisitionTime": "14:39:18.120000",
    "BaseResolution": 256,
    "CoilCombinationMethod": "Adaptive Combine",
    "CoilString": "C:HEA;HEP",
    "ConversionSoftware": "dcm2niix",
    "ConversionSoftwareVersion": "v1.0.20220720",
    "DeviceSerialNumber": "35383",
    "DwellTime": 1.03e-05,
    "EchoTime": 0.00227,
    "FlipAngle": 9,
    "ImageOrientationPatientDICOM": [
      0,
      1,
      0,
      0,
      0,
      -1
    ],
    "ImageOrientationText": "Sag",
    "ImageType": [
      "ORIGINAL",
      "PRIMARY",
      "M",
      "ND",
      "NORM"
    ],
    "ImagingFrequency": 123.189,
    "InPlanePhaseEncodingDirectionDICOM": "ROW",
    "InstitutionAddress": "Rue Michel-Servet 1,Geneve,District,CH,1211",
    "InstitutionName": "BBL - University of Geneva",
    "InstitutionalDepartmentName": "Department",
    "InversionTime": 0.9,
    "MRAcquisitionType": "3D",
    "MagneticFieldStrength": 3,
    "Manufacturer": "Siemens",
    "ManufacturersModelName": "TrioTim",
    "MatrixCoilMode": "GRAPPA",
    "Modality": "MR",
    "NonlinearGradientCorrection": false,
    "ParallelReductionFactorInPlane": 2,
    "PartialFourier": 1,
    "PatientPosition": "HFS",
    "PercentPhaseFOV": 100,
    "PercentSampling": 100,
    "PhaseEncodingSteps": 294,
    "PhaseOversampling": 0.15,
    "PhaseResolution": 1,
    "PixelBandwidth": 190,
    "ProcedureStepDescription": "fMRI^PSYKOKWAK",
    "ProtocolName": "T1_1MM",
    "PulseSequenceDetails": "%SiemensSeq%\\tfl",
    "ReceiveCoilName": "32Ch_Head",
    "ReconMatrixPE": 256,
    "RefLinesPE": 24,
    "RepetitionTime": 1.9,
    "SAR": 0.163578,
    "ScanOptions": "IR",
    "ScanningSequence": "GR\\IR",
    "SequenceName": "*tfl3d1_ns",
    "SequenceVariant": "SP\\MP\\OSP",
    "SeriesDescription": "T1_1MM",
    "SeriesNumber": 4,
    "ShimSetting": [
      -13894,
      8934,
      19117,
      -207,
      151,
      18,
      206,
      4
    ],
    "SliceThickness": 1,
    "SoftwareVersions": "syngo MR B17",
    "StationName": "MRC35383",
    "TxRefAmp": 341.099,
    "dataset": "<unset>",
    "modality": "T1w",
    "session_id": "1",
    "subject_id": "S05"
  },
  "cjv": 0.4522348480007588,
  "cnr": 2.9993833256319435,
  "efc": 0.5525819642395117,
  "fber": 9360.92622533778,
  "fwhm_avg": 3.800333333333333,
  "fwhm_x": 3.84903,
  "fwhm_y": 3.76762,
  "fwhm_z": 3.78435,
  "icvs_csf": 0.18902842566592204,
  "icvs_gm": 0.4286484144358132,
  "icvs_wm": 0.38232315989826476,
  "inu_med": 1.0664526224136353,
  "inu_range": 0.31224515438079836,
  "provenance": {
    "md5sum": "1c61adf76c0abd49cab4ab747d744bed",
    "settings": {
      "testing": false
    },
    "software": "mriqc",
    "version": "0.16.1",
    "warnings": {
      "large_rot_frame": true,
      "small_air_mask": false
    },
    "webapi_port": null,
    "webapi_url": "https://mriqc.nimh.nih.gov/api/v1"
  },
  "qi_1": 0.0,
  "qi_2": 0.006782858197640236,
  "rpve_csf": 35.08218379039292,
  "rpve_gm": 16.650628698868434,
  "rpve_wm": 22.195782731732415,
  "size_x": 192,
  "size_y": 256,
  "size_z": 256,
  "snr_csf": 3.3165392358135595,
  "snr_gm": 15.107784458767119,
  "snr_total": 13.489642766773827,
  "snr_wm": 22.0446046057408,
  "snrd_csf": 41.230300700688154,
  "snrd_gm": 85.54718553765113,
  "snrd_total": 78.29569139697983,
  "snrd_wm": 108.10958795260021,
  "spacing_x": 1.0,
  "spacing_y": 1.0,
  "spacing_z": 1.0,
  "summary_bg_k": 14.537272943198627,
  "summary_bg_mad": 6.059928576141569,
  "summary_bg_mean": 5.548326029641364,
  "summary_bg_median": 4.148365080356598,
  "summary_bg_n": 2307454.0,
  "summary_bg_p05": 0.0,
  "summary_bg_p95": 16.532454952597618,
  "summary_bg_stdv": 6.37000677231276,
  "summary_csf_k": -0.1571203315841383,
  "summary_csf_mad": 107.8576839858033,
  "summary_csf_mean": 411.8116201389827,
  "summary_csf_median": 381.3750632330775,
  "summary_csf_n": 12458.0,
  "summary_csf_p05": 268.05759063363075,
  "summary_csf_p95": 628.6084712170064,
  "summary_csf_stdv": 114.98725912109228,
  "summary_gm_k": 0.05473876478172812,
  "summary_gm_mad": 52.052073068201096,
  "summary_gm_mean": 789.2543245996235,
  "summary_gm_median": 791.300639078021,
  "summary_gm_n": 13870.0,
  "summary_gm_p05": 698.4169147677719,
  "summary_gm_p95": 871.8887313008308,
  "summary_gm_stdv": 52.37512588993921,
  "summary_wm_k": 0.41199988247716357,
  "summary_wm_mad": 42.329053337824696,
  "summary_wm_mean": 998.9009564643668,
  "summary_wm_median": 1000.0000058412552,
  "summary_wm_n": 172053.0,
  "summary_wm_p05": 919.8999565690756,
  "summary_wm_p95": 1071.0712605267763,
  "summary_wm_stdv": 45.36244208686478,
  "tpm_overlap_csf": 0.17551985383033752,
  "tpm_overlap_gm": 0.43377792835235596,
  "tpm_overlap_wm": 0.4991971552371979,
  "wm2max": 0.39029500702397674
}