{
  "bids_meta": {
    "AcquisitionMatrixPE": 256,
    "AcquisitionNumber": 1,
    "AcquisitionTime": "10:39:38.065000",
    "BaseResolution": 256,
    "CoilCombinationMethod": "Adaptive Combine",
    "CoilString": "C:HEA;HEP",
    "ConversionSoftware": "dcm2niix",
    "ConversionSoftwareVersion": "v1.0.20220720",
    "DeviceSerialNumber": "35383",
    "DwellTime": 1.03e-05,
    "EchoTime": 0.00227,
    "FlipAngle": 9,
    "ImageOrientationPatientDICOM": [
      0,
      1,
      1e-16,
      -0.0244322,
      0,
      -0.999701
    ],
    "ImageOrientationText": "Sag>Tra(1.4)",
    "ImageType": [
      "ORIGINAL",
      "PRIMARY",
      "M",
      "ND",
      "NORM"
    ],
    "ImagingFrequency": 123.189,
    "InPlanePhaseEncodingDirectionDICOM": "ROW",
    "InstitutionAddress": "Rue Michel-Servet 1,Geneve,District,CH,1211",
    "InstitutionName": "BBL - University of Geneva",
    "InstitutionalDepartmentName": "Department",
    "InversionTime": 0.9,
    "MRAcquisitionType": "3D",
    "MagneticFieldStrength": 3,
    "Manufacturer": "Siemens",
    "ManufacturersModelName": "TrioTim",
    "MatrixCoilMode": "GRAPPA",
    "Modality": "MR",
    "NonlinearGradientCorrection": false,
    "ParallelReductionFactorInPlane": 2,
    "PartialFourier": 1,
    "PatientPosition": "HFS",
    "PercentPhaseFOV": 100,
    "PercentSampling": 100,
    "PhaseEncodingSteps": 294,
    "PhaseOversampling": 0.15,
    "PhaseResolution": 1,
    "PixelBandwidth": 190,
    "ProcedureStepDescription": "fMRI^PSYKOKWAK",
    "ProtocolName": "T1_1MM",
    "PulseSequenceDetails": "%SiemensSeq%\\tfl",
    "ReceiveCoilName": "32Ch_Head",
    "ReconMatrixPE": 256,
    "RefLinesPE": 24,
    "RepetitionTime": 1.9,
    "SAR": 0.142124,
    "ScanOptions": "IR",
    "ScanningSequence": "GR\\IR",
    "SequenceName": "*tfl3d1_ns",
    "SequenceVariant": "SP\\MP\\OSP",
    "SeriesDescription": "T1_1MM",
    "SeriesNumber": 4,
    "ShimSetting": [
      -13894,
      8934,
      19117,
      -207,
      151,
      18,
      206,
      4
    ],
    "SliceThickness": 1,
    "SoftwareVersions": "syngo MR B17",
    "StationName": "MRC35383",
    "TxRefAmp": 405.89,
    "dataset": "<unset>",
    "modality": "T1w",
    "session_id": "1",
    "subject_id": "S07"
  },
  "cjv": 0.5118507659126483,
  "cnr": 2.58321539081387,
  "efc": 0.6228262085981341,
  "fber": 2353.982461734694,
  "fwhm_avg": 3.9311899999999995,
  "fwhm_x": 3.83466,
  "fwhm_y": 3.88984,
  "fwhm_z": 4.06907,
  "icvs_csf": 0.220102436846677,
  "icvs_gm": 0.3933759913956462,
  "icvs_wm": 0.38652157175767676,
  "inu_med": 1.323351502418518,
  "inu_range": 0.32972973585128784,
  "provenance": {
    "md5sum": "95c529170ac04c1d430b50d78e2f4542",
    "settings": {
      "testing": false
    },
    "software": "mriqc",
    "version": "0.16.1",
    "warnings": {
      "large_rot_frame": true,
      "small_air_mask": false
    },
    "webapi_port": null,
    "webapi_url": "https://mriqc.nimh.nih.gov/api/v1"
  },
  "qi_1": 0.0001540124665938123,
  "qi_2": 0.0056269183319084546,
  "rpve_csf": 26.613802501996275,
  "rpve_gm": 14.210144844485297,
  "rpve_wm": 17.140882577937337,
  "size_x": 192,
  "size_y": 256,
  "size_z": 256,
  "snr_csf": 3.7933517234614422,
  "snr_gm": 11.812755158937621,
  "snr_total": 10.160516156938849,
  "snr_wm": 14.875441588417484,
  "snrd_csf": 23.924237140985316,
  "snrd_gm": 52.79912551121016,
  "snrd_total": 48.977295757621356,
  "snrd_wm": 70.20852462066858,
  "spacing_x": 1.0,
  "spacing_y": 1.0,
  "spacing_z": 1.0,
  "summary_bg_k": 13.353921272948313,
  "summary_bg_mad": 9.33181394868365,
  "summary_bg_mean": 17.384991505346107,
  "summary_bg_median": 6.294212859123945,
  "summary_bg_n": 2138910.0,
  "summary_bg_p05": 0.0,
  "summary_bg_p95": 69.45914544537663,
  "summary_bg_stdv": 25.351099747289517,
  "summary_csf_k": 0.5537440508829437,
  "summary_csf_mad": 80.84819341381674,
  "summary_csf_mean": 353.7407332919439,
  "summary_csf_median": 340.778710372746,
  "summary_csf_n": 44073.0,
  "summary_csf_p05": 227.14867291599512,
  "summary_csf_p95": 522.4419477067888,
  "summary_csf_stdv": 89.83476068722581,
  "summary_gm_k": 0.10164072625840381,
  "summary_gm_mad": 62.10198309212481,
  "summary_gm_mean": 752.9160699572233,
  "summary_gm_median": 752.0748851671815,
  "summary_gm_n": 12290.0,
  "summary_gm_p05": 647.69121350348,
  "summary_gm_p95": 858.9205409757791,
  "summary_gm_stdv": 63.66374968419817,
  "summary_wm_k": 0.3814650904272794,
  "summary_wm_mad": 64.82720309483774,
  "summary_wm_mean": 1005.1771370100091,
  "summary_wm_median": 1000.0557316169143,
  "summary_wm_n": 191674.0,
  "summary_wm_p05": 904.194312762469,
  "summary_wm_p95": 1124.7702678255737,
  "summary_wm_stdv": 67.22846625615202,
  "tpm_overlap_csf": 0.15617826581001282,
  "tpm_overlap_gm": 0.39992618560791016,
  "tpm_overlap_wm": 0.4575299620628357,
  "wm2max": 0.4201928477813144
}