{
  "aor": 0.0009926399155227032,
  "aqi": 0.015530190327349525,
  "bids_meta": {
    "AcquisitionMatrixPE": 84,
    "AcquisitionNumber": 1,
    "AcquisitionTime": "12:17:00.000000",
    "BandwidthPerPixelPhaseEncode": 20.886,
    "BaseResolution": 84,
    "CoilCombinationMethod": "Sum of Squares",
    "CoilString": "C:HEA;HEP",
    "ConversionSoftware": "dicom2nifti",
    "ConversionSoftwareVersion": "v2.2.10",
    "DerivedVendorReportedEchoSpacing": 0.000569988,
    "DeviceSerialNumber": "35383",
    "DwellTime": 2.6e-06,
    "EchoTime": 0.03,
    "EffectiveEchoSpacing": 0.000569988,
    "FlipAngle": 64,
    "ImageComments": "Unaliased MB3/PE3/LB (remote)",
    "ImageType": [
      "ORIGINAL",
      "PRIMARY",
      "M",
      "MB",
      "ND",
      "NORM",
      "MOSAIC"
    ],
    "ImagingFrequency": 123.189,
    "InPlanePhaseEncodingDirectionDICOM": "COL",
    "InstitutionAddress": "Rue Michel-Servet 1,Geneve,District,CH,1211",
    "InstitutionName": "BBL - University of Geneva",
    "InstitutionalDepartmentName": "Department",
    "MRAcquisitionType": "2D",
    "MagneticFieldStrength": 3,
    "Manufacturer": "Siemens",
    "ManufacturersModelName": "TrioTim",
    "MatrixCoilMode": "SENSE",
    "Modality": "MR",
    "MultibandAccelerationFactor": 3,
    "NonlinearGradientCorrection": false,
    "PartialFourier": 1,
    "PatientPosition": "HFS",
    "PercentPhaseFOV": 100,
    "PercentSampling": 100,
    "PhaseEncodingDirection": "j-",
    "PhaseEncodingSteps": 84,
    "PhaseResolution": 1,
    "PixelBandwidth": 2289,
    "ProcedureStepDescription": "fMRI^PSYKOKWAK",
    "ProtocolName": "FILM_RUN",
    "PulseSequenceDetails": "%CustomerSeq%\\cmrr_mbep2d_bold",
    "ReceiveCoilName": "32Ch_Head",
    "ReconMatrixPE": 84,
    "RepetitionTime": 1.3,
    "ScanOptions": "FS",
    "ScanningSequence": "EP",
    "SequenceName": "epfid2d1_84",
    "SequenceVariant": "SK\\SS",
    "SeriesDescription": "FILM_RUN",
    "ShimSetting": [
      -13908,
      8933,
      19593,
      311,
      -16,
      -301,
      98,
      -47
    ],
    "SliceThickness": 2.5,
    "SliceTiming": [
      0,
      0.9425,
      0.58,
      0.2175,
      1.16,
      0.7975,
      0.435,
      0.0725,
      1.015,
      0.6525,
      0.29,
      1.2325,
      0.87,
      0.5075,
      0.145,
      1.0875,
      0.725,
      0.3625,
      0,
      0.9425,
      0.58,
      0.2175,
      1.16,
      0.7975,
      0.435,
      0.0725,
      1.015,
      0.6525,
      0.29,
      1.2325,
      0.87,
      0.5075,
      0.145,
      1.0875,
      0.725,
      0.3625,
      0,
      0.9425,
      0.58,
      0.2175,
      1.16,
      0.7975,
      0.435,
      0.0725,
      1.015,
      0.6525,
      0.29,
      1.2325,
      0.87,
      0.5075,
      0.145,
      1.0875,
      0.725,
      0.3625
    ],
    "SoftwareVersions": "syngo MR B17",
    "SpacingBetweenSlices": 2.5,
    "StationName": "MRC35383",
    "TaskName": "Superhero",
    "TotalReadoutTime": 0.047309,
    "dataset": "<unset>",
    "modality": "bold",
    "session_id": "5",
    "subject_id": "S28",
    "task_id": "Superhero"
  },
  "dummy_trs": 1,
  "dvars_nstd": 34.618877551934446,
  "dvars_std": 1.3066174407822413,
  "dvars_vstd": 0.9949185507399583,
  "efc": 0.5160350671338426,
  "fber": 3984.367431640625,
  "fd_mean": 0.1939649790368434,
  "fd_num": 418,
  "fd_perc": 44.13938753959873,
  "fwhm_avg": 1.780428,
  "fwhm_x": 1.65154,
  "fwhm_y": 1.972884,
  "fwhm_z": 1.71686,
  "gcor": 0.0264626,
  "gsr_x": -0.016569513827562332,
  "gsr_y": 0.028226884081959724,
  "provenance": {
    "md5sum": "11d58a272cee6ce87ff9bc9a1e76910f",
    "settings": {
      "fd_thres": 0.2,
      "testing": false
    },
    "software": "mriqc",
    "version": "0.16.1",
    "webapi_port": null,
    "webapi_url": "https://mriqc.nimh.nih.gov/api/v1"
  },
  "size_t": 947,
  "size_x": 84,
  "size_y": 84,
  "size_z": 54,
  "snr": 7.3835058000576685,
  "spacing_tr": 1.2999999523162842,
  "spacing_x": 2.5,
  "spacing_y": 2.5,
  "spacing_z": 2.5,
  "summary_bg_k": 17.791592406728707,
  "summary_bg_mad": 6.324581749546496,
  "summary_bg_mean": 25.500076293945312,
  "summary_bg_median": 8.077447891235352,
  "summary_bg_n": 246897.0,
  "summary_bg_p05": 2.992080116271973,
  "summary_bg_p95": 109.43212890624989,
  "summary_bg_stdv": 45.778133392333984,
  "summary_fg_k": 2.691682819120519,
  "summary_fg_mad": 65.09097911335843,
  "summary_fg_mean": 524.7858276367188,
  "summary_fg_median": 521.826171875,
  "summary_fg_n": 72873.0,
  "summary_fg_p05": 425.36494140625,
  "summary_fg_p95": 640.65546875,
  "summary_fg_stdv": 70.6740951538086,
  "tsnr": 51.82670211791992
}