{
  "bids_meta": {
    "AcquisitionMatrixPE": 256,
    "AcquisitionNumber": 1,
    "AcquisitionTime": "10:59:48.915000",
    "BaseResolution": 256,
    "CoilCombinationMethod": "Adaptive Combine",
    "CoilString": "C:HEA;HEP",
    "ConversionSoftware": "dcm2niix",
    "ConversionSoftwareVersion": "v1.0.20220720",
    "DeviceSerialNumber": "35383",
    "DwellTime": 1.03e-05,
    "EchoTime": 0.00227,
    "FlipAngle": 9,
    "ImageOrientationPatientDICOM": [
      0,
      1,
      0,
      0,
      0,
      -1
    ],
    "ImageOrientationText": "Sag",
    "ImageType": [
      "ORIGINAL",
      "PRIMARY",
      "M",
      "ND",
      "NORM"
    ],
    "ImagingFrequency": 123.189,
    "InPlanePhaseEncodingDirectionDICOM": "ROW",
    "InstitutionAddress": "Rue Michel-Servet 1,Geneve,District,CH,1211",
    "InstitutionName": "BBL - University of Geneva",
    "InstitutionalDepartmentName": "Department",
    "InversionTime": 0.9,
    "MRAcquisitionType": "3D",
    "MagneticFieldStrength": 3,
    "Manufacturer": "Siemens",
    "ManufacturersModelName": "TrioTim",
    "MatrixCoilMode": "GRAPPA",
    "Modality": "MR",
    "NonlinearGradientCorrection": false,
    "ParallelReductionFactorInPlane": 2,
    "PartialFourier": 1,
    "PatientPosition": "HFS",
    "PercentPhaseFOV": 100,
    "PercentSampling": 100,
    "PhaseEncodingSteps": 294,
    "PhaseOversampling": 0.15,
    "PhaseResolution": 1,
    "PixelBandwidth": 190,
    "ProcedureStepDescription": "fMRI^PSYKOKWAK",
    "ProtocolName": "T1_1MM",
    "PulseSequenceDetails": "%SiemensSeq%\\tfl",
    "ReceiveCoilName": "32Ch_Head",
    "ReconMatrixPE": 256,
    "RefLinesPE": 24,
    "RepetitionTime": 1.9,
    "SAR": 0.137303,
    "ScanOptions": "IR",
    "ScanningSequence": "GR\\IR",
    "SequenceName": "*tfl3d1_ns",
    "SequenceVariant": "SP\\MP\\OSP",
    "SeriesDescription": "T1_1MM",
    "SeriesNumber": 4,
    "ShimSetting": [
      -13894,
      8934,
      19117,
      -207,
      151,
      18,
      206,
      4
    ],
    "SliceThickness": 1,
    "SoftwareVersions": "syngo MR B17",
    "StationName": "MRC35383",
    "TxRefAmp": 325.586,
    "dataset": "<unset>",
    "modality": "T1w",
    "session_id": "1",
    "subject_id": "S03"
  },
  "cjv": 0.4016450839345953,
  "cnr": 3.242813661219138,
  "efc": 0.5506762057736714,
  "fber": 12627.171893579074,
  "fwhm_avg": 3.8453166666666667,
  "fwhm_x": 3.78982,
  "fwhm_y": 3.9092,
  "fwhm_z": 3.83693,
  "icvs_csf": 0.1968831315835404,
  "icvs_gm": 0.4203900383798638,
  "icvs_wm": 0.38272683003659586,
  "inu_med": 0.9575591683387756,
  "inu_range": 0.25346999764442457,
  "provenance": {
    "md5sum": "a1f1f145b0b02bd5b438c7ef94467744",
    "settings": {
      "testing": false
    },
    "software": "mriqc",
    "version": "0.16.1",
    "warnings": {
      "large_rot_frame": true,
      "small_air_mask": false
    },
    "webapi_port": null,
    "webapi_url": "https://mriqc.nimh.nih.gov/api/v1"
  },
  "qi_1": 0.0,
  "qi_2": 0.0130477254666431,
  "rpve_csf": 31.934735406214557,
  "rpve_gm": 15.897643013217753,
  "rpve_wm": 21.08639028115659,
  "size_x": 192,
  "size_y": 256,
  "size_z": 256,
  "snr_csf": 3.2252238202583032,
  "snr_gm": 12.868068226401455,
  "snr_total": 13.84444707979676,
  "snr_wm": 25.44004919273052,
  "snrd_csf": 50.86604008440919,
  "snrd_gm": 101.49590144604198,
  "snrd_total": 94.884166986382,
  "snrd_wm": 132.29055942869485,
  "spacing_x": 1.0,
  "spacing_y": 1.0,
  "spacing_z": 1.0,
  "summary_bg_k": 17.82068510083974,
  "summary_bg_mad": 4.952253489005635,
  "summary_bg_mean": 6.040625031908385,
  "summary_bg_median": 3.3402442187070847,
  "summary_bg_n": 2383856.0,
  "summary_bg_p05": 0.0,
  "summary_bg_p95": 19.75351322442293,
  "summary_bg_stdv": 7.2959646282747705,
  "summary_csf_k": -0.469340219326714,
  "summary_csf_mad": 131.10664193738194,
  "summary_csf_mean": 407.36251506337817,
  "summary_csf_median": 384.5024228654802,
  "summary_csf_n": 13092.0,
  "summary_csf_p05": 248.2463744301349,
  "summary_csf_p95": 616.185793204233,
  "summary_csf_stdv": 119.21273045836385,
  "summary_gm_k": -0.03349273435523514,
  "summary_gm_mad": 58.146286655393745,
  "summary_gm_mean": 766.3689031684067,
  "summary_gm_median": 767.219542786479,
  "summary_gm_n": 13691.0,
  "summary_gm_p05": 666.4651072584093,
  "summary_gm_p95": 864.1730107553303,
  "summary_gm_stdv": 59.61978982834547,
  "summary_wm_k": 0.8201249763808969,
  "summary_wm_mad": 35.34884386979884,
  "summary_wm_mean": 998.5375113316916,
  "summary_wm_median": 1000.0000105798244,
  "summary_wm_n": 183990.0,
  "summary_wm_p05": 930.6611478328705,
  "summary_wm_p95": 1060.2395873516798,
  "summary_wm_stdv": 39.3079936859106,
  "tpm_overlap_csf": 0.174815833568573,
  "tpm_overlap_gm": 0.43991732597351074,
  "tpm_overlap_wm": 0.5088955760002136,
  "wm2max": 0.41729350412150634
}