{
  "aor": 0.0018343667546174146,
  "aqi": 0.014023548878627968,
  "bids_meta": {
    "AcquisitionMatrixPE": 84,
    "AcquisitionNumber": 1,
    "AcquisitionTime": "11:22:33.000006",
    "BandwidthPerPixelPhaseEncode": 20.886,
    "BaseResolution": 84,
    "CoilCombinationMethod": "Sum of Squares",
    "CoilString": "C:HEA;HEP",
    "ConversionSoftware": "dicom2nifti",
    "ConversionSoftwareVersion": "v2.2.10",
    "DerivedVendorReportedEchoSpacing": 0.000569988,
    "DeviceSerialNumber": "35383",
    "DwellTime": 2.6e-06,
    "EchoTime": 0.03,
    "EffectiveEchoSpacing": 0.000569988,
    "FlipAngle": 64,
    "ImageComments": "Unaliased MB3/PE3/LB (remote)",
    "ImageType": [
      "ORIGINAL",
      "PRIMARY",
      "M",
      "MB",
      "ND",
      "NORM",
      "MOSAIC"
    ],
    "ImagingFrequency": 123.189,
    "InPlanePhaseEncodingDirectionDICOM": "COL",
    "InstitutionAddress": "Rue Michel-Servet 1,Geneve,District,CH,1211",
    "InstitutionName": "BBL - University of Geneva",
    "InstitutionalDepartmentName": "Department",
    "MRAcquisitionType": "2D",
    "MagneticFieldStrength": 3,
    "Manufacturer": "Siemens",
    "ManufacturersModelName": "TrioTim",
    "MatrixCoilMode": "SENSE",
    "Modality": "MR",
    "MultibandAccelerationFactor": 3,
    "NonlinearGradientCorrection": false,
    "PartialFourier": 1,
    "PatientPosition": "HFS",
    "PercentPhaseFOV": 100,
    "PercentSampling": 100,
    "PhaseEncodingDirection": "j-",
    "PhaseEncodingSteps": 84,
    "PhaseResolution": 1,
    "PixelBandwidth": 2289,
    "ProcedureStepDescription": "fMRI^PSYKOKWAK",
    "ProtocolName": "FILM_RUN",
    "PulseSequenceDetails": "%CustomerSeq%\\cmrr_mbep2d_bold",
    "ReceiveCoilName": "32Ch_Head",
    "ReconMatrixPE": 84,
    "RepetitionTime": 1.3,
    "ScanOptions": "FS",
    "ScanningSequence": "EP",
    "SequenceName": "epfid2d1_84",
    "SequenceVariant": "SK\\SS",
    "SeriesDescription": "FILM_RUN",
    "ShimSetting": [
      -13908,
      8933,
      19593,
      311,
      -16,
      -301,
      98,
      -47
    ],
    "SliceThickness": 2.5,
    "SliceTiming": [
      0,
      0.9425,
      0.58,
      0.2175,
      1.16,
      0.7975,
      0.435,
      0.0725,
      1.015,
      0.6525,
      0.29,
      1.2325,
      0.87,
      0.5075,
      0.145,
      1.0875,
      0.725,
      0.3625,
      0,
      0.9425,
      0.58,
      0.2175,
      1.16,
      0.7975,
      0.435,
      0.0725,
      1.015,
      0.6525,
      0.29,
      1.2325,
      0.87,
      0.5075,
      0.145,
      1.0875,
      0.725,
      0.3625,
      0,
      0.9425,
      0.58,
      0.2175,
      1.16,
      0.7975,
      0.435,
      0.0725,
      1.015,
      0.6525,
      0.29,
      1.2325,
      0.87,
      0.5075,
      0.145,
      1.0875,
      0.725,
      0.3625
    ],
    "SoftwareVersions": "syngo MR B17",
    "SpacingBetweenSlices": 2.5,
    "StationName": "MRC35383",
    "TaskName": "TheSecretNumber",
    "TotalReadoutTime": 0.047309,
    "dataset": "<unset>",
    "modality": "bold",
    "session_id": "3",
    "subject_id": "S10",
    "task_id": "TheSecretNumber"
  },
  "dummy_trs": 0,
  "dvars_nstd": 29.856228907886454,
  "dvars_std": 1.269316760739761,
  "dvars_vstd": 1.00781683692206,
  "efc": 0.5327354672823558,
  "fber": 3867.751708984375,
  "fd_mean": 0.1300137314899699,
  "fd_num": 64,
  "fd_perc": 8.443271767810026,
  "fwhm_avg": 1.763164,
  "fwhm_x": 1.6626919999999998,
  "fwhm_y": 1.903032,
  "fwhm_z": 1.7237680000000002,
  "gcor": 0.034797,
  "gsr_x": 0.0029628300108015537,
  "gsr_y": 0.03269130736589432,
  "provenance": {
    "md5sum": "db262440f2e419fc7c3ade4688f0bcae",
    "settings": {
      "fd_thres": 0.2,
      "testing": false
    },
    "software": "mriqc",
    "version": "0.16.1",
    "webapi_port": null,
    "webapi_url": "https://mriqc.nimh.nih.gov/api/v1"
  },
  "size_t": 758,
  "size_x": 84,
  "size_y": 84,
  "size_z": 54,
  "snr": 6.835320020475413,
  "spacing_tr": 1.2999999523162842,
  "spacing_x": 2.5,
  "spacing_y": 2.5,
  "spacing_z": 2.5,
  "summary_bg_k": 16.934011268539763,
  "summary_bg_mad": 7.402205565027501,
  "summary_bg_mean": 30.66551399230957,
  "summary_bg_median": 9.148815155029297,
  "summary_bg_n": 239696.0,
  "summary_bg_p05": 3.277904450893402,
  "summary_bg_p95": 138.97204971313477,
  "summary_bg_stdv": 54.16685485839844,
  "summary_fg_k": 2.689525945163786,
  "summary_fg_mad": 77.02219874897632,
  "summary_fg_mean": 585.4027709960938,
  "summary_fg_median": 583.6268920898438,
  "summary_fg_n": 78529.0,
  "summary_fg_p05": 458.9426391601562,
  "summary_fg_p95": 718.2745971679685,
  "summary_fg_stdv": 85.3834457397461,
  "tsnr": 50.9033317565918
}