{
	"Modality": "MR",
	"MagneticFieldStrength": 3,
	"ImagingFrequency": 123.189,
	"Manufacturer": "Siemens",
	"ManufacturersModelName": "TrioTim",
	"InstitutionName": "BBL_-_University_of_Geneva",
	"InstitutionalDepartmentName": "Department",
	"InstitutionAddress": "Rue_Michel-Servet_1_Geneve_District_CH_1211",
	"DeviceSerialNumber": "35383",
	"StationName": "MRC35383",
	"PatientPosition": "HFS",
	"ProcedureStepDescription": "fMRI_PSYKOKWAK",
	"SoftwareVersions": "syngo_MR_B17",
	"MRAcquisitionType": "2D",
	"SeriesDescription": "FIELD_MAP_32ch_2.5mm",
	"ProtocolName": "FIELD_MAP_32ch_2.5mm",
	"ScanningSequence": "GR",
	"SequenceVariant": "SP",
	"SequenceName": "_fm2d2r",
	"ImageType": ["ORIGINAL", "PRIMARY", "M", "ND"],
	"SeriesNumber": 2,
	"AcquisitionTime": "10:39:41.697500",
	"AcquisitionNumber": 1,
	"SliceThickness": 2.5,
	"SpacingBetweenSlices": 2.5,
	"SAR": 0.267686,
	"EchoNumber": 1,
	"EchoTime": 0.00519,
	"RepetitionTime": 0.571,
	"FlipAngle": 60,
	"PartialFourier": 1,
	"BaseResolution": 84,
	"ShimSetting": [
		-13859,
		8745,
		19573,
		409,
		49,
		-248,
		481,
		0	],
	"TxRefAmp": 321.728,
	"PhaseResolution": 1,
	"ReceiveCoilName": "32Ch_Head",
	"CoilString": "C:HEA;HEP",
	"PulseSequenceDetails": "%SiemensSeq%_gre_field_mapping",
	"PercentPhaseFOV": 100,
	"PhaseEncodingSteps": 84,
	"AcquisitionMatrixPE": 84,
	"ReconMatrixPE": 84,
	"PixelBandwidth": 322,
	"DwellTime": 1.85e-05,
	"PhaseEncodingDirection": "j-",
	"SliceTiming": [
		0.28125,
		0,
		0.29688,
		0.00781,
		0.30469,
		0.01562,
		0.3125,
		0.03125,
		0.32812,
		0.03906,
		0.33594,
		0.05469,
		0.35156,
		0.0625,
		0.35938,
		0.07031,
		0.36719,
		0.08594,
		0.38281,
		0.09375,
		0.39062,
		0.10156,
		0.39844,
		0.11719,
		0.41406,
		0.125,
		0.42188,
		0.13281,
		0.42969,
		0.14844,
		0.44531,
		0.15625,
		0.45312,
		0.17188,
		0.46875,
		0.17969,
		0.47656,
		0.1875,
		0.48438,
		0.19531,
		0.49219,
		0.21094,
		0.50781,
		0.21875,
		0.51562,
		0.23438,
		0.53125,
		0.24219,
		0.53906,
		0.25,
		0.55469,
		0.26562,
		0.5625,
		0.27344	],
	"ImageOrientationPatientDICOM": [
		0.998987,
		-0.00564637,
		0.0446497,
		-1.33341e-08,
		0.992099,
		0.12546	],
	"InPlanePhaseEncodingDirectionDICOM": "COL",
	"ConversionSoftware": "dcm2niix",
	"ConversionSoftwareVersion": "v1.0.20190902"
}
