{
  "aor": 0.0007167441860465117,
  "aqi": 0.010286812545219638,
  "bids_meta": {
    "AcquisitionMatrixPE": 84,
    "AcquisitionNumber": 1,
    "AcquisitionTime": "12:10:23.000006",
    "BandwidthPerPixelPhaseEncode": 20.886,
    "BaseResolution": 84,
    "CoilCombinationMethod": "Sum of Squares",
    "CoilString": "C:HEA;HEP",
    "ConversionSoftware": "dicom2nifti",
    "ConversionSoftwareVersion": "v2.2.10",
    "DerivedVendorReportedEchoSpacing": 0.000569988,
    "DeviceSerialNumber": "35383",
    "DwellTime": 2.6e-06,
    "EchoTime": 0.03,
    "EffectiveEchoSpacing": 0.000569988,
    "FlipAngle": 64,
    "ImageComments": "Unaliased MB3/PE3/LB (remote)",
    "ImageType": [
      "ORIGINAL",
      "PRIMARY",
      "M",
      "MB",
      "ND",
      "NORM",
      "MOSAIC"
    ],
    "ImagingFrequency": 123.189,
    "InPlanePhaseEncodingDirectionDICOM": "COL",
    "InstitutionAddress": "Rue Michel-Servet 1,Geneve,District,CH,1211",
    "InstitutionName": "BBL - University of Geneva",
    "InstitutionalDepartmentName": "Department",
    "MRAcquisitionType": "2D",
    "MagneticFieldStrength": 3,
    "Manufacturer": "Siemens",
    "ManufacturersModelName": "TrioTim",
    "MatrixCoilMode": "SENSE",
    "Modality": "MR",
    "MultibandAccelerationFactor": 3,
    "NonlinearGradientCorrection": false,
    "PartialFourier": 1,
    "PatientPosition": "HFS",
    "PercentPhaseFOV": 100,
    "PercentSampling": 100,
    "PhaseEncodingDirection": "j-",
    "PhaseEncodingSteps": 84,
    "PhaseResolution": 1,
    "PixelBandwidth": 2289,
    "ProcedureStepDescription": "fMRI^PSYKOKWAK",
    "ProtocolName": "FILM_RUN",
    "PulseSequenceDetails": "%CustomerSeq%\\cmrr_mbep2d_bold",
    "ReceiveCoilName": "32Ch_Head",
    "ReconMatrixPE": 84,
    "RepetitionTime": 1.3,
    "ScanOptions": "FS",
    "ScanningSequence": "EP",
    "SequenceName": "epfid2d1_84",
    "SequenceVariant": "SK\\SS",
    "SeriesDescription": "FILM_RUN",
    "ShimSetting": [
      -13908,
      8933,
      19593,
      311,
      -16,
      -301,
      98,
      -47
    ],
    "SliceThickness": 2.5,
    "SliceTiming": [
      0,
      0.9425,
      0.58,
      0.2175,
      1.16,
      0.7975,
      0.435,
      0.0725,
      1.015,
      0.6525,
      0.29,
      1.2325,
      0.87,
      0.5075,
      0.145,
      1.0875,
      0.725,
      0.3625,
      0,
      0.9425,
      0.58,
      0.2175,
      1.16,
      0.7975,
      0.435,
      0.0725,
      1.015,
      0.6525,
      0.29,
      1.2325,
      0.87,
      0.5075,
      0.145,
      1.0875,
      0.725,
      0.3625,
      0,
      0.9425,
      0.58,
      0.2175,
      1.16,
      0.7975,
      0.435,
      0.0725,
      1.015,
      0.6525,
      0.29,
      1.2325,
      0.87,
      0.5075,
      0.145,
      1.0875,
      0.725,
      0.3625
    ],
    "SoftwareVersions": "syngo MR B17",
    "SpacingBetweenSlices": 2.5,
    "StationName": "MRC35383",
    "TaskName": "Spaceman",
    "TotalReadoutTime": 0.047309,
    "dataset": "<unset>",
    "modality": "bold",
    "session_id": "1",
    "subject_id": "S16",
    "task_id": "Spaceman"
  },
  "dummy_trs": 0,
  "dvars_nstd": 30.18501379707634,
  "dvars_std": 1.3138100218758093,
  "dvars_vstd": 1.0025970136351878,
  "efc": 0.4603906630776967,
  "fber": 5305.48486328125,
  "fd_mean": 0.19230692685509296,
  "fd_num": 341,
  "fd_perc": 44.05684754521964,
  "fwhm_avg": 1.9232426666666669,
  "fwhm_x": 1.8281120000000002,
  "fwhm_y": 2.045252,
  "fwhm_z": 1.8963640000000002,
  "gcor": 0.0711745,
  "gsr_x": -0.011802355758845806,
  "gsr_y": 0.02365555800497532,
  "provenance": {
    "md5sum": "6a4c7d432f754b32ead3ff1d09e6cda7",
    "settings": {
      "fd_thres": 0.2,
      "testing": false
    },
    "software": "mriqc",
    "version": "0.16.1",
    "webapi_port": null,
    "webapi_url": "https://mriqc.nimh.nih.gov/api/v1"
  },
  "size_t": 774,
  "size_x": 84,
  "size_y": 84,
  "size_z": 54,
  "snr": 6.829970385541778,
  "spacing_tr": 1.2999999523162842,
  "spacing_x": 2.5,
  "spacing_y": 2.5,
  "spacing_z": 2.5,
  "summary_bg_k": 30.76989818780391,
  "summary_bg_mad": 3.286756631540094,
  "summary_bg_mean": 14.370744705200195,
  "summary_bg_median": 5.089322090148926,
  "summary_bg_n": 265806.0,
  "summary_bg_p05": 2.255568027496338,
  "summary_bg_p95": 55.83157253265381,
  "summary_bg_stdv": 27.730979919433594,
  "summary_fg_k": 2.3683204260518274,
  "summary_fg_mad": 48.87103575069864,
  "summary_fg_mean": 377.2387390136719,
  "summary_fg_median": 374.71746826171875,
  "summary_fg_n": 57246.0,
  "summary_fg_p05": 297.46771240234375,
  "summary_fg_p95": 465.69544219970703,
  "summary_fg_stdv": 54.863224029541016,
  "tsnr": 57.19541931152344
}