{
  "aor": 0.0014758982035928143,
  "aqi": 0.011885407305389223,
  "bids_meta": {
    "AcquisitionMatrixPE": 84,
    "AcquisitionNumber": 1,
    "AcquisitionTime": "16:49:33.000006",
    "BandwidthPerPixelPhaseEncode": 20.886,
    "BaseResolution": 84,
    "CoilCombinationMethod": "Sum of Squares",
    "CoilString": "C:HEA;HEP",
    "ConversionSoftware": "dicom2nifti",
    "ConversionSoftwareVersion": "v2.2.10",
    "DerivedVendorReportedEchoSpacing": 0.000569988,
    "DeviceSerialNumber": "35383",
    "DwellTime": 2.6e-06,
    "EchoTime": 0.03,
    "EffectiveEchoSpacing": 0.000569988,
    "FlipAngle": 64,
    "ImageComments": "Unaliased MB3/PE3/LB (remote)",
    "ImageType": [
      "ORIGINAL",
      "PRIMARY",
      "M",
      "MB",
      "ND",
      "NORM",
      "MOSAIC"
    ],
    "ImagingFrequency": 123.189,
    "InPlanePhaseEncodingDirectionDICOM": "COL",
    "InstitutionAddress": "Rue Michel-Servet 1,Geneve,District,CH,1211",
    "InstitutionName": "BBL - University of Geneva",
    "InstitutionalDepartmentName": "Department",
    "MRAcquisitionType": "2D",
    "MagneticFieldStrength": 3,
    "Manufacturer": "Siemens",
    "ManufacturersModelName": "TrioTim",
    "MatrixCoilMode": "SENSE",
    "Modality": "MR",
    "MultibandAccelerationFactor": 3,
    "NonlinearGradientCorrection": false,
    "PartialFourier": 1,
    "PatientPosition": "HFS",
    "PercentPhaseFOV": 100,
    "PercentSampling": 100,
    "PhaseEncodingDirection": "j-",
    "PhaseEncodingSteps": 84,
    "PhaseResolution": 1,
    "PixelBandwidth": 2289,
    "ProcedureStepDescription": "fMRI^PSYKOKWAK",
    "ProtocolName": "FILM_RUN",
    "PulseSequenceDetails": "%CustomerSeq%\\cmrr_mbep2d_bold",
    "ReceiveCoilName": "32Ch_Head",
    "ReconMatrixPE": 84,
    "RepetitionTime": 1.3,
    "ScanOptions": "FS",
    "ScanningSequence": "EP",
    "SequenceName": "epfid2d1_84",
    "SequenceVariant": "SK\\SS",
    "SeriesDescription": "FILM_RUN",
    "ShimSetting": [
      -13908,
      8933,
      19593,
      311,
      -16,
      -301,
      98,
      -47
    ],
    "SliceThickness": 2.5,
    "SliceTiming": [
      0,
      0.9425,
      0.58,
      0.2175,
      1.16,
      0.7975,
      0.435,
      0.0725,
      1.015,
      0.6525,
      0.29,
      1.2325,
      0.87,
      0.5075,
      0.145,
      1.0875,
      0.725,
      0.3625,
      0,
      0.9425,
      0.58,
      0.2175,
      1.16,
      0.7975,
      0.435,
      0.0725,
      1.015,
      0.6525,
      0.29,
      1.2325,
      0.87,
      0.5075,
      0.145,
      1.0875,
      0.725,
      0.3625,
      0,
      0.9425,
      0.58,
      0.2175,
      1.16,
      0.7975,
      0.435,
      0.0725,
      1.015,
      0.6525,
      0.29,
      1.2325,
      0.87,
      0.5075,
      0.145,
      1.0875,
      0.725,
      0.3625
    ],
    "SoftwareVersions": "syngo MR B17",
    "SpacingBetweenSlices": 2.5,
    "StationName": "MRC35383",
    "TaskName": "LessonLearned",
    "TotalReadoutTime": 0.047309,
    "dataset": "<unset>",
    "modality": "bold",
    "session_id": "3",
    "subject_id": "S20",
    "task_id": "LessonLearned"
  },
  "dummy_trs": 0,
  "dvars_nstd": 32.75799666062967,
  "dvars_std": 1.2644504460569717,
  "dvars_vstd": 1.0011643429085462,
  "efc": 0.5429541821486931,
  "fber": 2072.448974609375,
  "fd_mean": 0.15840981486671468,
  "fd_num": 119,
  "fd_perc": 17.81437125748503,
  "fwhm_avg": 1.9040759999999999,
  "fwhm_x": 1.758384,
  "fwhm_y": 2.1250240000000002,
  "fwhm_z": 1.82882,
  "gcor": 0.0249667,
  "gsr_x": -0.015067036263644695,
  "gsr_y": 0.04668930545449257,
  "provenance": {
    "md5sum": "15938533c985022c5989df93c7d6d086",
    "settings": {
      "fd_thres": 0.2,
      "testing": false
    },
    "software": "mriqc",
    "version": "0.16.1",
    "webapi_port": null,
    "webapi_url": "https://mriqc.nimh.nih.gov/api/v1"
  },
  "size_t": 668,
  "size_x": 84,
  "size_y": 84,
  "size_z": 54,
  "snr": 6.564778502702434,
  "spacing_tr": 1.2999999523162842,
  "spacing_x": 2.5,
  "spacing_y": 2.5,
  "spacing_z": 2.5,
  "summary_bg_k": 16.39131602189051,
  "summary_bg_mad": 9.650452701004445,
  "summary_bg_mean": 29.027942657470703,
  "summary_bg_median": 10.513010025024414,
  "summary_bg_n": 239907.0,
  "summary_bg_p05": 2.7510051250457765,
  "summary_bg_p95": 115.73653564453124,
  "summary_bg_stdv": 44.3026008605957,
  "summary_fg_k": 3.757801632342429,
  "summary_fg_mad": 67.01528983278448,
  "summary_fg_mean": 505.9778137207031,
  "summary_fg_median": 503.58392333984375,
  "summary_fg_n": 78044.0,
  "summary_fg_p05": 397.0570236206055,
  "summary_fg_p95": 623.4333068847656,
  "summary_fg_stdv": 76.70947265625,
  "tsnr": 53.13029861450195
}