{
    "Modality": "MR",
    "MagneticFieldStrength": 3,
    "ImagingFrequency": 123.189,
    "Manufacturer": "Siemens",
    "ManufacturersModelName": "TrioTim",
    "InstitutionName": "BBL - University of Geneva",
    "InstitutionalDepartmentName": "Department",
    "InstitutionAddress": "Rue Michel-Servet 1,Geneve,District,CH,1211",
    "DeviceSerialNumber": "35383",
    "StationName": "MRC35383",
    "PatientPosition": "HFS",
    "ProcedureStepDescription": "fMRI^PSYKOKWAK",
    "SoftwareVersions": "syngo MR B17",
    "MRAcquisitionType": "2D",
    "SeriesDescription": "FILM_RUN",
    "ProtocolName": "FILM_RUN",
    "ScanningSequence": "EP",
    "SequenceVariant": "SK\\SS",
    "ScanOptions": "FS",
    "SequenceName": "epfid2d1_84",
    "ImageType": [
        "ORIGINAL",
        "PRIMARY",
        "M",
        "MB",
        "ND",
        "NORM",
        "MOSAIC"
    ],
    "NonlinearGradientCorrection": false,
    "AcquisitionTime": "09:14:09.000006",
    "AcquisitionNumber": 1,
    "ImageComments": "Unaliased MB3/PE3/LB (remote)",
    "SliceThickness": 2.5,
    "SpacingBetweenSlices": 2.5,
    "EchoTime": 0.03,
    "RepetitionTime": 1.3,
    "FlipAngle": 64,
    "PartialFourier": 1,
    "BaseResolution": 84,
    "ShimSetting": [
        -13908,
        8933,
        19593,
        311,
        -16,
        -301,
        98,
        -47
    ],
    "PhaseResolution": 1,
    "ReceiveCoilName": "32Ch_Head",
    "CoilString": "C:HEA;HEP",
    "PulseSequenceDetails": "%CustomerSeq%\\cmrr_mbep2d_bold",
    "CoilCombinationMethod": "Sum of Squares",
    "MatrixCoilMode": "SENSE",
    "MultibandAccelerationFactor": 3,
    "PercentPhaseFOV": 100,
    "PercentSampling": 100,
    "PhaseEncodingSteps": 84,
    "AcquisitionMatrixPE": 84,
    "ReconMatrixPE": 84,
    "BandwidthPerPixelPhaseEncode": 20.886,
    "EffectiveEchoSpacing": 0.000569988,
    "DerivedVendorReportedEchoSpacing": 0.000569988,
    "TotalReadoutTime": 0.047309,
    "PixelBandwidth": 2289,
    "DwellTime": 2.6e-06,
    "PhaseEncodingDirection": "j-",
    "SliceTiming": [
        0,
        0.9425,
        0.58,
        0.2175,
        1.16,
        0.7975,
        0.435,
        0.0725,
        1.015,
        0.6525,
        0.29,
        1.2325,
        0.87,
        0.5075,
        0.145,
        1.0875,
        0.725,
        0.3625,
        0,
        0.9425,
        0.58,
        0.2175,
        1.16,
        0.7975,
        0.435,
        0.0725,
        1.015,
        0.6525,
        0.29,
        1.2325,
        0.87,
        0.5075,
        0.145,
        1.0875,
        0.725,
        0.3625,
        0,
        0.9425,
        0.58,
        0.2175,
        1.16,
        0.7975,
        0.435,
        0.0725,
        1.015,
        0.6525,
        0.29,
        1.2325,
        0.87,
        0.5075,
        0.145,
        1.0875,
        0.725,
        0.3625
    ],
    "InPlanePhaseEncodingDirectionDICOM": "COL",
    "ConversionSoftware": "dicom2nifti",
    "ConversionSoftwareVersion": "v2.2.10",
    "TaskName": "Superhero"
}