{
  "bids_meta": {
    "AcquisitionMatrixPE": 256,
    "AcquisitionNumber": 1,
    "AcquisitionTime": "09:07:7.225000",
    "BaseResolution": 256,
    "CoilCombinationMethod": "Adaptive Combine",
    "CoilString": "C:HEA;HEP",
    "ConversionSoftware": "dcm2niix",
    "ConversionSoftwareVersion": "v1.0.20220720",
    "DeviceSerialNumber": "35383",
    "DwellTime": 1.03e-05,
    "EchoTime": 0.00227,
    "FlipAngle": 9,
    "ImageOrientationPatientDICOM": [
      0,
      1,
      0,
      0,
      0,
      -1
    ],
    "ImageOrientationText": "Sag",
    "ImageType": [
      "ORIGINAL",
      "PRIMARY",
      "M",
      "ND",
      "NORM"
    ],
    "ImagingFrequency": 123.189,
    "InPlanePhaseEncodingDirectionDICOM": "ROW",
    "InstitutionAddress": "Rue Michel-Servet 1,Geneve,District,CH,1211",
    "InstitutionName": "BBL - University of Geneva",
    "InstitutionalDepartmentName": "Department",
    "InversionTime": 0.9,
    "MRAcquisitionType": "3D",
    "MagneticFieldStrength": 3,
    "Manufacturer": "Siemens",
    "ManufacturersModelName": "TrioTim",
    "MatrixCoilMode": "GRAPPA",
    "Modality": "MR",
    "NonlinearGradientCorrection": false,
    "ParallelReductionFactorInPlane": 2,
    "PartialFourier": 1,
    "PatientPosition": "HFS",
    "PercentPhaseFOV": 100,
    "PercentSampling": 100,
    "PhaseEncodingSteps": 294,
    "PhaseOversampling": 0.15,
    "PhaseResolution": 1,
    "PixelBandwidth": 190,
    "ProcedureStepDescription": "fMRI^PSYKOKWAK",
    "ProtocolName": "T1_1MM",
    "PulseSequenceDetails": "%SiemensSeq%\\tfl",
    "ReceiveCoilName": "32Ch_Head",
    "ReconMatrixPE": 256,
    "RefLinesPE": 24,
    "RepetitionTime": 1.9,
    "SAR": 0.165324,
    "ScanOptions": "IR",
    "ScanningSequence": "GR\\IR",
    "SequenceName": "*tfl3d1_ns",
    "SequenceVariant": "SP\\MP\\OSP",
    "SeriesDescription": "T1_1MM",
    "SeriesNumber": 4,
    "ShimSetting": [
      -13894,
      8934,
      19117,
      -207,
      151,
      18,
      206,
      4
    ],
    "SliceThickness": 1,
    "SoftwareVersions": "syngo MR B17",
    "StationName": "MRC35383",
    "TxRefAmp": 445.162,
    "dataset": "<unset>",
    "modality": "T1w",
    "session_id": "1",
    "subject_id": "S09"
  },
  "cjv": 0.39704523572867745,
  "cnr": 3.3839044786109183,
  "efc": 0.5656683866084942,
  "fber": 8823.215512055163,
  "fwhm_avg": 3.9063433333333335,
  "fwhm_x": 3.84043,
  "fwhm_y": 3.95137,
  "fwhm_z": 3.92723,
  "icvs_csf": 0.19847777382077209,
  "icvs_gm": 0.42586959540178115,
  "icvs_wm": 0.37565263077744676,
  "inu_med": 1.4347845315933228,
  "inu_range": 0.4985459566116335,
  "provenance": {
    "md5sum": "3f9db3e2c8b8dc5d41f49b87a8b927b2",
    "settings": {
      "testing": false
    },
    "software": "mriqc",
    "version": "0.16.1",
    "warnings": {
      "large_rot_frame": true,
      "small_air_mask": false
    },
    "webapi_port": null,
    "webapi_url": "https://mriqc.nimh.nih.gov/api/v1"
  },
  "qi_1": 2.3594803076088183e-06,
  "qi_2": 0.008478195600450019,
  "rpve_csf": 27.668904392570337,
  "rpve_gm": 13.780709059214105,
  "rpve_wm": 18.10537251753987,
  "size_x": 192,
  "size_y": 256,
  "size_z": 256,
  "snr_csf": 3.5992604331399787,
  "snr_gm": 14.691768158999892,
  "snr_total": 13.154878400787576,
  "snr_wm": 21.173606610222862,
  "snrd_csf": 40.29002367228748,
  "snrd_gm": 82.80156758011127,
  "snrd_total": 77.27298861065674,
  "snrd_wm": 108.72737457957149,
  "spacing_x": 1.0,
  "spacing_y": 1.0,
  "spacing_z": 1.0,
  "summary_bg_k": 10.405177620208185,
  "summary_bg_mad": 6.025831743436744,
  "summary_bg_mean": 6.720453307520281,
  "summary_bg_median": 4.064361747354269,
  "summary_bg_n": 2655144.0,
  "summary_bg_p05": 0.0,
  "summary_bg_p95": 20.377484925091267,
  "summary_bg_stdv": 6.93448310805632,
  "summary_csf_k": 8.2317562286745,
  "summary_csf_mad": 100.54058991104047,
  "summary_csf_mean": 389.03499309137493,
  "summary_csf_median": 370.58070945739746,
  "summary_csf_n": 22080.0,
  "summary_csf_p05": 258.17048523947597,
  "summary_csf_p95": 580.5439670400692,
  "summary_csf_stdv": 102.95790606788134,
  "summary_gm_k": 0.2019505975585223,
  "summary_gm_mad": 50.10520367487813,
  "summary_gm_mean": 758.9832887349329,
  "summary_gm_median": 761.5945800282061,
  "summary_gm_n": 17617.0,
  "summary_gm_p05": 669.1721074171364,
  "summary_gm_p95": 839.4410265371204,
  "summary_gm_stdv": 51.836712650799484,
  "summary_wm_k": 0.49216203913550016,
  "summary_wm_mad": 44.5746457733677,
  "summary_wm_mean": 999.7896598432076,
  "summary_wm_median": 1000.0556946024299,
  "summary_wm_n": 209078.0,
  "summary_wm_p05": 921.1068595647812,
  "summary_wm_p95": 1076.3320726007223,
  "summary_wm_stdv": 47.23112700750508,
  "tpm_overlap_csf": 0.16569580137729645,
  "tpm_overlap_gm": 0.43117251992225647,
  "tpm_overlap_wm": 0.49564552307128906,
  "wm2max": 0.3782465526302315
}