{
  "bids_meta": {
    "AcquisitionMatrixPE": 256,
    "AcquisitionNumber": 1,
    "AcquisitionTime": "09:27:44.887500",
    "BaseResolution": 256,
    "CoilCombinationMethod": "Adaptive Combine",
    "CoilString": "C:HEA;HEP",
    "ConversionSoftware": "dcm2niix",
    "ConversionSoftwareVersion": "v1.0.20220720",
    "DeviceSerialNumber": "35383",
    "DwellTime": 1.03e-05,
    "EchoTime": 0.00227,
    "FlipAngle": 9,
    "ImageOrientationPatientDICOM": [
      0,
      1,
      0,
      0,
      0,
      -1
    ],
    "ImageOrientationText": "Sag",
    "ImageType": [
      "ORIGINAL",
      "PRIMARY",
      "M",
      "ND",
      "NORM"
    ],
    "ImagingFrequency": 123.189,
    "InPlanePhaseEncodingDirectionDICOM": "ROW",
    "InstitutionAddress": "Rue Michel-Servet 1,Geneve,District,CH,1211",
    "InstitutionName": "BBL - University of Geneva",
    "InstitutionalDepartmentName": "Department",
    "InversionTime": 0.9,
    "MRAcquisitionType": "3D",
    "MagneticFieldStrength": 3,
    "Manufacturer": "Siemens",
    "ManufacturersModelName": "TrioTim",
    "MatrixCoilMode": "GRAPPA",
    "Modality": "MR",
    "NonlinearGradientCorrection": false,
    "ParallelReductionFactorInPlane": 2,
    "PartialFourier": 1,
    "PatientPosition": "HFS",
    "PercentPhaseFOV": 100,
    "PercentSampling": 100,
    "PhaseEncodingSteps": 294,
    "PhaseOversampling": 0.15,
    "PhaseResolution": 1,
    "PixelBandwidth": 190,
    "ProcedureStepDescription": "fMRI^PSYKOKWAK",
    "ProtocolName": "T1_1MM",
    "PulseSequenceDetails": "%SiemensSeq%\\tfl",
    "ReceiveCoilName": "32Ch_Head",
    "ReconMatrixPE": 256,
    "RefLinesPE": 24,
    "RepetitionTime": 1.9,
    "SAR": 0.152552,
    "ScanOptions": "IR",
    "ScanningSequence": "GR\\IR",
    "SequenceName": "*tfl3d1_ns",
    "SequenceVariant": "SP\\MP\\OSP",
    "SeriesDescription": "T1_1MM",
    "SeriesNumber": 4,
    "ShimSetting": [
      -13894,
      8934,
      19117,
      -207,
      151,
      18,
      206,
      4
    ],
    "SliceThickness": 1,
    "SoftwareVersions": "syngo MR B17",
    "StationName": "MRC35383",
    "TxRefAmp": 378.618,
    "dataset": "<unset>",
    "modality": "T1w",
    "session_id": "1",
    "subject_id": "S14"
  },
  "cjv": 0.4262697627068615,
  "cnr": 3.148329044910087,
  "efc": 0.5884470827446258,
  "fber": 8657.242469155584,
  "fwhm_avg": 3.9316633333333333,
  "fwhm_x": 3.90299,
  "fwhm_y": 3.95379,
  "fwhm_z": 3.93821,
  "icvs_csf": 0.19366746247385588,
  "icvs_gm": 0.4153164485970284,
  "icvs_wm": 0.3910160889291157,
  "inu_med": 1.5094412565231323,
  "inu_range": 0.4432342290878295,
  "provenance": {
    "md5sum": "1c6596a2c187e359d24aff11b0cd7068",
    "settings": {
      "testing": false
    },
    "software": "mriqc",
    "version": "0.16.1",
    "warnings": {
      "large_rot_frame": true,
      "small_air_mask": false
    },
    "webapi_port": null,
    "webapi_url": "https://mriqc.nimh.nih.gov/api/v1"
  },
  "qi_1": 0.0,
  "qi_2": 0.01378635562383253,
  "rpve_csf": 27.86733305375116,
  "rpve_gm": 13.59693620194311,
  "rpve_wm": 17.224683566127336,
  "size_x": 192,
  "size_y": 256,
  "size_z": 256,
  "snr_csf": 3.4414019321207965,
  "snr_gm": 14.01565204705002,
  "snr_total": 12.87890745916656,
  "snr_wm": 21.17966839832886,
  "snrd_csf": 37.85648858862479,
  "snrd_gm": 80.38910372277121,
  "snrd_total": 74.20088043545611,
  "snrd_wm": 104.35704899497235,
  "spacing_x": 1.0,
  "spacing_y": 1.0,
  "spacing_z": 1.0,
  "summary_bg_k": 11.997573978933325,
  "summary_bg_mad": 6.2781719300616015,
  "summary_bg_mean": 7.902933533501363,
  "summary_bg_median": 4.234562616795301,
  "summary_bg_n": 2387648.0,
  "summary_bg_p05": 0.0,
  "summary_bg_p95": 24.603344824165106,
  "summary_bg_stdv": 8.480536533634098,
  "summary_csf_k": 0.6480028844669237,
  "summary_csf_mad": 96.07987168917057,
  "summary_csf_mean": 381.0988399816255,
  "summary_csf_median": 362.7787315249443,
  "summary_csf_n": 22994.0,
  "summary_csf_p05": 242.71012061834335,
  "summary_csf_p95": 585.8892594745382,
  "summary_csf_stdv": 105.4136802508178,
  "summary_gm_k": 0.48234798603397033,
  "summary_gm_mad": 52.76843242482156,
  "summary_gm_mean": 770.0998406076292,
  "summary_gm_median": 770.3687839061022,
  "summary_gm_n": 15799.0,
  "summary_gm_p05": 681.223200513795,
  "summary_gm_p95": 859.5679693568497,
  "summary_gm_stdv": 54.96315124207155,
  "summary_wm_k": 0.3441458890018314,
  "summary_wm_mad": 45.13926147183531,
  "summary_wm_mean": 1001.5052205500232,
  "summary_wm_median": 1000.053604323417,
  "summary_wm_n": 220756.0,
  "summary_wm_p05": 926.1363657340407,
  "summary_wm_p95": 1081.5287331528962,
  "summary_wm_stdv": 47.21751636745393,
  "tpm_overlap_csf": 0.1671881228685379,
  "tpm_overlap_gm": 0.4310949444770813,
  "tpm_overlap_wm": 0.4987301230430603,
  "wm2max": 0.39286542325121054
}