{
  "bids_meta": {
    "AcquisitionMatrixPE": 256,
    "AcquisitionNumber": 1,
    "AcquisitionTime": "10:42:34.867500",
    "BaseResolution": 256,
    "CoilCombinationMethod": "Adaptive Combine",
    "CoilString": "C:HEA;HEP",
    "ConversionSoftware": "dcm2niix",
    "ConversionSoftwareVersion": "v1.0.20220720",
    "DeviceSerialNumber": "35383",
    "DwellTime": 1.03e-05,
    "EchoTime": 0.00227,
    "FlipAngle": 9,
    "ImageOrientationPatientDICOM": [
      0,
      1,
      0,
      0,
      0,
      -1
    ],
    "ImageOrientationText": "Sag",
    "ImageType": [
      "ORIGINAL",
      "PRIMARY",
      "M",
      "ND",
      "NORM"
    ],
    "ImagingFrequency": 123.189,
    "InPlanePhaseEncodingDirectionDICOM": "ROW",
    "InstitutionAddress": "Rue Michel-Servet 1,Geneve,District,CH,1211",
    "InstitutionName": "BBL - University of Geneva",
    "InstitutionalDepartmentName": "Department",
    "InversionTime": 0.9,
    "MRAcquisitionType": "3D",
    "MagneticFieldStrength": 3,
    "Manufacturer": "Siemens",
    "ManufacturersModelName": "TrioTim",
    "MatrixCoilMode": "GRAPPA",
    "Modality": "MR",
    "NonlinearGradientCorrection": false,
    "ParallelReductionFactorInPlane": 2,
    "PartialFourier": 1,
    "PatientPosition": "HFS",
    "PercentPhaseFOV": 100,
    "PercentSampling": 100,
    "PhaseEncodingSteps": 294,
    "PhaseOversampling": 0.15,
    "PhaseResolution": 1,
    "PixelBandwidth": 190,
    "ProcedureStepDescription": "fMRI^PSYKOKWAK",
    "ProtocolName": "T1_1MM",
    "PulseSequenceDetails": "%SiemensSeq%\\tfl",
    "ReceiveCoilName": "32Ch_Head",
    "ReconMatrixPE": 256,
    "RefLinesPE": 24,
    "RepetitionTime": 1.9,
    "SAR": 0.153325,
    "ScanOptions": "IR",
    "ScanningSequence": "GR\\IR",
    "SequenceName": "*tfl3d1_ns",
    "SequenceVariant": "SP\\MP\\OSP",
    "SeriesDescription": "T1_1MM",
    "SeriesNumber": 4,
    "ShimSetting": [
      -13894,
      8934,
      19117,
      -207,
      151,
      18,
      206,
      4
    ],
    "SliceThickness": 1,
    "SoftwareVersions": "syngo MR B17",
    "StationName": "MRC35383",
    "TxRefAmp": 333.737,
    "dataset": "<unset>",
    "modality": "T1w",
    "session_id": "1",
    "subject_id": "S28"
  },
  "cjv": 0.415528300143564,
  "cnr": 3.23924711856633,
  "efc": 0.5748127383768986,
  "fber": 15810.894470868016,
  "fwhm_avg": 3.8985833333333333,
  "fwhm_x": 3.88913,
  "fwhm_y": 3.79369,
  "fwhm_z": 4.01293,
  "icvs_csf": 0.1785744209252756,
  "icvs_gm": 0.4262885287053574,
  "icvs_wm": 0.395137050369367,
  "inu_med": 1.351628065109253,
  "inu_range": 0.4065120816230774,
  "provenance": {
    "md5sum": "539ab609096d7ba9a70a379b2f05c10a",
    "settings": {
      "testing": false
    },
    "software": "mriqc",
    "version": "0.16.1",
    "warnings": {
      "large_rot_frame": true,
      "small_air_mask": false
    },
    "webapi_port": null,
    "webapi_url": "https://mriqc.nimh.nih.gov/api/v1"
  },
  "qi_1": 0.0,
  "qi_2": 0.00689926457264678,
  "rpve_csf": 31.293738826486923,
  "rpve_gm": 14.39314752714505,
  "rpve_wm": 18.525097944463305,
  "size_x": 192,
  "size_y": 256,
  "size_z": 256,
  "snr_csf": 3.4446593276090924,
  "snr_gm": 14.563478971569458,
  "snr_total": 13.222832506693415,
  "snr_wm": 21.660359220901697,
  "snrd_csf": 62.678785557467904,
  "snrd_gm": 110.78305831908845,
  "snrd_total": 105.67601088356851,
  "snrd_wm": 143.56618877414917,
  "spacing_x": 1.0,
  "spacing_y": 1.0,
  "spacing_z": 1.0,
  "summary_bg_k": 7.34472509974862,
  "summary_bg_mad": 4.563547666391217,
  "summary_bg_mean": 5.563794502428727,
  "summary_bg_median": 3.078066125512123,
  "summary_bg_n": 2252562.0,
  "summary_bg_p05": 0.0,
  "summary_bg_p95": 15.496470838785172,
  "summary_bg_stdv": 5.545529345167826,
  "summary_csf_k": 17.629015920481805,
  "summary_csf_mad": 132.65760975061363,
  "summary_csf_mean": 456.0999305504814,
  "summary_csf_median": 436.607758872211,
  "summary_csf_n": 11777.0,
  "summary_csf_p05": 287.52321818619964,
  "summary_csf_p95": 648.2088839694858,
  "summary_csf_stdv": 126.74380265133104,
  "summary_gm_k": 0.23017037437311538,
  "summary_gm_mad": 52.00870702559645,
  "summary_gm_mean": 771.1164618724138,
  "summary_gm_median": 771.6924057081342,
  "summary_gm_n": 17791.0,
  "summary_gm_p05": 684.8166428208351,
  "summary_gm_p95": 857.5863716416061,
  "summary_gm_stdv": 52.986701816999876,
  "summary_wm_k": 0.5272277717610976,
  "summary_wm_mad": 42.88161169281402,
  "summary_wm_mean": 998.0114975948551,
  "summary_wm_median": 1000.0530701577663,
  "summary_wm_n": 205477.0,
  "summary_wm_p05": 917.4759858250618,
  "summary_wm_p95": 1069.8933291435242,
  "summary_wm_stdv": 46.1696238028348,
  "tpm_overlap_csf": 0.15782713890075684,
  "tpm_overlap_gm": 0.4428460896015167,
  "tpm_overlap_wm": 0.5009198784828186,
  "wm2max": 0.40319626111852774
}