{
  "aor": 0.0003452245508982036,
  "aqi": 0.012169400778443114,
  "bids_meta": {
    "AcquisitionMatrixPE": 84,
    "AcquisitionNumber": 1,
    "AcquisitionTime": "12:34:02.000006",
    "BandwidthPerPixelPhaseEncode": 20.886,
    "BaseResolution": 84,
    "CoilCombinationMethod": "Sum of Squares",
    "CoilString": "C:HEA;HEP",
    "ConversionSoftware": "dicom2nifti",
    "ConversionSoftwareVersion": "v2.2.10",
    "DerivedVendorReportedEchoSpacing": 0.000569988,
    "DeviceSerialNumber": "35383",
    "DwellTime": 2.6e-06,
    "EchoTime": 0.03,
    "EffectiveEchoSpacing": 0.000569988,
    "FlipAngle": 64,
    "ImageComments": "Unaliased MB3/PE3/LB (remote)",
    "ImageType": [
      "ORIGINAL",
      "PRIMARY",
      "M",
      "MB",
      "ND",
      "NORM",
      "MOSAIC"
    ],
    "ImagingFrequency": 123.189,
    "InPlanePhaseEncodingDirectionDICOM": "COL",
    "InstitutionAddress": "Rue Michel-Servet 1,Geneve,District,CH,1211",
    "InstitutionName": "BBL - University of Geneva",
    "InstitutionalDepartmentName": "Department",
    "MRAcquisitionType": "2D",
    "MagneticFieldStrength": 3,
    "Manufacturer": "Siemens",
    "ManufacturersModelName": "TrioTim",
    "MatrixCoilMode": "SENSE",
    "Modality": "MR",
    "MultibandAccelerationFactor": 3,
    "NonlinearGradientCorrection": false,
    "PartialFourier": 1,
    "PatientPosition": "HFS",
    "PercentPhaseFOV": 100,
    "PercentSampling": 100,
    "PhaseEncodingDirection": "j-",
    "PhaseEncodingSteps": 84,
    "PhaseResolution": 1,
    "PixelBandwidth": 2289,
    "ProcedureStepDescription": "fMRI^PSYKOKWAK",
    "ProtocolName": "FILM_RUN",
    "PulseSequenceDetails": "%CustomerSeq%\\cmrr_mbep2d_bold",
    "ReceiveCoilName": "32Ch_Head",
    "ReconMatrixPE": 84,
    "RepetitionTime": 1.3,
    "ScanOptions": "FS",
    "ScanningSequence": "EP",
    "SequenceName": "epfid2d1_84",
    "SequenceVariant": "SK\\SS",
    "SeriesDescription": "FILM_RUN",
    "ShimSetting": [
      -13908,
      8933,
      19593,
      311,
      -16,
      -301,
      98,
      -47
    ],
    "SliceThickness": 2.5,
    "SliceTiming": [
      0,
      0.9425,
      0.58,
      0.2175,
      1.16,
      0.7975,
      0.435,
      0.0725,
      1.015,
      0.6525,
      0.29,
      1.2325,
      0.87,
      0.5075,
      0.145,
      1.0875,
      0.725,
      0.3625,
      0,
      0.9425,
      0.58,
      0.2175,
      1.16,
      0.7975,
      0.435,
      0.0725,
      1.015,
      0.6525,
      0.29,
      1.2325,
      0.87,
      0.5075,
      0.145,
      1.0875,
      0.725,
      0.3625,
      0,
      0.9425,
      0.58,
      0.2175,
      1.16,
      0.7975,
      0.435,
      0.0725,
      1.015,
      0.6525,
      0.29,
      1.2325,
      0.87,
      0.5075,
      0.145,
      1.0875,
      0.725,
      0.3625
    ],
    "SoftwareVersions": "syngo MR B17",
    "SpacingBetweenSlices": 2.5,
    "StationName": "MRC35383",
    "TaskName": "LessonLearned",
    "TotalReadoutTime": 0.047309,
    "dataset": "<unset>",
    "modality": "bold",
    "session_id": "1",
    "subject_id": "S31",
    "task_id": "LessonLearned"
  },
  "dummy_trs": 0,
  "dvars_nstd": 28.738606877616206,
  "dvars_std": 1.2389773759520226,
  "dvars_vstd": 0.990917782563718,
  "efc": 0.507705842241902,
  "fber": 4157.580078125,
  "fd_mean": 0.11410157237274234,
  "fd_num": 42,
  "fd_perc": 6.287425149700598,
  "fwhm_avg": 1.8188493879576415,
  "fwhm_x": 1.727872,
  "fwhm_y": 2.010344,
  "fwhm_z": 1.718332163872925,
  "gcor": 0.0324352,
  "gsr_x": -0.011362741701304913,
  "gsr_y": 0.03314921259880066,
  "provenance": {
    "md5sum": "9527e70b30ce97d0b7a2384f992e20e0",
    "settings": {
      "fd_thres": 0.2,
      "testing": false
    },
    "software": "mriqc",
    "version": "0.16.1",
    "webapi_port": null,
    "webapi_url": "https://mriqc.nimh.nih.gov/api/v1"
  },
  "size_t": 668,
  "size_x": 84,
  "size_y": 84,
  "size_z": 54,
  "snr": 7.194799910829125,
  "spacing_tr": 1.2999999523162842,
  "spacing_x": 2.5,
  "spacing_y": 2.5,
  "spacing_z": 2.499999761581421,
  "summary_bg_k": 12.116891810126551,
  "summary_bg_mad": 5.908337057953087,
  "summary_bg_mean": 29.673429489135742,
  "summary_bg_median": 7.750904083251953,
  "summary_bg_n": 256800.0,
  "summary_bg_p05": 3.0959303617477416,
  "summary_bg_p95": 145.02584152221678,
  "summary_bg_stdv": 52.25920104980469,
  "summary_fg_k": 3.3225382538171857,
  "summary_fg_mad": 62.751473714424435,
  "summary_fg_mean": 509.20831298828125,
  "summary_fg_median": 507.6270751953125,
  "summary_fg_n": 64281.0,
  "summary_fg_p05": 405.4775085449219,
  "summary_fg_p95": 617.8745727539062,
  "summary_fg_stdv": 70.55416870117188,
  "tsnr": 56.05786895751953
}