{
  "aor": 0.0025307554417413575,
  "aqi": 0.016725055262483992,
  "bids_meta": {
    "AcquisitionMatrixPE": 84,
    "AcquisitionNumber": 1,
    "AcquisitionTime": "11:03:44.000006",
    "BandwidthPerPixelPhaseEncode": 20.886,
    "BaseResolution": 84,
    "CoilCombinationMethod": "Sum of Squares",
    "CoilString": "C:HEA;HEP",
    "ConversionSoftware": "dicom2nifti",
    "ConversionSoftwareVersion": "v2.2.10",
    "DerivedVendorReportedEchoSpacing": 0.000569988,
    "DeviceSerialNumber": "35383",
    "DwellTime": 2.6e-06,
    "EchoTime": 0.03,
    "EffectiveEchoSpacing": 0.000569988,
    "FlipAngle": 64,
    "ImageComments": "Unaliased MB3/PE3/LB (remote)",
    "ImageType": [
      "ORIGINAL",
      "PRIMARY",
      "M",
      "MB",
      "ND",
      "NORM",
      "MOSAIC"
    ],
    "ImagingFrequency": 123.189,
    "InPlanePhaseEncodingDirectionDICOM": "COL",
    "InstitutionAddress": "Rue Michel-Servet 1,Geneve,District,CH,1211",
    "InstitutionName": "BBL - University of Geneva",
    "InstitutionalDepartmentName": "Department",
    "MRAcquisitionType": "2D",
    "MagneticFieldStrength": 3,
    "Manufacturer": "Siemens",
    "ManufacturersModelName": "TrioTim",
    "MatrixCoilMode": "SENSE",
    "Modality": "MR",
    "MultibandAccelerationFactor": 3,
    "NonlinearGradientCorrection": false,
    "PartialFourier": 1,
    "PatientPosition": "HFS",
    "PercentPhaseFOV": 100,
    "PercentSampling": 100,
    "PhaseEncodingDirection": "j-",
    "PhaseEncodingSteps": 84,
    "PhaseResolution": 1,
    "PixelBandwidth": 2289,
    "ProcedureStepDescription": "fMRI^PSYKOKWAK",
    "ProtocolName": "FILM_RUN",
    "PulseSequenceDetails": "%CustomerSeq%\\cmrr_mbep2d_bold",
    "ReceiveCoilName": "32Ch_Head",
    "ReconMatrixPE": 84,
    "RepetitionTime": 1.3,
    "ScanOptions": "FS",
    "ScanningSequence": "EP",
    "SequenceName": "epfid2d1_84",
    "SequenceVariant": "SK\\SS",
    "SeriesDescription": "FILM_RUN",
    "ShimSetting": [
      -13908,
      8933,
      19593,
      311,
      -16,
      -301,
      98,
      -47
    ],
    "SliceThickness": 2.5,
    "SliceTiming": [
      0,
      0.9425,
      0.58,
      0.2175,
      1.16,
      0.7975,
      0.435,
      0.0725,
      1.015,
      0.6525,
      0.29,
      1.2325,
      0.87,
      0.5075,
      0.145,
      1.0875,
      0.725,
      0.3625,
      0,
      0.9425,
      0.58,
      0.2175,
      1.16,
      0.7975,
      0.435,
      0.0725,
      1.015,
      0.6525,
      0.29,
      1.2325,
      0.87,
      0.5075,
      0.145,
      1.0875,
      0.725,
      0.3625,
      0,
      0.9425,
      0.58,
      0.2175,
      1.16,
      0.7975,
      0.435,
      0.0725,
      1.015,
      0.6525,
      0.29,
      1.2325,
      0.87,
      0.5075,
      0.145,
      1.0875,
      0.725,
      0.3625
    ],
    "SoftwareVersions": "syngo MR B17",
    "SpacingBetweenSlices": 2.5,
    "StationName": "MRC35383",
    "TaskName": "Spaceman",
    "TotalReadoutTime": 0.047309,
    "dataset": "<unset>",
    "modality": "bold",
    "session_id": "2",
    "subject_id": "S24",
    "task_id": "Spaceman"
  },
  "dummy_trs": 1,
  "dvars_nstd": 38.705975869897486,
  "dvars_std": 1.454022956871795,
  "dvars_vstd": 1.0046996557179475,
  "efc": 0.4969300462311529,
  "fber": 3570.791015625,
  "fd_mean": 0.18934427424403774,
  "fd_num": 338,
  "fd_perc": 43.27784891165173,
  "fwhm_avg": 1.8411626666666667,
  "fwhm_x": 1.6984839999999999,
  "fwhm_y": 2.002336,
  "fwhm_z": 1.8226680000000002,
  "gcor": 0.0329099,
  "gsr_x": -0.014581498689949512,
  "gsr_y": 0.025227656587958336,
  "provenance": {
    "md5sum": "72bf415f66efc44b7eab0c1eafc0d03f",
    "settings": {
      "fd_thres": 0.2,
      "testing": false
    },
    "software": "mriqc",
    "version": "0.16.1",
    "webapi_port": null,
    "webapi_url": "https://mriqc.nimh.nih.gov/api/v1"
  },
  "size_t": 781,
  "size_x": 84,
  "size_y": 84,
  "size_z": 54,
  "snr": 6.591065950296055,
  "spacing_tr": 1.2999999523162842,
  "spacing_x": 2.5,
  "spacing_y": 2.5,
  "spacing_z": 2.5,
  "summary_bg_k": 16.12357163430093,
  "summary_bg_mad": 6.2056435349396555,
  "summary_bg_mean": 23.856224060058594,
  "summary_bg_median": 7.439947128295898,
  "summary_bg_n": 258483.0,
  "summary_bg_p05": 2.4175371408462523,
  "summary_bg_p95": 108.58371582031248,
  "summary_bg_stdv": 42.06581497192383,
  "summary_fg_k": 2.2652562524803432,
  "summary_fg_mad": 63.453728018423014,
  "summary_fg_mean": 457.9696350097656,
  "summary_fg_median": 453.8368835449219,
  "summary_fg_n": 63305.0,
  "summary_fg_p05": 360.3503723144531,
  "summary_fg_p95": 569.948583984375,
  "summary_fg_stdv": 68.85582733154297,
  "tsnr": 46.14991760253906
}