{
  "aor": 0.0027398922413793096,
  "aqi": 0.014387757047413793,
  "bids_meta": {
    "AcquisitionMatrixPE": 84,
    "AcquisitionNumber": 1,
    "AcquisitionTime": "10:44:07.000006",
    "BandwidthPerPixelPhaseEncode": 20.886,
    "BaseResolution": 84,
    "CoilCombinationMethod": "Sum of Squares",
    "CoilString": "C:HEA;HEP",
    "ConversionSoftware": "dicom2nifti",
    "ConversionSoftwareVersion": "v2.2.10",
    "DerivedVendorReportedEchoSpacing": 0.000569988,
    "DeviceSerialNumber": "35383",
    "DwellTime": 2.6e-06,
    "EchoTime": 0.03,
    "EffectiveEchoSpacing": 0.000569988,
    "FlipAngle": 64,
    "ImageComments": "Unaliased MB3/PE3/LB (remote)",
    "ImageType": [
      "ORIGINAL",
      "PRIMARY",
      "M",
      "MB",
      "ND",
      "NORM",
      "MOSAIC"
    ],
    "ImagingFrequency": 123.189,
    "InPlanePhaseEncodingDirectionDICOM": "COL",
    "InstitutionAddress": "Rue Michel-Servet 1,Geneve,District,CH,1211",
    "InstitutionName": "BBL - University of Geneva",
    "InstitutionalDepartmentName": "Department",
    "MRAcquisitionType": "2D",
    "MagneticFieldStrength": 3,
    "Manufacturer": "Siemens",
    "ManufacturersModelName": "TrioTim",
    "MatrixCoilMode": "SENSE",
    "Modality": "MR",
    "MultibandAccelerationFactor": 3,
    "NonlinearGradientCorrection": false,
    "PartialFourier": 1,
    "PatientPosition": "HFS",
    "PercentPhaseFOV": 100,
    "PercentSampling": 100,
    "PhaseEncodingDirection": "j-",
    "PhaseEncodingSteps": 84,
    "PhaseResolution": 1,
    "PixelBandwidth": 2289,
    "ProcedureStepDescription": "fMRI^PSYKOKWAK",
    "ProtocolName": "FILM_RUN",
    "PulseSequenceDetails": "%CustomerSeq%\\cmrr_mbep2d_bold",
    "ReceiveCoilName": "32Ch_Head",
    "ReconMatrixPE": 84,
    "RepetitionTime": 1.3,
    "ScanOptions": "FS",
    "ScanningSequence": "EP",
    "SequenceName": "epfid2d1_84",
    "SequenceVariant": "SK\\SS",
    "SeriesDescription": "FILM_RUN",
    "ShimSetting": [
      -13908,
      8933,
      19593,
      311,
      -16,
      -301,
      98,
      -47
    ],
    "SliceThickness": 2.5,
    "SliceTiming": [
      0,
      0.9425,
      0.58,
      0.2175,
      1.16,
      0.7975,
      0.435,
      0.0725,
      1.015,
      0.6525,
      0.29,
      1.2325,
      0.87,
      0.5075,
      0.145,
      1.0875,
      0.725,
      0.3625,
      0,
      0.9425,
      0.58,
      0.2175,
      1.16,
      0.7975,
      0.435,
      0.0725,
      1.015,
      0.6525,
      0.29,
      1.2325,
      0.87,
      0.5075,
      0.145,
      1.0875,
      0.725,
      0.3625,
      0,
      0.9425,
      0.58,
      0.2175,
      1.16,
      0.7975,
      0.435,
      0.0725,
      1.015,
      0.6525,
      0.29,
      1.2325,
      0.87,
      0.5075,
      0.145,
      1.0875,
      0.725,
      0.3625
    ],
    "SoftwareVersions": "syngo MR B17",
    "SpacingBetweenSlices": 2.5,
    "StationName": "MRC35383",
    "TaskName": "ToClaireFromSonny",
    "TotalReadoutTime": 0.047309,
    "dataset": "<unset>",
    "modality": "bold",
    "session_id": "4",
    "subject_id": "S26",
    "task_id": "ToClaireFromSonny"
  },
  "dummy_trs": 0,
  "dvars_nstd": 34.7885423250756,
  "dvars_std": 1.2427980901943838,
  "dvars_vstd": 0.9908054148812093,
  "efc": 0.5158037399580748,
  "fber": 4162.40380859375,
  "fd_mean": 0.21604073482174446,
  "fd_num": 239,
  "fd_perc": 51.508620689655174,
  "fwhm_avg": 1.8659613333333336,
  "fwhm_x": 1.776756,
  "fwhm_y": 2.010828,
  "fwhm_z": 1.8103000000000002,
  "gcor": 0.0171476,
  "gsr_x": -0.008319463580846786,
  "gsr_y": 0.038867950439453125,
  "provenance": {
    "md5sum": "2f4234066bba2736c6460f1fc42f41ec",
    "settings": {
      "fd_thres": 0.2,
      "testing": false
    },
    "software": "mriqc",
    "version": "0.16.1",
    "webapi_port": null,
    "webapi_url": "https://mriqc.nimh.nih.gov/api/v1"
  },
  "size_t": 464,
  "size_x": 84,
  "size_y": 84,
  "size_z": 54,
  "snr": 6.366531691084896,
  "spacing_tr": 1.2999999523162842,
  "spacing_x": 2.5,
  "spacing_y": 2.5,
  "spacing_z": 2.5,
  "summary_bg_k": 17.786430134268286,
  "summary_bg_mad": 4.741372784790115,
  "summary_bg_mean": 21.30497932434082,
  "summary_bg_median": 6.197470664978027,
  "summary_bg_n": 248597.0,
  "summary_bg_p05": 2.393724870681763,
  "summary_bg_p95": 94.78585052490227,
  "summary_bg_stdv": 38.53390884399414,
  "summary_fg_k": 1.9590828647132383,
  "summary_fg_mad": 59.46380510470542,
  "summary_fg_mean": 412.120361328125,
  "summary_fg_median": 407.64483642578125,
  "summary_fg_n": 72419.0,
  "summary_fg_p05": 322.2051696777344,
  "summary_fg_p95": 519.4098937988281,
  "summary_fg_stdv": 64.02890014648438,
  "tsnr": 46.227176666259766
}