{
  "bids_meta": {
    "AcquisitionMatrixPE": 256,
    "AcquisitionNumber": 1,
    "AcquisitionTime": "12:18:23.247500",
    "BaseResolution": 256,
    "CoilCombinationMethod": "Adaptive Combine",
    "CoilString": "C:HEA;HEP",
    "ConversionSoftware": "dcm2niix",
    "ConversionSoftwareVersion": "v1.0.20220720",
    "DeviceSerialNumber": "35383",
    "DwellTime": 1.03e-05,
    "EchoTime": 0.00227,
    "FlipAngle": 9,
    "ImageOrientationPatientDICOM": [
      0,
      1,
      0,
      0,
      0,
      -1
    ],
    "ImageOrientationText": "Sag",
    "ImageType": [
      "ORIGINAL",
      "PRIMARY",
      "M",
      "ND",
      "NORM"
    ],
    "ImagingFrequency": 123.189,
    "InPlanePhaseEncodingDirectionDICOM": "ROW",
    "InstitutionAddress": "Rue Michel-Servet 1,Geneve,District,CH,1211",
    "InstitutionName": "BBL - University of Geneva",
    "InstitutionalDepartmentName": "Department",
    "InversionTime": 0.9,
    "MRAcquisitionType": "3D",
    "MagneticFieldStrength": 3,
    "Manufacturer": "Siemens",
    "ManufacturersModelName": "TrioTim",
    "MatrixCoilMode": "GRAPPA",
    "Modality": "MR",
    "NonlinearGradientCorrection": false,
    "ParallelReductionFactorInPlane": 2,
    "PartialFourier": 1,
    "PatientPosition": "HFS",
    "PercentPhaseFOV": 100,
    "PercentSampling": 100,
    "PhaseEncodingSteps": 294,
    "PhaseOversampling": 0.15,
    "PhaseResolution": 1,
    "PixelBandwidth": 190,
    "ProcedureStepDescription": "fMRI^PSYKOKWAK",
    "ProtocolName": "T1_1MM",
    "PulseSequenceDetails": "%SiemensSeq%\\tfl",
    "ReceiveCoilName": "32Ch_Head",
    "ReconMatrixPE": 256,
    "RefLinesPE": 24,
    "RepetitionTime": 1.9,
    "SAR": 0.144481,
    "ScanOptions": "IR",
    "ScanningSequence": "GR\\IR",
    "SequenceName": "*tfl3d1_ns",
    "SequenceVariant": "SP\\MP\\OSP",
    "SeriesDescription": "T1_1MM",
    "SeriesNumber": 4,
    "ShimSetting": [
      -13894,
      8934,
      19117,
      -207,
      151,
      18,
      206,
      4
    ],
    "SliceThickness": 1,
    "SoftwareVersions": "syngo MR B17",
    "StationName": "MRC35383",
    "TxRefAmp": 352.158,
    "dataset": "<unset>",
    "modality": "T1w",
    "session_id": "1",
    "subject_id": "S08"
  },
  "cjv": 0.3940947350288022,
  "cnr": 3.3258371013376813,
  "efc": 0.5620419249413856,
  "fber": 12968.732266783549,
  "fwhm_avg": 3.812286666666667,
  "fwhm_x": 3.70506,
  "fwhm_y": 3.89501,
  "fwhm_z": 3.83679,
  "icvs_csf": 0.1747536525272187,
  "icvs_gm": 0.4277471691794377,
  "icvs_wm": 0.39749917829334364,
  "inu_med": 0.8705564141273499,
  "inu_range": 0.2607954144477844,
  "provenance": {
    "md5sum": "e583b81b16dc08ebff9ba9c03bc0ac3a",
    "settings": {
      "testing": false
    },
    "software": "mriqc",
    "version": "0.16.1",
    "warnings": {
      "large_rot_frame": true,
      "small_air_mask": false
    },
    "webapi_port": null,
    "webapi_url": "https://mriqc.nimh.nih.gov/api/v1"
  },
  "qi_1": 0.0,
  "qi_2": 0.016420851031545305,
  "rpve_csf": 33.18503598496911,
  "rpve_gm": 14.905990996827773,
  "rpve_wm": 19.01096802058557,
  "size_x": 192,
  "size_y": 256,
  "size_z": 256,
  "snr_csf": 3.594901218292373,
  "snr_gm": 14.171793696228347,
  "snr_total": 14.462252985961683,
  "snr_wm": 25.62006404336433,
  "snrd_csf": 45.16727606386878,
  "snrd_gm": 100.71117859294618,
  "snrd_total": 91.91288628048528,
  "snrd_wm": 129.86020418464088,
  "spacing_x": 1.0,
  "spacing_y": 1.0,
  "spacing_z": 1.0,
  "summary_bg_k": 15.449199763196582,
  "summary_bg_mad": 5.045231553254519,
  "summary_bg_mean": 5.262858267868305,
  "summary_bg_median": 3.40295697003603,
  "summary_bg_n": 2137716.0,
  "summary_bg_p05": 0.0,
  "summary_bg_p95": 17.073456522077322,
  "summary_bg_stdv": 6.0855879247040825,
  "summary_csf_k": 1.9586879637775647,
  "summary_csf_mad": 74.50415216142234,
  "summary_csf_mean": 371.34609864387375,
  "summary_csf_median": 347.8350068423897,
  "summary_csf_n": 14086.0,
  "summary_csf_p05": 260.63423448521644,
  "summary_csf_p95": 577.8719644332305,
  "summary_csf_stdv": 96.75444154609923,
  "summary_gm_k": 0.17401348135846684,
  "summary_gm_mad": 52.88794455825427,
  "summary_gm_mean": 774.5762749136185,
  "summary_gm_median": 775.5808308087289,
  "summary_gm_n": 19260.0,
  "summary_gm_p05": 683.1113423151895,
  "summary_gm_p95": 863.1189652793109,
  "summary_gm_stdv": 54.72565524691569,
  "summary_wm_k": 0.9070537099633862,
  "summary_wm_mad": 35.57758112553618,
  "summary_wm_mean": 999.3463623495018,
  "summary_wm_median": 1000.0586474873126,
  "summary_wm_n": 206608.0,
  "summary_wm_p05": 934.2877032905817,
  "summary_wm_p95": 1061.605231307447,
  "summary_wm_stdv": 39.03410333432222,
  "tpm_overlap_csf": 0.18656957149505615,
  "tpm_overlap_gm": 0.43723779916763306,
  "tpm_overlap_wm": 0.5105411410331726,
  "wm2max": 0.38097047450883975
}