{
  "aor": 0.0003249152542372881,
  "aqi": 0.010145074194915255,
  "bids_meta": {
    "AcquisitionMatrixPE": 84,
    "AcquisitionNumber": 1,
    "AcquisitionTime": "09:47:24.000006",
    "BandwidthPerPixelPhaseEncode": 20.886,
    "BaseResolution": 84,
    "CoilCombinationMethod": "Sum of Squares",
    "CoilString": "C:HEA;HEP",
    "ConversionSoftware": "dicom2nifti",
    "ConversionSoftwareVersion": "v2.2.10",
    "DerivedVendorReportedEchoSpacing": 0.000569988,
    "DeviceSerialNumber": "35383",
    "DwellTime": 2.6e-06,
    "EchoTime": 0.03,
    "EffectiveEchoSpacing": 0.000569988,
    "FlipAngle": 64,
    "ImageComments": "Unaliased MB3/PE3/LB (remote)",
    "ImageType": [
      "ORIGINAL",
      "PRIMARY",
      "M",
      "MB",
      "ND",
      "NORM",
      "MOSAIC"
    ],
    "ImagingFrequency": 123.189,
    "InPlanePhaseEncodingDirectionDICOM": "COL",
    "InstitutionAddress": "Rue Michel-Servet 1,Geneve,District,CH,1211",
    "InstitutionName": "BBL - University of Geneva",
    "InstitutionalDepartmentName": "Department",
    "MRAcquisitionType": "2D",
    "MagneticFieldStrength": 3,
    "Manufacturer": "Siemens",
    "ManufacturersModelName": "TrioTim",
    "MatrixCoilMode": "SENSE",
    "Modality": "MR",
    "MultibandAccelerationFactor": 3,
    "NonlinearGradientCorrection": false,
    "PartialFourier": 1,
    "PatientPosition": "HFS",
    "PercentPhaseFOV": 100,
    "PercentSampling": 100,
    "PhaseEncodingDirection": "j-",
    "PhaseEncodingSteps": 84,
    "PhaseResolution": 1,
    "PixelBandwidth": 2289,
    "ProcedureStepDescription": "fMRI^PSYKOKWAK",
    "ProtocolName": "FILM_RUN",
    "PulseSequenceDetails": "%CustomerSeq%\\cmrr_mbep2d_bold",
    "ReceiveCoilName": "32Ch_Head",
    "ReconMatrixPE": 84,
    "RepetitionTime": 1.3,
    "ScanOptions": "FS",
    "ScanningSequence": "EP",
    "SequenceName": "epfid2d1_84",
    "SequenceVariant": "SK\\SS",
    "SeriesDescription": "FILM_RUN",
    "ShimSetting": [
      -13908,
      8933,
      19593,
      311,
      -16,
      -301,
      98,
      -47
    ],
    "SliceThickness": 2.5,
    "SliceTiming": [
      0,
      0.9425,
      0.58,
      0.2175,
      1.16,
      0.7975,
      0.435,
      0.0725,
      1.015,
      0.6525,
      0.29,
      1.2325,
      0.87,
      0.5075,
      0.145,
      1.0875,
      0.725,
      0.3625,
      0,
      0.9425,
      0.58,
      0.2175,
      1.16,
      0.7975,
      0.435,
      0.0725,
      1.015,
      0.6525,
      0.29,
      1.2325,
      0.87,
      0.5075,
      0.145,
      1.0875,
      0.725,
      0.3625,
      0,
      0.9425,
      0.58,
      0.2175,
      1.16,
      0.7975,
      0.435,
      0.0725,
      1.015,
      0.6525,
      0.29,
      1.2325,
      0.87,
      0.5075,
      0.145,
      1.0875,
      0.725,
      0.3625
    ],
    "SoftwareVersions": "syngo MR B17",
    "SpacingBetweenSlices": 2.5,
    "StationName": "MRC35383",
    "TaskName": "Superhero",
    "TotalReadoutTime": 0.047309,
    "dataset": "<unset>",
    "modality": "bold",
    "session_id": "4",
    "subject_id": "S25",
    "task_id": "Superhero"
  },
  "dummy_trs": 1,
  "dvars_nstd": 29.85402203121949,
  "dvars_std": 1.232787832767762,
  "dvars_vstd": 0.9935435959278889,
  "efc": 0.516373039954107,
  "fber": 2358.845947265625,
  "fd_mean": 0.14674997599221795,
  "fd_num": 191,
  "fd_perc": 20.233050847457626,
  "fwhm_avg": 1.86482,
  "fwhm_x": 1.73782,
  "fwhm_y": 2.0625039999999997,
  "fwhm_z": 1.794136,
  "gcor": 0.0595059,
  "gsr_x": -0.00586716691032052,
  "gsr_y": 0.026639424264431,
  "provenance": {
    "md5sum": "c0873e629e97e49b8c5bff370e6756dd",
    "settings": {
      "fd_thres": 0.2,
      "testing": false
    },
    "software": "mriqc",
    "version": "0.16.1",
    "webapi_port": null,
    "webapi_url": "https://mriqc.nimh.nih.gov/api/v1"
  },
  "size_t": 944,
  "size_x": 84,
  "size_y": 84,
  "size_z": 54,
  "snr": 6.725747187499908,
  "spacing_tr": 1.2999999523162842,
  "spacing_x": 2.5,
  "spacing_y": 2.5,
  "spacing_z": 2.5,
  "summary_bg_k": 14.086542265199203,
  "summary_bg_mad": 8.24893453308234,
  "summary_bg_mean": 25.28129768371582,
  "summary_bg_median": 8.641858100891113,
  "summary_bg_n": 253865.0,
  "summary_bg_p05": 2.082420063018799,
  "summary_bg_p95": 107.99715728759763,
  "summary_bg_stdv": 42.43263244628906,
  "summary_fg_k": 2.6164959503443663,
  "summary_fg_mad": 56.288707122416895,
  "summary_fg_mean": 433.8035888671875,
  "summary_fg_median": 430.4956970214844,
  "summary_fg_n": 67623.0,
  "summary_fg_p05": 341.91123352050784,
  "summary_fg_p95": 538.9899963378906,
  "summary_fg_stdv": 64.00664520263672,
  "tsnr": 55.43450164794922
}