{
  "bids_meta": {
    "AcquisitionMatrixPE": 256,
    "AcquisitionNumber": 1,
    "AcquisitionTime": "10:53:48.400000",
    "BaseResolution": 256,
    "CoilCombinationMethod": "Adaptive Combine",
    "CoilString": "C:HEA;HEP",
    "ConversionSoftware": "dcm2niix",
    "ConversionSoftwareVersion": "v1.0.20220720",
    "DeviceSerialNumber": "35383",
    "DwellTime": 1.03e-05,
    "EchoTime": 0.00227,
    "FlipAngle": 9,
    "ImageOrientationPatientDICOM": [
      0,
      1,
      0,
      0.0488498,
      0,
      -0.998806
    ],
    "ImageOrientationText": "Sag>Tra(-2.8)",
    "ImageType": [
      "ORIGINAL",
      "PRIMARY",
      "M",
      "ND",
      "NORM"
    ],
    "ImagingFrequency": 123.189,
    "InPlanePhaseEncodingDirectionDICOM": "ROW",
    "InstitutionAddress": "Rue Michel-Servet 1,Geneve,District,CH,1211",
    "InstitutionName": "BBL - University of Geneva",
    "InstitutionalDepartmentName": "Department",
    "InversionTime": 0.9,
    "MRAcquisitionType": "3D",
    "MagneticFieldStrength": 3,
    "Manufacturer": "Siemens",
    "ManufacturersModelName": "TrioTim",
    "MatrixCoilMode": "GRAPPA",
    "Modality": "MR",
    "NonlinearGradientCorrection": false,
    "ParallelReductionFactorInPlane": 2,
    "PartialFourier": 1,
    "PatientPosition": "HFS",
    "PercentPhaseFOV": 100,
    "PercentSampling": 100,
    "PhaseEncodingSteps": 294,
    "PhaseOversampling": 0.15,
    "PhaseResolution": 1,
    "PixelBandwidth": 190,
    "ProcedureStepDescription": "fMRI^PSYKOKWAK",
    "ProtocolName": "T1_1MM",
    "PulseSequenceDetails": "%SiemensSeq%\\tfl",
    "ReceiveCoilName": "32Ch_Head",
    "ReconMatrixPE": 256,
    "RefLinesPE": 24,
    "RepetitionTime": 1.9,
    "SAR": 0.1503,
    "ScanOptions": "IR",
    "ScanningSequence": "GR\\IR",
    "SequenceName": "*tfl3d1_ns",
    "SequenceVariant": "SP\\MP\\OSP",
    "SeriesDescription": "T1_1MM",
    "SeriesNumber": 4,
    "ShimSetting": [
      -13894,
      8934,
      19117,
      -207,
      151,
      18,
      206,
      4
    ],
    "SliceThickness": 1,
    "SoftwareVersions": "syngo MR B17",
    "StationName": "MRC35383",
    "TxRefAmp": 349.532,
    "dataset": "<unset>",
    "modality": "T1w",
    "session_id": "1",
    "subject_id": "S24"
  },
  "cjv": 0.3424112145782781,
  "cnr": 3.7945200679637043,
  "efc": 0.5440505517764481,
  "fber": 40068.45031163435,
  "fwhm_avg": 3.90081,
  "fwhm_x": 3.84169,
  "fwhm_y": 3.83143,
  "fwhm_z": 4.02931,
  "icvs_csf": 0.1824213622518376,
  "icvs_gm": 0.44663498263623763,
  "icvs_wm": 0.3709436551119248,
  "inu_med": 1.5089530944824219,
  "inu_range": 0.4151533246040344,
  "provenance": {
    "md5sum": "83496549d11ef396ab8e5482eebfea40",
    "settings": {
      "testing": false
    },
    "software": "mriqc",
    "version": "0.16.1",
    "warnings": {
      "large_rot_frame": true,
      "small_air_mask": false
    },
    "webapi_port": null,
    "webapi_url": "https://mriqc.nimh.nih.gov/api/v1"
  },
  "qi_1": 0.00023336165011869547,
  "qi_2": 0.004831278952443349,
  "rpve_csf": 37.365849434625915,
  "rpve_gm": 16.9502901195892,
  "rpve_wm": 23.424498170912074,
  "size_x": 192,
  "size_y": 256,
  "size_z": 256,
  "snr_csf": 3.517843300025446,
  "snr_gm": 15.69465042591647,
  "snr_total": 14.02181548243415,
  "snr_wm": 22.85295272136053,
  "snrd_csf": 44.77543646392887,
  "snrd_gm": 91.17312748677797,
  "snrd_total": 85.85035693151484,
  "snrd_wm": 121.60250684383765,
  "spacing_x": 1.0,
  "spacing_y": 1.0,
  "spacing_z": 1.0,
  "summary_bg_k": 179.4845354321883,
  "summary_bg_mad": 5.3875238117062,
  "summary_bg_mean": 6.306266564040947,
  "summary_bg_median": 3.633829589933157,
  "summary_bg_n": 2721891.0,
  "summary_bg_p05": 0.0,
  "summary_bg_p95": 18.96560375019908,
  "summary_bg_stdv": 12.336155408018632,
  "summary_csf_k": 26.464945877749244,
  "summary_csf_mad": 88.63583695697461,
  "summary_csf_mean": 391.8983254205172,
  "summary_csf_median": 368.2114722840488,
  "summary_csf_n": 14074.0,
  "summary_csf_p05": 267.2606995664537,
  "summary_csf_p95": 588.1502526769414,
  "summary_csf_stdv": 104.66594426850138,
  "summary_gm_k": 0.3434777017266639,
  "summary_gm_mad": 45.38804307122347,
  "summary_gm_mean": 748.2120543652156,
  "summary_gm_median": 749.7635792270303,
  "summary_gm_n": 20886.0,
  "summary_gm_p05": 667.5792963095009,
  "summary_gm_p95": 824.6802029646933,
  "summary_gm_stdv": 47.77077601060661,
  "summary_wm_k": 0.6046361887831777,
  "summary_wm_mad": 40.29572604372035,
  "summary_wm_mean": 996.6344524409408,
  "summary_wm_median": 1000.0000360570848,
  "summary_wm_n": 160777.0,
  "summary_wm_p05": 916.9695188514888,
  "summary_wm_p95": 1062.1733669862151,
  "summary_wm_stdv": 43.75788714689307,
  "tpm_overlap_csf": 0.18593421578407288,
  "tpm_overlap_gm": 0.4514714181423187,
  "tpm_overlap_wm": 0.5052842497825623,
  "wm2max": 0.4175899557236993
}