{
  "bids_meta": {
    "AcquisitionMatrixPE": 256,
    "AcquisitionNumber": 1,
    "AcquisitionTime": "13:09:8.972500",
    "BaseResolution": 256,
    "CoilCombinationMethod": "Adaptive Combine",
    "CoilString": "C:HEA;HEP",
    "ConversionSoftware": "dcm2niix",
    "ConversionSoftwareVersion": "v1.0.20220720",
    "DeviceSerialNumber": "35383",
    "DwellTime": 1.03e-05,
    "EchoTime": 0.00227,
    "FlipAngle": 9,
    "ImageOrientationPatientDICOM": [
      0,
      1,
      0,
      0,
      0,
      -1
    ],
    "ImageOrientationText": "Sag",
    "ImageType": [
      "ORIGINAL",
      "PRIMARY",
      "M",
      "ND",
      "NORM"
    ],
    "ImagingFrequency": 123.189,
    "InPlanePhaseEncodingDirectionDICOM": "ROW",
    "InstitutionAddress": "Rue Michel-Servet 1,Geneve,District,CH,1211",
    "InstitutionName": "BBL - University of Geneva",
    "InstitutionalDepartmentName": "Department",
    "InversionTime": 0.9,
    "MRAcquisitionType": "3D",
    "MagneticFieldStrength": 3,
    "Manufacturer": "Siemens",
    "ManufacturersModelName": "TrioTim",
    "MatrixCoilMode": "GRAPPA",
    "Modality": "MR",
    "NonlinearGradientCorrection": false,
    "ParallelReductionFactorInPlane": 2,
    "PartialFourier": 1,
    "PatientPosition": "HFS",
    "PercentPhaseFOV": 100,
    "PercentSampling": 100,
    "PhaseEncodingSteps": 294,
    "PhaseOversampling": 0.15,
    "PhaseResolution": 1,
    "PixelBandwidth": 190,
    "ProcedureStepDescription": "fMRI^PSYKOKWAK",
    "ProtocolName": "T1_1MM",
    "PulseSequenceDetails": "%SiemensSeq%\\tfl",
    "ReceiveCoilName": "32Ch_Head",
    "ReconMatrixPE": 256,
    "RefLinesPE": 24,
    "RepetitionTime": 1.9,
    "SAR": 0.15771,
    "ScanOptions": "IR",
    "ScanningSequence": "GR\\IR",
    "SequenceName": "*tfl3d1_ns",
    "SequenceVariant": "SP\\MP\\OSP",
    "SeriesDescription": "T1_1MM",
    "SeriesNumber": 4,
    "ShimSetting": [
      -13894,
      8934,
      19117,
      -207,
      151,
      18,
      206,
      4
    ],
    "SliceThickness": 1,
    "SoftwareVersions": "syngo MR B17",
    "StationName": "MRC35383",
    "TxRefAmp": 374.378,
    "dataset": "<unset>",
    "modality": "T1w",
    "session_id": "1",
    "subject_id": "S04"
  },
  "cjv": 0.37567695591967665,
  "cnr": 3.594256008115812,
  "efc": 0.563396018342926,
  "fber": 10608.999999999998,
  "fwhm_avg": 3.995563333333333,
  "fwhm_x": 3.91292,
  "fwhm_y": 4.07595,
  "fwhm_z": 3.99782,
  "icvs_csf": 0.1683100869375467,
  "icvs_gm": 0.42303349416006797,
  "icvs_wm": 0.40865641890238535,
  "inu_med": 0.9140596985816956,
  "inu_range": 0.2689081132411957,
  "provenance": {
    "md5sum": "df792df3cdbd716c28d2247a39467490",
    "settings": {
      "testing": false
    },
    "software": "mriqc",
    "version": "0.16.1",
    "warnings": {
      "large_rot_frame": true,
      "small_air_mask": false
    },
    "webapi_port": null,
    "webapi_url": "https://mriqc.nimh.nih.gov/api/v1"
  },
  "qi_1": 0.0,
  "qi_2": 0.016655781408368056,
  "rpve_csf": 31.9828821452331,
  "rpve_gm": 14.185992545993415,
  "rpve_wm": 17.61679018331581,
  "size_x": 192,
  "size_y": 256,
  "size_z": 256,
  "snr_csf": 2.8282868048133794,
  "snr_gm": 15.222710067306755,
  "snr_total": 15.198218826532878,
  "snr_wm": 27.5436596074785,
  "snrd_csf": 45.413497576909876,
  "snrd_gm": 91.55677124638693,
  "snrd_total": 85.06243354189002,
  "snrd_wm": 118.21703180237323,
  "spacing_x": 1.0,
  "spacing_y": 1.0,
  "spacing_z": 1.0,
  "summary_bg_k": 8.957968528895192,
  "summary_bg_mad": 5.541810310469487,
  "summary_bg_mean": 5.254290609841453,
  "summary_bg_median": 3.7378942519426346,
  "summary_bg_n": 2266395.0,
  "summary_bg_p05": 0.0,
  "summary_bg_p95": 15.064846530556679,
  "summary_bg_stdv": 5.51517389076618,
  "summary_csf_k": 15.52037088042687,
  "summary_csf_mad": 138.3773241159654,
  "summary_csf_mean": 420.47684571918927,
  "summary_csf_median": 384.1535865291953,
  "summary_csf_n": 16726.0,
  "summary_csf_p05": 257.3483557701111,
  "summary_csf_p95": 639.8595342189074,
  "summary_csf_stdv": 135.82148103871646,
  "summary_gm_k": -0.014010981347192253,
  "summary_gm_mad": 50.464060554426695,
  "summary_gm_mean": 774.0259765673194,
  "summary_gm_median": 774.4803620502353,
  "summary_gm_n": 24995.0,
  "summary_gm_p05": 689.4149504378438,
  "summary_gm_p95": 857.9600003436208,
  "summary_gm_stdv": 50.8756237072912,
  "summary_wm_k": 0.5468902996051459,
  "summary_wm_mad": 34.25846373744774,
  "summary_wm_mean": 999.1276920707318,
  "summary_wm_median": 999.9999819174409,
  "summary_wm_n": 243509.0,
  "summary_wm_p05": 938.0415529534221,
  "summary_wm_p95": 1056.9179171174765,
  "summary_wm_stdv": 36.30592095800001,
  "tpm_overlap_csf": 0.172622412443161,
  "tpm_overlap_gm": 0.43105053901672363,
  "tpm_overlap_wm": 0.503920316696167,
  "wm2max": 0.4003128684138932
}