{
  "aor": 0.005578771551724138,
  "aqi": 0.016141744806034482,
  "bids_meta": {
    "AcquisitionMatrixPE": 84,
    "AcquisitionNumber": 1,
    "AcquisitionTime": "11:14:31.000006",
    "BandwidthPerPixelPhaseEncode": 20.886,
    "BaseResolution": 84,
    "CoilCombinationMethod": "Sum of Squares",
    "CoilString": "C:HEA;HEP",
    "ConversionSoftware": "dicom2nifti",
    "ConversionSoftwareVersion": "v2.2.10",
    "DerivedVendorReportedEchoSpacing": 0.000569988,
    "DeviceSerialNumber": "35383",
    "DwellTime": 2.6e-06,
    "EchoTime": 0.03,
    "EffectiveEchoSpacing": 0.000569988,
    "FlipAngle": 64,
    "ImageComments": "Unaliased MB3/PE3/LB (remote)",
    "ImageType": [
      "ORIGINAL",
      "PRIMARY",
      "M",
      "MB",
      "ND",
      "NORM",
      "MOSAIC"
    ],
    "ImagingFrequency": 123.189,
    "InPlanePhaseEncodingDirectionDICOM": "COL",
    "InstitutionAddress": "Rue Michel-Servet 1,Geneve,District,CH,1211",
    "InstitutionName": "BBL - University of Geneva",
    "InstitutionalDepartmentName": "Department",
    "MRAcquisitionType": "2D",
    "MagneticFieldStrength": 3,
    "Manufacturer": "Siemens",
    "ManufacturersModelName": "TrioTim",
    "MatrixCoilMode": "SENSE",
    "Modality": "MR",
    "MultibandAccelerationFactor": 3,
    "NonlinearGradientCorrection": false,
    "PartialFourier": 1,
    "PatientPosition": "HFS",
    "PercentPhaseFOV": 100,
    "PercentSampling": 100,
    "PhaseEncodingDirection": "j-",
    "PhaseEncodingSteps": 84,
    "PhaseResolution": 1,
    "PixelBandwidth": 2289,
    "ProcedureStepDescription": "fMRI^PSYKOKWAK",
    "ProtocolName": "FILM_RUN",
    "PulseSequenceDetails": "%CustomerSeq%\\cmrr_mbep2d_bold",
    "ReceiveCoilName": "32Ch_Head",
    "ReconMatrixPE": 84,
    "RepetitionTime": 1.3,
    "ScanOptions": "FS",
    "ScanningSequence": "EP",
    "SequenceName": "epfid2d1_84",
    "SequenceVariant": "SK\\SS",
    "SeriesDescription": "FILM_RUN",
    "ShimSetting": [
      -13908,
      8933,
      19593,
      311,
      -16,
      -301,
      98,
      -47
    ],
    "SliceThickness": 2.5,
    "SliceTiming": [
      0,
      0.9425,
      0.58,
      0.2175,
      1.16,
      0.7975,
      0.435,
      0.0725,
      1.015,
      0.6525,
      0.29,
      1.2325,
      0.87,
      0.5075,
      0.145,
      1.0875,
      0.725,
      0.3625,
      0,
      0.9425,
      0.58,
      0.2175,
      1.16,
      0.7975,
      0.435,
      0.0725,
      1.015,
      0.6525,
      0.29,
      1.2325,
      0.87,
      0.5075,
      0.145,
      1.0875,
      0.725,
      0.3625,
      0,
      0.9425,
      0.58,
      0.2175,
      1.16,
      0.7975,
      0.435,
      0.0725,
      1.015,
      0.6525,
      0.29,
      1.2325,
      0.87,
      0.5075,
      0.145,
      1.0875,
      0.725,
      0.3625
    ],
    "SoftwareVersions": "syngo MR B17",
    "SpacingBetweenSlices": 2.5,
    "StationName": "MRC35383",
    "TaskName": "ToClaireFromSonny",
    "TotalReadoutTime": 0.047309,
    "dataset": "<unset>",
    "modality": "bold",
    "session_id": "1",
    "subject_id": "S22",
    "task_id": "ToClaireFromSonny"
  },
  "dummy_trs": 0,
  "dvars_nstd": 28.303488148401712,
  "dvars_std": 1.1517631362418999,
  "dvars_vstd": 0.9926779027645789,
  "efc": 0.554697268005109,
  "fber": 3609.575927734375,
  "fd_mean": 0.18546225569878633,
  "fd_num": 119,
  "fd_perc": 25.646551724137932,
  "fwhm_avg": 1.9659253333333335,
  "fwhm_x": 1.8485800000000001,
  "fwhm_y": 2.13082,
  "fwhm_z": 1.9183759999999999,
  "gcor": 0.0460614,
  "gsr_x": -0.0011141374707221985,
  "gsr_y": 0.05087502673268318,
  "provenance": {
    "md5sum": "194709dd9353961331a9ec7d3e8a10b1",
    "settings": {
      "fd_thres": 0.2,
      "testing": false
    },
    "software": "mriqc",
    "version": "0.16.1",
    "webapi_port": null,
    "webapi_url": "https://mriqc.nimh.nih.gov/api/v1"
  },
  "size_t": 464,
  "size_x": 84,
  "size_y": 84,
  "size_z": 54,
  "snr": 6.571750223831476,
  "spacing_tr": 1.2999999523162842,
  "spacing_x": 2.5,
  "spacing_y": 2.5,
  "spacing_z": 2.5,
  "summary_bg_k": 17.251237039434663,
  "summary_bg_mad": 7.433440817655408,
  "summary_bg_mean": 31.62079429626465,
  "summary_bg_median": 8.850085258483887,
  "summary_bg_n": 230525.0,
  "summary_bg_p05": 2.7808932304382323,
  "summary_bg_p95": 144.0815704345703,
  "summary_bg_stdv": 57.98796844482422,
  "summary_fg_k": 2.0577174207238107,
  "summary_fg_mad": 74.32253973495125,
  "summary_fg_mean": 558.4962768554688,
  "summary_fg_median": 551.0238647460938,
  "summary_fg_n": 86768.0,
  "summary_fg_p05": 441.46722412109375,
  "summary_fg_p95": 702.3534088134766,
  "summary_fg_stdv": 83.84687042236328,
  "tsnr": 47.2568359375
}