{
  "bids_meta": {
    "AcquisitionMatrixPE": 256,
    "AcquisitionNumber": 1,
    "AcquisitionTime": "15:07:25.565000",
    "BaseResolution": 256,
    "CoilCombinationMethod": "Adaptive Combine",
    "CoilString": "C:HEA;HEP",
    "ConversionSoftware": "dcm2niix",
    "ConversionSoftwareVersion": "v1.0.20220720",
    "DeviceSerialNumber": "35383",
    "DwellTime": 1.03e-05,
    "EchoTime": 0.00227,
    "FlipAngle": 9,
    "ImageOrientationPatientDICOM": [
      0,
      1,
      0,
      0,
      0,
      -1
    ],
    "ImageOrientationText": "Sag",
    "ImageType": [
      "ORIGINAL",
      "PRIMARY",
      "M",
      "ND",
      "NORM"
    ],
    "ImagingFrequency": 123.189,
    "InPlanePhaseEncodingDirectionDICOM": "ROW",
    "InstitutionAddress": "Rue Michel-Servet 1,Geneve,District,CH,1211",
    "InstitutionName": "BBL - University of Geneva",
    "InstitutionalDepartmentName": "Department",
    "InversionTime": 0.9,
    "MRAcquisitionType": "3D",
    "MagneticFieldStrength": 3,
    "Manufacturer": "Siemens",
    "ManufacturersModelName": "TrioTim",
    "MatrixCoilMode": "GRAPPA",
    "Modality": "MR",
    "NonlinearGradientCorrection": false,
    "ParallelReductionFactorInPlane": 2,
    "PartialFourier": 1,
    "PatientPosition": "HFS",
    "PercentPhaseFOV": 100,
    "PercentSampling": 100,
    "PhaseEncodingSteps": 294,
    "PhaseOversampling": 0.15,
    "PhaseResolution": 1,
    "PixelBandwidth": 190,
    "ProcedureStepDescription": "fMRI^PSYKOKWAK",
    "ProtocolName": "T1_1MM",
    "PulseSequenceDetails": "%SiemensSeq%\\tfl",
    "ReceiveCoilName": "32Ch_Head",
    "ReconMatrixPE": 256,
    "RefLinesPE": 24,
    "RepetitionTime": 1.9,
    "SAR": 0.165984,
    "ScanOptions": "IR",
    "ScanningSequence": "GR\\IR",
    "SequenceName": "*tfl3d1_ns",
    "SequenceVariant": "SP\\MP\\OSP",
    "SeriesDescription": "T1_1MM",
    "SeriesNumber": 4,
    "ShimSetting": [
      -13894,
      8934,
      19117,
      -207,
      151,
      18,
      206,
      4
    ],
    "SliceThickness": 1,
    "SoftwareVersions": "syngo MR B17",
    "StationName": "MRC35383",
    "TxRefAmp": 389.111,
    "dataset": "<unset>",
    "modality": "T1w",
    "session_id": "1",
    "subject_id": "S30"
  },
  "cjv": 0.37963265041726113,
  "cnr": 3.5356437881772242,
  "efc": 0.5914388247931512,
  "fber": 12909.122778392866,
  "fwhm_avg": 3.833183333333333,
  "fwhm_x": 3.82458,
  "fwhm_y": 3.78552,
  "fwhm_z": 3.88945,
  "icvs_csf": 0.172258899658813,
  "icvs_gm": 0.4295772744794771,
  "icvs_wm": 0.39816382586170995,
  "inu_med": 1.467200756072998,
  "inu_range": 0.4152634859085085,
  "provenance": {
    "md5sum": "77aa0e73bc1f10a87c1563d1a678e233",
    "settings": {
      "testing": false
    },
    "software": "mriqc",
    "version": "0.16.1",
    "warnings": {
      "large_rot_frame": true,
      "small_air_mask": false
    },
    "webapi_port": null,
    "webapi_url": "https://mriqc.nimh.nih.gov/api/v1"
  },
  "qi_1": 0.0,
  "qi_2": 0.007143637757452205,
  "rpve_csf": 35.74055658902767,
  "rpve_gm": 15.721691281110655,
  "rpve_wm": 20.111796935827396,
  "size_x": 192,
  "size_y": 256,
  "size_z": 256,
  "snr_csf": 3.271154611158126,
  "snr_gm": 14.968286207409458,
  "snr_total": 13.046140850712895,
  "snr_wm": 20.898981733571105,
  "snrd_csf": 44.40252335693149,
  "snrd_gm": 95.19895651571304,
  "snrd_total": 88.67337457483711,
  "snrd_wm": 126.41864385186678,
  "spacing_x": 1.0,
  "spacing_y": 1.0,
  "spacing_z": 1.0,
  "summary_bg_k": 22.57509541678491,
  "summary_bg_mad": 5.182276699148103,
  "summary_bg_mean": 6.179644299140682,
  "summary_bg_median": 3.4953925162553787,
  "summary_bg_n": 2242098.0,
  "summary_bg_p05": 0.0,
  "summary_bg_p95": 18.05952800065279,
  "summary_bg_stdv": 7.628946326660276,
  "summary_csf_k": 0.18638636502539363,
  "summary_csf_mad": 99.09141203522584,
  "summary_csf_mean": 379.4993059565395,
  "summary_csf_median": 351.233987390995,
  "summary_csf_n": 12611.0,
  "summary_csf_p05": 247.1666192933917,
  "summary_csf_p95": 585.3193649947643,
  "summary_csf_stdv": 107.36883552296811,
  "summary_gm_k": 0.14662011362248872,
  "summary_gm_mad": 49.38866732975995,
  "summary_gm_mean": 753.3172125543365,
  "summary_gm_median": 753.045245282352,
  "summary_gm_n": 17925.0,
  "summary_gm_p05": 671.2742445990443,
  "summary_gm_p95": 836.9240735739469,
  "summary_gm_stdv": 50.307979758594776,
  "summary_wm_k": 0.5670574354942559,
  "summary_wm_mad": 44.36342931846482,
  "summary_wm_mean": 1000.9185796502182,
  "summary_wm_median": 1000.0000226050615,
  "summary_wm_n": 190570.0,
  "summary_wm_p05": 923.1013872474432,
  "summary_wm_p95": 1080.2881294935942,
  "summary_wm_stdv": 47.84909674749318,
  "tpm_overlap_csf": 0.17575088143348694,
  "tpm_overlap_gm": 0.43217772245407104,
  "tpm_overlap_wm": 0.4955984950065613,
  "wm2max": 0.3935389745727386
}