{
  "bids_meta": {
    "AcquisitionMatrixPE": 256,
    "AcquisitionNumber": 1,
    "AcquisitionTime": "16:11:9.290000",
    "BaseResolution": 256,
    "CoilCombinationMethod": "Adaptive Combine",
    "CoilString": "C:HEA;HEP",
    "ConversionSoftware": "dcm2niix",
    "ConversionSoftwareVersion": "v1.0.20220720",
    "DeviceSerialNumber": "35383",
    "DwellTime": 1.03e-05,
    "EchoTime": 0.00227,
    "FlipAngle": 9,
    "ImageOrientationPatientDICOM": [
      0,
      1,
      -1e-16,
      0.152986,
      0,
      -0.988228
    ],
    "ImageOrientationText": "Sag>Tra(-8.8)",
    "ImageType": [
      "ORIGINAL",
      "PRIMARY",
      "M",
      "ND",
      "NORM"
    ],
    "ImagingFrequency": 123.189,
    "InPlanePhaseEncodingDirectionDICOM": "ROW",
    "InstitutionAddress": "Rue Michel-Servet 1,Geneve,District,CH,1211",
    "InstitutionName": "BBL - University of Geneva",
    "InstitutionalDepartmentName": "Department",
    "InversionTime": 0.9,
    "MRAcquisitionType": "3D",
    "MagneticFieldStrength": 3,
    "Manufacturer": "Siemens",
    "ManufacturersModelName": "TrioTim",
    "MatrixCoilMode": "GRAPPA",
    "Modality": "MR",
    "NonlinearGradientCorrection": false,
    "ParallelReductionFactorInPlane": 2,
    "PartialFourier": 1,
    "PatientPosition": "HFS",
    "PercentPhaseFOV": 100,
    "PercentSampling": 100,
    "PhaseEncodingSteps": 294,
    "PhaseOversampling": 0.15,
    "PhaseResolution": 1,
    "PixelBandwidth": 190,
    "ProcedureStepDescription": "fMRI^PSYKOKWAK",
    "ProtocolName": "T1_1MM",
    "PulseSequenceDetails": "%SiemensSeq%\\tfl",
    "ReceiveCoilName": "32Ch_Head",
    "ReconMatrixPE": 256,
    "RefLinesPE": 24,
    "RepetitionTime": 1.9,
    "SAR": 0.148935,
    "ScanOptions": "IR",
    "ScanningSequence": "GR\\IR",
    "SequenceName": "*tfl3d1_ns",
    "SequenceVariant": "SP\\MP\\OSP",
    "SeriesDescription": "T1_1MM",
    "SeriesNumber": 4,
    "ShimSetting": [
      -13894,
      8934,
      19117,
      -207,
      151,
      18,
      206,
      4
    ],
    "SliceThickness": 1,
    "SoftwareVersions": "syngo MR B17",
    "StationName": "MRC35383",
    "TxRefAmp": 378.922,
    "dataset": "<unset>",
    "modality": "T1w",
    "session_id": "1",
    "subject_id": "S13"
  },
  "cjv": 0.43955853037569864,
  "cnr": 2.874159138761772,
  "efc": 0.554925501566969,
  "fber": 19166.864197530864,
  "fwhm_avg": 3.82611,
  "fwhm_x": 3.75129,
  "fwhm_y": 3.89843,
  "fwhm_z": 3.82861,
  "icvs_csf": 0.19210989738634449,
  "icvs_gm": 0.41860192049326217,
  "icvs_wm": 0.38928818212039334,
  "inu_med": 1.4227215051651,
  "inu_range": 0.40018327236175555,
  "provenance": {
    "md5sum": "0a787f4c8ce11641e24e41171f4c82c1",
    "settings": {
      "testing": false
    },
    "software": "mriqc",
    "version": "0.16.1",
    "warnings": {
      "large_rot_frame": true,
      "small_air_mask": false
    },
    "webapi_port": null,
    "webapi_url": "https://mriqc.nimh.nih.gov/api/v1"
  },
  "qi_1": 0.0,
  "qi_2": 0.013173721309808192,
  "rpve_csf": 28.69920456450883,
  "rpve_gm": 13.931208982456141,
  "rpve_wm": 17.93657713785332,
  "size_x": 192,
  "size_y": 256,
  "size_z": 256,
  "snr_csf": 3.019490790219216,
  "snr_gm": 11.888421832614517,
  "snr_total": 13.332525999048931,
  "snr_wm": 25.08966537431306,
  "snrd_csf": 54.58457364662109,
  "snrd_gm": 121.36511179067679,
  "snrd_total": 110.58585023991388,
  "snrd_wm": 155.80786528244371,
  "spacing_x": 1.0,
  "spacing_y": 1.0,
  "spacing_z": 1.0,
  "summary_bg_k": 11.077142878101697,
  "summary_bg_mad": 4.204770999167582,
  "summary_bg_mean": 5.5537384133597545,
  "summary_bg_median": 2.8360749408602715,
  "summary_bg_n": 3101181.0,
  "summary_bg_p05": 0.0,
  "summary_bg_p95": 16.60392965376377,
  "summary_bg_stdv": 5.848200522218834,
  "summary_csf_k": 86.9242908921101,
  "summary_csf_mad": 89.59984747317102,
  "summary_csf_mean": 376.81110203442125,
  "summary_csf_median": 350.3326026946306,
  "summary_csf_n": 18184.0,
  "summary_csf_p05": 251.43093475699425,
  "summary_csf_p95": 575.3390537526457,
  "summary_csf_stdv": 116.02054581730997,
  "summary_gm_k": 0.25022753697769184,
  "summary_gm_mad": 60.39580162440709,
  "summary_gm_mean": 784.1611308064998,
  "summary_gm_median": 778.9408737570047,
  "summary_gm_n": 19362.0,
  "summary_gm_p05": 683.958145737648,
  "summary_gm_p95": 902.9546961709857,
  "summary_gm_stdv": 65.51927322798872,
  "summary_wm_k": 0.6975250509444058,
  "summary_wm_mad": 36.772633647265586,
  "summary_wm_mean": 1000.0892195454079,
  "summary_wm_median": 1000.0000241473317,
  "summary_wm_n": 206858.0,
  "summary_wm_p05": 934.667170509696,
  "summary_wm_p95": 1065.6422677785158,
  "summary_wm_stdv": 39.85695273764388,
  "tpm_overlap_csf": 0.17905820906162262,
  "tpm_overlap_gm": 0.4298339784145355,
  "tpm_overlap_wm": 0.5037438273429871,
  "wm2max": 0.4221100058768474
}