{
  "bids_meta": {
    "AcquisitionMatrixPE": 256,
    "AcquisitionNumber": 1,
    "AcquisitionTime": "14:36:15.715000",
    "BaseResolution": 256,
    "CoilCombinationMethod": "Adaptive Combine",
    "CoilString": "C:HEA;HEP",
    "ConversionSoftware": "dcm2niix",
    "ConversionSoftwareVersion": "v1.0.20220720",
    "DeviceSerialNumber": "35383",
    "DwellTime": 1.03e-05,
    "EchoTime": 0.00227,
    "FlipAngle": 9,
    "ImageOrientationPatientDICOM": [
      0.0593064,
      0.99824,
      3.28338e-09,
      0.0505039,
      -0.00300048,
      -0.998719
    ],
    "ImageOrientationText": "Sag>Cor(3.4)>Tra(-2.9)",
    "ImageType": [
      "ORIGINAL",
      "PRIMARY",
      "M",
      "ND",
      "NORM"
    ],
    "ImagingFrequency": 123.189,
    "InPlanePhaseEncodingDirectionDICOM": "ROW",
    "InstitutionAddress": "Rue Michel-Servet 1,Geneve,District,CH,1211",
    "InstitutionName": "BBL - University of Geneva",
    "InstitutionalDepartmentName": "Department",
    "InversionTime": 0.9,
    "MRAcquisitionType": "3D",
    "MagneticFieldStrength": 3,
    "Manufacturer": "Siemens",
    "ManufacturersModelName": "TrioTim",
    "MatrixCoilMode": "GRAPPA",
    "Modality": "MR",
    "NonlinearGradientCorrection": false,
    "ParallelReductionFactorInPlane": 2,
    "PartialFourier": 1,
    "PatientPosition": "HFS",
    "PercentPhaseFOV": 100,
    "PercentSampling": 100,
    "PhaseEncodingSteps": 294,
    "PhaseOversampling": 0.15,
    "PhaseResolution": 1,
    "PixelBandwidth": 190,
    "ProcedureStepDescription": "fMRI^PSYKOKWAK",
    "ProtocolName": "T1_1MM",
    "PulseSequenceDetails": "%SiemensSeq%\\tfl",
    "ReceiveCoilName": "32Ch_Head",
    "ReconMatrixPE": 256,
    "RefLinesPE": 24,
    "RepetitionTime": 1.9,
    "SAR": 0.163646,
    "ScanOptions": "IR",
    "ScanningSequence": "GR\\IR",
    "SequenceName": "*tfl3d1_ns",
    "SequenceVariant": "SP\\MP\\OSP",
    "SeriesDescription": "T1_1MM",
    "SeriesNumber": 4,
    "ShimSetting": [
      -13894,
      8934,
      19117,
      -207,
      151,
      18,
      206,
      4
    ],
    "SliceThickness": 1,
    "SoftwareVersions": "syngo MR B17",
    "StationName": "MRC35383",
    "TxRefAmp": 365.301,
    "dataset": "<unset>",
    "modality": "T1w",
    "session_id": "1",
    "subject_id": "S01"
  },
  "cjv": 0.39101115804060915,
  "cnr": 3.338308167869779,
  "efc": 0.5413190215995315,
  "fber": 11296.65306122449,
  "fwhm_avg": 3.7882366666666667,
  "fwhm_x": 3.76878,
  "fwhm_y": 3.76804,
  "fwhm_z": 3.82789,
  "icvs_csf": 0.18966846083864258,
  "icvs_gm": 0.42398162984523674,
  "icvs_wm": 0.3863499093161207,
  "inu_med": 1.0811623334884644,
  "inu_range": 0.25617622137069707,
  "provenance": {
    "md5sum": "c14c5e0d2ddc136db24b5b02342d5d6d",
    "settings": {
      "testing": false
    },
    "software": "mriqc",
    "version": "0.16.1",
    "warnings": {
      "large_rot_frame": true,
      "small_air_mask": false
    },
    "webapi_port": null,
    "webapi_url": "https://mriqc.nimh.nih.gov/api/v1"
  },
  "qi_1": 0.0,
  "qi_2": 0.013265855660519636,
  "rpve_csf": 37.73353513669967,
  "rpve_gm": 17.915738318940885,
  "rpve_wm": 23.39499889687048,
  "size_x": 192,
  "size_y": 256,
  "size_z": 256,
  "snr_csf": 3.9268037295589977,
  "snr_gm": 14.29296786257203,
  "snr_total": 14.314259886586152,
  "snr_wm": 24.723008067627433,
  "snrd_csf": 47.48073703178582,
  "snrd_gm": 99.92615696853757,
  "snrd_total": 92.22353375297962,
  "snrd_wm": 129.26370725861545,
  "spacing_x": 1.0,
  "spacing_y": 1.0,
  "spacing_z": 1.0,
  "summary_bg_k": 17.58722945973454,
  "summary_bg_mad": 5.068215767260155,
  "summary_bg_mean": 7.399493394802529,
  "summary_bg_median": 6.903947792947292,
  "summary_bg_n": 2382185.0,
  "summary_bg_p05": 0.0,
  "summary_bg_p95": 20.912929236888885,
  "summary_bg_stdv": 7.816771017120207,
  "summary_csf_k": 2.147121418096577,
  "summary_csf_mad": 75.62572938990154,
  "summary_csf_mean": 387.8302231277347,
  "summary_csf_median": 367.31683403253555,
  "summary_csf_n": 13576.0,
  "summary_csf_p05": 270.5107505377382,
  "summary_csf_p95": 574.2509391177446,
  "summary_csf_stdv": 93.53747498249673,
  "summary_gm_k": 0.20467857768673303,
  "summary_gm_mad": 51.57654869035335,
  "summary_gm_mean": 774.2934568927709,
  "summary_gm_median": 773.0410669520497,
  "summary_gm_n": 11575.0,
  "summary_gm_p05": 685.8837532125414,
  "summary_gm_p95": 863.7978175505996,
  "summary_gm_stdv": 54.083076444349786,
  "summary_wm_k": 0.6212882951320449,
  "summary_wm_mad": 37.16691562657447,
  "summary_wm_mean": 1000.0330174166505,
  "summary_wm_median": 999.9999720677733,
  "summary_wm_n": 165656.0,
  "summary_wm_p05": 933.2394671961665,
  "summary_wm_p95": 1066.5593910813332,
  "summary_wm_stdv": 40.448029261848596,
  "tpm_overlap_csf": 0.16035519540309906,
  "tpm_overlap_gm": 0.4230484068393707,
  "tpm_overlap_wm": 0.4866146743297577,
  "wm2max": 0.38771797603887836
}