{
  "aor": 0.0011534925864909392,
  "aqi": 0.022516401976935753,
  "bids_meta": {
    "AcquisitionMatrixPE": 84,
    "AcquisitionNumber": 1,
    "AcquisitionTime": "10:51:58.000006",
    "BandwidthPerPixelPhaseEncode": 20.886,
    "BaseResolution": 84,
    "CoilCombinationMethod": "Sum of Squares",
    "CoilString": "C:HEA;HEP",
    "ConversionSoftware": "dicom2nifti",
    "ConversionSoftwareVersion": "v2.2.10",
    "DerivedVendorReportedEchoSpacing": 0.000569988,
    "DeviceSerialNumber": "35383",
    "DwellTime": 2.6e-06,
    "EchoTime": 0.03,
    "EffectiveEchoSpacing": 0.000569988,
    "FlipAngle": 64,
    "ImageComments": "Unaliased MB3/PE3/LB (remote)",
    "ImageType": [
      "ORIGINAL",
      "PRIMARY",
      "M",
      "MB",
      "ND",
      "NORM",
      "MOSAIC"
    ],
    "ImagingFrequency": 123.189,
    "InPlanePhaseEncodingDirectionDICOM": "COL",
    "InstitutionAddress": "Rue Michel-Servet 1,Geneve,District,CH,1211",
    "InstitutionName": "BBL - University of Geneva",
    "InstitutionalDepartmentName": "Department",
    "MRAcquisitionType": "2D",
    "MagneticFieldStrength": 3,
    "Manufacturer": "Siemens",
    "ManufacturersModelName": "TrioTim",
    "MatrixCoilMode": "SENSE",
    "Modality": "MR",
    "MultibandAccelerationFactor": 3,
    "NonlinearGradientCorrection": false,
    "PartialFourier": 1,
    "PatientPosition": "HFS",
    "PercentPhaseFOV": 100,
    "PercentSampling": 100,
    "PhaseEncodingDirection": "j-",
    "PhaseEncodingSteps": 84,
    "PhaseResolution": 1,
    "PixelBandwidth": 2289,
    "ProcedureStepDescription": "fMRI^PSYKOKWAK",
    "ProtocolName": "FILM_RUN",
    "PulseSequenceDetails": "%CustomerSeq%\\cmrr_mbep2d_bold",
    "ReceiveCoilName": "32Ch_Head",
    "ReconMatrixPE": 84,
    "RepetitionTime": 1.3,
    "ScanOptions": "FS",
    "ScanningSequence": "EP",
    "SequenceName": "epfid2d1_84",
    "SequenceVariant": "SK\\SS",
    "SeriesDescription": "FILM_RUN",
    "ShimSetting": [
      -13908,
      8933,
      19593,
      311,
      -16,
      -301,
      98,
      -47
    ],
    "SliceThickness": 2.5,
    "SliceTiming": [
      0,
      0.9425,
      0.58,
      0.2175,
      1.16,
      0.7975,
      0.435,
      0.0725,
      1.015,
      0.6525,
      0.29,
      1.2325,
      0.87,
      0.5075,
      0.145,
      1.0875,
      0.725,
      0.3625,
      0,
      0.9425,
      0.58,
      0.2175,
      1.16,
      0.7975,
      0.435,
      0.0725,
      1.015,
      0.6525,
      0.29,
      1.2325,
      0.87,
      0.5075,
      0.145,
      1.0875,
      0.725,
      0.3625,
      0,
      0.9425,
      0.58,
      0.2175,
      1.16,
      0.7975,
      0.435,
      0.0725,
      1.015,
      0.6525,
      0.29,
      1.2325,
      0.87,
      0.5075,
      0.145,
      1.0875,
      0.725,
      0.3625
    ],
    "SoftwareVersions": "syngo MR B17",
    "SpacingBetweenSlices": 2.5,
    "StationName": "MRC35383",
    "TaskName": "TearsOfSteel",
    "TotalReadoutTime": 0.047309,
    "dataset": "<unset>",
    "modality": "bold",
    "session_id": "1",
    "subject_id": "S05",
    "task_id": "TearsOfSteel"
  },
  "dummy_trs": 0,
  "dvars_nstd": 31.412774784636984,
  "dvars_std": 1.300406557458747,
  "dvars_vstd": 0.9689829628217809,
  "efc": 0.4885882639299901,
  "fber": 4329.6943359375,
  "fd_mean": 0.14492697696508652,
  "fd_num": 106,
  "fd_perc": 17.462932454695224,
  "fwhm_avg": 1.8279373333333335,
  "fwhm_x": 1.72992,
  "fwhm_y": 2.0138480000000003,
  "fwhm_z": 1.740044,
  "gcor": 0.0194064,
  "gsr_x": -0.006379785016179085,
  "gsr_y": 0.016199098899960518,
  "provenance": {
    "md5sum": "e98a5260a2efe6496f0f7386cc1d0efc",
    "settings": {
      "fd_thres": 0.2,
      "testing": false
    },
    "software": "mriqc",
    "version": "0.16.1",
    "webapi_port": null,
    "webapi_url": "https://mriqc.nimh.nih.gov/api/v1"
  },
  "size_t": 607,
  "size_x": 84,
  "size_y": 84,
  "size_z": 54,
  "snr": 7.095502873106663,
  "spacing_tr": 1.2999999523162842,
  "spacing_x": 2.5,
  "spacing_y": 2.5,
  "spacing_z": 2.5,
  "summary_bg_k": 22.43188337109562,
  "summary_bg_mad": 5.352817391842901,
  "summary_bg_mean": 20.745094299316406,
  "summary_bg_median": 6.856993675231934,
  "summary_bg_n": 257770.0,
  "summary_bg_p05": 2.489677572250366,
  "summary_bg_p95": 90.81465644836415,
  "summary_bg_stdv": 38.52634811401367,
  "summary_fg_k": 3.336683777347056,
  "summary_fg_mad": 53.733833481292756,
  "summary_fg_mean": 459.3381042480469,
  "summary_fg_median": 455.9832458496094,
  "summary_fg_n": 63545.0,
  "summary_fg_p05": 367.9127685546875,
  "summary_fg_p95": 562.5676635742187,
  "summary_fg_stdv": 64.26319122314453,
  "tsnr": 44.268577575683594
}