{
  "aor": 0.002554267605633803,
  "aqi": 0.015018319549295774,
  "bids_meta": {
    "AcquisitionMatrixPE": 84,
    "AcquisitionNumber": 1,
    "AcquisitionTime": "12:08:04.000006",
    "BandwidthPerPixelPhaseEncode": 20.886,
    "BaseResolution": 84,
    "CoilCombinationMethod": "Sum of Squares",
    "CoilString": "C:HEA;HEP",
    "ConversionSoftware": "dicom2nifti",
    "ConversionSoftwareVersion": "v2.2.10",
    "DerivedVendorReportedEchoSpacing": 0.000569988,
    "DeviceSerialNumber": "35383",
    "DwellTime": 2.6e-06,
    "EchoTime": 0.03,
    "EffectiveEchoSpacing": 0.000569988,
    "FlipAngle": 64,
    "ImageComments": "Unaliased MB3/PE3/LB (remote)",
    "ImageType": [
      "ORIGINAL",
      "PRIMARY",
      "M",
      "MB",
      "ND",
      "NORM",
      "MOSAIC"
    ],
    "ImagingFrequency": 123.189,
    "InPlanePhaseEncodingDirectionDICOM": "COL",
    "InstitutionAddress": "Rue Michel-Servet 1,Geneve,District,CH,1211",
    "InstitutionName": "BBL - University of Geneva",
    "InstitutionalDepartmentName": "Department",
    "MRAcquisitionType": "2D",
    "MagneticFieldStrength": 3,
    "Manufacturer": "Siemens",
    "ManufacturersModelName": "TrioTim",
    "MatrixCoilMode": "SENSE",
    "Modality": "MR",
    "MultibandAccelerationFactor": 3,
    "NonlinearGradientCorrection": false,
    "PartialFourier": 1,
    "PatientPosition": "HFS",
    "PercentPhaseFOV": 100,
    "PercentSampling": 100,
    "PhaseEncodingDirection": "j-",
    "PhaseEncodingSteps": 84,
    "PhaseResolution": 1,
    "PixelBandwidth": 2289,
    "ProcedureStepDescription": "fMRI^PSYKOKWAK",
    "ProtocolName": "FILM_RUN",
    "PulseSequenceDetails": "%CustomerSeq%\\cmrr_mbep2d_bold",
    "ReceiveCoilName": "32Ch_Head",
    "ReconMatrixPE": 84,
    "RepetitionTime": 1.3,
    "ScanOptions": "FS",
    "ScanningSequence": "EP",
    "SequenceName": "epfid2d1_84",
    "SequenceVariant": "SK\\SS",
    "SeriesDescription": "FILM_RUN",
    "ShimSetting": [
      -13908,
      8933,
      19593,
      311,
      -16,
      -301,
      98,
      -47
    ],
    "SliceThickness": 2.5,
    "SliceTiming": [
      0,
      0.9425,
      0.58,
      0.2175,
      1.16,
      0.7975,
      0.435,
      0.0725,
      1.015,
      0.6525,
      0.29,
      1.2325,
      0.87,
      0.5075,
      0.145,
      1.0875,
      0.725,
      0.3625,
      0,
      0.9425,
      0.58,
      0.2175,
      1.16,
      0.7975,
      0.435,
      0.0725,
      1.015,
      0.6525,
      0.29,
      1.2325,
      0.87,
      0.5075,
      0.145,
      1.0875,
      0.725,
      0.3625,
      0,
      0.9425,
      0.58,
      0.2175,
      1.16,
      0.7975,
      0.435,
      0.0725,
      1.015,
      0.6525,
      0.29,
      1.2325,
      0.87,
      0.5075,
      0.145,
      1.0875,
      0.725,
      0.3625
    ],
    "SoftwareVersions": "syngo MR B17",
    "SpacingBetweenSlices": 2.5,
    "StationName": "MRC35383",
    "TaskName": "Sintel",
    "TotalReadoutTime": 0.047309,
    "dataset": "<unset>",
    "modality": "bold",
    "session_id": "4",
    "subject_id": "S16",
    "task_id": "Sintel"
  },
  "dummy_trs": 0,
  "dvars_nstd": 31.309688022073356,
  "dvars_std": 1.2859970861636107,
  "dvars_vstd": 1.0058959228490827,
  "efc": 0.46154939185807303,
  "fber": 5168.74755859375,
  "fd_mean": 0.2511898617843669,
  "fd_num": 411,
  "fd_perc": 57.88732394366197,
  "fwhm_avg": 1.9580666666666666,
  "fwhm_x": 1.8787600000000002,
  "fwhm_y": 2.0571159999999997,
  "fwhm_z": 1.9383240000000002,
  "gcor": 0.034609,
  "gsr_x": -0.011309598572552204,
  "gsr_y": 0.025278110057115555,
  "provenance": {
    "md5sum": "b106c5884e4ee1a18b92fcde860ae6be",
    "settings": {
      "fd_thres": 0.2,
      "testing": false
    },
    "software": "mriqc",
    "version": "0.16.1",
    "webapi_port": null,
    "webapi_url": "https://mriqc.nimh.nih.gov/api/v1"
  },
  "size_t": 710,
  "size_x": 84,
  "size_y": 84,
  "size_z": 54,
  "snr": 6.522202999064632,
  "spacing_tr": 1.2999999523162842,
  "spacing_x": 2.5,
  "spacing_y": 2.5,
  "spacing_z": 2.5,
  "summary_bg_k": 28.408474912196986,
  "summary_bg_mad": 3.5570072256655862,
  "summary_bg_mean": 13.557493209838867,
  "summary_bg_median": 4.844642639160156,
  "summary_bg_n": 265501.0,
  "summary_bg_p05": 1.7015913724899292,
  "summary_bg_p95": 53.582149505615234,
  "summary_bg_stdv": 25.08135986328125,
  "summary_fg_k": 1.9642155329586108,
  "summary_fg_mad": 48.542259840640924,
  "summary_fg_mean": 353.55462646484375,
  "summary_fg_median": 350.650634765625,
  "summary_fg_n": 57396.0,
  "summary_fg_p05": 273.7072067260742,
  "summary_fg_p95": 440.4520950317383,
  "summary_fg_stdv": 53.76213836669922,
  "tsnr": 47.345726013183594
}