{
  "aor": 0.0012761206896551723,
  "aqi": 0.018839975862068967,
  "bids_meta": {
    "AcquisitionMatrixPE": 84,
    "AcquisitionNumber": 1,
    "AcquisitionTime": "11:02:43.000006",
    "BandwidthPerPixelPhaseEncode": 20.886,
    "BaseResolution": 84,
    "CoilCombinationMethod": "Sum of Squares",
    "CoilString": "C:HEA;HEP",
    "ConversionSoftware": "dicom2nifti",
    "ConversionSoftwareVersion": "v2.2.10",
    "DerivedVendorReportedEchoSpacing": 0.000569988,
    "DeviceSerialNumber": "35383",
    "DwellTime": 2.6e-06,
    "EchoTime": 0.03,
    "EffectiveEchoSpacing": 0.000569988,
    "FlipAngle": 64,
    "ImageComments": "Unaliased MB3/PE3/LB (remote)",
    "ImageType": [
      "ORIGINAL",
      "PRIMARY",
      "M",
      "MB",
      "ND",
      "NORM",
      "MOSAIC"
    ],
    "ImagingFrequency": 123.189,
    "InPlanePhaseEncodingDirectionDICOM": "COL",
    "InstitutionAddress": "Rue Michel-Servet 1,Geneve,District,CH,1211",
    "InstitutionName": "BBL - University of Geneva",
    "InstitutionalDepartmentName": "Department",
    "MRAcquisitionType": "2D",
    "MagneticFieldStrength": 3,
    "Manufacturer": "Siemens",
    "ManufacturersModelName": "TrioTim",
    "MatrixCoilMode": "SENSE",
    "Modality": "MR",
    "MultibandAccelerationFactor": 3,
    "NonlinearGradientCorrection": false,
    "PartialFourier": 1,
    "PatientPosition": "HFS",
    "PercentPhaseFOV": 100,
    "PercentSampling": 100,
    "PhaseEncodingDirection": "j-",
    "PhaseEncodingSteps": 84,
    "PhaseResolution": 1,
    "PixelBandwidth": 2289,
    "ProcedureStepDescription": "fMRI^PSYKOKWAK",
    "ProtocolName": "FILM_RUN",
    "PulseSequenceDetails": "%CustomerSeq%\\cmrr_mbep2d_bold",
    "ReceiveCoilName": "32Ch_Head",
    "ReconMatrixPE": 84,
    "RepetitionTime": 1.3,
    "ScanOptions": "FS",
    "ScanningSequence": "EP",
    "SequenceName": "epfid2d1_84",
    "SequenceVariant": "SK\\SS",
    "SeriesDescription": "FILM_RUN",
    "ShimSetting": [
      -13908,
      8933,
      19593,
      311,
      -16,
      -301,
      98,
      -47
    ],
    "SliceThickness": 2.5,
    "SliceTiming": [
      0,
      0.9425,
      0.58,
      0.2175,
      1.16,
      0.7975,
      0.435,
      0.0725,
      1.015,
      0.6525,
      0.29,
      1.2325,
      0.87,
      0.5075,
      0.145,
      1.0875,
      0.725,
      0.3625,
      0,
      0.9425,
      0.58,
      0.2175,
      1.16,
      0.7975,
      0.435,
      0.0725,
      1.015,
      0.6525,
      0.29,
      1.2325,
      0.87,
      0.5075,
      0.145,
      1.0875,
      0.725,
      0.3625,
      0,
      0.9425,
      0.58,
      0.2175,
      1.16,
      0.7975,
      0.435,
      0.0725,
      1.015,
      0.6525,
      0.29,
      1.2325,
      0.87,
      0.5075,
      0.145,
      1.0875,
      0.725,
      0.3625
    ],
    "SoftwareVersions": "syngo MR B17",
    "SpacingBetweenSlices": 2.5,
    "StationName": "MRC35383",
    "TaskName": "ToClaireFromSonny",
    "TotalReadoutTime": 0.047309,
    "dataset": "<unset>",
    "modality": "bold",
    "session_id": "4",
    "subject_id": "S03",
    "task_id": "ToClaireFromSonny"
  },
  "dummy_trs": 0,
  "dvars_nstd": 31.901743961058326,
  "dvars_std": 1.2225289042980567,
  "dvars_vstd": 0.974075062634989,
  "efc": 0.49458972064331197,
  "fber": 4771.01904296875,
  "fd_mean": 0.21302739837762086,
  "fd_num": 154,
  "fd_perc": 33.189655172413794,
  "fwhm_avg": 1.8010172784647676,
  "fwhm_x": 1.694116,
  "fwhm_y": 1.98292,
  "fwhm_z": 1.7260158353943027,
  "gcor": 0.0164622,
  "gsr_x": -0.020284999161958694,
  "gsr_y": 0.03386237472295761,
  "provenance": {
    "md5sum": "34e4a30fc7118788280bea57a982793b",
    "settings": {
      "fd_thres": 0.2,
      "testing": false
    },
    "software": "mriqc",
    "version": "0.16.1",
    "webapi_port": null,
    "webapi_url": "https://mriqc.nimh.nih.gov/api/v1"
  },
  "size_t": 464,
  "size_x": 84,
  "size_y": 84,
  "size_z": 54,
  "snr": 7.079252953623665,
  "spacing_tr": 1.2999999523162842,
  "spacing_x": 2.5,
  "spacing_y": 2.5,
  "spacing_z": 2.500000238418579,
  "summary_bg_k": 17.148319275321988,
  "summary_bg_mad": 5.334940321916685,
  "summary_bg_mean": 23.193832397460938,
  "summary_bg_median": 7.361334323883057,
  "summary_bg_n": 253946.0,
  "summary_bg_p05": 2.8415542244911194,
  "summary_bg_p95": 105.96718406677246,
  "summary_bg_stdv": 42.59234619140625,
  "summary_fg_k": 2.1930511186535115,
  "summary_fg_mad": 69.51566535464012,
  "summary_fg_mean": 520.279541015625,
  "summary_fg_median": 518.2737426757812,
  "summary_fg_n": 66295.0,
  "summary_fg_p05": 415.0546905517578,
  "summary_fg_p95": 635.7444824218749,
  "summary_fg_stdv": 73.20967864990234,
  "tsnr": 45.23589324951172
}