{
  "bids_meta": {
    "AcquisitionMatrixPE": 256,
    "AcquisitionNumber": 1,
    "AcquisitionTime": "09:03:39.132500",
    "BaseResolution": 256,
    "CoilCombinationMethod": "Adaptive Combine",
    "CoilString": "C:HEA;HEP",
    "ConversionSoftware": "dcm2niix",
    "ConversionSoftwareVersion": "v1.0.20220720",
    "DeviceSerialNumber": "35383",
    "DwellTime": 1.03e-05,
    "EchoTime": 0.00227,
    "FlipAngle": 9,
    "ImageOrientationPatientDICOM": [
      0,
      1,
      0,
      0,
      0,
      -1
    ],
    "ImageOrientationText": "Sag",
    "ImageType": [
      "ORIGINAL",
      "PRIMARY",
      "M",
      "ND",
      "NORM"
    ],
    "ImagingFrequency": 123.189,
    "InPlanePhaseEncodingDirectionDICOM": "ROW",
    "InstitutionAddress": "Rue Michel-Servet 1,Geneve,District,CH,1211",
    "InstitutionName": "BBL - University of Geneva",
    "InstitutionalDepartmentName": "Department",
    "InversionTime": 0.9,
    "MRAcquisitionType": "3D",
    "MagneticFieldStrength": 3,
    "Manufacturer": "Siemens",
    "ManufacturersModelName": "TrioTim",
    "MatrixCoilMode": "GRAPPA",
    "Modality": "MR",
    "NonlinearGradientCorrection": false,
    "ParallelReductionFactorInPlane": 2,
    "PartialFourier": 1,
    "PatientPosition": "HFS",
    "PercentPhaseFOV": 100,
    "PercentSampling": 100,
    "PhaseEncodingSteps": 294,
    "PhaseOversampling": 0.15,
    "PhaseResolution": 1,
    "PixelBandwidth": 190,
    "ProcedureStepDescription": "fMRI^PSYKOKWAK",
    "ProtocolName": "T1_1MM",
    "PulseSequenceDetails": "%SiemensSeq%\\tfl",
    "ReceiveCoilName": "32Ch_Head",
    "ReconMatrixPE": 256,
    "RefLinesPE": 24,
    "RepetitionTime": 1.9,
    "SAR": 0.107449,
    "ScanOptions": "IR",
    "ScanningSequence": "GR\\IR",
    "SequenceName": "*tfl3d1_ns",
    "SequenceVariant": "SP\\MP\\OSP",
    "SeriesDescription": "T1_1MM",
    "SeriesNumber": 4,
    "ShimSetting": [
      -13894,
      8934,
      19117,
      -207,
      151,
      18,
      206,
      4
    ],
    "SliceThickness": 1,
    "SoftwareVersions": "syngo MR B17",
    "StationName": "MRC35383",
    "TxRefAmp": 321.326,
    "dataset": "<unset>",
    "modality": "T1w",
    "session_id": "1",
    "subject_id": "S06"
  },
  "cjv": 0.35778557289921775,
  "cnr": 3.672652202564086,
  "efc": 0.560368591213886,
  "fber": 15574.582021715343,
  "fwhm_avg": 4.00305,
  "fwhm_x": 3.98214,
  "fwhm_y": 4.00886,
  "fwhm_z": 4.01815,
  "icvs_csf": 0.1815373347320858,
  "icvs_gm": 0.41865574763960517,
  "icvs_wm": 0.399806917628309,
  "inu_med": 0.8802996873855591,
  "inu_range": 0.2520806729793549,
  "provenance": {
    "md5sum": "7a1fe6b6bea3ae123a40607454e467d4",
    "settings": {
      "testing": false
    },
    "software": "mriqc",
    "version": "0.16.1",
    "warnings": {
      "large_rot_frame": true,
      "small_air_mask": false
    },
    "webapi_port": null,
    "webapi_url": "https://mriqc.nimh.nih.gov/api/v1"
  },
  "qi_1": 0.0,
  "qi_2": 0.015779047254011476,
  "rpve_csf": 28.241488456700182,
  "rpve_gm": 13.355446059823747,
  "rpve_wm": 17.292475924647157,
  "size_x": 192,
  "size_y": 256,
  "size_z": 256,
  "snr_csf": 3.348239862166074,
  "snr_gm": 13.923214784959576,
  "snr_total": 15.023686128403895,
  "snr_wm": 27.79960373808603,
  "snrd_csf": 60.063920015033744,
  "snrd_gm": 107.91580706820936,
  "snrd_total": 103.38450010078306,
  "snrd_wm": 142.17377321910607,
  "spacing_x": 1.0,
  "spacing_y": 1.0,
  "spacing_z": 1.0,
  "summary_bg_k": 15.898793630206953,
  "summary_bg_mad": 4.608257716953797,
  "summary_bg_mean": 5.71452565952025,
  "summary_bg_median": 3.108222596347332,
  "summary_bg_n": 2396956.0,
  "summary_bg_p05": 0.0,
  "summary_bg_p95": 15.710652396082878,
  "summary_bg_stdv": 6.220446725832672,
  "summary_csf_k": 16.6391116204606,
  "summary_csf_mad": 140.92889963484157,
  "summary_csf_mean": 440.0726631422456,
  "summary_csf_median": 422.4922205507755,
  "summary_csf_n": 11101.0,
  "summary_csf_p05": 266.8550381809473,
  "summary_csf_p95": 637.7507636323571,
  "summary_csf_stdv": 126.17769575867645,
  "summary_gm_k": 0.17159411771626143,
  "summary_gm_mad": 53.372003012719425,
  "summary_gm_mean": 759.0577417415242,
  "summary_gm_median": 759.0844711661339,
  "summary_gm_n": 19280.0,
  "summary_gm_p05": 669.1692427676171,
  "summary_gm_p95": 847.3579929023981,
  "summary_gm_stdv": 54.51792540974354,
  "summary_wm_k": 1.063975960118574,
  "summary_wm_mad": 32.844309546288876,
  "summary_wm_mean": 999.224938102486,
  "summary_wm_median": 1000.0564920902252,
  "summary_wm_n": 240352.0,
  "summary_wm_p05": 939.5874343067408,
  "summary_wm_p95": 1055.8914725482464,
  "summary_wm_stdv": 35.97369304650174,
  "tpm_overlap_csf": 0.16440163552761078,
  "tpm_overlap_gm": 0.4398779273033142,
  "tpm_overlap_wm": 0.5040168166160583,
  "wm2max": 0.3954590149280415
}