{
  "aor": 0.0016122346368715082,
  "aqi": 0.015577957579143388,
  "bids_meta": {
    "AcquisitionMatrixPE": 84,
    "AcquisitionNumber": 1,
    "AcquisitionTime": "09:02:00.000006",
    "BandwidthPerPixelPhaseEncode": 20.886,
    "BaseResolution": 84,
    "CoilCombinationMethod": "Sum of Squares",
    "CoilString": "C:HEA;HEP",
    "ConversionSoftware": "dicom2nifti",
    "ConversionSoftwareVersion": "v2.2.10",
    "DerivedVendorReportedEchoSpacing": 0.000569988,
    "DeviceSerialNumber": "35383",
    "DwellTime": 2.6e-06,
    "EchoTime": 0.03,
    "EffectiveEchoSpacing": 0.000569988,
    "FlipAngle": 64,
    "ImageComments": "Unaliased MB3/PE3/LB (remote)",
    "ImageType": [
      "ORIGINAL",
      "PRIMARY",
      "M",
      "MB",
      "ND",
      "NORM",
      "MOSAIC"
    ],
    "ImagingFrequency": 123.189,
    "InPlanePhaseEncodingDirectionDICOM": "COL",
    "InstitutionAddress": "Rue Michel-Servet 1,Geneve,District,CH,1211",
    "InstitutionName": "BBL - University of Geneva",
    "InstitutionalDepartmentName": "Department",
    "MRAcquisitionType": "2D",
    "MagneticFieldStrength": 3,
    "Manufacturer": "Siemens",
    "ManufacturersModelName": "TrioTim",
    "MatrixCoilMode": "SENSE",
    "Modality": "MR",
    "MultibandAccelerationFactor": 3,
    "NonlinearGradientCorrection": false,
    "PartialFourier": 1,
    "PatientPosition": "HFS",
    "PercentPhaseFOV": 100,
    "PercentSampling": 100,
    "PhaseEncodingDirection": "j-",
    "PhaseEncodingSteps": 84,
    "PhaseResolution": 1,
    "PixelBandwidth": 2289,
    "ProcedureStepDescription": "fMRI^PSYKOKWAK",
    "ProtocolName": "FILM_RUN",
    "PulseSequenceDetails": "%CustomerSeq%\\cmrr_mbep2d_bold",
    "ReceiveCoilName": "32Ch_Head",
    "ReconMatrixPE": 84,
    "RepetitionTime": 1.3,
    "ScanOptions": "FS",
    "ScanningSequence": "EP",
    "SequenceName": "epfid2d1_84",
    "SequenceVariant": "SK\\SS",
    "SeriesDescription": "FILM_RUN",
    "ShimSetting": [
      -13908,
      8933,
      19593,
      311,
      -16,
      -301,
      98,
      -47
    ],
    "SliceThickness": 2.5,
    "SliceTiming": [
      0,
      0.9425,
      0.58,
      0.2175,
      1.16,
      0.7975,
      0.435,
      0.0725,
      1.015,
      0.6525,
      0.29,
      1.2325,
      0.87,
      0.5075,
      0.145,
      1.0875,
      0.725,
      0.3625,
      0,
      0.9425,
      0.58,
      0.2175,
      1.16,
      0.7975,
      0.435,
      0.0725,
      1.015,
      0.6525,
      0.29,
      1.2325,
      0.87,
      0.5075,
      0.145,
      1.0875,
      0.725,
      0.3625,
      0,
      0.9425,
      0.58,
      0.2175,
      1.16,
      0.7975,
      0.435,
      0.0725,
      1.015,
      0.6525,
      0.29,
      1.2325,
      0.87,
      0.5075,
      0.145,
      1.0875,
      0.725,
      0.3625
    ],
    "SoftwareVersions": "syngo MR B17",
    "SpacingBetweenSlices": 2.5,
    "StationName": "MRC35383",
    "TaskName": "AfterTheRain",
    "TotalReadoutTime": 0.047309,
    "dataset": "<unset>",
    "modality": "bold",
    "session_id": "4",
    "subject_id": "S27",
    "task_id": "AfterTheRain"
  },
  "dummy_trs": 0,
  "dvars_nstd": 32.436840573451484,
  "dvars_std": 1.3074246395895517,
  "dvars_vstd": 0.9813179170149247,
  "efc": 0.5071766151547108,
  "fber": 4616.23193359375,
  "fd_mean": 0.19037238175219318,
  "fd_num": 243,
  "fd_perc": 45.25139664804469,
  "fwhm_avg": 1.7596040000000002,
  "fwhm_x": 1.662164,
  "fwhm_y": 1.9121279999999998,
  "fwhm_z": 1.70452,
  "gcor": 0.0106224,
  "gsr_x": -0.011573627591133118,
  "gsr_y": 0.03622090816497803,
  "provenance": {
    "md5sum": "53478dd3165635366fda821cc5de5f33",
    "settings": {
      "fd_thres": 0.2,
      "testing": false
    },
    "software": "mriqc",
    "version": "0.16.1",
    "webapi_port": null,
    "webapi_url": "https://mriqc.nimh.nih.gov/api/v1"
  },
  "size_t": 537,
  "size_x": 84,
  "size_y": 84,
  "size_z": 54,
  "snr": 6.845764881764788,
  "spacing_tr": 1.2999999523162842,
  "spacing_x": 2.5,
  "spacing_y": 2.5,
  "spacing_z": 2.5,
  "summary_bg_k": 17.316533134595332,
  "summary_bg_mad": 6.380597004607203,
  "summary_bg_mean": 30.248058319091797,
  "summary_bg_median": 8.322694778442383,
  "summary_bg_n": 252298.0,
  "summary_bg_p05": 2.945867693424225,
  "summary_bg_p95": 138.4426429748534,
  "summary_bg_stdv": 55.8722038269043,
  "summary_fg_k": 2.1627284461955023,
  "summary_fg_mad": 78.85843924079248,
  "summary_fg_mean": 586.0625610351562,
  "summary_fg_median": 578.9512939453125,
  "summary_fg_n": 68454.0,
  "summary_fg_p05": 469.5779495239258,
  "summary_fg_p95": 726.0012115478515,
  "summary_fg_stdv": 84.57010650634766,
  "tsnr": 49.07237243652344
}