{
  "bids_meta": {
    "AcquisitionMatrixPE": 256,
    "AcquisitionNumber": 1,
    "AcquisitionTime": "13:10:5.597500",
    "BaseResolution": 256,
    "CoilCombinationMethod": "Adaptive Combine",
    "CoilString": "C:HEA;HEP",
    "ConversionSoftware": "dcm2niix",
    "ConversionSoftwareVersion": "v1.0.20220720",
    "DeviceSerialNumber": "35383",
    "DwellTime": 1.03e-05,
    "EchoTime": 0.00227,
    "FlipAngle": 9,
    "ImageOrientationPatientDICOM": [
      0,
      1,
      0,
      0,
      0,
      -1
    ],
    "ImageOrientationText": "Sag",
    "ImageType": [
      "ORIGINAL",
      "PRIMARY",
      "M",
      "ND",
      "NORM"
    ],
    "ImagingFrequency": 123.189,
    "InPlanePhaseEncodingDirectionDICOM": "ROW",
    "InstitutionAddress": "Rue Michel-Servet 1,Geneve,District,CH,1211",
    "InstitutionName": "BBL - University of Geneva",
    "InstitutionalDepartmentName": "Department",
    "InversionTime": 0.9,
    "MRAcquisitionType": "3D",
    "MagneticFieldStrength": 3,
    "Manufacturer": "Siemens",
    "ManufacturersModelName": "TrioTim",
    "MatrixCoilMode": "GRAPPA",
    "Modality": "MR",
    "NonlinearGradientCorrection": false,
    "ParallelReductionFactorInPlane": 2,
    "PartialFourier": 1,
    "PatientPosition": "HFS",
    "PercentPhaseFOV": 100,
    "PercentSampling": 100,
    "PhaseEncodingSteps": 294,
    "PhaseOversampling": 0.15,
    "PhaseResolution": 1,
    "PixelBandwidth": 190,
    "ProcedureStepDescription": "fMRI^PSYKOKWAK",
    "ProtocolName": "T1_1MM",
    "PulseSequenceDetails": "%SiemensSeq%\\tfl",
    "ReceiveCoilName": "32Ch_Head",
    "ReconMatrixPE": 256,
    "RefLinesPE": 24,
    "RepetitionTime": 1.9,
    "SAR": 0.12533,
    "ScanOptions": "IR",
    "ScanningSequence": "GR\\IR",
    "SequenceName": "*tfl3d1_ns",
    "SequenceVariant": "SP\\MP\\OSP",
    "SeriesDescription": "T1_1MM",
    "SeriesNumber": 4,
    "ShimSetting": [
      -13894,
      8934,
      19117,
      -207,
      151,
      18,
      206,
      4
    ],
    "SliceThickness": 1,
    "SoftwareVersions": "syngo MR B17",
    "StationName": "MRC35383",
    "TxRefAmp": 321.998,
    "dataset": "<unset>",
    "modality": "T1w",
    "session_id": "1",
    "subject_id": "S11"
  },
  "cjv": 0.3540139951587375,
  "cnr": 3.5026147428423564,
  "efc": 0.535390349557407,
  "fber": 15196.340393066408,
  "fwhm_avg": 3.7784166666666668,
  "fwhm_x": 3.71253,
  "fwhm_y": 3.79357,
  "fwhm_z": 3.82915,
  "icvs_csf": 0.19283929163313224,
  "icvs_gm": 0.41763510706561435,
  "icvs_wm": 0.38952560130125335,
  "inu_med": 1.4315812587738037,
  "inu_range": 0.34982141852378845,
  "provenance": {
    "md5sum": "864063a6359278007ea4d14b143460b5",
    "settings": {
      "testing": false
    },
    "software": "mriqc",
    "version": "0.16.1",
    "warnings": {
      "large_rot_frame": true,
      "small_air_mask": false
    },
    "webapi_port": null,
    "webapi_url": "https://mriqc.nimh.nih.gov/api/v1"
  },
  "qi_1": 0.0,
  "qi_2": 0.017984211774286562,
  "rpve_csf": 32.01863546500312,
  "rpve_gm": 15.75730947071077,
  "rpve_wm": 20.4933183906464,
  "size_x": 192,
  "size_y": 256,
  "size_z": 256,
  "snr_csf": 3.2978641451859705,
  "snr_gm": 13.588490724626416,
  "snr_total": 14.66369013639684,
  "snr_wm": 27.10471553937813,
  "snrd_csf": 56.30207908419985,
  "snrd_gm": 110.47069291154548,
  "snrd_total": 103.79757261785744,
  "snrd_wm": 144.619945857827,
  "spacing_x": 1.0,
  "spacing_y": 1.0,
  "spacing_z": 1.0,
  "summary_bg_k": 21.065167562154343,
  "summary_bg_mad": 4.53005542241795,
  "summary_bg_mean": 4.347656004273826,
  "summary_bg_median": 3.055475950241089,
  "summary_bg_n": 2694666.0,
  "summary_bg_p05": 0.0,
  "summary_bg_p95": 12.412871047854424,
  "summary_bg_stdv": 4.887100878266367,
  "summary_csf_k": -0.1379260030062066,
  "summary_csf_mad": 130.345266568479,
  "summary_csf_mean": 415.3834932911429,
  "summary_csf_median": 389.310603691265,
  "summary_csf_n": 14012.0,
  "summary_csf_p05": 256.4952705698088,
  "summary_csf_p95": 612.9093788936734,
  "summary_csf_stdv": 118.04510260648618,
  "summary_gm_k": 0.5494890419186742,
  "summary_gm_mad": 50.89234138622666,
  "summary_gm_mean": 762.3926835331656,
  "summary_gm_median": 763.8689875602722,
  "summary_gm_n": 13616.0,
  "summary_gm_p05": 666.33246621117,
  "summary_gm_p95": 853.3490781811997,
  "summary_gm_stdv": 56.21234558763391,
  "summary_wm_k": 1.0751127419038893,
  "summary_wm_mad": 32.70133758057958,
  "summary_wm_mean": 997.6251099557716,
  "summary_wm_median": 999.9999883398414,
  "summary_wm_n": 193728.0,
  "summary_wm_p05": 931.936874457635,
  "summary_wm_p95": 1053.0888829752803,
  "summary_wm_stdv": 36.89385361545327,
  "tpm_overlap_csf": 0.17685088515281677,
  "tpm_overlap_gm": 0.4457506239414215,
  "tpm_overlap_wm": 0.5148903727531433,
  "wm2max": 0.4392207846673237
}