{
  "aor": 0.00018590225563909772,
  "aqi": 0.010317818684210528,
  "bids_meta": {
    "AcquisitionMatrixPE": 84,
    "AcquisitionNumber": 1,
    "AcquisitionTime": "09:35:34.000006",
    "BandwidthPerPixelPhaseEncode": 20.886,
    "BaseResolution": 84,
    "CoilCombinationMethod": "Sum of Squares",
    "CoilString": "C:HEA;HEP",
    "ConversionSoftware": "dicom2nifti",
    "ConversionSoftwareVersion": "v2.2.10",
    "DerivedVendorReportedEchoSpacing": 0.000569988,
    "DeviceSerialNumber": "35383",
    "DwellTime": 2.6e-06,
    "EchoTime": 0.03,
    "EffectiveEchoSpacing": 0.000569988,
    "FlipAngle": 64,
    "ImageComments": "Unaliased MB3/PE3/LB (remote)",
    "ImageType": [
      "ORIGINAL",
      "PRIMARY",
      "M",
      "MB",
      "ND",
      "NORM",
      "MOSAIC"
    ],
    "ImagingFrequency": 123.189,
    "InPlanePhaseEncodingDirectionDICOM": "COL",
    "InstitutionAddress": "Rue Michel-Servet 1,Geneve,District,CH,1211",
    "InstitutionName": "BBL - University of Geneva",
    "InstitutionalDepartmentName": "Department",
    "MRAcquisitionType": "2D",
    "MagneticFieldStrength": 3,
    "Manufacturer": "Siemens",
    "ManufacturersModelName": "TrioTim",
    "MatrixCoilMode": "SENSE",
    "Modality": "MR",
    "MultibandAccelerationFactor": 3,
    "NonlinearGradientCorrection": false,
    "PartialFourier": 1,
    "PatientPosition": "HFS",
    "PercentPhaseFOV": 100,
    "PercentSampling": 100,
    "PhaseEncodingDirection": "j-",
    "PhaseEncodingSteps": 84,
    "PhaseResolution": 1,
    "PixelBandwidth": 2289,
    "ProcedureStepDescription": "fMRI^PSYKOKWAK",
    "ProtocolName": "FILM_RUN",
    "PulseSequenceDetails": "%CustomerSeq%\\cmrr_mbep2d_bold",
    "ReceiveCoilName": "32Ch_Head",
    "ReconMatrixPE": 84,
    "RepetitionTime": 1.3,
    "ScanOptions": "FS",
    "ScanningSequence": "EP",
    "SequenceName": "epfid2d1_84",
    "SequenceVariant": "SK\\SS",
    "SeriesDescription": "FILM_RUN",
    "ShimSetting": [
      -13908,
      8933,
      19593,
      311,
      -16,
      -301,
      98,
      -47
    ],
    "SliceThickness": 2.5,
    "SliceTiming": [
      0,
      0.9425,
      0.58,
      0.2175,
      1.16,
      0.7975,
      0.435,
      0.0725,
      1.015,
      0.6525,
      0.29,
      1.2325,
      0.87,
      0.5075,
      0.145,
      1.0875,
      0.725,
      0.3625,
      0,
      0.9425,
      0.58,
      0.2175,
      1.16,
      0.7975,
      0.435,
      0.0725,
      1.015,
      0.6525,
      0.29,
      1.2325,
      0.87,
      0.5075,
      0.145,
      1.0875,
      0.725,
      0.3625,
      0,
      0.9425,
      0.58,
      0.2175,
      1.16,
      0.7975,
      0.435,
      0.0725,
      1.015,
      0.6525,
      0.29,
      1.2325,
      0.87,
      0.5075,
      0.145,
      1.0875,
      0.725,
      0.3625
    ],
    "SoftwareVersions": "syngo MR B17",
    "SpacingBetweenSlices": 2.5,
    "StationName": "MRC35383",
    "TaskName": "BigBuckBunny",
    "TotalReadoutTime": 0.047309,
    "dataset": "<unset>",
    "modality": "bold",
    "session_id": "2",
    "subject_id": "S25",
    "task_id": "BigBuckBunny"
  },
  "dummy_trs": 1,
  "dvars_nstd": 30.72086051527307,
  "dvars_std": 1.2544198092467052,
  "dvars_vstd": 0.9859794097175145,
  "efc": 0.512985278702917,
  "fber": 2892.990966796875,
  "fd_mean": 0.1358508691769697,
  "fd_num": 67,
  "fd_perc": 12.593984962406015,
  "fwhm_avg": 1.843464,
  "fwhm_x": 1.7325399999999997,
  "fwhm_y": 2.016432,
  "fwhm_z": 1.78142,
  "gcor": 0.0248516,
  "gsr_x": -0.007857213728129864,
  "gsr_y": 0.026806900277733803,
  "provenance": {
    "md5sum": "11ed48b55d3f703641cded81cf4f5794",
    "settings": {
      "fd_thres": 0.2,
      "testing": false
    },
    "software": "mriqc",
    "version": "0.16.1",
    "webapi_port": null,
    "webapi_url": "https://mriqc.nimh.nih.gov/api/v1"
  },
  "size_t": 532,
  "size_x": 84,
  "size_y": 84,
  "size_z": 54,
  "snr": 6.777253544491746,
  "spacing_tr": 1.2999999523162842,
  "spacing_x": 2.5,
  "spacing_y": 2.5,
  "spacing_z": 2.5,
  "summary_bg_k": 15.055261280525421,
  "summary_bg_mad": 7.886264671221249,
  "summary_bg_mean": 27.709829330444336,
  "summary_bg_median": 8.868852615356445,
  "summary_bg_n": 253822.0,
  "summary_bg_p05": 2.6813896775245665,
  "summary_bg_p95": 118.6432785034177,
  "summary_bg_stdv": 47.05909729003906,
  "summary_fg_k": 3.082197356475989,
  "summary_fg_mad": 61.404653028442496,
  "summary_fg_mean": 491.8479919433594,
  "summary_fg_median": 487.2111511230469,
  "summary_fg_n": 67637.0,
  "summary_fg_p05": 390.38810424804683,
  "summary_fg_p95": 610.34482421875,
  "summary_fg_stdv": 71.88864135742188,
  "tsnr": 58.221717834472656
}