{
  "aor": 0.0017580880773361974,
  "aqi": 0.019259302577873255,
  "bids_meta": {
    "AcquisitionMatrixPE": 84,
    "AcquisitionNumber": 1,
    "AcquisitionTime": "10:32:00.000006",
    "BandwidthPerPixelPhaseEncode": 20.886,
    "BaseResolution": 84,
    "CoilCombinationMethod": "Sum of Squares",
    "CoilString": "C:HEA;HEP",
    "ConversionSoftware": "dicom2nifti",
    "ConversionSoftwareVersion": "v2.2.10",
    "DerivedVendorReportedEchoSpacing": 0.000569988,
    "DeviceSerialNumber": "35383",
    "DwellTime": 2.6e-06,
    "EchoTime": 0.03,
    "EffectiveEchoSpacing": 0.000569988,
    "FlipAngle": 64,
    "ImageComments": "Unaliased MB3/PE3/LB (remote)",
    "ImageType": [
      "ORIGINAL",
      "PRIMARY",
      "M",
      "MB",
      "ND",
      "NORM",
      "MOSAIC"
    ],
    "ImagingFrequency": 123.189,
    "InPlanePhaseEncodingDirectionDICOM": "COL",
    "InstitutionAddress": "Rue Michel-Servet 1,Geneve,District,CH,1211",
    "InstitutionName": "BBL - University of Geneva",
    "InstitutionalDepartmentName": "Department",
    "MRAcquisitionType": "2D",
    "MagneticFieldStrength": 3,
    "Manufacturer": "Siemens",
    "ManufacturersModelName": "TrioTim",
    "MatrixCoilMode": "SENSE",
    "Modality": "MR",
    "MultibandAccelerationFactor": 3,
    "NonlinearGradientCorrection": false,
    "PartialFourier": 1,
    "PatientPosition": "HFS",
    "PercentPhaseFOV": 100,
    "PercentSampling": 100,
    "PhaseEncodingDirection": "j-",
    "PhaseEncodingSteps": 84,
    "PhaseResolution": 1,
    "PixelBandwidth": 2289,
    "ProcedureStepDescription": "fMRI^PSYKOKWAK",
    "ProtocolName": "FILM_RUN",
    "PulseSequenceDetails": "%CustomerSeq%\\cmrr_mbep2d_bold",
    "ReceiveCoilName": "32Ch_Head",
    "ReconMatrixPE": 84,
    "RepetitionTime": 1.3,
    "ScanOptions": "FS",
    "ScanningSequence": "EP",
    "SequenceName": "epfid2d1_84",
    "SequenceVariant": "SK\\SS",
    "SeriesDescription": "FILM_RUN",
    "ShimSetting": [
      -13908,
      8933,
      19593,
      311,
      -16,
      -301,
      98,
      -47
    ],
    "SliceThickness": 2.5,
    "SliceTiming": [
      0,
      0.9425,
      0.58,
      0.2175,
      1.16,
      0.7975,
      0.435,
      0.0725,
      1.015,
      0.6525,
      0.29,
      1.2325,
      0.87,
      0.5075,
      0.145,
      1.0875,
      0.725,
      0.3625,
      0,
      0.9425,
      0.58,
      0.2175,
      1.16,
      0.7975,
      0.435,
      0.0725,
      1.015,
      0.6525,
      0.29,
      1.2325,
      0.87,
      0.5075,
      0.145,
      1.0875,
      0.725,
      0.3625,
      0,
      0.9425,
      0.58,
      0.2175,
      1.16,
      0.7975,
      0.435,
      0.0725,
      1.015,
      0.6525,
      0.29,
      1.2325,
      0.87,
      0.5075,
      0.145,
      1.0875,
      0.725,
      0.3625
    ],
    "SoftwareVersions": "syngo MR B17",
    "SpacingBetweenSlices": 2.5,
    "StationName": "MRC35383",
    "TaskName": "Payload",
    "TotalReadoutTime": 0.047309,
    "dataset": "<unset>",
    "modality": "bold",
    "session_id": "4",
    "subject_id": "S24",
    "task_id": "Payload"
  },
  "dummy_trs": 0,
  "dvars_nstd": 38.939508245290334,
  "dvars_std": 1.331270880505376,
  "dvars_vstd": 0.9847216914516125,
  "efc": 0.49517985732082304,
  "fber": 3909.070068359375,
  "fd_mean": 0.2744296948180761,
  "fd_num": 630,
  "fd_perc": 67.66917293233082,
  "fwhm_avg": 1.8118266666666667,
  "fwhm_x": 1.673048,
  "fwhm_y": 1.9767119999999998,
  "fwhm_z": 1.78572,
  "gcor": 0.0253665,
  "gsr_x": -0.01188609004020691,
  "gsr_y": 0.030157944187521935,
  "provenance": {
    "md5sum": "a259287357eaea152e39d83a2581e4d5",
    "settings": {
      "fd_thres": 0.2,
      "testing": false
    },
    "software": "mriqc",
    "version": "0.16.1",
    "webapi_port": null,
    "webapi_url": "https://mriqc.nimh.nih.gov/api/v1"
  },
  "size_t": 931,
  "size_x": 84,
  "size_y": 84,
  "size_z": 54,
  "snr": 6.731599244622698,
  "spacing_tr": 1.2999999523162842,
  "spacing_x": 2.5,
  "spacing_y": 2.5,
  "spacing_z": 2.5,
  "summary_bg_k": 17.118700033690644,
  "summary_bg_mad": 6.583588501077735,
  "summary_bg_mean": 25.693540573120117,
  "summary_bg_median": 7.867402076721191,
  "summary_bg_n": 258604.0,
  "summary_bg_p05": 2.4553460359573367,
  "summary_bg_p95": 117.4006008148191,
  "summary_bg_stdv": 45.852867126464844,
  "summary_fg_k": 2.6186744930920742,
  "summary_fg_mad": 66.7303114980293,
  "summary_fg_mean": 500.9700927734375,
  "summary_fg_median": 497.92852783203125,
  "summary_fg_n": 63256.0,
  "summary_fg_p05": 394.5222854614258,
  "summary_fg_p95": 618.5791168212891,
  "summary_fg_stdv": 73.96824645996094,
  "tsnr": 44.313629150390625
}