{
    "Modality": "MR",
    "MagneticFieldStrength": 3,
    "ImagingFrequency": 123.189,
    "Manufacturer": "Siemens",
    "ManufacturersModelName": "TrioTim",
    "InstitutionName": "BBL - University of Geneva",
    "InstitutionalDepartmentName": "Department",
    "InstitutionAddress": "Rue Michel-Servet 1,Geneve,District,CH,1211",
    "DeviceSerialNumber": "35383",
    "StationName": "MRC35383",
    "PatientPosition": "HFS",
    "ProcedureStepDescription": "fMRI^PSYKOKWAK",
    "SoftwareVersions": "syngo MR B17",
    "MRAcquisitionType": "2D",
    "SeriesDescription": "FIELD_MAP_32ch_2.5mm",
    "ProtocolName": "FIELD_MAP_32ch_2.5mm",
    "ScanningSequence": "GR",
    "SequenceVariant": "SP",
    "SequenceName": "*fm2d2r",
    "ImageType": [
        "ORIGINAL",
        "PRIMARY",
        "M",
        "ND"
    ],
    "NonlinearGradientCorrection": false,
    "SeriesNumber": 2,
    "AcquisitionTime": "14:39:37.847500",
    "AcquisitionNumber": 1,
    "SliceThickness": 2.5,
    "SpacingBetweenSlices": 2.5,
    "SAR": 0.331617,
    "EchoNumber": 1,
    "EchoTime": 0.00519,
    "RepetitionTime": 0.571,
    "FlipAngle": 60,
    "PartialFourier": 1,
    "BaseResolution": 84,
    "ShimSetting": [
        -13935,
        8859,
        19474,
        584,
        123,
        81,
        759,
        71
    ],
    "TxRefAmp": 376.424,
    "PhaseResolution": 1,
    "ReceiveCoilName": "32Ch_Head",
    "CoilString": "C:HEA;HEP",
    "PulseSequenceDetails": "%SiemensSeq%\\gre_field_mapping",
    "CoilCombinationMethod": "Adaptive Combine",
    "MatrixCoilMode": "SENSE",
    "MultibandAccelerationFactor": 2,
    "PercentPhaseFOV": 100,
    "PercentSampling": 100,
    "PhaseEncodingSteps": 84,
    "AcquisitionMatrixPE": 84,
    "ReconMatrixPE": 84,
    "PixelBandwidth": 322,
    "DwellTime": 1.85e-05,
    "PhaseEncodingDirection": "j-",
    "SliceTiming": [
        0.28125,
        0,
        0.29688,
        0.01562,
        0.3125,
        0.01562,
        0.3125,
        0.03125,
        0.32812,
        0.04688,
        0.34375,
        0.04688,
        0.34375,
        0.0625,
        0.35938,
        0.07812,
        0.375,
        0.07812,
        0.375,
        0.09375,
        0.39062,
        0.10938,
        0.40625,
        0.10938,
        0.40625,
        0.125,
        0.42188,
        0.14062,
        0.4375,
        0.14062,
        0.4375,
        0.15625,
        0.45312,
        0.17188,
        0.46875,
        0.17188,
        0.46875,
        0.1875,
        0.48438,
        0.20312,
        0.5,
        0.20312,
        0.5,
        0.21875,
        0.51562,
        0.23438,
        0.53125,
        0.25,
        0.54688,
        0.25,
        0.54688,
        0.26562,
        0.5625,
        0.28125
    ],
    "ImageOrientationPatientDICOM": [
        1,
        0,
        0,
        0,
        0.988756,
        -0.149535
    ],
    "ImageOrientationText": "Tra>Cor(-8.6)",
    "InPlanePhaseEncodingDirectionDICOM": "COL",
    "ConversionSoftware": "dcm2niix",
    "ConversionSoftwareVersion": "v1.0.20220720"
}