{
  "bids_meta": {
    "AcquisitionMatrixPE": 256,
    "AcquisitionNumber": 1,
    "AcquisitionTime": "09:18:43.485000",
    "BaseResolution": 256,
    "CoilCombinationMethod": "Adaptive Combine",
    "CoilString": "C:HEA;HEP",
    "ConversionSoftware": "dcm2niix",
    "ConversionSoftwareVersion": "v1.0.20220720",
    "DeviceSerialNumber": "35383",
    "DwellTime": 1.03e-05,
    "EchoTime": 0.00227,
    "FlipAngle": 9,
    "ImageOrientationPatientDICOM": [
      0.0680153,
      0.997684,
      -3.16266e-08,
      0.059169,
      -0.00403377,
      -0.99824
    ],
    "ImageOrientationText": "Sag>Cor(3.9)>Tra(-3.4)",
    "ImageType": [
      "ORIGINAL",
      "PRIMARY",
      "M",
      "ND",
      "NORM"
    ],
    "ImagingFrequency": 123.189,
    "InPlanePhaseEncodingDirectionDICOM": "ROW",
    "InstitutionAddress": "Rue Michel-Servet 1,Geneve,District,CH,1211",
    "InstitutionName": "BBL - University of Geneva",
    "InstitutionalDepartmentName": "Department",
    "InversionTime": 0.9,
    "MRAcquisitionType": "3D",
    "MagneticFieldStrength": 3,
    "Manufacturer": "Siemens",
    "ManufacturersModelName": "TrioTim",
    "MatrixCoilMode": "GRAPPA",
    "Modality": "MR",
    "NonlinearGradientCorrection": false,
    "ParallelReductionFactorInPlane": 2,
    "PartialFourier": 1,
    "PatientPosition": "HFS",
    "PercentPhaseFOV": 100,
    "PercentSampling": 100,
    "PhaseEncodingSteps": 294,
    "PhaseOversampling": 0.15,
    "PhaseResolution": 1,
    "PixelBandwidth": 190,
    "ProcedureStepDescription": "fMRI^PSYKOKWAK",
    "ProtocolName": "T1_1MM",
    "PulseSequenceDetails": "%SiemensSeq%\\tfl",
    "ReceiveCoilName": "32Ch_Head",
    "ReconMatrixPE": 256,
    "RefLinesPE": 24,
    "RepetitionTime": 1.9,
    "SAR": 0.144762,
    "ScanOptions": "IR",
    "ScanningSequence": "GR\\IR",
    "SequenceName": "*tfl3d1_ns",
    "SequenceVariant": "SP\\MP\\OSP",
    "SeriesDescription": "T1_1MM",
    "SeriesNumber": 4,
    "ShimSetting": [
      -13894,
      8934,
      19117,
      -207,
      151,
      18,
      206,
      4
    ],
    "SliceThickness": 1,
    "SoftwareVersions": "syngo MR B17",
    "StationName": "MRC35383",
    "TxRefAmp": 389.556,
    "dataset": "<unset>",
    "modality": "T1w",
    "session_id": "1",
    "subject_id": "S02"
  },
  "cjv": 0.39531688603089893,
  "cnr": 3.2408762004125515,
  "efc": 0.5657891736178741,
  "fber": 12847.350591715978,
  "fwhm_avg": 3.7283500000000003,
  "fwhm_x": 3.65954,
  "fwhm_y": 3.74559,
  "fwhm_z": 3.77992,
  "icvs_csf": 0.18739234832758686,
  "icvs_gm": 0.39809043332029764,
  "icvs_wm": 0.41451721835211547,
  "inu_med": 1.546829104423523,
  "inu_range": 0.3843232512474062,
  "provenance": {
    "md5sum": "4339a828b964b1e45b808b324e359cb6",
    "settings": {
      "testing": false
    },
    "software": "mriqc",
    "version": "0.16.1",
    "warnings": {
      "large_rot_frame": true,
      "small_air_mask": false
    },
    "webapi_port": null,
    "webapi_url": "https://mriqc.nimh.nih.gov/api/v1"
  },
  "qi_1": 0.0,
  "qi_2": 0.011976308857300886,
  "rpve_csf": 27.73303704098563,
  "rpve_gm": 13.723381441838798,
  "rpve_wm": 16.60304737107787,
  "size_x": 192,
  "size_y": 256,
  "size_z": 256,
  "snr_csf": 3.4274287704488837,
  "snr_gm": 12.642812911554454,
  "snr_total": 14.092457600969425,
  "snr_wm": 26.20713112090494,
  "snrd_csf": 48.668288649461786,
  "snrd_gm": 101.19795290346251,
  "snrd_total": 93.9374790554914,
  "snrd_wm": 131.9461956135499,
  "spacing_x": 1.0,
  "spacing_y": 1.0,
  "spacing_z": 1.0,
  "summary_bg_k": 8.645951319522863,
  "summary_bg_mad": 4.965434202697849,
  "summary_bg_mean": 6.088411753930609,
  "summary_bg_median": 3.349134474992752,
  "summary_bg_n": 2625310.0,
  "summary_bg_p05": 0.0,
  "summary_bg_p95": 16.74567237496376,
  "summary_bg_stdv": 5.876579684363497,
  "summary_csf_k": 1.5905317752666503,
  "summary_csf_mad": 98.27740156570434,
  "summary_csf_mean": 393.2526676817619,
  "summary_csf_median": 368.8685185611248,
  "summary_csf_n": 17568.0,
  "summary_csf_p05": 258.1074889585376,
  "summary_csf_p95": 599.6316126599907,
  "summary_csf_stdv": 107.61945610216378,
  "summary_gm_k": 0.40169558351969226,
  "summary_gm_mad": 56.83512379703384,
  "summary_gm_mean": 766.5169158361296,
  "summary_gm_median": 767.0033199191093,
  "summary_gm_n": 13521.0,
  "summary_gm_p05": 664.4167546927929,
  "summary_gm_p95": 865.7254992127419,
  "summary_gm_stdv": 60.66489802156288,
  "summary_wm_k": 0.9837167403738758,
  "summary_wm_mad": 35.29277848686779,
  "summary_wm_mean": 1000.5569975056839,
  "summary_wm_median": 1000.0515542328358,
  "summary_wm_n": 253019.0,
  "summary_wm_p05": 939.251882225275,
  "summary_wm_p95": 1062.809181779623,
  "summary_wm_stdv": 38.159444976222694,
  "tpm_overlap_csf": 0.1906154453754425,
  "tpm_overlap_gm": 0.43017706274986267,
  "tpm_overlap_wm": 0.5103369355201721,
  "wm2max": 0.4018381200650789
}