{
  "aor": 0.007820184453227932,
  "aqi": 0.019989316600790515,
  "bids_meta": {
    "AcquisitionMatrixPE": 84,
    "AcquisitionNumber": 1,
    "AcquisitionTime": "15:09:20.000006",
    "BandwidthPerPixelPhaseEncode": 20.886,
    "BaseResolution": 84,
    "CoilCombinationMethod": "Sum of Squares",
    "CoilString": "C:HEA;HEP",
    "ConversionSoftware": "dicom2nifti",
    "ConversionSoftwareVersion": "v2.2.10",
    "DerivedVendorReportedEchoSpacing": 0.000569988,
    "DeviceSerialNumber": "35383",
    "DwellTime": 2.6e-06,
    "EchoTime": 0.03,
    "EffectiveEchoSpacing": 0.000569988,
    "FlipAngle": 64,
    "ImageComments": "Unaliased MB3/PE3/LB (remote)",
    "ImageType": [
      "ORIGINAL",
      "PRIMARY",
      "M",
      "MB",
      "ND",
      "NORM",
      "MOSAIC"
    ],
    "ImagingFrequency": 123.189,
    "InPlanePhaseEncodingDirectionDICOM": "COL",
    "InstitutionAddress": "Rue Michel-Servet 1,Geneve,District,CH,1211",
    "InstitutionName": "BBL - University of Geneva",
    "InstitutionalDepartmentName": "Department",
    "MRAcquisitionType": "2D",
    "MagneticFieldStrength": 3,
    "Manufacturer": "Siemens",
    "ManufacturersModelName": "TrioTim",
    "MatrixCoilMode": "SENSE",
    "Modality": "MR",
    "MultibandAccelerationFactor": 3,
    "NonlinearGradientCorrection": false,
    "PartialFourier": 1,
    "PatientPosition": "HFS",
    "PercentPhaseFOV": 100,
    "PercentSampling": 100,
    "PhaseEncodingDirection": "j-",
    "PhaseEncodingSteps": 84,
    "PhaseResolution": 1,
    "PixelBandwidth": 2289,
    "ProcedureStepDescription": "fMRI^PSYKOKWAK",
    "ProtocolName": "FILM_RUN",
    "PulseSequenceDetails": "%CustomerSeq%\\cmrr_mbep2d_bold",
    "ReceiveCoilName": "32Ch_Head",
    "ReconMatrixPE": 84,
    "RepetitionTime": 1.3,
    "ScanOptions": "FS",
    "ScanningSequence": "EP",
    "SequenceName": "epfid2d1_84",
    "SequenceVariant": "SK\\SS",
    "SeriesDescription": "FILM_RUN",
    "ShimSetting": [
      -13908,
      8933,
      19593,
      311,
      -16,
      -301,
      98,
      -47
    ],
    "SliceThickness": 2.5,
    "SliceTiming": [
      0,
      0.9425,
      0.58,
      0.2175,
      1.16,
      0.7975,
      0.435,
      0.0725,
      1.015,
      0.6525,
      0.29,
      1.2325,
      0.87,
      0.5075,
      0.145,
      1.0875,
      0.725,
      0.3625,
      0,
      0.9425,
      0.58,
      0.2175,
      1.16,
      0.7975,
      0.435,
      0.0725,
      1.015,
      0.6525,
      0.29,
      1.2325,
      0.87,
      0.5075,
      0.145,
      1.0875,
      0.725,
      0.3625,
      0,
      0.9425,
      0.58,
      0.2175,
      1.16,
      0.7975,
      0.435,
      0.0725,
      1.015,
      0.6525,
      0.29,
      1.2325,
      0.87,
      0.5075,
      0.145,
      1.0875,
      0.725,
      0.3625
    ],
    "SoftwareVersions": "syngo MR B17",
    "SpacingBetweenSlices": 2.5,
    "StationName": "MRC35383",
    "TaskName": "TheSecretNumber",
    "TotalReadoutTime": 0.047309,
    "dataset": "<unset>",
    "modality": "bold",
    "session_id": "4",
    "subject_id": "S30",
    "task_id": "TheSecretNumber"
  },
  "dummy_trs": 1,
  "dvars_nstd": 36.600662830435354,
  "dvars_std": 1.3502318390237478,
  "dvars_vstd": 1.0655205274802104,
  "efc": 0.5021602687280843,
  "fber": 3916.978515625,
  "fd_mean": 0.30847629205531707,
  "fd_num": 464,
  "fd_perc": 61.133069828722,
  "fwhm_avg": 1.851375942173518,
  "fwhm_x": 1.715552,
  "fwhm_y": 2.0195119999999998,
  "fwhm_z": 1.8190638265205548,
  "gcor": 0.0548122,
  "gsr_x": -0.016155827790498734,
  "gsr_y": 0.024110708385705948,
  "provenance": {
    "md5sum": "412cdc523181f965da7158f6f290ea18",
    "settings": {
      "fd_thres": 0.2,
      "testing": false
    },
    "software": "mriqc",
    "version": "0.16.1",
    "webapi_port": null,
    "webapi_url": "https://mriqc.nimh.nih.gov/api/v1"
  },
  "size_t": 759,
  "size_x": 84,
  "size_y": 84,
  "size_z": 54,
  "snr": 6.972019502217923,
  "spacing_tr": 1.2999999523162842,
  "spacing_x": 2.5,
  "spacing_y": 2.5,
  "spacing_z": 2.500000238418579,
  "summary_bg_k": 25.009013844985205,
  "summary_bg_mad": 6.183288051239101,
  "summary_bg_mean": 23.606674194335938,
  "summary_bg_median": 7.6993184089660645,
  "summary_bg_n": 253016.0,
  "summary_bg_p05": 2.799820303916931,
  "summary_bg_p95": 97.17945671081543,
  "summary_bg_stdv": 42.90667724609375,
  "summary_fg_k": 2.562657602337752,
  "summary_fg_mad": 64.76552874233454,
  "summary_fg_mean": 494.9657287597656,
  "summary_fg_median": 491.759765625,
  "summary_fg_n": 68098.0,
  "summary_fg_p05": 396.40937194824215,
  "summary_fg_p95": 609.8333740234375,
  "summary_fg_stdv": 70.5328140258789,
  "tsnr": 42.266475677490234
}