{
  "aor": 0.0012697683397683399,
  "aqi": 0.01932946314028314,
  "bids_meta": {
    "AcquisitionMatrixPE": 84,
    "AcquisitionNumber": 1,
    "AcquisitionTime": "10:54:18.000006",
    "BandwidthPerPixelPhaseEncode": 20.886,
    "BaseResolution": 84,
    "CoilCombinationMethod": "Sum of Squares",
    "CoilString": "C:HEA;HEP",
    "ConversionSoftware": "dicom2nifti",
    "ConversionSoftwareVersion": "v2.2.10",
    "DerivedVendorReportedEchoSpacing": 0.000569988,
    "DeviceSerialNumber": "35383",
    "DwellTime": 2.6e-06,
    "EchoTime": 0.03,
    "EffectiveEchoSpacing": 0.000569988,
    "FlipAngle": 64,
    "ImageComments": "Unaliased MB3/PE3/LB (remote)",
    "ImageType": [
      "ORIGINAL",
      "PRIMARY",
      "M",
      "MB",
      "ND",
      "NORM",
      "MOSAIC"
    ],
    "ImagingFrequency": 123.189,
    "InPlanePhaseEncodingDirectionDICOM": "COL",
    "InstitutionAddress": "Rue Michel-Servet 1,Geneve,District,CH,1211",
    "InstitutionName": "BBL - University of Geneva",
    "InstitutionalDepartmentName": "Department",
    "MRAcquisitionType": "2D",
    "MagneticFieldStrength": 3,
    "Manufacturer": "Siemens",
    "ManufacturersModelName": "TrioTim",
    "MatrixCoilMode": "SENSE",
    "Modality": "MR",
    "MultibandAccelerationFactor": 3,
    "NonlinearGradientCorrection": false,
    "PartialFourier": 1,
    "PatientPosition": "HFS",
    "PercentPhaseFOV": 100,
    "PercentSampling": 100,
    "PhaseEncodingDirection": "j-",
    "PhaseEncodingSteps": 84,
    "PhaseResolution": 1,
    "PixelBandwidth": 2289,
    "ProcedureStepDescription": "fMRI^PSYKOKWAK",
    "ProtocolName": "FILM_RUN",
    "PulseSequenceDetails": "%CustomerSeq%\\cmrr_mbep2d_bold",
    "ReceiveCoilName": "32Ch_Head",
    "ReconMatrixPE": 84,
    "RepetitionTime": 1.3,
    "ScanOptions": "FS",
    "ScanningSequence": "EP",
    "SequenceName": "epfid2d1_84",
    "SequenceVariant": "SK\\SS",
    "SeriesDescription": "FILM_RUN",
    "ShimSetting": [
      -13908,
      8933,
      19593,
      311,
      -16,
      -301,
      98,
      -47
    ],
    "SliceThickness": 2.5,
    "SliceTiming": [
      0,
      0.9425,
      0.58,
      0.2175,
      1.16,
      0.7975,
      0.435,
      0.0725,
      1.015,
      0.6525,
      0.29,
      1.2325,
      0.87,
      0.5075,
      0.145,
      1.0875,
      0.725,
      0.3625,
      0,
      0.9425,
      0.58,
      0.2175,
      1.16,
      0.7975,
      0.435,
      0.0725,
      1.015,
      0.6525,
      0.29,
      1.2325,
      0.87,
      0.5075,
      0.145,
      1.0875,
      0.725,
      0.3625,
      0,
      0.9425,
      0.58,
      0.2175,
      1.16,
      0.7975,
      0.435,
      0.0725,
      1.015,
      0.6525,
      0.29,
      1.2325,
      0.87,
      0.5075,
      0.145,
      1.0875,
      0.725,
      0.3625
    ],
    "SoftwareVersions": "syngo MR B17",
    "SpacingBetweenSlices": 2.5,
    "StationName": "MRC35383",
    "TaskName": "BetweenViewings",
    "TotalReadoutTime": 0.047309,
    "dataset": "<unset>",
    "modality": "bold",
    "session_id": "4",
    "subject_id": "S05",
    "task_id": "BetweenViewings"
  },
  "dummy_trs": 0,
  "dvars_nstd": 34.32914614175258,
  "dvars_std": 1.4471430149742261,
  "dvars_vstd": 0.9877342182345364,
  "efc": 0.4852083818375276,
  "fber": 4598.5791015625,
  "fd_mean": 0.12166008545150261,
  "fd_num": 37,
  "fd_perc": 4.761904761904762,
  "fwhm_avg": 1.8385013333333333,
  "fwhm_x": 1.736732,
  "fwhm_y": 2.0132120000000002,
  "fwhm_z": 1.76556,
  "gcor": 0.0264346,
  "gsr_x": -0.008510030806064606,
  "gsr_y": 0.018371593207120895,
  "provenance": {
    "md5sum": "751b5a3ee2bb62ebc00511fe55696ccf",
    "settings": {
      "fd_thres": 0.2,
      "testing": false
    },
    "software": "mriqc",
    "version": "0.16.1",
    "webapi_port": null,
    "webapi_url": "https://mriqc.nimh.nih.gov/api/v1"
  },
  "size_t": 777,
  "size_x": 84,
  "size_y": 84,
  "size_z": 54,
  "snr": 7.095376691599155,
  "spacing_tr": 1.2999999523162842,
  "spacing_x": 2.5,
  "spacing_y": 2.5,
  "spacing_z": 2.5,
  "summary_bg_k": 21.111679726507585,
  "summary_bg_mad": 5.015205544367214,
  "summary_bg_mean": 20.277679443359375,
  "summary_bg_median": 6.62373161315918,
  "summary_bg_n": 258670.0,
  "summary_bg_p05": 2.4805272102355955,
  "summary_bg_p95": 87.87384490966797,
  "summary_bg_stdv": 38.01389694213867,
  "summary_fg_k": 3.437257240484853,
  "summary_fg_mad": 54.583452147647066,
  "summary_fg_mean": 458.29150390625,
  "summary_fg_median": 454.8547058105469,
  "summary_fg_n": 62993.0,
  "summary_fg_p05": 368.7914184570312,
  "summary_fg_p95": 561.0782104492187,
  "summary_fg_stdv": 64.10527801513672,
  "tsnr": 48.15032958984375
}