{
  "aor": 0.0038435179153094457,
  "aqi": 0.02160781368078176,
  "bids_meta": {
    "AcquisitionMatrixPE": 84,
    "AcquisitionNumber": 1,
    "AcquisitionTime": "09:55:02.000006",
    "BandwidthPerPixelPhaseEncode": 20.886,
    "BaseResolution": 84,
    "CoilCombinationMethod": "Sum of Squares",
    "CoilString": "C:HEA;HEP",
    "ConversionSoftware": "dicom2nifti",
    "ConversionSoftwareVersion": "v2.2.10",
    "DerivedVendorReportedEchoSpacing": 0.000569988,
    "DeviceSerialNumber": "35383",
    "DwellTime": 2.6e-06,
    "EchoTime": 0.03,
    "EffectiveEchoSpacing": 0.000569988,
    "FlipAngle": 64,
    "ImageComments": "Unaliased MB3/PE3/LB (remote)",
    "ImageType": [
      "ORIGINAL",
      "PRIMARY",
      "M",
      "MB",
      "ND",
      "NORM",
      "MOSAIC"
    ],
    "ImagingFrequency": 123.189,
    "InPlanePhaseEncodingDirectionDICOM": "COL",
    "InstitutionAddress": "Rue Michel-Servet 1,Geneve,District,CH,1211",
    "InstitutionName": "BBL - University of Geneva",
    "InstitutionalDepartmentName": "Department",
    "MRAcquisitionType": "2D",
    "MagneticFieldStrength": 3,
    "Manufacturer": "Siemens",
    "ManufacturersModelName": "TrioTim",
    "MatrixCoilMode": "SENSE",
    "Modality": "MR",
    "MultibandAccelerationFactor": 3,
    "NonlinearGradientCorrection": false,
    "PartialFourier": 1,
    "PatientPosition": "HFS",
    "PercentPhaseFOV": 100,
    "PercentSampling": 100,
    "PhaseEncodingDirection": "j-",
    "PhaseEncodingSteps": 84,
    "PhaseResolution": 1,
    "PixelBandwidth": 2289,
    "ProcedureStepDescription": "fMRI^PSYKOKWAK",
    "ProtocolName": "FILM_RUN",
    "PulseSequenceDetails": "%CustomerSeq%\\cmrr_mbep2d_bold",
    "ReceiveCoilName": "32Ch_Head",
    "ReconMatrixPE": 84,
    "RepetitionTime": 1.3,
    "ScanOptions": "FS",
    "ScanningSequence": "EP",
    "SequenceName": "epfid2d1_84",
    "SequenceVariant": "SK\\SS",
    "SeriesDescription": "FILM_RUN",
    "ShimSetting": [
      -13908,
      8933,
      19593,
      311,
      -16,
      -301,
      98,
      -47
    ],
    "SliceThickness": 2.5,
    "SliceTiming": [
      0,
      0.9425,
      0.58,
      0.2175,
      1.16,
      0.7975,
      0.435,
      0.0725,
      1.015,
      0.6525,
      0.29,
      1.2325,
      0.87,
      0.5075,
      0.145,
      1.0875,
      0.725,
      0.3625,
      0,
      0.9425,
      0.58,
      0.2175,
      1.16,
      0.7975,
      0.435,
      0.0725,
      1.015,
      0.6525,
      0.29,
      1.2325,
      0.87,
      0.5075,
      0.145,
      1.0875,
      0.725,
      0.3625,
      0,
      0.9425,
      0.58,
      0.2175,
      1.16,
      0.7975,
      0.435,
      0.0725,
      1.015,
      0.6525,
      0.29,
      1.2325,
      0.87,
      0.5075,
      0.145,
      1.0875,
      0.725,
      0.3625
    ],
    "SoftwareVersions": "syngo MR B17",
    "SpacingBetweenSlices": 2.5,
    "StationName": "MRC35383",
    "TaskName": "FirstBite",
    "TotalReadoutTime": 0.047309,
    "dataset": "<unset>",
    "modality": "bold",
    "session_id": "4",
    "subject_id": "S21",
    "task_id": "FirstBite"
  },
  "dummy_trs": 1,
  "dvars_nstd": 32.52534553323004,
  "dvars_std": 1.2916751143393155,
  "dvars_vstd": 0.9884784634257747,
  "efc": 0.4796365547206059,
  "fber": 4945.72900390625,
  "fd_mean": 0.18664143727495086,
  "fd_num": 127,
  "fd_perc": 20.684039087947884,
  "fwhm_avg": 1.806661390067805,
  "fwhm_x": 1.7000039999999998,
  "fwhm_y": 1.935268,
  "fwhm_z": 1.7847121702034159,
  "gcor": 0.0414243,
  "gsr_x": -0.014507358893752098,
  "gsr_y": 0.019841736182570457,
  "provenance": {
    "md5sum": "6758a723a98c049a01cea77d5a063078",
    "settings": {
      "fd_thres": 0.2,
      "testing": false
    },
    "software": "mriqc",
    "version": "0.16.1",
    "webapi_port": null,
    "webapi_url": "https://mriqc.nimh.nih.gov/api/v1"
  },
  "size_t": 614,
  "size_x": 84,
  "size_y": 84,
  "size_z": 54,
  "snr": 7.070663046719686,
  "spacing_tr": 1.2999999523162842,
  "spacing_x": 2.5,
  "spacing_y": 2.5,
  "spacing_z": 2.499999761581421,
  "summary_bg_k": 23.50341003895252,
  "summary_bg_mad": 4.765061417987486,
  "summary_bg_mean": 20.00694465637207,
  "summary_bg_median": 6.297222137451172,
  "summary_bg_n": 261370.0,
  "summary_bg_p05": 2.350538825988769,
  "summary_bg_p95": 89.48451881408675,
  "summary_bg_stdv": 38.79912567138672,
  "summary_fg_k": 1.9260741893445452,
  "summary_fg_mad": 59.38439937675507,
  "summary_fg_mean": 446.92681884765625,
  "summary_fg_median": 443.2092590332031,
  "summary_fg_n": 61729.0,
  "summary_fg_p05": 358.6508422851563,
  "summary_fg_p95": 551.7079833984375,
  "summary_fg_stdv": 62.682334899902344,
  "tsnr": 42.26280212402344
}