{
  "bids_meta": {
    "AcquisitionMatrixPE": 256,
    "AcquisitionNumber": 1,
    "AcquisitionTime": "09:19:6.827500",
    "BaseResolution": 256,
    "CoilCombinationMethod": "Adaptive Combine",
    "CoilString": "C:HEA;HEP",
    "ConversionSoftware": "dcm2niix",
    "ConversionSoftwareVersion": "v1.0.20220720",
    "DeviceSerialNumber": "35383",
    "DwellTime": 1.03e-05,
    "EchoTime": 0.00227,
    "FlipAngle": 9,
    "ImageOrientationPatientDICOM": [
      1e-16,
      1,
      0,
      0.00523601,
      -1e-16,
      -0.999986
    ],
    "ImageOrientationText": "Sag>Tra(-0.3)",
    "ImageType": [
      "ORIGINAL",
      "PRIMARY",
      "M",
      "ND",
      "NORM"
    ],
    "ImagingFrequency": 123.189,
    "InPlanePhaseEncodingDirectionDICOM": "ROW",
    "InstitutionAddress": "Rue Michel-Servet 1,Geneve,District,CH,1211",
    "InstitutionName": "BBL - University of Geneva",
    "InstitutionalDepartmentName": "Department",
    "InversionTime": 0.9,
    "MRAcquisitionType": "3D",
    "MagneticFieldStrength": 3,
    "Manufacturer": "Siemens",
    "ManufacturersModelName": "TrioTim",
    "MatrixCoilMode": "GRAPPA",
    "Modality": "MR",
    "NonlinearGradientCorrection": false,
    "ParallelReductionFactorInPlane": 2,
    "PartialFourier": 1,
    "PatientPosition": "HFS",
    "PercentPhaseFOV": 100,
    "PercentSampling": 100,
    "PhaseEncodingSteps": 294,
    "PhaseOversampling": 0.15,
    "PhaseResolution": 1,
    "PixelBandwidth": 190,
    "ProcedureStepDescription": "fMRI^PSYKOKWAK",
    "ProtocolName": "T1_1MM",
    "PulseSequenceDetails": "%SiemensSeq%\\tfl",
    "ReceiveCoilName": "32Ch_Head",
    "ReconMatrixPE": 256,
    "RefLinesPE": 24,
    "RepetitionTime": 1.9,
    "SAR": 0.165513,
    "ScanOptions": "IR",
    "ScanningSequence": "GR\\IR",
    "SequenceName": "*tfl3d1_ns",
    "SequenceVariant": "SP\\MP\\OSP",
    "SeriesDescription": "T1_1MM",
    "SeriesNumber": 4,
    "ShimSetting": [
      -13894,
      8934,
      19117,
      -207,
      151,
      18,
      206,
      4
    ],
    "SliceThickness": 1,
    "SoftwareVersions": "syngo MR B17",
    "StationName": "MRC35383",
    "TxRefAmp": 393.175,
    "dataset": "<unset>",
    "modality": "T1w",
    "session_id": "1",
    "subject_id": "S21"
  },
  "cjv": 0.3987819813365068,
  "cnr": 3.3164363503604615,
  "efc": 0.5411014122174772,
  "fber": 8613.992018483512,
  "fwhm_avg": 3.819316666666667,
  "fwhm_x": 3.77483,
  "fwhm_y": 3.80212,
  "fwhm_z": 3.881,
  "icvs_csf": 0.18533724928294185,
  "icvs_gm": 0.42904536572662166,
  "icvs_wm": 0.38561738499043646,
  "inu_med": 1.3777742385864258,
  "inu_range": 0.3251968383789059,
  "provenance": {
    "md5sum": "b9136ab54279b26968a70f92c716f7b6",
    "settings": {
      "testing": false
    },
    "software": "mriqc",
    "version": "0.16.1",
    "warnings": {
      "large_rot_frame": true,
      "small_air_mask": false
    },
    "webapi_port": null,
    "webapi_url": "https://mriqc.nimh.nih.gov/api/v1"
  },
  "qi_1": 0.0,
  "qi_2": 0.013342280483254202,
  "rpve_csf": 36.12698334781893,
  "rpve_gm": 17.05837521006906,
  "rpve_wm": 22.546547282324752,
  "size_x": 192,
  "size_y": 256,
  "size_z": 256,
  "snr_csf": 3.520303770008486,
  "snr_gm": 14.193619867089755,
  "snr_total": 13.691550167996022,
  "snr_wm": 23.360726866889827,
  "snrd_csf": 43.9321132390262,
  "snrd_gm": 83.56707662624677,
  "snrd_total": 78.68074974557958,
  "snrd_wm": 108.54305937146576,
  "spacing_x": 1.0,
  "spacing_y": 1.0,
  "spacing_z": 1.0,
  "summary_bg_k": 9.432842235300647,
  "summary_bg_mad": 6.035727783687108,
  "summary_bg_mean": 6.170413691908666,
  "summary_bg_median": 4.071036525070667,
  "summary_bg_n": 2650022.0,
  "summary_bg_p05": 0.0,
  "summary_bg_p95": 16.57914874702692,
  "summary_bg_stdv": 6.276062894433773,
  "summary_csf_k": -0.4029088304227355,
  "summary_csf_mad": 135.14781776516784,
  "summary_csf_mean": 418.6571300178192,
  "summary_csf_median": 404.7436313331127,
  "summary_csf_n": 13631.0,
  "summary_csf_p05": 257.06530637294054,
  "summary_csf_p95": 608.7379615567625,
  "summary_csf_stdv": 114.96984665627882,
  "summary_gm_k": 0.2104918192242442,
  "summary_gm_mad": 52.0472178448381,
  "summary_gm_mean": 770.6578463900341,
  "summary_gm_median": 769.8979074731469,
  "summary_gm_n": 19116.0,
  "summary_gm_p05": 682.5181235074997,
  "summary_gm_p95": 861.7174812722951,
  "summary_gm_stdv": 54.24111515544511,
  "summary_wm_k": 0.6086129149374977,
  "summary_wm_mad": 39.713339330347054,
  "summary_wm_mean": 997.8919630450695,
  "summary_wm_median": 999.9999719336629,
  "summary_wm_n": 182955.0,
  "summary_wm_p05": 922.7092784866691,
  "summary_wm_p95": 1063.8562448479229,
  "summary_wm_stdv": 42.80676901517477,
  "tpm_overlap_csf": 0.1724172830581665,
  "tpm_overlap_gm": 0.4398207366466522,
  "tpm_overlap_wm": 0.5042610764503479,
  "wm2max": 0.41386467413864675
}