{
  "bids_meta": {
    "AcquisitionMatrixPE": 256,
    "AcquisitionNumber": 1,
    "AcquisitionTime": "13:27:46.372500",
    "BaseResolution": 256,
    "CoilCombinationMethod": "Adaptive Combine",
    "CoilString": "C:HEA;HEP",
    "ConversionSoftware": "dcm2niix",
    "ConversionSoftwareVersion": "v1.0.20220720",
    "DeviceSerialNumber": "35383",
    "DwellTime": 1.03e-05,
    "EchoTime": 0.00227,
    "FlipAngle": 9,
    "ImageOrientationPatientDICOM": [
      0,
      1,
      1e-16,
      0.0296663,
      0,
      -0.99956
    ],
    "ImageOrientationText": "Sag>Tra(-1.7)",
    "ImageType": [
      "ORIGINAL",
      "PRIMARY",
      "M",
      "ND",
      "NORM"
    ],
    "ImagingFrequency": 123.189,
    "InPlanePhaseEncodingDirectionDICOM": "ROW",
    "InstitutionAddress": "Rue Michel-Servet 1,Geneve,District,CH,1211",
    "InstitutionName": "BBL - University of Geneva",
    "InstitutionalDepartmentName": "Department",
    "InversionTime": 0.9,
    "MRAcquisitionType": "3D",
    "MagneticFieldStrength": 3,
    "Manufacturer": "Siemens",
    "ManufacturersModelName": "TrioTim",
    "MatrixCoilMode": "GRAPPA",
    "Modality": "MR",
    "NonlinearGradientCorrection": false,
    "ParallelReductionFactorInPlane": 2,
    "PartialFourier": 1,
    "PatientPosition": "HFS",
    "PercentPhaseFOV": 100,
    "PercentSampling": 100,
    "PhaseEncodingSteps": 294,
    "PhaseOversampling": 0.15,
    "PhaseResolution": 1,
    "PixelBandwidth": 190,
    "ProcedureStepDescription": "fMRI^PSYKOKWAK",
    "ProtocolName": "T1_1MM",
    "PulseSequenceDetails": "%SiemensSeq%\\tfl",
    "ReceiveCoilName": "32Ch_Head",
    "ReconMatrixPE": 256,
    "RefLinesPE": 24,
    "RepetitionTime": 1.9,
    "SAR": 0.163338,
    "ScanOptions": "IR",
    "ScanningSequence": "GR\\IR",
    "SequenceName": "*tfl3d1_ns",
    "SequenceVariant": "SP\\MP\\OSP",
    "SeriesDescription": "T1_1MM",
    "SeriesNumber": 4,
    "ShimSetting": [
      -13894,
      8934,
      19117,
      -207,
      151,
      18,
      206,
      4
    ],
    "SliceThickness": 1,
    "SoftwareVersions": "syngo MR B17",
    "StationName": "MRC35383",
    "TxRefAmp": 430.449,
    "dataset": "<unset>",
    "modality": "T1w",
    "session_id": "1",
    "subject_id": "S29"
  },
  "cjv": 0.48113927141846347,
  "cnr": 2.6065063308698835,
  "efc": 0.611351538627072,
  "fber": 7367.028427528395,
  "fwhm_avg": 3.94554,
  "fwhm_x": 3.85083,
  "fwhm_y": 4.07116,
  "fwhm_z": 3.91463,
  "icvs_csf": 0.17555890035724603,
  "icvs_gm": 0.4096087894348182,
  "icvs_wm": 0.41483231020793576,
  "inu_med": 1.1054291725158691,
  "inu_range": 0.3587949514389036,
  "provenance": {
    "md5sum": "be4590baafc11a8ef931601881df6591",
    "settings": {
      "testing": false
    },
    "software": "mriqc",
    "version": "0.16.1",
    "warnings": {
      "large_rot_frame": true,
      "small_air_mask": false
    },
    "webapi_port": null,
    "webapi_url": "https://mriqc.nimh.nih.gov/api/v1"
  },
  "qi_1": 0.0,
  "qi_2": 0.011109979007009803,
  "rpve_csf": 22.351011282691207,
  "rpve_gm": 10.468428477620792,
  "rpve_wm": 12.545392450267837,
  "size_x": 192,
  "size_y": 256,
  "size_z": 256,
  "snr_csf": 2.69785141784454,
  "snr_gm": 11.027339921774484,
  "snr_total": 12.785234584206057,
  "snr_wm": 24.630512412999142,
  "snrd_csf": 52.98022058668188,
  "snrd_gm": 109.9373861181794,
  "snrd_total": 100.9448177595637,
  "snrd_wm": 139.91684657382984,
  "spacing_x": 1.0,
  "spacing_y": 1.0,
  "spacing_z": 1.0,
  "summary_bg_k": 5.8476401782008125,
  "summary_bg_mad": 4.682326649342907,
  "summary_bg_mean": 5.853542654441481,
  "summary_bg_median": 3.158181332051754,
  "summary_bg_n": 2228330.0,
  "summary_bg_p05": 0.0,
  "summary_bg_p95": 15.79090666025877,
  "summary_bg_stdv": 5.6864651930278205,
  "summary_csf_k": 23.286823999732107,
  "summary_csf_mad": 109.7117571802933,
  "summary_csf_mean": 407.83186743145376,
  "summary_csf_median": 378.65505143254995,
  "summary_csf_n": 21791.0,
  "summary_csf_p05": 255.26817387342453,
  "summary_csf_p95": 623.4685560688376,
  "summary_csf_stdv": 140.35108104640435,
  "summary_gm_k": 0.367241652070982,
  "summary_gm_mad": 64.90673493227065,
  "summary_gm_mean": 793.2999117061337,
  "summary_gm_median": 785.7337348535657,
  "summary_gm_n": 32229.0,
  "summary_gm_p05": 687.6558690726756,
  "summary_gm_p95": 926.8173181526363,
  "summary_gm_stdv": 71.25213791148113,
  "summary_wm_k": 0.8601712191085635,
  "summary_wm_mad": 38.18518112308957,
  "summary_wm_mean": 1001.6297341958771,
  "summary_wm_median": 1000.0000028125942,
  "summary_wm_n": 333337.0,
  "summary_wm_p05": 938.5788210444152,
  "summary_wm_p95": 1069.86115193367,
  "summary_wm_stdv": 40.59998777370948,
  "tpm_overlap_csf": 0.18150755763053894,
  "tpm_overlap_gm": 0.4235807955265045,
  "tpm_overlap_wm": 0.49897801876068115,
  "wm2max": 0.37497958183600133
}