{
  "aor": 0.006293026315789474,
  "aqi": 0.019219448736842105,
  "bids_meta": {
    "AcquisitionMatrixPE": 84,
    "AcquisitionNumber": 1,
    "AcquisitionTime": "10:32:00.000006",
    "BandwidthPerPixelPhaseEncode": 20.886,
    "BaseResolution": 84,
    "CoilCombinationMethod": "Sum of Squares",
    "CoilString": "C:HEA;HEP",
    "ConversionSoftware": "dicom2nifti",
    "ConversionSoftwareVersion": "v2.2.10",
    "DerivedVendorReportedEchoSpacing": 0.000569988,
    "DeviceSerialNumber": "35383",
    "DwellTime": 2.6e-06,
    "EchoTime": 0.03,
    "EffectiveEchoSpacing": 0.000569988,
    "FlipAngle": 64,
    "ImageComments": "Unaliased MB3/PE3/LB (remote)",
    "ImageType": [
      "ORIGINAL",
      "PRIMARY",
      "M",
      "MB",
      "ND",
      "NORM",
      "MOSAIC"
    ],
    "ImagingFrequency": 123.189,
    "InPlanePhaseEncodingDirectionDICOM": "COL",
    "InstitutionAddress": "Rue Michel-Servet 1,Geneve,District,CH,1211",
    "InstitutionName": "BBL - University of Geneva",
    "InstitutionalDepartmentName": "Department",
    "MRAcquisitionType": "2D",
    "MagneticFieldStrength": 3,
    "Manufacturer": "Siemens",
    "ManufacturersModelName": "TrioTim",
    "MatrixCoilMode": "SENSE",
    "Modality": "MR",
    "MultibandAccelerationFactor": 3,
    "NonlinearGradientCorrection": false,
    "PartialFourier": 1,
    "PatientPosition": "HFS",
    "PercentPhaseFOV": 100,
    "PercentSampling": 100,
    "PhaseEncodingDirection": "j-",
    "PhaseEncodingSteps": 84,
    "PhaseResolution": 1,
    "PixelBandwidth": 2289,
    "ProcedureStepDescription": "fMRI^PSYKOKWAK",
    "ProtocolName": "FILM_RUN",
    "PulseSequenceDetails": "%CustomerSeq%\\cmrr_mbep2d_bold",
    "ReceiveCoilName": "32Ch_Head",
    "ReconMatrixPE": 84,
    "RepetitionTime": 1.3,
    "ScanOptions": "FS",
    "ScanningSequence": "EP",
    "SequenceName": "epfid2d1_84",
    "SequenceVariant": "SK\\SS",
    "SeriesDescription": "FILM_RUN",
    "ShimSetting": [
      -13908,
      8933,
      19593,
      311,
      -16,
      -301,
      98,
      -47
    ],
    "SliceThickness": 2.5,
    "SliceTiming": [
      0,
      0.9425,
      0.58,
      0.2175,
      1.16,
      0.7975,
      0.435,
      0.0725,
      1.015,
      0.6525,
      0.29,
      1.2325,
      0.87,
      0.5075,
      0.145,
      1.0875,
      0.725,
      0.3625,
      0,
      0.9425,
      0.58,
      0.2175,
      1.16,
      0.7975,
      0.435,
      0.0725,
      1.015,
      0.6525,
      0.29,
      1.2325,
      0.87,
      0.5075,
      0.145,
      1.0875,
      0.725,
      0.3625,
      0,
      0.9425,
      0.58,
      0.2175,
      1.16,
      0.7975,
      0.435,
      0.0725,
      1.015,
      0.6525,
      0.29,
      1.2325,
      0.87,
      0.5075,
      0.145,
      1.0875,
      0.725,
      0.3625
    ],
    "SoftwareVersions": "syngo MR B17",
    "SpacingBetweenSlices": 2.5,
    "StationName": "MRC35383",
    "TaskName": "TheSecretNumber",
    "TotalReadoutTime": 0.047309,
    "dataset": "<unset>",
    "modality": "bold",
    "session_id": "4",
    "subject_id": "S28",
    "task_id": "TheSecretNumber"
  },
  "dummy_trs": 0,
  "dvars_nstd": 35.93017831445326,
  "dvars_std": 1.3755083354018458,
  "dvars_vstd": 1.0809961019631085,
  "efc": 0.5133261138738128,
  "fber": 4085.382568359375,
  "fd_mean": 0.2466256700639475,
  "fd_num": 462,
  "fd_perc": 60.78947368421053,
  "fwhm_avg": 1.7699560539273633,
  "fwhm_x": 1.672736,
  "fwhm_y": 1.9407240000000001,
  "fwhm_z": 1.6964081617820894,
  "gcor": 0.0219003,
  "gsr_x": -0.014159259386360645,
  "gsr_y": 0.028021566569805145,
  "provenance": {
    "md5sum": "90890805616bb822af574bd9bfda004c",
    "settings": {
      "fd_thres": 0.2,
      "testing": false
    },
    "software": "mriqc",
    "version": "0.16.1",
    "webapi_port": null,
    "webapi_url": "https://mriqc.nimh.nih.gov/api/v1"
  },
  "size_t": 760,
  "size_x": 84,
  "size_y": 84,
  "size_z": 54,
  "snr": 7.524850679223689,
  "spacing_tr": 1.2999999523162842,
  "spacing_x": 2.5,
  "spacing_y": 2.5,
  "spacing_z": 2.499999761581421,
  "summary_bg_k": 17.92302386097674,
  "summary_bg_mad": 6.401787065030281,
  "summary_bg_mean": 25.395137786865234,
  "summary_bg_median": 8.32991886138916,
  "summary_bg_n": 247049.0,
  "summary_bg_p05": 2.9847846984863278,
  "summary_bg_p95": 107.0126968383789,
  "summary_bg_stdv": 44.747615814208984,
  "summary_fg_k": 2.4674389499818847,
  "summary_fg_mad": 65.72529740566615,
  "summary_fg_mean": 537.6257934570312,
  "summary_fg_median": 534.9631958007812,
  "summary_fg_n": 72752.0,
  "summary_fg_p05": 434.5548034667969,
  "summary_fg_p95": 653.0181213378905,
  "summary_fg_stdv": 71.09237670898438,
  "tsnr": 47.78248596191406
}