{
  "bids_meta": {
    "AcquisitionMatrixPE": 256,
    "AcquisitionNumber": 1,
    "AcquisitionTime": "10:33:2.577500",
    "BaseResolution": 256,
    "CoilCombinationMethod": "Adaptive Combine",
    "CoilString": "C:HEA;HEP",
    "ConversionSoftware": "dcm2niix",
    "ConversionSoftwareVersion": "v1.0.20220720",
    "DeviceSerialNumber": "35383",
    "DwellTime": 1.03e-05,
    "EchoTime": 0.00227,
    "FlipAngle": 9,
    "ImageOrientationPatientDICOM": [
      0,
      1,
      0,
      0.0191974,
      0,
      -0.999816
    ],
    "ImageOrientationText": "Sag>Tra(-1.1)",
    "ImageType": [
      "ORIGINAL",
      "PRIMARY",
      "M",
      "ND",
      "NORM"
    ],
    "ImagingFrequency": 123.189,
    "InPlanePhaseEncodingDirectionDICOM": "ROW",
    "InstitutionAddress": "Rue Michel-Servet 1,Geneve,District,CH,1211",
    "InstitutionName": "BBL - University of Geneva",
    "InstitutionalDepartmentName": "Department",
    "InversionTime": 0.9,
    "MRAcquisitionType": "3D",
    "MagneticFieldStrength": 3,
    "Manufacturer": "Siemens",
    "ManufacturersModelName": "TrioTim",
    "MatrixCoilMode": "GRAPPA",
    "Modality": "MR",
    "NonlinearGradientCorrection": false,
    "ParallelReductionFactorInPlane": 2,
    "PartialFourier": 1,
    "PatientPosition": "HFS",
    "PercentPhaseFOV": 100,
    "PercentSampling": 100,
    "PhaseEncodingSteps": 294,
    "PhaseOversampling": 0.15,
    "PhaseResolution": 1,
    "PixelBandwidth": 190,
    "ProcedureStepDescription": "fMRI^PSYKOKWAK",
    "ProtocolName": "T1_1MM",
    "PulseSequenceDetails": "%SiemensSeq%\\tfl",
    "ReceiveCoilName": "32Ch_Head",
    "ReconMatrixPE": 256,
    "RefLinesPE": 24,
    "RepetitionTime": 1.9,
    "SAR": 0.141625,
    "ScanOptions": "IR",
    "ScanningSequence": "GR\\IR",
    "SequenceName": "*tfl3d1_ns",
    "SequenceVariant": "SP\\MP\\OSP",
    "SeriesDescription": "T1_1MM",
    "SeriesNumber": 4,
    "ShimSetting": [
      -13894,
      8934,
      19117,
      -207,
      151,
      18,
      206,
      4
    ],
    "SliceThickness": 1,
    "SoftwareVersions": "syngo MR B17",
    "StationName": "MRC35383",
    "TxRefAmp": 355.598,
    "dataset": "<unset>",
    "modality": "T1w",
    "session_id": "1",
    "subject_id": "S10"
  },
  "cjv": 0.4459558613026863,
  "cnr": 2.8032784826070123,
  "efc": 0.5660376148756013,
  "fber": 21362.130193905818,
  "fwhm_avg": 3.7984999999999993,
  "fwhm_x": 3.78164,
  "fwhm_y": 3.79664,
  "fwhm_z": 3.81722,
  "icvs_csf": 0.1735608227791419,
  "icvs_gm": 0.438686695072828,
  "icvs_wm": 0.38775248214803015,
  "inu_med": 1.133914589881897,
  "inu_range": 0.29933563470840463,
  "provenance": {
    "md5sum": "003d52a315d11c72595ffa3de90465c8",
    "settings": {
      "testing": false
    },
    "software": "mriqc",
    "version": "0.16.1",
    "warnings": {
      "large_rot_frame": true,
      "small_air_mask": false
    },
    "webapi_port": null,
    "webapi_url": "https://mriqc.nimh.nih.gov/api/v1"
  },
  "qi_1": 0.0,
  "qi_2": 0.010634168498367689,
  "rpve_csf": 30.08309296222281,
  "rpve_gm": 13.39260184786561,
  "rpve_wm": 18.009141123385717,
  "size_x": 192,
  "size_y": 256,
  "size_z": 256,
  "snr_csf": 3.0906432591210455,
  "snr_gm": 11.372105195323211,
  "snr_total": 13.481320766999088,
  "snr_wm": 25.981213846553008,
  "snrd_csf": 62.414003412691414,
  "snrd_gm": 131.053127275065,
  "snrd_total": 120.56164158568782,
  "snrd_wm": 168.21779406930705,
  "spacing_x": 1.0,
  "spacing_y": 1.0,
  "spacing_z": 1.0,
  "summary_bg_k": 11.454451450773716,
  "summary_bg_mad": 3.894572524255058,
  "summary_bg_mean": 5.75334469650215,
  "summary_bg_median": 5.1615283489227295,
  "summary_bg_n": 2622693.0,
  "summary_bg_p05": 0.0,
  "summary_bg_p95": 16.360201463103294,
  "summary_bg_stdv": 6.071918657561063,
  "summary_csf_k": 37.82164269658849,
  "summary_csf_mad": 92.78648224453279,
  "summary_csf_mean": 396.3454182440005,
  "summary_csf_median": 371.03093515336514,
  "summary_csf_n": 15725.0,
  "summary_csf_p05": 267.4777726531029,
  "summary_csf_p95": 585.7689484983682,
  "summary_csf_stdv": 120.04592778051656,
  "summary_gm_k": 0.5024541086878545,
  "summary_gm_mad": 62.51813788935752,
  "summary_gm_mean": 784.0478333506369,
  "summary_gm_median": 779.0681851655245,
  "summary_gm_n": 27687.0,
  "summary_gm_p05": 680.3816065371037,
  "summary_gm_p95": 909.0741804540157,
  "summary_gm_stdv": 68.50570782209914,
  "summary_wm_k": 0.6118385868702081,
  "summary_wm_mad": 36.007714390919574,
  "summary_wm_mean": 1000.4817437127373,
  "summary_wm_median": 1000.0000325292349,
  "summary_wm_n": 224871.0,
  "summary_wm_p05": 938.3382027894258,
  "summary_wm_p95": 1064.0582861453295,
  "summary_wm_stdv": 38.48926439448615,
  "tpm_overlap_csf": 0.19172485172748566,
  "tpm_overlap_gm": 0.44746434688568115,
  "tpm_overlap_wm": 0.5092417001724243,
  "wm2max": 0.42633998742533796
}