{
  "aor": 0.0017053970826580228,
  "aqi": 0.018750900162074553,
  "bids_meta": {
    "AcquisitionMatrixPE": 84,
    "AcquisitionNumber": 1,
    "AcquisitionTime": "09:46:49.000006",
    "BandwidthPerPixelPhaseEncode": 20.886,
    "BaseResolution": 84,
    "CoilCombinationMethod": "Sum of Squares",
    "CoilString": "C:HEA;HEP",
    "ConversionSoftware": "dicom2nifti",
    "ConversionSoftwareVersion": "v2.2.10",
    "DerivedVendorReportedEchoSpacing": 0.000569988,
    "DeviceSerialNumber": "35383",
    "DwellTime": 2.6e-06,
    "EchoTime": 0.03,
    "EffectiveEchoSpacing": 0.000569988,
    "FlipAngle": 64,
    "ImageComments": "Unaliased MB3/PE3/LB (remote)",
    "ImageType": [
      "ORIGINAL",
      "PRIMARY",
      "M",
      "MB",
      "ND",
      "NORM",
      "MOSAIC"
    ],
    "ImagingFrequency": 123.189,
    "InPlanePhaseEncodingDirectionDICOM": "COL",
    "InstitutionAddress": "Rue Michel-Servet 1,Geneve,District,CH,1211",
    "InstitutionName": "BBL - University of Geneva",
    "InstitutionalDepartmentName": "Department",
    "MRAcquisitionType": "2D",
    "MagneticFieldStrength": 3,
    "Manufacturer": "Siemens",
    "ManufacturersModelName": "TrioTim",
    "MatrixCoilMode": "SENSE",
    "Modality": "MR",
    "MultibandAccelerationFactor": 3,
    "NonlinearGradientCorrection": false,
    "PartialFourier": 1,
    "PatientPosition": "HFS",
    "PercentPhaseFOV": 100,
    "PercentSampling": 100,
    "PhaseEncodingDirection": "j-",
    "PhaseEncodingSteps": 84,
    "PhaseResolution": 1,
    "PixelBandwidth": 2289,
    "ProcedureStepDescription": "fMRI^PSYKOKWAK",
    "ProtocolName": "FILM_RUN",
    "PulseSequenceDetails": "%CustomerSeq%\\cmrr_mbep2d_bold",
    "ReceiveCoilName": "32Ch_Head",
    "ReconMatrixPE": 84,
    "RepetitionTime": 1.3,
    "ScanOptions": "FS",
    "ScanningSequence": "EP",
    "SequenceName": "epfid2d1_84",
    "SequenceVariant": "SK\\SS",
    "SeriesDescription": "FILM_RUN",
    "ShimSetting": [
      -13908,
      8933,
      19593,
      311,
      -16,
      -301,
      98,
      -47
    ],
    "SliceThickness": 2.5,
    "SliceTiming": [
      0,
      0.9425,
      0.58,
      0.2175,
      1.16,
      0.7975,
      0.435,
      0.0725,
      1.015,
      0.6525,
      0.29,
      1.2325,
      0.87,
      0.5075,
      0.145,
      1.0875,
      0.725,
      0.3625,
      0,
      0.9425,
      0.58,
      0.2175,
      1.16,
      0.7975,
      0.435,
      0.0725,
      1.015,
      0.6525,
      0.29,
      1.2325,
      0.87,
      0.5075,
      0.145,
      1.0875,
      0.725,
      0.3625,
      0,
      0.9425,
      0.58,
      0.2175,
      1.16,
      0.7975,
      0.435,
      0.0725,
      1.015,
      0.6525,
      0.29,
      1.2325,
      0.87,
      0.5075,
      0.145,
      1.0875,
      0.725,
      0.3625
    ],
    "SoftwareVersions": "syngo MR B17",
    "SpacingBetweenSlices": 2.5,
    "StationName": "MRC35383",
    "TaskName": "FirstBite",
    "TotalReadoutTime": 0.047309,
    "dataset": "<unset>",
    "modality": "bold",
    "session_id": "4",
    "subject_id": "S04",
    "task_id": "FirstBite"
  },
  "dummy_trs": 0,
  "dvars_nstd": 33.22555816012987,
  "dvars_std": 1.2987914775000005,
  "dvars_vstd": 0.9905856566720781,
  "efc": 0.5239122868497154,
  "fber": 3340.494873046875,
  "fd_mean": 0.20829708778147324,
  "fd_num": 280,
  "fd_perc": 45.380875202593195,
  "fwhm_avg": 1.8736026666666667,
  "fwhm_x": 1.7727920000000001,
  "fwhm_y": 2.0782800000000003,
  "fwhm_z": 1.769736,
  "gcor": 0.0304004,
  "gsr_x": -0.026226969435811043,
  "gsr_y": 0.040948327630758286,
  "provenance": {
    "md5sum": "14b9fb04f05b57950631f7e1574d5e12",
    "settings": {
      "fd_thres": 0.2,
      "testing": false
    },
    "software": "mriqc",
    "version": "0.16.1",
    "webapi_port": null,
    "webapi_url": "https://mriqc.nimh.nih.gov/api/v1"
  },
  "size_t": 617,
  "size_x": 84,
  "size_y": 84,
  "size_z": 54,
  "snr": 7.006985068222542,
  "spacing_tr": 1.2999999523162842,
  "spacing_x": 2.5,
  "spacing_y": 2.5,
  "spacing_z": 2.5,
  "summary_bg_k": 15.89641981025612,
  "summary_bg_mad": 6.4964387351646975,
  "summary_bg_mean": 24.882051467895508,
  "summary_bg_median": 8.14569091796875,
  "summary_bg_n": 245285.0,
  "summary_bg_p05": 2.6450788021087646,
  "summary_bg_p95": 107.3438125610351,
  "summary_bg_stdv": 42.67870330810547,
  "summary_fg_k": 2.319585567039261,
  "summary_fg_mad": 64.3360138845381,
  "summary_fg_mean": 480.4542541503906,
  "summary_fg_median": 477.49102783203125,
  "summary_fg_n": 74423.0,
  "summary_fg_p05": 383.3974670410156,
  "summary_fg_p95": 591.7207275390624,
  "summary_fg_stdv": 68.14454650878906,
  "tsnr": 44.45637512207031
}