{
  "bids_meta": {
    "AcquisitionMatrixPE": 256,
    "AcquisitionNumber": 1,
    "AcquisitionTime": "14:37:47.737500",
    "BaseResolution": 256,
    "CoilCombinationMethod": "Adaptive Combine",
    "CoilString": "C:HEA;HEP",
    "ConversionSoftware": "dcm2niix",
    "ConversionSoftwareVersion": "v1.0.20220720",
    "DeviceSerialNumber": "35383",
    "DwellTime": 1.03e-05,
    "EchoTime": 0.00227,
    "FlipAngle": 9,
    "ImageOrientationPatientDICOM": [
      0,
      1,
      0,
      0,
      0,
      -1
    ],
    "ImageOrientationText": "Sag",
    "ImageType": [
      "ORIGINAL",
      "PRIMARY",
      "M",
      "ND",
      "NORM"
    ],
    "ImagingFrequency": 123.189,
    "InPlanePhaseEncodingDirectionDICOM": "ROW",
    "InstitutionAddress": "Rue Michel-Servet 1,Geneve,District,CH,1211",
    "InstitutionName": "BBL - University of Geneva",
    "InstitutionalDepartmentName": "Department",
    "InversionTime": 0.9,
    "MRAcquisitionType": "3D",
    "MagneticFieldStrength": 3,
    "Manufacturer": "Siemens",
    "ManufacturersModelName": "TrioTim",
    "MatrixCoilMode": "GRAPPA",
    "Modality": "MR",
    "NonlinearGradientCorrection": false,
    "ParallelReductionFactorInPlane": 2,
    "PartialFourier": 1,
    "PatientPosition": "HFS",
    "PercentPhaseFOV": 100,
    "PercentSampling": 100,
    "PhaseEncodingSteps": 294,
    "PhaseOversampling": 0.15,
    "PhaseResolution": 1,
    "PixelBandwidth": 190,
    "ProcedureStepDescription": "fMRI^PSYKOKWAK",
    "ProtocolName": "T1_1MM",
    "PulseSequenceDetails": "%SiemensSeq%\\tfl",
    "ReceiveCoilName": "32Ch_Head",
    "ReconMatrixPE": 256,
    "RefLinesPE": 24,
    "RepetitionTime": 1.9,
    "SAR": 0.146998,
    "ScanOptions": "IR",
    "ScanningSequence": "GR\\IR",
    "SequenceName": "*tfl3d1_ns",
    "SequenceVariant": "SP\\MP\\OSP",
    "SeriesDescription": "T1_1MM",
    "SeriesNumber": 4,
    "ShimSetting": [
      -13894,
      8934,
      19117,
      -207,
      151,
      18,
      206,
      4
    ],
    "SliceThickness": 1,
    "SoftwareVersions": "syngo MR B17",
    "StationName": "MRC35383",
    "TxRefAmp": 334.501,
    "dataset": "<unset>",
    "modality": "T1w",
    "session_id": "1",
    "subject_id": "S31"
  },
  "cjv": 0.35374692236731925,
  "cnr": 3.6842285982328136,
  "efc": 0.5461198882554815,
  "fber": 12743.901234567902,
  "fwhm_avg": 3.8459633333333336,
  "fwhm_x": 3.78752,
  "fwhm_y": 3.95913,
  "fwhm_z": 3.79124,
  "icvs_csf": 0.18999365722250974,
  "icvs_gm": 0.42977776142747576,
  "icvs_wm": 0.3802285813500145,
  "inu_med": 0.8661830425262451,
  "inu_range": 0.22059199213981628,
  "provenance": {
    "md5sum": "22c028902418ebe942d8e44a82b3e5b9",
    "settings": {
      "testing": false
    },
    "software": "mriqc",
    "version": "0.16.1",
    "warnings": {
      "large_rot_frame": true,
      "small_air_mask": false
    },
    "webapi_port": null,
    "webapi_url": "https://mriqc.nimh.nih.gov/api/v1"
  },
  "qi_1": 0.0,
  "qi_2": 0.014654796017700457,
  "rpve_csf": 31.244620679485227,
  "rpve_gm": 15.187872861831048,
  "rpve_wm": 20.40034188536075,
  "size_x": 192,
  "size_y": 256,
  "size_z": 256,
  "snr_csf": 3.5037690644984547,
  "snr_gm": 14.097541696054268,
  "snr_total": 14.744580817322841,
  "snr_wm": 26.632431691415803,
  "snrd_csf": 49.523846750614624,
  "snrd_gm": 99.49617153812389,
  "snrd_total": 93.44391646179584,
  "snrd_wm": 131.31173109664897,
  "spacing_x": 1.0,
  "spacing_y": 1.0,
  "spacing_z": 1.0,
  "summary_bg_k": 5.8959262458519035,
  "summary_bg_mad": 4.989168766191584,
  "summary_bg_mean": 5.414865473555106,
  "summary_bg_median": 3.365143194794655,
  "summary_bg_n": 2975961.0,
  "summary_bg_p05": 0.0,
  "summary_bg_p95": 13.7117028683424,
  "summary_bg_stdv": 5.138111418426964,
  "summary_csf_k": 1.1708783238841338,
  "summary_csf_mad": 108.49580436330056,
  "summary_csf_mean": 396.4667737867077,
  "summary_csf_median": 377.1471679061651,
  "summary_csf_n": 17193.0,
  "summary_csf_p05": 257.96082758903503,
  "summary_csf_p95": 598.6137709379195,
  "summary_csf_stdv": 107.63728794907321,
  "summary_gm_k": 0.2960743216035362,
  "summary_gm_mad": 50.859735332967944,
  "summary_gm_mean": 758.2510630205824,
  "summary_gm_median": 757.7097050249577,
  "summary_gm_n": 20378.0,
  "summary_gm_p05": 670.0150778889656,
  "summary_gm_p95": 849.4224135875702,
  "summary_gm_stdv": 53.746328953446366,
  "summary_wm_k": 0.761683135515208,
  "summary_wm_mad": 34.84971615787554,
  "summary_wm_mean": 999.0399679538237,
  "summary_wm_median": 1000.0000150501728,
  "summary_wm_n": 198887.0,
  "summary_wm_p05": 935.5751019760967,
  "summary_wm_p95": 1058.1115176826715,
  "summary_wm_stdv": 37.548110989014155,
  "tpm_overlap_csf": 0.17808684706687927,
  "tpm_overlap_gm": 0.4410429894924164,
  "tpm_overlap_wm": 0.5072916746139526,
  "wm2max": 0.4501469590775492
}