{
  "aor": 0.00024798701298701296,
  "aqi": 0.0076356999350649345,
  "bids_meta": {
    "AcquisitionMatrixPE": 84,
    "AcquisitionNumber": 1,
    "AcquisitionTime": "13:54:17.000006",
    "BandwidthPerPixelPhaseEncode": 20.886,
    "BaseResolution": 84,
    "CoilCombinationMethod": "Sum of Squares",
    "CoilString": "C:HEA;HEP",
    "ConversionSoftware": "dicom2nifti",
    "ConversionSoftwareVersion": "v2.2.10",
    "DerivedVendorReportedEchoSpacing": 0.000569988,
    "DeviceSerialNumber": "35383",
    "DwellTime": 2.6e-06,
    "EchoTime": 0.03,
    "EffectiveEchoSpacing": 0.000569988,
    "FlipAngle": 64,
    "ImageComments": "Unaliased MB3/PE3/LB (remote)",
    "ImageType": [
      "ORIGINAL",
      "PRIMARY",
      "M",
      "MB",
      "ND",
      "NORM",
      "MOSAIC"
    ],
    "ImagingFrequency": 123.189,
    "InPlanePhaseEncodingDirectionDICOM": "COL",
    "InstitutionAddress": "Rue Michel-Servet 1,Geneve,District,CH,1211",
    "InstitutionName": "BBL - University of Geneva",
    "InstitutionalDepartmentName": "Department",
    "MRAcquisitionType": "2D",
    "MagneticFieldStrength": 3,
    "Manufacturer": "Siemens",
    "ManufacturersModelName": "TrioTim",
    "MatrixCoilMode": "SENSE",
    "Modality": "MR",
    "MultibandAccelerationFactor": 3,
    "NonlinearGradientCorrection": false,
    "PartialFourier": 1,
    "PatientPosition": "HFS",
    "PercentPhaseFOV": 100,
    "PercentSampling": 100,
    "PhaseEncodingDirection": "j-",
    "PhaseEncodingSteps": 84,
    "PhaseResolution": 1,
    "PixelBandwidth": 2289,
    "ProcedureStepDescription": "fMRI^PSYKOKWAK",
    "ProtocolName": "FILM_RUN",
    "PulseSequenceDetails": "%CustomerSeq%\\cmrr_mbep2d_bold",
    "ReceiveCoilName": "32Ch_Head",
    "ReconMatrixPE": 84,
    "RepetitionTime": 1.3,
    "ScanOptions": "FS",
    "ScanningSequence": "EP",
    "SequenceName": "epfid2d1_84",
    "SequenceVariant": "SK\\SS",
    "SeriesDescription": "FILM_RUN",
    "ShimSetting": [
      -13908,
      8933,
      19593,
      311,
      -16,
      -301,
      98,
      -47
    ],
    "SliceThickness": 2.5,
    "SliceTiming": [
      0,
      0.9425,
      0.58,
      0.2175,
      1.16,
      0.7975,
      0.435,
      0.0725,
      1.015,
      0.6525,
      0.29,
      1.2325,
      0.87,
      0.5075,
      0.145,
      1.0875,
      0.725,
      0.3625,
      0,
      0.9425,
      0.58,
      0.2175,
      1.16,
      0.7975,
      0.435,
      0.0725,
      1.015,
      0.6525,
      0.29,
      1.2325,
      0.87,
      0.5075,
      0.145,
      1.0875,
      0.725,
      0.3625,
      0,
      0.9425,
      0.58,
      0.2175,
      1.16,
      0.7975,
      0.435,
      0.0725,
      1.015,
      0.6525,
      0.29,
      1.2325,
      0.87,
      0.5075,
      0.145,
      1.0875,
      0.725,
      0.3625
    ],
    "SoftwareVersions": "syngo MR B17",
    "SpacingBetweenSlices": 2.5,
    "StationName": "MRC35383",
    "TaskName": "ToClaireFromSonny",
    "TotalReadoutTime": 0.047309,
    "dataset": "<unset>",
    "modality": "bold",
    "session_id": "1",
    "subject_id": "S11",
    "task_id": "ToClaireFromSonny"
  },
  "dummy_trs": 2,
  "dvars_nstd": 28.896317049761382,
  "dvars_std": 1.3589579659436013,
  "dvars_vstd": 0.9987769376789593,
  "efc": 0.4874397842115524,
  "fber": 5589.48388671875,
  "fd_mean": 0.08648761166535986,
  "fd_num": 4,
  "fd_perc": 0.8658008658008658,
  "fwhm_avg": 1.7815333333333332,
  "fwhm_x": 1.6524159999999999,
  "fwhm_y": 1.9442599999999999,
  "fwhm_z": 1.747924,
  "gcor": 0.0148346,
  "gsr_x": -0.017921721562743187,
  "gsr_y": 0.027351057156920433,
  "provenance": {
    "md5sum": "ce80841a27f0af5621ad9a250bd2c20d",
    "settings": {
      "fd_thres": 0.2,
      "testing": false
    },
    "software": "mriqc",
    "version": "0.16.1",
    "webapi_port": null,
    "webapi_url": "https://mriqc.nimh.nih.gov/api/v1"
  },
  "size_t": 462,
  "size_x": 84,
  "size_y": 84,
  "size_z": 54,
  "snr": 7.129602889377096,
  "spacing_tr": 1.2999999523162842,
  "spacing_x": 2.5,
  "spacing_y": 2.5,
  "spacing_z": 2.5,
  "summary_bg_k": 23.46144596028218,
  "summary_bg_mad": 4.965572369159354,
  "summary_bg_mean": 23.78646469116211,
  "summary_bg_median": 7.343760013580322,
  "summary_bg_n": 256154.0,
  "summary_bg_p05": 3.103248178958893,
  "summary_bg_p95": 103.27096557617182,
  "summary_bg_stdv": 45.647918701171875,
  "summary_fg_k": 2.130069316822608,
  "summary_fg_mad": 75.3070350252486,
  "summary_fg_mean": 560.0390014648438,
  "summary_fg_median": 556.1461181640625,
  "summary_fg_n": 65607.0,
  "summary_fg_p05": 451.1388702392578,
  "summary_fg_p95": 684.7176696777343,
  "summary_fg_stdv": 78.00460815429688,
  "tsnr": 71.42569732666016
}