{
    "Modality": "MR",
    "MagneticFieldStrength": 3,
    "ImagingFrequency": 123.189,
    "Manufacturer": "Siemens",
    "ManufacturersModelName": "TrioTim",
    "InstitutionName": "BBL - University of Geneva",
    "InstitutionalDepartmentName": "Department",
    "InstitutionAddress": "Rue Michel-Servet 1,Geneve,District,CH,1211",
    "DeviceSerialNumber": "35383",
    "StationName": "MRC35383",
    "PatientPosition": "HFS",
    "ProcedureStepDescription": "fMRI^PSYKOKWAK",
    "SoftwareVersions": "syngo MR B17",
    "MRAcquisitionType": "2D",
    "SeriesDescription": "FIELD_MAP_32ch_2.5mm",
    "ProtocolName": "FIELD_MAP_32ch_2.5mm",
    "ScanningSequence": "GR",
    "SequenceVariant": "SP",
    "SequenceName": "*fm2d2r",
    "ImageType": [
        "ORIGINAL",
        "PRIMARY",
        "P",
        "ND",
        "PHASE"
    ],
    "NonlinearGradientCorrection": false,
    "SeriesNumber": 3,
    "AcquisitionTime": "10:35:10.527500",
    "AcquisitionNumber": 1,
    "SliceThickness": 2.5,
    "SpacingBetweenSlices": 2.5,
    "SAR": 0.248684,
    "EchoNumber": 2,
    "EchoTime": 0.00765,
    "RepetitionTime": 0.571,
    "FlipAngle": 60,
    "EchoTime1": 0.00519,
    "EchoTime2": 0.00765,
    "PartialFourier": 1,
    "BaseResolution": 84,
    "ShimSetting": [
        -13894,
        8939,
        19543,
        436,
        44,
        117,
        115,
        -41
    ],
    "TxRefAmp": 346.257,
    "PhaseResolution": 1,
    "ReceiveCoilName": "32Ch_Head",
    "CoilString": "C:HEA;HEP",
    "PulseSequenceDetails": "%SiemensSeq%\\gre_field_mapping",
    "CoilCombinationMethod": "Adaptive Combine",
    "MatrixCoilMode": "SENSE",
    "PercentPhaseFOV": 100,
    "PercentSampling": 100,
    "PhaseEncodingSteps": 84,
    "AcquisitionMatrixPE": 84,
    "ReconMatrixPE": 84,
    "PixelBandwidth": 322,
    "DwellTime": 1.85e-05,
    "PhaseEncodingDirection": "j-",
    "SliceTiming": [
        0.28906,
        0,
        0.29688,
        0.00781,
        0.30469,
        0.02344,
        0.32031,
        0.03125,
        0.32812,
        0.03906,
        0.33594,
        0.04688,
        0.35156,
        0.0625,
        0.35938,
        0.07031,
        0.36719,
        0.08594,
        0.38281,
        0.09375,
        0.39062,
        0.10156,
        0.40625,
        0.11719,
        0.41406,
        0.125,
        0.42188,
        0.13281,
        0.42969,
        0.14844,
        0.44531,
        0.15625,
        0.45312,
        0.16406,
        0.46875,
        0.17969,
        0.47656,
        0.1875,
        0.48438,
        0.20312,
        0.5,
        0.21094,
        0.50781,
        0.21875,
        0.51562,
        0.23438,
        0.53125,
        0.24219,
        0.53906,
        0.25,
        0.54688,
        0.26562,
        0.5625,
        0.27344
    ],
    "ImageOrientationPatientDICOM": [
        0.999783,
        0.00203432,
        0.020743,
        -9.46272e-09,
        0.995225,
        -0.0976041
    ],
    "ImageOrientationText": "Tra>Cor(-5.6)>Sag(1.2)",
    "InPlanePhaseEncodingDirectionDICOM": "COL",
    "ConversionSoftware": "dcm2niix",
    "ConversionSoftwareVersion": "v1.0.20220720"
}