{
  "bids_meta": {
    "AcquisitionMatrixPE": 256,
    "AcquisitionNumber": 1,
    "AcquisitionTime": "09:03:35.032500",
    "BaseResolution": 256,
    "CoilCombinationMethod": "Adaptive Combine",
    "CoilString": "C:HEA;HEP",
    "ConversionSoftware": "dcm2niix",
    "ConversionSoftwareVersion": "v1.0.20220720",
    "DeviceSerialNumber": "35383",
    "DwellTime": 1.03e-05,
    "EchoTime": 0.00227,
    "FlipAngle": 9,
    "ImageOrientationPatientDICOM": [
      0,
      1,
      0,
      0,
      0,
      -1
    ],
    "ImageOrientationText": "Sag",
    "ImageType": [
      "ORIGINAL",
      "PRIMARY",
      "M",
      "ND",
      "NORM"
    ],
    "ImagingFrequency": 123.189,
    "InPlanePhaseEncodingDirectionDICOM": "ROW",
    "InstitutionAddress": "Rue Michel-Servet 1,Geneve,District,CH,1211",
    "InstitutionName": "BBL - University of Geneva",
    "InstitutionalDepartmentName": "Department",
    "InversionTime": 0.9,
    "MRAcquisitionType": "3D",
    "MagneticFieldStrength": 3,
    "Manufacturer": "Siemens",
    "ManufacturersModelName": "TrioTim",
    "MatrixCoilMode": "GRAPPA",
    "Modality": "MR",
    "NonlinearGradientCorrection": false,
    "ParallelReductionFactorInPlane": 2,
    "PartialFourier": 1,
    "PatientPosition": "HFS",
    "PercentPhaseFOV": 100,
    "PercentSampling": 100,
    "PhaseEncodingSteps": 294,
    "PhaseOversampling": 0.15,
    "PhaseResolution": 1,
    "PixelBandwidth": 190,
    "ProcedureStepDescription": "fMRI^PSYKOKWAK",
    "ProtocolName": "T1_1MM",
    "PulseSequenceDetails": "%SiemensSeq%\\tfl",
    "ReceiveCoilName": "32Ch_Head",
    "ReconMatrixPE": 256,
    "RefLinesPE": 24,
    "RepetitionTime": 1.9,
    "SAR": 0.125167,
    "ScanOptions": "IR",
    "ScanningSequence": "GR\\IR",
    "SequenceName": "*tfl3d1_ns",
    "SequenceVariant": "SP\\MP\\OSP",
    "SeriesDescription": "T1_1MM",
    "SeriesNumber": 4,
    "ShimSetting": [
      -13894,
      8934,
      19117,
      -207,
      151,
      18,
      206,
      4
    ],
    "SliceThickness": 1,
    "SoftwareVersions": "syngo MR B17",
    "StationName": "MRC35383",
    "TxRefAmp": 364.196,
    "dataset": "<unset>",
    "modality": "T1w",
    "session_id": "1",
    "subject_id": "S25"
  },
  "cjv": 0.4347065145788997,
  "cnr": 3.1564198881295185,
  "efc": 0.533665013065765,
  "fber": 8050.230532544379,
  "fwhm_avg": 3.93998,
  "fwhm_x": 3.85708,
  "fwhm_y": 3.91767,
  "fwhm_z": 4.04519,
  "icvs_csf": 0.1809408884454797,
  "icvs_gm": 0.4224500420823689,
  "icvs_wm": 0.39660906947215135,
  "inu_med": 0.9196947813034058,
  "inu_range": 0.3085865467786789,
  "provenance": {
    "md5sum": "a81d6c7e36caa89f5c36d7622ad6d6bd",
    "settings": {
      "testing": false
    },
    "software": "mriqc",
    "version": "0.16.1",
    "warnings": {
      "large_rot_frame": true,
      "small_air_mask": false
    },
    "webapi_port": null,
    "webapi_url": "https://mriqc.nimh.nih.gov/api/v1"
  },
  "qi_1": 0.0,
  "qi_2": 0.020465511642987776,
  "rpve_csf": 34.86836383705826,
  "rpve_gm": 16.3014677063958,
  "rpve_wm": 20.707086976530142,
  "size_x": 192,
  "size_y": 256,
  "size_z": 256,
  "snr_csf": 3.3747223344576978,
  "snr_gm": 14.703328523774381,
  "snr_total": 13.17190585862483,
  "snr_wm": 21.437666717642408,
  "snrd_csf": 37.056969049897496,
  "snrd_gm": 76.01063491963015,
  "snrd_total": 70.32960872210718,
  "snrd_wm": 97.9212221967939,
  "spacing_x": 1.0,
  "spacing_y": 1.0,
  "spacing_z": 1.0,
  "summary_bg_k": 12.972718053529928,
  "summary_bg_mad": 6.6909076320687895,
  "summary_bg_mean": 6.802290371795143,
  "summary_bg_median": 4.512948617339134,
  "summary_bg_n": 3098740.0,
  "summary_bg_p05": 0.0,
  "summary_bg_p95": 22.425883129239082,
  "summary_bg_stdv": 7.901370423094367,
  "summary_csf_k": 0.1618009649028851,
  "summary_csf_mad": 108.80445180148784,
  "summary_csf_mean": 403.4498710190033,
  "summary_csf_median": 378.4628140479326,
  "summary_csf_n": 11058.0,
  "summary_csf_p05": 259.03283613845707,
  "summary_csf_p95": 615.7154658593237,
  "summary_csf_stdv": 112.14128557242226,
  "summary_gm_k": 0.07942920967521427,
  "summary_gm_mad": 53.11551289457685,
  "summary_gm_mean": 776.3250096978666,
  "summary_gm_median": 776.2965921610594,
  "summary_gm_n": 15380.0,
  "summary_gm_p05": 690.543625433743,
  "summary_gm_p95": 862.8757756352425,
  "summary_gm_stdv": 52.795620616462905,
  "summary_wm_k": 0.4292392949333679,
  "summary_wm_mad": 44.15999037165401,
  "summary_wm_mean": 999.3424150551273,
  "summary_wm_median": 1000.0694136023521,
  "summary_wm_n": 199709.0,
  "summary_wm_p05": 921.0580978095531,
  "summary_wm_p95": 1074.9149306714535,
  "summary_wm_stdv": 46.64998868368509,
  "tpm_overlap_csf": 0.19134515523910522,
  "tpm_overlap_gm": 0.4409303069114685,
  "tpm_overlap_wm": 0.5239864587783813,
  "wm2max": 0.3443626279047528
}