{
  "bids_meta": {
    "AcquisitionMatrixPE": 256,
    "AcquisitionNumber": 1,
    "AcquisitionTime": "16:06:22.795000",
    "BaseResolution": 256,
    "CoilCombinationMethod": "Adaptive Combine",
    "CoilString": "C:HEA;HEP",
    "ConversionSoftware": "dcm2niix",
    "ConversionSoftwareVersion": "v1.0.20220720",
    "DeviceSerialNumber": "35383",
    "DwellTime": 1.03e-05,
    "EchoTime": 0.00227,
    "FlipAngle": 9,
    "ImageOrientationPatientDICOM": [
      0,
      1,
      0,
      0,
      0,
      -1
    ],
    "ImageOrientationText": "Sag",
    "ImageType": [
      "ORIGINAL",
      "PRIMARY",
      "M",
      "ND",
      "NORM"
    ],
    "ImagingFrequency": 123.189,
    "InPlanePhaseEncodingDirectionDICOM": "ROW",
    "InstitutionAddress": "Rue Michel-Servet 1,Geneve,District,CH,1211",
    "InstitutionName": "BBL - University of Geneva",
    "InstitutionalDepartmentName": "Department",
    "InversionTime": 0.9,
    "MRAcquisitionType": "3D",
    "MagneticFieldStrength": 3,
    "Manufacturer": "Siemens",
    "ManufacturersModelName": "TrioTim",
    "MatrixCoilMode": "GRAPPA",
    "Modality": "MR",
    "NonlinearGradientCorrection": false,
    "ParallelReductionFactorInPlane": 2,
    "PartialFourier": 1,
    "PatientPosition": "HFS",
    "PercentPhaseFOV": 100,
    "PercentSampling": 100,
    "PhaseEncodingSteps": 294,
    "PhaseOversampling": 0.15,
    "PhaseResolution": 1,
    "PixelBandwidth": 190,
    "ProcedureStepDescription": "fMRI^PSYKOKWAK",
    "ProtocolName": "T1_1MM",
    "PulseSequenceDetails": "%SiemensSeq%\\tfl",
    "ReceiveCoilName": "32Ch_Head",
    "ReconMatrixPE": 256,
    "RefLinesPE": 24,
    "RepetitionTime": 1.9,
    "SAR": 0.14495,
    "ScanOptions": "IR",
    "ScanningSequence": "GR\\IR",
    "SequenceName": "*tfl3d1_ns",
    "SequenceVariant": "SP\\MP\\OSP",
    "SeriesDescription": "T1_1MM",
    "SeriesNumber": 4,
    "ShimSetting": [
      -13894,
      8934,
      19117,
      -207,
      151,
      18,
      206,
      4
    ],
    "SliceThickness": 1,
    "SoftwareVersions": "syngo MR B17",
    "StationName": "MRC35383",
    "TxRefAmp": 416.359,
    "dataset": "<unset>",
    "modality": "T1w",
    "session_id": "1",
    "subject_id": "S20"
  },
  "cjv": 0.47368797913126764,
  "cnr": 2.747429972704755,
  "efc": 0.5447589583121,
  "fber": 12184.507942789303,
  "fwhm_avg": 3.6830266666666667,
  "fwhm_x": 3.66622,
  "fwhm_y": 3.71663,
  "fwhm_z": 3.66623,
  "icvs_csf": 0.17914578066809672,
  "icvs_gm": 0.41453496724721406,
  "icvs_wm": 0.4063192520846892,
  "inu_med": 1.197852611541748,
  "inu_range": 0.35395445823669425,
  "provenance": {
    "md5sum": "6b463be6586e925c699607bee64cad40",
    "settings": {
      "testing": false
    },
    "software": "mriqc",
    "version": "0.16.1",
    "warnings": {
      "large_rot_frame": true,
      "small_air_mask": false
    },
    "webapi_port": null,
    "webapi_url": "https://mriqc.nimh.nih.gov/api/v1"
  },
  "qi_1": 0.0,
  "qi_2": 0.006908001073455886,
  "rpve_csf": 29.534130414745455,
  "rpve_gm": 13.788973487529262,
  "rpve_wm": 16.914674770061655,
  "size_x": 192,
  "size_y": 256,
  "size_z": 256,
  "snr_csf": 2.3769082119647784,
  "snr_gm": 12.650318391421614,
  "snr_total": 12.556192811056121,
  "snr_wm": 22.641351829781968,
  "snrd_csf": 44.12232451213369,
  "snrd_gm": 93.37906302018607,
  "snrd_total": 85.27568045158992,
  "snrd_wm": 118.32565382245,
  "spacing_x": 1.0,
  "spacing_y": 1.0,
  "spacing_z": 1.0,
  "summary_bg_k": 8.52121823206472,
  "summary_bg_mad": 5.537031543707338,
  "summary_bg_mean": 6.686622768389636,
  "summary_bg_median": 3.7346710227429867,
  "summary_bg_n": 3634175.0,
  "summary_bg_p05": 0.0,
  "summary_bg_p95": 18.673355113714933,
  "summary_bg_stdv": 6.812445334772458,
  "summary_csf_k": 13.36181781639469,
  "summary_csf_mad": 120.98827134309764,
  "summary_csf_mean": 411.31271108776735,
  "summary_csf_median": 372.90968868881464,
  "summary_csf_n": 14530.0,
  "summary_csf_p05": 252.8929695982486,
  "summary_csf_p95": 636.7641964456066,
  "summary_csf_stdv": 156.88315357991712,
  "summary_gm_k": 0.3902244078059738,
  "summary_gm_mad": 58.22147347077342,
  "summary_gm_mean": 789.9632017308026,
  "summary_gm_median": 789.2140250075608,
  "summary_gm_n": 17852.0,
  "summary_gm_p05": 687.5445740832016,
  "summary_gm_p95": 895.1198191815988,
  "summary_gm_stdv": 62.385142881021096,
  "summary_wm_k": 0.5411624708901828,
  "summary_wm_mad": 41.6516999705746,
  "summary_wm_mean": 1000.5851466050902,
  "summary_wm_median": 1000.0557137168944,
  "summary_wm_n": 236102.0,
  "summary_wm_p05": 929.2084470018744,
  "summary_wm_p95": 1074.0802378691733,
  "summary_wm_stdv": 44.16934127371482,
  "tpm_overlap_csf": 0.18165594339370728,
  "tpm_overlap_gm": 0.4305308759212494,
  "tpm_overlap_wm": 0.506178081035614,
  "wm2max": 0.36415117317528617
}