{
  "aor": 0.004971794392523364,
  "aqi": 0.018776205644859812,
  "bids_meta": {
    "AcquisitionMatrixPE": 84,
    "AcquisitionNumber": 1,
    "AcquisitionTime": "10:32:00.000006",
    "BandwidthPerPixelPhaseEncode": 20.886,
    "BaseResolution": 84,
    "CoilCombinationMethod": "Sum of Squares",
    "CoilString": "C:HEA;HEP",
    "ConversionSoftware": "dicom2nifti",
    "ConversionSoftwareVersion": "v2.2.10",
    "DerivedVendorReportedEchoSpacing": 0.000569988,
    "DeviceSerialNumber": "35383",
    "DwellTime": 2.6e-06,
    "EchoTime": 0.03,
    "EffectiveEchoSpacing": 0.000569988,
    "FlipAngle": 64,
    "ImageComments": "Unaliased MB3/PE3/LB (remote)",
    "ImageType": [
      "ORIGINAL",
      "PRIMARY",
      "M",
      "MB",
      "ND",
      "NORM",
      "MOSAIC"
    ],
    "ImagingFrequency": 123.189,
    "InPlanePhaseEncodingDirectionDICOM": "COL",
    "InstitutionAddress": "Rue Michel-Servet 1,Geneve,District,CH,1211",
    "InstitutionName": "BBL - University of Geneva",
    "InstitutionalDepartmentName": "Department",
    "MRAcquisitionType": "2D",
    "MagneticFieldStrength": 3,
    "Manufacturer": "Siemens",
    "ManufacturersModelName": "TrioTim",
    "MatrixCoilMode": "SENSE",
    "Modality": "MR",
    "MultibandAccelerationFactor": 3,
    "NonlinearGradientCorrection": false,
    "PartialFourier": 1,
    "PatientPosition": "HFS",
    "PercentPhaseFOV": 100,
    "PercentSampling": 100,
    "PhaseEncodingDirection": "j-",
    "PhaseEncodingSteps": 84,
    "PhaseResolution": 1,
    "PixelBandwidth": 2289,
    "ProcedureStepDescription": "fMRI^PSYKOKWAK",
    "ProtocolName": "FILM_RUN",
    "PulseSequenceDetails": "%CustomerSeq%\\cmrr_mbep2d_bold",
    "ReceiveCoilName": "32Ch_Head",
    "ReconMatrixPE": 84,
    "RepetitionTime": 1.3,
    "ScanOptions": "FS",
    "ScanningSequence": "EP",
    "SequenceName": "epfid2d1_84",
    "SequenceVariant": "SK\\SS",
    "SeriesDescription": "FILM_RUN",
    "ShimSetting": [
      -13908,
      8933,
      19593,
      311,
      -16,
      -301,
      98,
      -47
    ],
    "SliceThickness": 2.5,
    "SliceTiming": [
      0,
      0.9425,
      0.58,
      0.2175,
      1.16,
      0.7975,
      0.435,
      0.0725,
      1.015,
      0.6525,
      0.29,
      1.2325,
      0.87,
      0.5075,
      0.145,
      1.0875,
      0.725,
      0.3625,
      0,
      0.9425,
      0.58,
      0.2175,
      1.16,
      0.7975,
      0.435,
      0.0725,
      1.015,
      0.6525,
      0.29,
      1.2325,
      0.87,
      0.5075,
      0.145,
      1.0875,
      0.725,
      0.3625,
      0,
      0.9425,
      0.58,
      0.2175,
      1.16,
      0.7975,
      0.435,
      0.0725,
      1.015,
      0.6525,
      0.29,
      1.2325,
      0.87,
      0.5075,
      0.145,
      1.0875,
      0.725,
      0.3625
    ],
    "SoftwareVersions": "syngo MR B17",
    "SpacingBetweenSlices": 2.5,
    "StationName": "MRC35383",
    "TaskName": "AfterTheRain",
    "TotalReadoutTime": 0.047309,
    "dataset": "<unset>",
    "modality": "bold",
    "session_id": "2",
    "subject_id": "S26",
    "task_id": "AfterTheRain"
  },
  "dummy_trs": 1,
  "dvars_nstd": 30.710547472322094,
  "dvars_std": 1.174434147977528,
  "dvars_vstd": 1.0192105475280904,
  "efc": 0.516302650750943,
  "fber": 3937.564208984375,
  "fd_mean": 0.20145410436991817,
  "fd_num": 162,
  "fd_perc": 30.2803738317757,
  "fwhm_avg": 1.8107040557107343,
  "fwhm_x": 1.7070720000000001,
  "fwhm_y": 1.972532,
  "fwhm_z": 1.7525081671322027,
  "gcor": 0.014721,
  "gsr_x": -0.009468919597566128,
  "gsr_y": 0.041374366730451584,
  "provenance": {
    "md5sum": "148a71f616b9afdd2c3a01eaa8352a0c",
    "settings": {
      "fd_thres": 0.2,
      "testing": false
    },
    "software": "mriqc",
    "version": "0.16.1",
    "webapi_port": null,
    "webapi_url": "https://mriqc.nimh.nih.gov/api/v1"
  },
  "size_t": 535,
  "size_x": 84,
  "size_y": 84,
  "size_z": 54,
  "snr": 6.674799153257226,
  "spacing_tr": 1.2999999523162842,
  "spacing_x": 2.5,
  "spacing_y": 2.5,
  "spacing_z": 2.499999761581421,
  "summary_bg_k": 18.06854302218912,
  "summary_bg_mad": 5.091088138011655,
  "summary_bg_mean": 20.692476272583008,
  "summary_bg_median": 6.236320972442627,
  "summary_bg_n": 248610.0,
  "summary_bg_p05": 2.071001207828522,
  "summary_bg_p95": 91.98102188110349,
  "summary_bg_stdv": 37.1174201965332,
  "summary_fg_k": 2.1203290948823152,
  "summary_fg_mad": 54.982381095418184,
  "summary_fg_mean": 401.8822937011719,
  "summary_fg_median": 398.8105163574219,
  "summary_fg_n": 72499.0,
  "summary_fg_p05": 316.29010009765625,
  "summary_fg_p95": 499.93355407714824,
  "summary_fg_stdv": 59.7482795715332,
  "tsnr": 42.887489318847656
}